RESTRICTION: || (== net45) (== net46) (== net47) (== net471) (== netcoreapp2.0) (== netstandard2.0)
NUGET
  remote: https://vrvis.myget.org/F/aardvark_public/api/v3/index.json
    Aardvark.Base (4.0.4)
      DevILSharp (>= 0.2.1 < 0.3)
      System.Collections.Immutable (>= 1.4)
    Aardvark.Base.Essentials (4.0.4)
      Aardvark.Base (4.0.4)
      DevILSharp (>= 0.2.1 < 0.3)
      System.Collections.Immutable (>= 1.4)
      System.Reactive (>= 4.0.0-preview00001 < 4.1.0-preview)
    Aardvark.Base.FSharp (4.0.4)
      Aardvark.Base (4.0.4)
      Aardvark.Base.TypeProviders (4.0.4)
      DevILSharp (>= 0.2.1 < 0.3)
      FSharp.Core (>= 4.3 < 4.4)
      System.Dynamic.Runtime (>= 4.3 < 4.4)
    Aardvark.Base.Incremental (4.0.4)
      Aardvark.Base (4.0.4)
      Aardvark.Base.FSharp (4.0.4)
      Aardvark.Base.TypeProviders (4.0.4)
      DevILSharp (>= 0.2.1 < 0.3)
      FSharp.Core (>= 4.3 < 4.4)
    Aardvark.Base.TypeProviders (4.0.4)
      FSharp.Core (>= 4.3 < 4.4)
    DevILSharp (0.2.1)
      FSharp.Core (>= 4.3 < 4.4)
  remote: https://api.nuget.org/v3/index.json
    FSharp.Compiler.Service (12.0.8)
      FSharp.Core (>= 4.1.17) - restriction: || (&& (== net45) (>= netstandard1.6)) (&& (== net46) (>= netstandard1.6)) (&& (== net47) (>= netstandard1.6)) (== net471) (== netcoreapp2.0) (== netstandard2.0)
      Microsoft.DiaSymReader (>= 1.1) - restriction: || (&& (== net45) (>= netstandard1.6)) (&& (== net46) (>= netstandard1.6)) (&& (== net47) (>= netstandard1.6)) (== net471) (== netcoreapp2.0) (== netstandard2.0)
      Microsoft.DiaSymReader.PortablePdb (>= 1.2) - restriction: || (&& (== net45) (>= netstandard1.6)) (&& (== net46) (>= netstandard1.6)) (&& (== net47) (>= netstandard1.6)) (== net471) (== netcoreapp2.0) (== netstandard2.0)
      Microsoft.NETCore.Platforms (>= 1.1) - restriction: || (&& (== net45) (>= netstandard1.6)) (&& (== net46) (>= netstandard1.6)) (&& (== net47) (>= netstandard1.6)) (== net471) (== netcoreapp2.0) (== netstandard2.0)
      Microsoft.NETCore.Targets (>= 1.1) - restriction: || (&& (== net45) (>= netstandard1.6)) (&& (== net46) (>= netstandard1.6)) (&& (== net47) (>= netstandard1.6)) (== net471) (== netcoreapp2.0) (== netstandard2.0)
      NETStandard.Library (>= 1.6.1) - restriction: || (&& (== net45) (>= netstandard1.6)) (&& (== net46) (>= netstandard1.6)) (&& (== net47) (>= netstandard1.6)) (== net471) (== netcoreapp2.0) (== netstandard2.0)
      runtime.native.System (>= 4.3) - restriction: || (&& (== net45) (>= netstandard1.6)) (&& (== net46) (>= netstandard1.6)) (&& (== net47) (>= netstandard1.6)) (== net471) (== netcoreapp2.0) (== netstandard2.0)
      runtime.native.System.IO.Compression (>= 4.3) - restriction: || (&& (== net45) (>= netstandard1.6)) (&& (== net46) (>= netstandard1.6)) (&& (== net47) (>= netstandard1.6)) (== net471) (== netcoreapp2.0) (== netstandard2.0)
      System.Buffers (>= 4.3) - restriction: || (&& (== net45) (>= netstandard1.6)) (&& (== net46) (>= netstandard1.6)) (&& (== net47) (>= netstandard1.6)) (== net471) (== netcoreapp2.0) (== netstandard2.0)
      System.Collections (>= 4.3) - restriction: || (&& (== net45) (>= netstandard1.6)) (&& (== net46) (>= netstandard1.6)) (&& (== net47) (>= netstandard1.6)) (== net471) (== netcoreapp2.0) (== netstandard2.0)
      System.Collections.Immutable (>= 1.3) - restriction: || (&& (== net45) (>= netstandard1.6)) (&& (== net46) (>= netstandard1.6)) (&& (== net47) (>= netstandard1.6)) (== net471) (== netcoreapp2.0) (== netstandard2.0)
      System.Collections.Immutable (>= 1.3.1) - restriction: || (== net45) (== net46) (== net47) (&& (== net471) (< netstandard1.6)) (&& (== netcoreapp2.0) (< netstandard1.6)) (&& (== netstandard2.0) (< netstandard1.6))
      System.Diagnostics.Debug (>= 4.3) - restriction: || (&& (== net45) (>= netstandard1.6)) (&& (== net46) (>= netstandard1.6)) (&& (== net47) (>= netstandard1.6)) (== net471) (== netcoreapp2.0) (== netstandard2.0)
      System.Diagnostics.Process (>= 4.1) - restriction: || (&& (== net45) (>= netstandard1.6)) (&& (== net46) (>= netstandard1.6)) (&& (== net47) (>= netstandard1.6)) (== net471) (== netcoreapp2.0) (== netstandard2.0)
      System.Diagnostics.TraceSource (>= 4.0) - restriction: || (&& (== net45) (>= netstandard1.6)) (&& (== net46) (>= netstandard1.6)) (&& (== net47) (>= netstandard1.6)) (== net471) (== netcoreapp2.0) (== netstandard2.0)
      System.Diagnostics.Tracing (>= 4.3) - restriction: || (&& (== net45) (>= netstandard1.6)) (&& (== net46) (>= netstandard1.6)) (&& (== net47) (>= netstandard1.6)) (== net471) (== netcoreapp2.0) (== netstandard2.0)
      System.Globalization (>= 4.3) - restriction: || (&& (== net45) (>= netstandard1.6)) (&& (== net46) (>= netstandard1.6)) (&& (== net47) (>= netstandard1.6)) (== net471) (== netcoreapp2.0) (== netstandard2.0)
      System.IO (>= 4.3) - restriction: || (&& (== net45) (>= netstandard1.6)) (&& (== net46) (>= netstandard1.6)) (&& (== net47) (>= netstandard1.6)) (== net471) (== netcoreapp2.0) (== netstandard2.0)
      System.IO.Compression (>= 4.3) - restriction: || (&& (== net45) (>= netstandard1.6)) (&& (== net46) (>= netstandard1.6)) (&& (== net47) (>= netstandard1.6)) (== net471) (== netcoreapp2.0) (== netstandard2.0)
      System.Linq (>= 4.3) - restriction: || (&& (== net45) (>= netstandard1.6)) (&& (== net46) (>= netstandard1.6)) (&& (== net47) (>= netstandard1.6)) (== net471) (== netcoreapp2.0) (== netstandard2.0)
      System.Reflection (>= 4.3) - restriction: || (&& (== net45) (>= netstandard1.6)) (&& (== net46) (>= netstandard1.6)) (&& (== net47) (>= netstandard1.6)) (== net471) (== netcoreapp2.0) (== netstandard2.0)
      System.Reflection.Emit (>= 4.3) - restriction: || (&& (== net45) (>= netstandard1.6)) (&& (== net46) (>= netstandard1.6)) (&& (== net47) (>= netstandard1.6)) (== net471) (== netcoreapp2.0) (== netstandard2.0)
      System.Reflection.Extensions (>= 4.3) - restriction: || (&& (== net45) (>= netstandard1.6)) (&& (== net46) (>= netstandard1.6)) (&& (== net47) (>= netstandard1.6)) (== net471) (== netcoreapp2.0) (== netstandard2.0)
      System.Reflection.Metadata (>= 1.4.1) - restriction: || (&& (== net45) (>= netstandard1.6)) (&& (== net46) (>= netstandard1.6)) (&& (== net47) (>= netstandard1.6)) (== net471) (== netcoreapp2.0) (== netstandard2.0)
      System.Reflection.Metadata (>= 1.4.2) - restriction: || (== net45) (== net46) (== net47) (&& (== net471) (< netstandard1.6)) (&& (== netcoreapp2.0) (< netstandard1.6)) (&& (== netstandard2.0) (< netstandard1.6))
      System.Reflection.Primitives (>= 4.3) - restriction: || (&& (== net45) (>= netstandard1.6)) (&& (== net46) (>= netstandard1.6)) (&& (== net47) (>= netstandard1.6)) (== net471) (== netcoreapp2.0) (== netstandard2.0)
      System.Reflection.TypeExtensions (>= 4.3) - restriction: || (&& (== net45) (>= netstandard1.6)) (&& (== net46) (>= netstandard1.6)) (&& (== net47) (>= netstandard1.6)) (== net471) (== netcoreapp2.0) (== netstandard2.0)
      System.Resources.ResourceManager (>= 4.3) - restriction: || (&& (== net45) (>= netstandard1.6)) (&& (== net46) (>= netstandard1.6)) (&& (== net47) (>= netstandard1.6)) (== net471) (== netcoreapp2.0) (== netstandard2.0)
      System.Runtime (>= 4.3) - restriction: || (&& (== net45) (>= netstandard1.6)) (&& (== net46) (>= netstandard1.6)) (&& (== net47) (>= netstandard1.6)) (== net471) (== netcoreapp2.0) (== netstandard2.0)
      System.Runtime.Extensions (>= 4.3) - restriction: || (&& (== net45) (>= netstandard1.6)) (&& (== net46) (>= netstandard1.6)) (&& (== net47) (>= netstandard1.6)) (== net471) (== netcoreapp2.0) (== netstandard2.0)
      System.Runtime.Handles (>= 4.3) - restriction: || (&& (== net45) (>= netstandard1.6)) (&& (== net46) (>= netstandard1.6)) (&& (== net47) (>= netstandard1.6)) (== net471) (== netcoreapp2.0) (== netstandard2.0)
      System.Runtime.InteropServices (>= 4.3) - restriction: || (&& (== net45) (>= netstandard1.6)) (&& (== net46) (>= netstandard1.6)) (&& (== net47) (>= netstandard1.6)) (== net471) (== netcoreapp2.0) (== netstandard2.0)
      System.Runtime.Loader (>= 4.0) - restriction: || (&& (== net45) (>= netstandard1.6)) (&& (== net46) (>= netstandard1.6)) (&& (== net47) (>= netstandard1.6)) (== net471) (== netcoreapp2.0) (== netstandard2.0)
      System.Security.Cryptography.Algorithms (>= 4.3) - restriction: || (&& (== net45) (>= netstandard1.6)) (&& (== net46) (>= netstandard1.6)) (&& (== net47) (>= netstandard1.6)) (== net471) (== netcoreapp2.0) (== netstandard2.0)
      System.Text.Encoding (>= 4.3) - restriction: || (&& (== net45) (>= netstandard1.6)) (&& (== net46) (>= netstandard1.6)) (&& (== net47) (>= netstandard1.6)) (== net471) (== netcoreapp2.0) (== netstandard2.0)
      System.Text.Encoding.Extensions (>= 4.3) - restriction: || (&& (== net45) (>= netstandard1.6)) (&& (== net46) (>= netstandard1.6)) (&& (== net47) (>= netstandard1.6)) (== net471) (== netcoreapp2.0) (== netstandard2.0)
      System.Threading (>= 4.3) - restriction: || (&& (== net45) (>= netstandard1.6)) (&& (== net46) (>= netstandard1.6)) (&& (== net47) (>= netstandard1.6)) (== net471) (== netcoreapp2.0) (== netstandard2.0)
      System.Threading.Tasks (>= 4.3) - restriction: || (&& (== net45) (>= netstandard1.6)) (&& (== net46) (>= netstandard1.6)) (&& (== net47) (>= netstandard1.6)) (== net471) (== netcoreapp2.0) (== netstandard2.0)
    FSharp.Core (4.3.4)
    Microsoft.Build (15.6.85)
      Microsoft.Build.Framework (15.6.85) - restriction: || (&& (== net45) (>= net46)) (&& (== net45) (>= netstandard1.5)) (== net46) (== net47) (== net471) (== netcoreapp2.0) (== netstandard2.0)
      Microsoft.Win32.Primitives (>= 4.0.1) - restriction: || (&& (== net45) (== net47)) (&& (== net45) (== net471)) (&& (== net45) (>= netstandard1.5)) (&& (== net47) (< net46)) (&& (== net471) (< net46)) (== netcoreapp2.0) (== netstandard2.0)
      System.AppContext (>= 4.1) - restriction: || (&& (== net45) (== net47)) (&& (== net45) (== net471)) (&& (== net45) (>= netstandard1.5)) (&& (== net47) (< net46)) (&& (== net471) (< net46)) (== netcoreapp2.0) (== netstandard2.0)
      System.Collections (>= 4.0.11) - restriction: || (&& (== net45) (== net47)) (&& (== net45) (== net471)) (&& (== net45) (>= netstandard1.5)) (&& (== net47) (< net46)) (&& (== net471) (< net46)) (== netcoreapp2.0) (== netstandard2.0)
      System.Collections.Concurrent (>= 4.0.12) - restriction: || (&& (== net45) (== net47)) (&& (== net45) (== net471)) (&& (== net45) (>= netstandard1.5)) (&& (== net47) (< net46)) (&& (== net471) (< net46)) (== netcoreapp2.0) (== netstandard2.0)
      System.Collections.Immutable (>= 1.2) - restriction: || (&& (== net45) (== net47)) (&& (== net45) (== net471)) (&& (== net45) (>= netstandard1.5)) (&& (== net47) (< net46)) (&& (== net471) (< net46)) (== netcoreapp2.0) (== netstandard2.0)
      System.Collections.Immutable (>= 1.3.1) - restriction: || (&& (== net45) (>= net46)) (== net46) (== net47) (== net471) (&& (== netcoreapp2.0) (>= net46)) (&& (== netstandard2.0) (>= net46))
      System.Collections.NonGeneric (>= 4.0.1) - restriction: || (&& (== net45) (== net47)) (&& (== net45) (== net471)) (&& (== net45) (>= netstandard1.5)) (&& (== net47) (< net46)) (&& (== net471) (< net46)) (== netcoreapp2.0) (== netstandard2.0)
      System.Console (>= 4.0) - restriction: || (&& (== net45) (== net47)) (&& (== net45) (== net471)) (&& (== net45) (>= netstandard1.5)) (&& (== net47) (< net46)) (&& (== net471) (< net46)) (== netcoreapp2.0) (== netstandard2.0)
      System.Diagnostics.Contracts (>= 4.0.1) - restriction: || (&& (== net45) (== net47)) (&& (== net45) (== net471)) (&& (== net45) (>= netstandard1.5)) (&& (== net47) (< net46)) (&& (== net471) (< net46)) (== netcoreapp2.0) (== netstandard2.0)
      System.Diagnostics.Debug (>= 4.0.11) - restriction: || (&& (== net45) (== net47)) (&& (== net45) (== net471)) (&& (== net45) (>= netstandard1.5)) (&& (== net47) (< net46)) (&& (== net471) (< net46)) (== netcoreapp2.0) (== netstandard2.0)
      System.Diagnostics.FileVersionInfo (>= 4.0) - restriction: || (&& (== net45) (== net47)) (&& (== net45) (== net471)) (&& (== net45) (>= netstandard1.5)) (&& (== net47) (< net46)) (&& (== net471) (< net46)) (== netcoreapp2.0) (== netstandard2.0)
      System.Diagnostics.Process (>= 4.1) - restriction: || (&& (== net45) (== net47)) (&& (== net45) (== net471)) (&& (== net45) (>= netstandard1.5)) (&& (== net47) (< net46)) (&& (== net471) (< net46)) (== netcoreapp2.0) (== netstandard2.0)
      System.Diagnostics.TraceSource (>= 4.0) - restriction: || (&& (== net45) (== net47)) (&& (== net45) (== net471)) (&& (== net45) (>= netstandard1.5)) (&& (== net47) (< net46)) (&& (== net471) (< net46)) (== netcoreapp2.0) (== netstandard2.0)
      System.Globalization (>= 4.0.11) - restriction: || (&& (== net45) (== net47)) (&& (== net45) (== net471)) (&& (== net45) (>= netstandard1.5)) (&& (== net47) (< net46)) (&& (== net471) (< net46)) (== netcoreapp2.0) (== netstandard2.0)
      System.IO (>= 4.1) - restriction: || (&& (== net45) (== net47)) (&& (== net45) (== net471)) (&& (== net45) (>= netstandard1.5)) (&& (== net47) (< net46)) (&& (== net471) (< net46)) (== netcoreapp2.0) (== netstandard2.0)
      System.IO.Compression (>= 4.1) - restriction: || (&& (== net45) (== net47)) (&& (== net45) (== net471)) (&& (== net45) (>= netstandard1.5)) (&& (== net47) (< net46)) (&& (== net471) (< net46)) (== netcoreapp2.0) (== netstandard2.0)
      System.IO.FileSystem (>= 4.0.1) - restriction: || (&& (== net45) (== net47)) (&& (== net45) (== net471)) (&& (== net45) (>= netstandard1.5)) (&& (== net47) (< net46)) (&& (== net471) (< net46)) (== netcoreapp2.0) (== netstandard2.0)
      System.IO.FileSystem.Primitives (>= 4.0.1) - restriction: || (&& (== net45) (== net47)) (&& (== net45) (== net471)) (&& (== net45) (>= netstandard1.5)) (&& (== net47) (< net46)) (&& (== net471) (< net46)) (== netcoreapp2.0) (== netstandard2.0)
      System.IO.Pipes (>= 4.0) - restriction: || (&& (== net45) (== net47)) (&& (== net45) (== net471)) (&& (== net45) (>= netstandard1.5)) (&& (== net47) (< net46)) (&& (== net471) (< net46)) (== netcoreapp2.0) (== netstandard2.0)
      System.Linq (>= 4.1) - restriction: || (&& (== net45) (== net47)) (&& (== net45) (== net471)) (&& (== net45) (>= netstandard1.5)) (&& (== net47) (< net46)) (&& (== net471) (< net46)) (== netcoreapp2.0) (== netstandard2.0)
      System.Linq.Parallel (>= 4.0.1) - restriction: || (&& (== net45) (== net47)) (&& (== net45) (== net471)) (&& (== net45) (>= netstandard1.5)) (&& (== net47) (< net46)) (&& (== net471) (< net46)) (== netcoreapp2.0) (== netstandard2.0)
      System.ObjectModel (>= 4.0.12) - restriction: || (&& (== net45) (== net47)) (&& (== net45) (== net471)) (&& (== net45) (>= netstandard1.5)) (&& (== net47) (< net46)) (&& (== net471) (< net46)) (== netcoreapp2.0) (== netstandard2.0)
      System.Reflection (>= 4.1) - restriction: || (&& (== net45) (== net47)) (&& (== net45) (== net471)) (&& (== net45) (>= netstandard1.5)) (&& (== net47) (< net46)) (&& (== net471) (< net46)) (== netcoreapp2.0) (== netstandard2.0)
      System.Reflection.Extensions (>= 4.0.1) - restriction: || (&& (== net45) (== net47)) (&& (== net45) (== net471)) (&& (== net45) (>= netstandard1.5)) (&& (== net47) (< net46)) (&& (== net471) (< net46)) (== netcoreapp2.0) (== netstandard2.0)
      System.Reflection.Metadata (>= 1.3) - restriction: || (&& (== net45) (== net47)) (&& (== net45) (== net471)) (&& (== net45) (>= netstandard1.5)) (&& (== net47) (< net46)) (&& (== net471) (< net46)) (== netcoreapp2.0) (== netstandard2.0)
      System.Reflection.Primitives (>= 4.0.1) - restriction: || (&& (== net45) (== net47)) (&& (== net45) (== net471)) (&& (== net45) (>= netstandard1.5)) (&& (== net47) (< net46)) (&& (== net471) (< net46)) (== netcoreapp2.0) (== netstandard2.0)
      System.Reflection.TypeExtensions (>= 4.1) - restriction: || (&& (== net45) (== net47)) (&& (== net45) (== net471)) (&& (== net45) (>= netstandard1.5)) (&& (== net47) (< net46)) (&& (== net471) (< net46)) (== netcoreapp2.0) (== netstandard2.0)
      System.Resources.ResourceManager (>= 4.0.1) - restriction: || (&& (== net45) (== net47)) (&& (== net45) (== net471)) (&& (== net45) (>= netstandard1.5)) (&& (== net47) (< net46)) (&& (== net471) (< net46)) (== netcoreapp2.0) (== netstandard2.0)
      System.Runtime (>= 4.1) - restriction: || (&& (== net45) (== net47)) (&& (== net45) (== net471)) (&& (== net45) (>= netstandard1.5)) (&& (== net47) (< net46)) (&& (== net471) (< net46)) (== netcoreapp2.0) (== netstandard2.0)
      System.Runtime.Extensions (>= 4.1) - restriction: || (&& (== net45) (== net47)) (&& (== net45) (== net471)) (&& (== net45) (>= netstandard1.5)) (&& (== net47) (< net46)) (&& (== net471) (< net46)) (== netcoreapp2.0) (== netstandard2.0)
      System.Runtime.Handles (>= 4.0.1) - restriction: || (&& (== net45) (== net47)) (&& (== net45) (== net471)) (&& (== net45) (>= netstandard1.5)) (&& (== net47) (< net46)) (&& (== net471) (< net46)) (== netcoreapp2.0) (== netstandard2.0)
      System.Runtime.InteropServices (>= 4.1) - restriction: || (&& (== net45) (== net47)) (&& (== net45) (== net471)) (&& (== net45) (>= netstandard1.5)) (&& (== net47) (< net46)) (&& (== net471) (< net46)) (== netcoreapp2.0) (== netstandard2.0)
      System.Runtime.InteropServices.RuntimeInformation (>= 4.0) - restriction: || (&& (== net45) (== net47)) (&& (== net45) (== net471)) (&& (== net45) (>= netstandard1.5)) (&& (== net47) (< net46)) (&& (== net471) (< net46)) (== netcoreapp2.0) (== netstandard2.0)
      System.Runtime.InteropServices.RuntimeInformation (>= 4.3) - restriction: || (&& (== net45) (>= net46)) (== net46) (== net47) (== net471) (&& (== netcoreapp2.0) (>= net46)) (&& (== netstandard2.0) (>= net46))
      System.Runtime.Loader (>= 4.0) - restriction: || (&& (== net45) (== net47)) (&& (== net45) (== net471)) (&& (== net45) (>= netstandard1.5)) (&& (== net47) (< net46)) (&& (== net471) (< net46)) (== netcoreapp2.0) (== netstandard2.0)
      System.Text.Encoding (>= 4.0.11) - restriction: || (&& (== net45) (== net47)) (&& (== net45) (== net471)) (&& (== net45) (>= netstandard1.5)) (&& (== net47) (< net46)) (&& (== net471) (< net46)) (== netcoreapp2.0) (== netstandard2.0)
      System.Text.Encoding.CodePages (>= 4.0.1) - restriction: || (&& (== net45) (== net47)) (&& (== net45) (== net471)) (&& (== net45) (>= netstandard1.5)) (&& (== net47) (< net46)) (&& (== net471) (< net46)) (== netcoreapp2.0) (== netstandard2.0)
      System.Text.Encoding.Extensions (>= 4.0.11) - restriction: || (&& (== net45) (== net47)) (&& (== net45) (== net471)) (&& (== net45) (>= netstandard1.5)) (&& (== net47) (< net46)) (&& (== net471) (< net46)) (== netcoreapp2.0) (== netstandard2.0)
      System.Text.RegularExpressions (>= 4.1) - restriction: || (&& (== net45) (== net47)) (&& (== net45) (== net471)) (&& (== net45) (>= netstandard1.5)) (&& (== net47) (< net46)) (&& (== net471) (< net46)) (== netcoreapp2.0) (== netstandard2.0)
      System.Threading (>= 4.0.11) - restriction: || (&& (== net45) (== net47)) (&& (== net45) (== net471)) (&& (== net45) (>= netstandard1.5)) (&& (== net47) (< net46)) (&& (== net471) (< net46)) (== netcoreapp2.0) (== netstandard2.0)
      System.Threading.Tasks (>= 4.0.11) - restriction: || (&& (== net45) (== net47)) (&& (== net45) (== net471)) (&& (== net45) (>= netstandard1.5)) (&& (== net47) (< net46)) (&& (== net471) (< net46)) (== netcoreapp2.0) (== netstandard2.0)
      System.Threading.Tasks.Dataflow (>= 4.6) - restriction: || (&& (== net45) (== net47)) (&& (== net45) (== net471)) (&& (== net45) (>= netstandard1.5)) (&& (== net47) (< net46)) (&& (== net471) (< net46)) (== netcoreapp2.0) (== netstandard2.0)
      System.Threading.Tasks.Parallel (>= 4.0.1) - restriction: || (&& (== net45) (== net47)) (&& (== net45) (== net471)) (&& (== net45) (>= netstandard1.5)) (&& (== net47) (< net46)) (&& (== net471) (< net46)) (== netcoreapp2.0) (== netstandard2.0)
      System.Threading.Thread (>= 4.0) - restriction: || (&& (== net45) (== net47)) (&& (== net45) (== net471)) (&& (== net45) (>= netstandard1.5)) (&& (== net47) (< net46)) (&& (== net471) (< net46)) (== netcoreapp2.0) (== netstandard2.0)
      System.Threading.ThreadPool (>= 4.0.10) - restriction: || (&& (== net45) (== net47)) (&& (== net45) (== net471)) (&& (== net45) (>= netstandard1.5)) (&& (== net47) (< net46)) (&& (== net471) (< net46)) (== netcoreapp2.0) (== netstandard2.0)
      System.Xml.ReaderWriter (>= 4.0.11) - restriction: || (&& (== net45) (== net47)) (&& (== net45) (== net471)) (&& (== net45) (>= netstandard1.5)) (&& (== net47) (< net46)) (&& (== net471) (< net46)) (== netcoreapp2.0) (== netstandard2.0)
      System.Xml.XmlDocument (>= 4.0.1) - restriction: || (&& (== net45) (== net47)) (&& (== net45) (== net471)) (&& (== net45) (>= netstandard1.5)) (&& (== net47) (< net46)) (&& (== net471) (< net46)) (== netcoreapp2.0) (== netstandard2.0)
      System.Xml.XPath.XmlDocument (>= 4.0.1) - restriction: || (&& (== net45) (== net47)) (&& (== net45) (== net471)) (&& (== net45) (>= netstandard1.5)) (&& (== net47) (< net46)) (&& (== net471) (< net46)) (== netcoreapp2.0) (== netstandard2.0)
    Microsoft.Build.Framework (15.6.85)
      System.Collections (>= 4.0.11) - restriction: || (&& (== net45) (>= netstandard1.3)) (== net46) (== net47) (== net471) (== netcoreapp2.0) (== netstandard2.0)
      System.Diagnostics.Debug (>= 4.0.11) - restriction: || (&& (== net45) (>= netstandard1.3)) (== net46) (== net47) (== net471) (== netcoreapp2.0) (== netstandard2.0)
      System.Diagnostics.Process (>= 4.1) - restriction: || (&& (== net45) (>= netstandard1.3)) (== net46) (== net47) (== net471) (== netcoreapp2.0) (== netstandard2.0)
      System.Globalization (>= 4.0.11) - restriction: || (&& (== net45) (>= netstandard1.3)) (== net46) (== net47) (== net471) (== netcoreapp2.0) (== netstandard2.0)
      System.Linq (>= 4.1) - restriction: || (&& (== net45) (>= netstandard1.3)) (== net46) (== net47) (== net471) (== netcoreapp2.0) (== netstandard2.0)
      System.ObjectModel (>= 4.0.12) - restriction: || (&& (== net45) (>= netstandard1.3)) (== net46) (== net47) (== net471) (== netcoreapp2.0) (== netstandard2.0)
      System.Resources.ResourceManager (>= 4.0.1) - restriction: || (&& (== net45) (>= netstandard1.3)) (== net46) (== net47) (== net471) (== netcoreapp2.0) (== netstandard2.0)
      System.Runtime (>= 4.1) - restriction: || (&& (== net45) (>= netstandard1.3)) (== net46) (== net47) (== net471) (== netcoreapp2.0) (== netstandard2.0)
      System.Runtime.Extensions (>= 4.1) - restriction: || (&& (== net45) (>= netstandard1.3)) (== net46) (== net47) (== net471) (== netcoreapp2.0) (== netstandard2.0)
      System.Runtime.InteropServices (>= 4.1) - restriction: || (&& (== net45) (>= netstandard1.3)) (== net46) (== net47) (== net471) (== netcoreapp2.0) (== netstandard2.0)
      System.Threading (>= 4.0.11) - restriction: || (&& (== net45) (>= netstandard1.3)) (== net46) (== net47) (== net471) (== netcoreapp2.0) (== netstandard2.0)
      System.Threading.Tasks.Parallel (>= 4.0.1) - restriction: || (&& (== net45) (>= netstandard1.3)) (== net46) (== net47) (== net471) (== netcoreapp2.0) (== netstandard2.0)
      System.Threading.Thread (>= 4.0) - restriction: || (&& (== net45) (>= netstandard1.3)) (== net46) (== net47) (== net471) (== netcoreapp2.0) (== netstandard2.0)
    Microsoft.Build.Tasks.Core (15.6.85)
      Microsoft.Build.Framework (15.6.85) - restriction: || (&& (== net45) (>= netstandard1.3)) (== net46) (== net47) (== net471) (== netcoreapp2.0) (== netstandard2.0)
      Microsoft.Build.Utilities.Core (15.6.85) - restriction: || (&& (== net45) (>= netstandard1.3)) (== net46) (== net47) (== net471) (== netcoreapp2.0) (== netstandard2.0)
      Microsoft.Win32.Primitives (>= 4.0.1) - restriction: || (&& (== net45) (== net46)) (&& (== net45) (== net47)) (&& (== net45) (== net471)) (&& (== net45) (>= netstandard1.3)) (&& (== net47) (< net46)) (&& (== net471) (< net46)) (== netcoreapp2.0) (== netstandard2.0)
      System.AppContext (>= 4.1) - restriction: || (&& (== net45) (== net46)) (&& (== net45) (== net47)) (&& (== net45) (== net471)) (&& (== net45) (>= netstandard1.3)) (&& (== net47) (< net46)) (&& (== net471) (< net46)) (== netcoreapp2.0) (== netstandard2.0)
      System.Collections (>= 4.0.11) - restriction: || (&& (== net45) (== net46)) (&& (== net45) (== net47)) (&& (== net45) (== net471)) (&& (== net45) (>= netstandard1.3)) (&& (== net47) (< net46)) (&& (== net471) (< net46)) (== netcoreapp2.0) (== netstandard2.0)
      System.Collections.Concurrent (>= 4.0.12) - restriction: || (&& (== net45) (== net46)) (&& (== net45) (== net47)) (&& (== net45) (== net471)) (&& (== net45) (>= netstandard1.3)) (&& (== net47) (< net46)) (&& (== net471) (< net46)) (== netcoreapp2.0) (== netstandard2.0)
      System.Collections.Immutable (>= 1.2) - restriction: || (&& (== net45) (== net46)) (&& (== net45) (== net47)) (&& (== net45) (== net471)) (&& (== net45) (>= netstandard1.3)) (&& (== net47) (< net46)) (&& (== net471) (< net46)) (== netcoreapp2.0) (== netstandard2.0)
      System.Collections.Immutable (>= 1.3.1) - restriction: || (&& (== net45) (>= net46)) (== net46) (== net47) (== net471) (&& (== netcoreapp2.0) (>= net46)) (&& (== netstandard2.0) (>= net46))
      System.Collections.NonGeneric (>= 4.0.1) - restriction: || (&& (== net45) (== net46)) (&& (== net45) (== net47)) (&& (== net45) (== net471)) (&& (== net45) (>= netstandard1.3)) (&& (== net47) (< net46)) (&& (== net471) (< net46)) (== netcoreapp2.0) (== netstandard2.0)
      System.Console (>= 4.0) - restriction: || (&& (== net45) (== net46)) (&& (== net45) (== net47)) (&& (== net45) (== net471)) (&& (== net45) (>= netstandard1.3)) (&& (== net47) (< net46)) (&& (== net471) (< net46)) (== netcoreapp2.0) (== netstandard2.0)
      System.Diagnostics.Debug (>= 4.0.11) - restriction: || (&& (== net45) (== net46)) (&& (== net45) (== net47)) (&& (== net45) (== net471)) (&& (== net45) (>= netstandard1.3)) (&& (== net47) (< net46)) (&& (== net471) (< net46)) (== netcoreapp2.0) (== netstandard2.0)
      System.Diagnostics.Process (>= 4.1) - restriction: || (&& (== net45) (== net46)) (&& (== net45) (== net47)) (&& (== net45) (== net471)) (&& (== net45) (>= netstandard1.3)) (&& (== net47) (< net46)) (&& (== net471) (< net46)) (== netcoreapp2.0) (== netstandard2.0)
      System.Diagnostics.TraceSource (>= 4.0) - restriction: || (&& (== net45) (== net46)) (&& (== net45) (== net47)) (&& (== net45) (== net471)) (&& (== net45) (>= netstandard1.3)) (&& (== net47) (< net46)) (&& (== net471) (< net46)) (== netcoreapp2.0) (== netstandard2.0)
      System.Globalization (>= 4.0.11) - restriction: || (&& (== net45) (== net46)) (&& (== net45) (== net47)) (&& (== net45) (== net471)) (&& (== net45) (>= netstandard1.3)) (&& (== net47) (< net46)) (&& (== net471) (< net46)) (== netcoreapp2.0) (== netstandard2.0)
      System.IO (>= 4.1) - restriction: || (&& (== net45) (== net46)) (&& (== net45) (== net47)) (&& (== net45) (== net471)) (&& (== net45) (>= netstandard1.3)) (&& (== net47) (< net46)) (&& (== net471) (< net46)) (== netcoreapp2.0) (== netstandard2.0)
      System.IO.FileSystem (>= 4.0.1) - restriction: || (&& (== net45) (== net46)) (&& (== net45) (== net47)) (&& (== net45) (== net471)) (&& (== net45) (>= netstandard1.3)) (&& (== net47) (< net46)) (&& (== net471) (< net46)) (== netcoreapp2.0) (== netstandard2.0)
      System.IO.FileSystem.Primitives (>= 4.0.1) - restriction: || (&& (== net45) (== net46)) (&& (== net45) (== net47)) (&& (== net45) (== net471)) (&& (== net45) (>= netstandard1.3)) (&& (== net47) (< net46)) (&& (== net471) (< net46)) (== netcoreapp2.0) (== netstandard2.0)
      System.Linq (>= 4.1) - restriction: || (&& (== net45) (== net46)) (&& (== net45) (== net47)) (&& (== net45) (== net471)) (&& (== net45) (>= netstandard1.3)) (&& (== net47) (< net46)) (&& (== net471) (< net46)) (== netcoreapp2.0) (== netstandard2.0)
      System.Linq.Parallel (>= 4.0.1) - restriction: || (&& (== net45) (== net46)) (&& (== net45) (== net47)) (&& (== net45) (== net471)) (&& (== net45) (>= netstandard1.3)) (&& (== net47) (< net46)) (&& (== net471) (< net46)) (== netcoreapp2.0) (== netstandard2.0)
      System.ObjectModel (>= 4.0.12) - restriction: || (&& (== net45) (== net46)) (&& (== net45) (== net47)) (&& (== net45) (== net471)) (&& (== net45) (>= netstandard1.3)) (&& (== net47) (< net46)) (&& (== net471) (< net46)) (== netcoreapp2.0) (== netstandard2.0)
      System.Reflection (>= 4.1) - restriction: || (&& (== net45) (== net46)) (&& (== net45) (== net47)) (&& (== net45) (== net471)) (&& (== net45) (>= netstandard1.3)) (&& (== net47) (< net46)) (&& (== net471) (< net46)) (== netcoreapp2.0) (== netstandard2.0)
      System.Reflection.Metadata (>= 1.3) - restriction: || (&& (== net45) (>= netstandard1.3)) (== net46) (== net47) (== net471) (== netcoreapp2.0) (== netstandard2.0)
      System.Reflection.TypeExtensions (>= 4.1) - restriction: || (&& (== net45) (== net46)) (&& (== net45) (== net47)) (&& (== net45) (== net471)) (&& (== net45) (>= netstandard1.3)) (&& (== net47) (< net46)) (&& (== net471) (< net46)) (== netcoreapp2.0) (== netstandard2.0)
      System.Resources.Reader (>= 4.0) - restriction: || (&& (== net45) (== net46)) (&& (== net45) (== net47)) (&& (== net45) (== net471)) (&& (== net45) (>= netstandard1.3)) (&& (== net47) (< net46)) (&& (== net471) (< net46)) (== netcoreapp2.0) (== netstandard2.0)
      System.Resources.ResourceManager (>= 4.0.1) - restriction: || (&& (== net45) (== net46)) (&& (== net45) (== net47)) (&& (== net45) (== net471)) (&& (== net45) (>= netstandard1.3)) (&& (== net47) (< net46)) (&& (== net471) (< net46)) (== netcoreapp2.0) (== netstandard2.0)
      System.Resources.Writer (>= 4.0) - restriction: || (&& (== net45) (== net46)) (&& (== net45) (== net47)) (&& (== net45) (== net471)) (&& (== net45) (>= netstandard1.3)) (&& (== net47) (< net46)) (&& (== net471) (< net46)) (== netcoreapp2.0) (== netstandard2.0)
      System.Runtime (>= 4.1) - restriction: || (&& (== net45) (== net46)) (&& (== net45) (== net47)) (&& (== net45) (== net471)) (&& (== net45) (>= netstandard1.3)) (&& (== net47) (< net46)) (&& (== net471) (< net46)) (== netcoreapp2.0) (== netstandard2.0)
      System.Runtime.Extensions (>= 4.1) - restriction: || (&& (== net45) (== net46)) (&& (== net45) (== net47)) (&& (== net45) (== net471)) (&& (== net45) (>= netstandard1.3)) (&& (== net47) (< net46)) (&& (== net471) (< net46)) (== netcoreapp2.0) (== netstandard2.0)
      System.Runtime.Handles (>= 4.0.1) - restriction: || (&& (== net45) (== net46)) (&& (== net45) (== net47)) (&& (== net45) (== net471)) (&& (== net45) (>= netstandard1.3)) (&& (== net47) (< net46)) (&& (== net471) (< net46)) (== netcoreapp2.0) (== netstandard2.0)
      System.Runtime.InteropServices (>= 4.1) - restriction: || (&& (== net45) (== net46)) (&& (== net45) (== net47)) (&& (== net45) (== net471)) (&& (== net45) (>= netstandard1.3)) (&& (== net47) (< net46)) (&& (== net471) (< net46)) (== netcoreapp2.0) (== netstandard2.0)
      System.Runtime.InteropServices.RuntimeInformation (>= 4.0) - restriction: || (&& (== net45) (== net46)) (&& (== net45) (== net47)) (&& (== net45) (== net471)) (&& (== net45) (>= netstandard1.3)) (&& (== net47) (< net46)) (&& (== net471) (< net46)) (== netcoreapp2.0) (== netstandard2.0)
      System.Runtime.InteropServices.RuntimeInformation (>= 4.3) - restriction: || (&& (== net45) (>= net46)) (== net46) (== net47) (== net471) (&& (== netcoreapp2.0) (>= net46)) (&& (== netstandard2.0) (>= net46))
      System.Runtime.Serialization.Primitives (>= 4.1.1) - restriction: || (&& (== net45) (== net46)) (&& (== net45) (== net47)) (&& (== net45) (== net471)) (&& (== net45) (>= netstandard1.3)) (&& (== net47) (< net46)) (&& (== net471) (< net46)) (== netcoreapp2.0) (== netstandard2.0)
      System.Runtime.Serialization.Xml (>= 4.1.1) - restriction: || (&& (== net45) (== net46)) (&& (== net45) (== net47)) (&& (== net45) (== net471)) (&& (== net45) (>= netstandard1.3)) (&& (== net47) (< net46)) (&& (== net471) (< net46)) (== netcoreapp2.0) (== netstandard2.0)
      System.Security.Cryptography.Algorithms (>= 4.2) - restriction: || (&& (== net45) (== net46)) (&& (== net45) (== net47)) (&& (== net45) (== net471)) (&& (== net45) (>= netstandard1.3)) (&& (== net47) (< net46)) (&& (== net471) (< net46)) (== netcoreapp2.0) (== netstandard2.0)
      System.Security.Cryptography.Primitives (>= 4.0) - restriction: || (&& (== net45) (== net46)) (&& (== net45) (== net47)) (&& (== net45) (== net471)) (&& (== net45) (>= netstandard1.3)) (&& (== net47) (< net46)) (&& (== net471) (< net46)) (== netcoreapp2.0) (== netstandard2.0)
      System.Security.Cryptography.X509Certificates (>= 4.1) - restriction: || (&& (== net45) (== net46)) (&& (== net45) (== net47)) (&& (== net45) (== net471)) (&& (== net45) (>= netstandard1.3)) (&& (== net47) (< net46)) (&& (== net471) (< net46)) (== netcoreapp2.0) (== netstandard2.0)
      System.Text.Encoding (>= 4.0.11) - restriction: || (&& (== net45) (== net46)) (&& (== net45) (== net47)) (&& (== net45) (== net471)) (&& (== net45) (>= netstandard1.3)) (&& (== net47) (< net46)) (&& (== net471) (< net46)) (== netcoreapp2.0) (== netstandard2.0)
      System.Text.Encoding.CodePages (>= 4.0.1) - restriction: || (&& (== net45) (== net46)) (&& (== net45) (== net47)) (&& (== net45) (== net471)) (&& (== net45) (>= netstandard1.3)) (&& (== net47) (< net46)) (&& (== net471) (< net46)) (== netcoreapp2.0) (== netstandard2.0)
      System.Text.Encoding.Extensions (>= 4.0.11) - restriction: || (&& (== net45) (== net46)) (&& (== net45) (== net47)) (&& (== net45) (== net471)) (&& (== net45) (>= netstandard1.3)) (&& (== net47) (< net46)) (&& (== net471) (< net46)) (== netcoreapp2.0) (== netstandard2.0)
      System.Text.RegularExpressions (>= 4.1) - restriction: || (&& (== net45) (== net46)) (&& (== net45) (== net47)) (&& (== net45) (== net471)) (&& (== net45) (>= netstandard1.3)) (&& (== net47) (< net46)) (&& (== net471) (< net46)) (== netcoreapp2.0) (== netstandard2.0)
      System.Threading (>= 4.0.11) - restriction: || (&& (== net45) (== net46)) (&& (== net45) (== net47)) (&& (== net45) (== net471)) (&& (== net45) (>= netstandard1.3)) (&& (== net47) (< net46)) (&& (== net471) (< net46)) (== netcoreapp2.0) (== netstandard2.0)
      System.Threading.Tasks (>= 4.0.11) - restriction: || (&& (== net45) (== net46)) (&& (== net45) (== net47)) (&& (== net45) (== net471)) (&& (== net45) (>= netstandard1.3)) (&& (== net47) (< net46)) (&& (== net471) (< net46)) (== netcoreapp2.0) (== netstandard2.0)
      System.Threading.Tasks.Parallel (>= 4.0.1) - restriction: || (&& (== net45) (== net46)) (&& (== net45) (== net47)) (&& (== net45) (== net471)) (&& (== net45) (>= netstandard1.3)) (&& (== net47) (< net46)) (&& (== net471) (< net46)) (== netcoreapp2.0) (== netstandard2.0)
      System.Threading.Thread (>= 4.0) - restriction: || (&& (== net45) (== net46)) (&& (== net45) (== net47)) (&& (== net45) (== net471)) (&& (== net45) (>= netstandard1.3)) (&& (== net47) (< net46)) (&& (== net471) (< net46)) (== netcoreapp2.0) (== netstandard2.0)
      System.Xml.ReaderWriter (>= 4.0.11) - restriction: || (&& (== net45) (== net46)) (&& (== net45) (== net47)) (&& (== net45) (== net471)) (&& (== net45) (>= netstandard1.3)) (&& (== net47) (< net46)) (&& (== net471) (< net46)) (== netcoreapp2.0) (== netstandard2.0)
      System.Xml.XDocument (>= 4.0.11) - restriction: || (&& (== net45) (== net46)) (&& (== net45) (== net47)) (&& (== net45) (== net471)) (&& (== net45) (>= netstandard1.3)) (&& (== net47) (< net46)) (&& (== net471) (< net46)) (== netcoreapp2.0) (== netstandard2.0)
      System.Xml.XmlDocument (>= 4.0.1) - restriction: || (&& (== net45) (== net46)) (&& (== net45) (== net47)) (&& (== net45) (== net471)) (&& (== net45) (>= netstandard1.3)) (&& (== net47) (< net46)) (&& (== net471) (< net46)) (== netcoreapp2.0) (== netstandard2.0)
      System.Xml.XPath (>= 4.0.1) - restriction: || (&& (== net45) (== net46)) (&& (== net45) (== net47)) (&& (== net45) (== net471)) (&& (== net45) (>= netstandard1.3)) (&& (== net47) (< net46)) (&& (== net471) (< net46)) (== netcoreapp2.0) (== netstandard2.0)
      System.Xml.XPath.XmlDocument (>= 4.0.1) - restriction: || (&& (== net45) (== net46)) (&& (== net45) (== net47)) (&& (== net45) (== net471)) (&& (== net45) (>= netstandard1.3)) (&& (== net47) (< net46)) (&& (== net471) (< net46)) (== netcoreapp2.0) (== netstandard2.0)
    Microsoft.Build.Utilities.Core (15.6.85)
      Microsoft.Build.Framework (15.6.85) - restriction: || (&& (== net45) (>= netstandard1.3)) (== net46) (== net47) (== net471) (== netcoreapp2.0) (== netstandard2.0)
      Microsoft.Win32.Primitives (>= 4.0.1) - restriction: || (&& (== net45) (== net46)) (&& (== net45) (== net47)) (&& (== net45) (== net471)) (&& (== net45) (>= netstandard1.3)) (&& (== net47) (< net46)) (&& (== net471) (< net46)) (== netcoreapp2.0) (== netstandard2.0)
      System.AppContext (>= 4.1) - restriction: || (&& (== net45) (== net46)) (&& (== net45) (== net47)) (&& (== net45) (== net471)) (&& (== net45) (>= netstandard1.3)) (&& (== net47) (< net46)) (&& (== net471) (< net46)) (== netcoreapp2.0) (== netstandard2.0)
      System.Collections (>= 4.0.11) - restriction: || (&& (== net45) (== net46)) (&& (== net45) (== net47)) (&& (== net45) (== net471)) (&& (== net45) (>= netstandard1.3)) (&& (== net47) (< net46)) (&& (== net471) (< net46)) (== netcoreapp2.0) (== netstandard2.0)
      System.Collections.Concurrent (>= 4.0.12) - restriction: || (&& (== net45) (== net46)) (&& (== net45) (== net47)) (&& (== net45) (== net471)) (&& (== net45) (>= netstandard1.3)) (&& (== net47) (< net46)) (&& (== net471) (< net46)) (== netcoreapp2.0) (== netstandard2.0)
      System.Collections.Immutable (>= 1.2) - restriction: || (&& (== net45) (== net46)) (&& (== net45) (== net47)) (&& (== net45) (== net471)) (&& (== net45) (>= netstandard1.3)) (&& (== net47) (< net46)) (&& (== net471) (< net46)) (== netcoreapp2.0) (== netstandard2.0)
      System.Collections.Immutable (>= 1.3.1) - restriction: || (&& (== net45) (>= net46)) (== net46) (== net47) (== net471) (&& (== netcoreapp2.0) (>= net46)) (&& (== netstandard2.0) (>= net46))
      System.Collections.NonGeneric (>= 4.0.1) - restriction: || (&& (== net45) (== net46)) (&& (== net45) (== net47)) (&& (== net45) (== net471)) (&& (== net45) (>= netstandard1.3)) (&& (== net47) (< net46)) (&& (== net471) (< net46)) (== netcoreapp2.0) (== netstandard2.0)
      System.Console (>= 4.0) - restriction: || (&& (== net45) (== net46)) (&& (== net45) (== net47)) (&& (== net45) (== net471)) (&& (== net45) (>= netstandard1.3)) (&& (== net47) (< net46)) (&& (== net471) (< net46)) (== netcoreapp2.0) (== netstandard2.0)
      System.Diagnostics.Debug (>= 4.0.11) - restriction: || (&& (== net45) (== net46)) (&& (== net45) (== net47)) (&& (== net45) (== net471)) (&& (== net45) (>= netstandard1.3)) (&& (== net47) (< net46)) (&& (== net471) (< net46)) (== netcoreapp2.0) (== netstandard2.0)
      System.Diagnostics.Process (>= 4.1) - restriction: || (&& (== net45) (== net46)) (&& (== net45) (== net47)) (&& (== net45) (== net471)) (&& (== net45) (>= netstandard1.3)) (&& (== net47) (< net46)) (&& (== net471) (< net46)) (== netcoreapp2.0) (== netstandard2.0)
      System.Diagnostics.TraceSource (>= 4.0) - restriction: || (&& (== net45) (== net46)) (&& (== net45) (== net47)) (&& (== net45) (== net471)) (&& (== net45) (>= netstandard1.3)) (&& (== net47) (< net46)) (&& (== net471) (< net46)) (== netcoreapp2.0) (== netstandard2.0)
      System.Globalization (>= 4.0.11) - restriction: || (&& (== net45) (== net46)) (&& (== net45) (== net47)) (&& (== net45) (== net471)) (&& (== net45) (>= netstandard1.3)) (&& (== net47) (< net46)) (&& (== net471) (< net46)) (== netcoreapp2.0) (== netstandard2.0)
      System.IO (>= 4.1) - restriction: || (&& (== net45) (== net46)) (&& (== net45) (== net47)) (&& (== net45) (== net471)) (&& (== net45) (>= netstandard1.3)) (&& (== net47) (< net46)) (&& (== net471) (< net46)) (== netcoreapp2.0) (== netstandard2.0)
      System.IO.FileSystem (>= 4.0.1) - restriction: || (&& (== net45) (== net46)) (&& (== net45) (== net47)) (&& (== net45) (== net471)) (&& (== net45) (>= netstandard1.3)) (&& (== net47) (< net46)) (&& (== net471) (< net46)) (== netcoreapp2.0) (== netstandard2.0)
      System.IO.FileSystem.Primitives (>= 4.0.1) - restriction: || (&& (== net45) (== net46)) (&& (== net45) (== net47)) (&& (== net45) (== net471)) (&& (== net45) (>= netstandard1.3)) (&& (== net47) (< net46)) (&& (== net471) (< net46)) (== netcoreapp2.0) (== netstandard2.0)
      System.Linq (>= 4.1) - restriction: || (&& (== net45) (== net46)) (&& (== net45) (== net47)) (&& (== net45) (== net471)) (&& (== net45) (>= netstandard1.3)) (&& (== net47) (< net46)) (&& (== net471) (< net46)) (== netcoreapp2.0) (== netstandard2.0)
      System.ObjectModel (>= 4.0.12) - restriction: || (&& (== net45) (== net46)) (&& (== net45) (== net47)) (&& (== net45) (== net471)) (&& (== net45) (>= netstandard1.3)) (&& (== net47) (< net46)) (&& (== net471) (< net46)) (== netcoreapp2.0) (== netstandard2.0)
      System.Reflection (>= 4.1) - restriction: || (&& (== net45) (== net46)) (&& (== net45) (== net47)) (&& (== net45) (== net471)) (&& (== net45) (>= netstandard1.3)) (&& (== net47) (< net46)) (&& (== net471) (< net46)) (== netcoreapp2.0) (== netstandard2.0)
      System.Reflection.TypeExtensions (>= 4.1) - restriction: || (&& (== net45) (== net46)) (&& (== net45) (== net47)) (&& (== net45) (== net471)) (&& (== net45) (>= netstandard1.3)) (&& (== net47) (< net46)) (&& (== net471) (< net46)) (== netcoreapp2.0) (== netstandard2.0)
      System.Resources.Reader (>= 4.0) - restriction: || (&& (== net45) (== net46)) (&& (== net45) (== net47)) (&& (== net45) (== net471)) (&& (== net45) (>= netstandard1.3)) (&& (== net47) (< net46)) (&& (== net471) (< net46)) (== netcoreapp2.0) (== netstandard2.0)
      System.Resources.ResourceManager (>= 4.0.1) - restriction: || (&& (== net45) (== net46)) (&& (== net45) (== net47)) (&& (== net45) (== net471)) (&& (== net45) (>= netstandard1.3)) (&& (== net47) (< net46)) (&& (== net471) (< net46)) (== netcoreapp2.0) (== netstandard2.0)
      System.Runtime (>= 4.1) - restriction: || (&& (== net45) (== net46)) (&& (== net45) (== net47)) (&& (== net45) (== net471)) (&& (== net45) (>= netstandard1.3)) (&& (== net47) (< net46)) (&& (== net471) (< net46)) (== netcoreapp2.0) (== netstandard2.0)
      System.Runtime.Extensions (>= 4.1) - restriction: || (&& (== net45) (== net46)) (&& (== net45) (== net47)) (&& (== net45) (== net471)) (&& (== net45) (>= netstandard1.3)) (&& (== net47) (< net46)) (&& (== net471) (< net46)) (== netcoreapp2.0) (== netstandard2.0)
      System.Runtime.Handles (>= 4.0.1) - restriction: || (&& (== net45) (== net46)) (&& (== net45) (== net47)) (&& (== net45) (== net471)) (&& (== net45) (>= netstandard1.3)) (&& (== net47) (< net46)) (&& (== net471) (< net46)) (== netcoreapp2.0) (== netstandard2.0)
      System.Runtime.InteropServices (>= 4.1) - restriction: || (&& (== net45) (== net46)) (&& (== net45) (== net47)) (&& (== net45) (== net471)) (&& (== net45) (>= netstandard1.3)) (&& (== net47) (< net46)) (&& (== net471) (< net46)) (== netcoreapp2.0) (== netstandard2.0)
      System.Runtime.InteropServices.RuntimeInformation (>= 4.0) - restriction: || (&& (== net45) (== net46)) (&& (== net45) (== net47)) (&& (== net45) (== net471)) (&& (== net45) (>= netstandard1.3)) (&& (== net47) (< net46)) (&& (== net471) (< net46)) (== netcoreapp2.0) (== netstandard2.0)
      System.Runtime.InteropServices.RuntimeInformation (>= 4.3) - restriction: || (&& (== net45) (>= net46)) (== net46) (== net47) (== net471) (&& (== netcoreapp2.0) (>= net46)) (&& (== netstandard2.0) (>= net46))
      System.Runtime.Serialization.Primitives (>= 4.1.1) - restriction: || (&& (== net45) (== net46)) (&& (== net45) (== net47)) (&& (== net45) (== net471)) (&& (== net45) (>= netstandard1.3)) (&& (== net47) (< net46)) (&& (== net471) (< net46)) (== netcoreapp2.0) (== netstandard2.0)
      System.Runtime.Serialization.Xml (>= 4.1.1) - restriction: || (&& (== net45) (== net46)) (&& (== net45) (== net47)) (&& (== net45) (== net471)) (&& (== net45) (>= netstandard1.3)) (&& (== net47) (< net46)) (&& (== net471) (< net46)) (== netcoreapp2.0) (== netstandard2.0)
      System.Text.Encoding (>= 4.0.11) - restriction: || (&& (== net45) (== net46)) (&& (== net45) (== net47)) (&& (== net45) (== net471)) (&& (== net45) (>= netstandard1.3)) (&& (== net47) (< net46)) (&& (== net471) (< net46)) (== netcoreapp2.0) (== netstandard2.0)
      System.Text.Encoding.CodePages (>= 4.0.1) - restriction: || (&& (== net45) (== net46)) (&& (== net45) (== net47)) (&& (== net45) (== net471)) (&& (== net45) (>= netstandard1.3)) (&& (== net47) (< net46)) (&& (== net471) (< net46)) (== netcoreapp2.0) (== netstandard2.0)
      System.Text.RegularExpressions (>= 4.1) - restriction: || (&& (== net45) (== net46)) (&& (== net45) (== net47)) (&& (== net45) (== net471)) (&& (== net45) (>= netstandard1.3)) (&& (== net47) (< net46)) (&& (== net471) (< net46)) (== netcoreapp2.0) (== netstandard2.0)
      System.Threading (>= 4.0.11) - restriction: || (&& (== net45) (== net46)) (&& (== net45) (== net47)) (&& (== net45) (== net471)) (&& (== net45) (>= netstandard1.3)) (&& (== net47) (< net46)) (&& (== net471) (< net46)) (== netcoreapp2.0) (== netstandard2.0)
      System.Threading.Tasks (>= 4.0.11) - restriction: || (&& (== net45) (== net46)) (&& (== net45) (== net47)) (&& (== net45) (== net471)) (&& (== net45) (>= netstandard1.3)) (&& (== net47) (< net46)) (&& (== net471) (< net46)) (== netcoreapp2.0) (== netstandard2.0)
      System.Threading.Tasks.Parallel (>= 4.0.1) - restriction: || (&& (== net45) (== net46)) (&& (== net45) (== net47)) (&& (== net45) (== net471)) (&& (== net45) (>= netstandard1.3)) (&& (== net47) (< net46)) (&& (== net471) (< net46)) (== netcoreapp2.0) (== netstandard2.0)
      System.Threading.Thread (>= 4.0) - restriction: || (&& (== net45) (== net46)) (&& (== net45) (== net47)) (&& (== net45) (== net471)) (&& (== net45) (>= netstandard1.3)) (&& (== net47) (< net46)) (&& (== net471) (< net46)) (== netcoreapp2.0) (== netstandard2.0)
      System.Threading.Timer (>= 4.0.1) - restriction: || (&& (== net45) (== net46)) (&& (== net45) (== net47)) (&& (== net45) (== net471)) (&& (== net45) (>= netstandard1.3)) (&& (== net47) (< net46)) (&& (== net471) (< net46)) (== netcoreapp2.0) (== netstandard2.0)
      System.Xml.ReaderWriter (>= 4.0.11) - restriction: || (&& (== net45) (== net46)) (&& (== net45) (== net47)) (&& (== net45) (== net471)) (&& (== net45) (>= netstandard1.3)) (&& (== net47) (< net46)) (&& (== net471) (< net46)) (== netcoreapp2.0) (== netstandard2.0)
      System.Xml.XmlDocument (>= 4.0.1) - restriction: || (&& (== net45) (== net46)) (&& (== net45) (== net47)) (&& (== net45) (== net471)) (&& (== net45) (>= netstandard1.3)) (&& (== net47) (< net46)) (&& (== net471) (< net46)) (== netcoreapp2.0) (== netstandard2.0)
    Microsoft.DiaSymReader (1.2) - restriction: || (&& (== net45) (>= netstandard1.6)) (&& (== net46) (>= netstandard1.6)) (&& (== net47) (>= netstandard1.6)) (== net471) (== netcoreapp2.0) (== netstandard2.0)
      Microsoft.Net.Compilers (>= 2.3)
      NETStandard.Library (>= 1.6.1) - restriction: || (&& (== net45) (< net20)) (&& (== net46) (< net20)) (&& (== net47) (< net20)) (&& (== net471) (< net20)) (== netcoreapp2.0) (== netstandard2.0)
    Microsoft.DiaSymReader.PortablePdb (1.4) - restriction: || (&& (== net45) (>= netstandard1.6)) (&& (== net46) (>= netstandard1.6)) (&& (== net47) (>= netstandard1.6)) (== net471) (== netcoreapp2.0) (== netstandard2.0)
      Microsoft.DiaSymReader (>= 1.2)
      System.Collections (>= 4.3)
      System.Collections.Immutable (>= 1.3.1)
      System.Diagnostics.Debug (>= 4.3)
      System.Globalization (>= 4.3)
      System.IO (>= 4.3)
      System.Linq (>= 4.3)
      System.Reflection (>= 4.3)
      System.Reflection.Metadata (>= 1.4.2)
      System.Reflection.Primitives (>= 4.3)
      System.Runtime (>= 4.3)
      System.Runtime.Extensions (>= 4.3)
      System.Runtime.InteropServices (>= 4.3)
      System.Text.Encoding (>= 4.3)
      System.Threading (>= 4.3)
    Microsoft.Net.Compilers (2.7) - restriction: || (&& (== net45) (>= netstandard1.6)) (&& (== net46) (>= netstandard1.6)) (&& (== net47) (>= netstandard1.6)) (== net471) (== netcoreapp2.0) (== netstandard2.0)
    Microsoft.NETCore.Platforms (2.0.1) - restriction: || (&& (== net45) (>= netstandard1.6)) (&& (== net46) (>= netstandard1.6)) (&& (== net47) (>= netstandard1.6)) (== net471) (== netcoreapp2.0) (== netstandard2.0)
    Microsoft.NETCore.Targets (2.0) - restriction: || (&& (== net45) (>= netstandard1.6)) (&& (== net46) (>= netstandard1.6)) (&& (== net47) (>= netstandard1.6)) (== net471) (== netcoreapp2.0) (== netstandard2.0)
    Microsoft.Win32.Primitives (4.3) - restriction: || (&& (== net45) (== net471)) (&& (== net45) (>= netstandard1.6)) (&& (== net47) (< net46) (>= netstandard1.6)) (&& (== net471) (< net46)) (== netcoreapp2.0) (== netstandard2.0)
      Microsoft.NETCore.Platforms (>= 1.1) - restriction: || (&& (== net45) (== net46)) (&& (== net45) (== net47)) (&& (== net45) (== net471)) (&& (== net45) (>= netstandard1.3)) (&& (== net47) (< net46)) (&& (== net471) (< net46)) (== netcoreapp2.0) (== netstandard2.0)
      Microsoft.NETCore.Targets (>= 1.1) - restriction: || (&& (== net45) (== net46)) (&& (== net45) (== net47)) (&& (== net45) (== net471)) (&& (== net45) (>= netstandard1.3)) (&& (== net47) (< net46)) (&& (== net471) (< net46)) (== netcoreapp2.0) (== netstandard2.0)
      System.Runtime (>= 4.3) - restriction: || (&& (== net45) (== net46)) (&& (== net45) (== net47)) (&& (== net45) (== net471)) (&& (== net45) (>= netstandard1.3)) (&& (== net47) (< net46)) (&& (== net471) (< net46)) (== netcoreapp2.0) (== netstandard2.0)
    Microsoft.Win32.Registry (4.4) - restriction: || (&& (== net45) (== net471)) (&& (== net45) (>= netstandard1.6)) (&& (== net47) (< net46) (>= netstandard1.6)) (&& (== net471) (< net46)) (== netcoreapp2.0) (== netstandard2.0)
      Microsoft.NETCore.Platforms (>= 2.0) - restriction: || (&& (== net45) (>= netcoreapp2.0)) (&& (== net46) (>= netcoreapp2.0)) (&& (== net47) (>= netcoreapp2.0)) (&& (== net471) (>= netcoreapp2.0)) (== netcoreapp2.0) (&& (== netstandard2.0) (>= netcoreapp2.0))
      System.Security.AccessControl (>= 4.4) - restriction: || (&& (== net45) (>= monoandroid)) (&& (== net45) (>= monotouch)) (&& (== net45) (>= net461)) (&& (== net45) (>= netcoreapp2.0)) (&& (== net45) (>= netstandard2.0)) (&& (== net45) (>= xamarinios)) (&& (== net45) (>= xamarinmac)) (&& (== net45) (>= xamarintvos)) (&& (== net45) (>= xamarinwatchos)) (&& (== net46) (>= monoandroid)) (&& (== net46) (>= monotouch)) (&& (== net46) (>= net461)) (&& (== net46) (>= netcoreapp2.0)) (&& (== net46) (>= xamarinios)) (&& (== net46) (>= xamarinmac)) (&& (== net46) (>= xamarintvos)) (&& (== net46) (>= xamarinwatchos)) (== net47) (== net471) (== netcoreapp2.0) (== netstandard2.0)
      System.Security.Principal.Windows (>= 4.4) - restriction: || (&& (== net45) (>= monoandroid)) (&& (== net45) (>= monotouch)) (&& (== net45) (>= net461)) (&& (== net45) (>= netcoreapp2.0)) (&& (== net45) (>= netstandard2.0)) (&& (== net45) (>= xamarinios)) (&& (== net45) (>= xamarinmac)) (&& (== net45) (>= xamarintvos)) (&& (== net45) (>= xamarinwatchos)) (&& (== net46) (>= monoandroid)) (&& (== net46) (>= monotouch)) (&& (== net46) (>= net461)) (&& (== net46) (>= netcoreapp2.0)) (&& (== net46) (>= xamarinios)) (&& (== net46) (>= xamarinmac)) (&& (== net46) (>= xamarintvos)) (&& (== net46) (>= xamarinwatchos)) (== net47) (== net471) (== netcoreapp2.0) (== netstandard2.0)
    NETStandard.Library (2.0.1) - restriction: || (&& (== net45) (>= netstandard1.6)) (&& (== net46) (>= netstandard1.6)) (&& (== net47) (>= netstandard1.6)) (== net471) (== netcoreapp2.0) (== netstandard2.0)
      Microsoft.NETCore.Platforms (>= 1.1)
    runtime.debian.8-x64.runtime.native.System.Security.Cryptography.OpenSsl (4.3.2) - restriction: || (&& (== net45) (== net471)) (&& (== net45) (>= netstandard1.6)) (&& (== net47) (< net46) (>= netstandard1.6)) (&& (== net471) (< net46)) (== netcoreapp2.0) (== netstandard2.0)
    runtime.fedora.23-x64.runtime.native.System.Security.Cryptography.OpenSsl (4.3.2) - restriction: || (&& (== net45) (== net471)) (&& (== net45) (>= netstandard1.6)) (&& (== net47) (< net46) (>= netstandard1.6)) (&& (== net471) (< net46)) (== netcoreapp2.0) (== netstandard2.0)
    runtime.fedora.24-x64.runtime.native.System.Security.Cryptography.OpenSsl (4.3.2) - restriction: || (&& (== net45) (== net471)) (&& (== net45) (>= netstandard1.6)) (&& (== net47) (< net46) (>= netstandard1.6)) (&& (== net471) (< net46)) (== netcoreapp2.0) (== netstandard2.0)
    runtime.native.System (4.3) - restriction: || (&& (== net45) (>= netstandard1.6)) (&& (== net46) (>= netstandard1.6)) (&& (== net47) (>= netstandard1.6)) (== net471) (== netcoreapp2.0) (== netstandard2.0)
      Microsoft.NETCore.Platforms (>= 1.1)
      Microsoft.NETCore.Targets (>= 1.1)
    runtime.native.System.IO.Compression (4.3.1) - restriction: || (&& (== net45) (>= netstandard1.6)) (&& (== net46) (>= netstandard1.6)) (&& (== net47) (>= netstandard1.6)) (== net471) (== netcoreapp2.0) (== netstandard2.0)
      Microsoft.NETCore.Platforms (>= 1.1)
      Microsoft.NETCore.Targets (>= 1.1.1)
    runtime.native.System.Net.Http (4.3) - restriction: || (&& (== net45) (== net471)) (&& (== net45) (>= netstandard1.6)) (&& (== net47) (< net46) (>= netstandard1.6)) (&& (== net471) (< net46)) (== netcoreapp2.0) (== netstandard2.0)
      Microsoft.NETCore.Platforms (>= 1.1)
      Microsoft.NETCore.Targets (>= 1.1)
    runtime.native.System.Security.Cryptography.Apple (4.3.1) - restriction: || (&& (== net45) (== net471)) (&& (== net45) (>= netstandard1.6)) (&& (== net47) (< net46) (>= netstandard1.6)) (&& (== net471) (< net46)) (== netcoreapp2.0) (== netstandard2.0)
      runtime.osx.10.10-x64.runtime.native.System.Security.Cryptography.Apple (>= 4.3.1)
    runtime.native.System.Security.Cryptography.OpenSsl (4.3.2) - restriction: || (&& (== net45) (== net471)) (&& (== net45) (>= netstandard1.6)) (&& (== net47) (< net46) (>= netstandard1.6)) (&& (== net471) (< net46)) (== netcoreapp2.0) (== netstandard2.0)
      runtime.debian.8-x64.runtime.native.System.Security.Cryptography.OpenSsl (>= 4.3.2)
      runtime.fedora.23-x64.runtime.native.System.Security.Cryptography.OpenSsl (>= 4.3.2)
      runtime.fedora.24-x64.runtime.native.System.Security.Cryptography.OpenSsl (>= 4.3.2)
      runtime.opensuse.13.2-x64.runtime.native.System.Security.Cryptography.OpenSsl (>= 4.3.2)
      runtime.opensuse.42.1-x64.runtime.native.System.Security.Cryptography.OpenSsl (>= 4.3.2)
      runtime.osx.10.10-x64.runtime.native.System.Security.Cryptography.OpenSsl (>= 4.3.2)
      runtime.rhel.7-x64.runtime.native.System.Security.Cryptography.OpenSsl (>= 4.3.2)
      runtime.ubuntu.14.04-x64.runtime.native.System.Security.Cryptography.OpenSsl (>= 4.3.2)
      runtime.ubuntu.16.04-x64.runtime.native.System.Security.Cryptography.OpenSsl (>= 4.3.2)
      runtime.ubuntu.16.10-x64.runtime.native.System.Security.Cryptography.OpenSsl (>= 4.3.2)
    runtime.opensuse.13.2-x64.runtime.native.System.Security.Cryptography.OpenSsl (4.3.2) - restriction: || (&& (== net45) (== net471)) (&& (== net45) (>= netstandard1.6)) (&& (== net47) (< net46) (>= netstandard1.6)) (&& (== net471) (< net46)) (== netcoreapp2.0) (== netstandard2.0)
    runtime.opensuse.42.1-x64.runtime.native.System.Security.Cryptography.OpenSsl (4.3.2) - restriction: || (&& (== net45) (== net471)) (&& (== net45) (>= netstandard1.6)) (&& (== net47) (< net46) (>= netstandard1.6)) (&& (== net471) (< net46)) (== netcoreapp2.0) (== netstandard2.0)
    runtime.osx.10.10-x64.runtime.native.System.Security.Cryptography.Apple (4.3.1) - restriction: || (&& (== net45) (== net471)) (&& (== net45) (>= netstandard1.6)) (&& (== net47) (< net46) (>= netstandard1.6)) (&& (== net471) (< net46)) (== netcoreapp2.0) (== netstandard2.0)
    runtime.osx.10.10-x64.runtime.native.System.Security.Cryptography.OpenSsl (4.3.2) - restriction: || (&& (== net45) (== net471)) (&& (== net45) (>= netstandard1.6)) (&& (== net47) (< net46) (>= netstandard1.6)) (&& (== net471) (< net46)) (== netcoreapp2.0) (== netstandard2.0)
    runtime.rhel.7-x64.runtime.native.System.Security.Cryptography.OpenSsl (4.3.2) - restriction: || (&& (== net45) (== net471)) (&& (== net45) (>= netstandard1.6)) (&& (== net47) (< net46) (>= netstandard1.6)) (&& (== net471) (< net46)) (== netcoreapp2.0) (== netstandard2.0)
    runtime.ubuntu.14.04-x64.runtime.native.System.Security.Cryptography.OpenSsl (4.3.2) - restriction: || (&& (== net45) (== net471)) (&& (== net45) (>= netstandard1.6)) (&& (== net47) (< net46) (>= netstandard1.6)) (&& (== net471) (< net46)) (== netcoreapp2.0) (== netstandard2.0)
    runtime.ubuntu.16.04-x64.runtime.native.System.Security.Cryptography.OpenSsl (4.3.2) - restriction: || (&& (== net45) (== net471)) (&& (== net45) (>= netstandard1.6)) (&& (== net47) (< net46) (>= netstandard1.6)) (&& (== net471) (< net46)) (== netcoreapp2.0) (== netstandard2.0)
    runtime.ubuntu.16.10-x64.runtime.native.System.Security.Cryptography.OpenSsl (4.3.2) - restriction: || (&& (== net45) (== net471)) (&& (== net45) (>= netstandard1.6)) (&& (== net47) (< net46) (>= netstandard1.6)) (&& (== net471) (< net46)) (== netcoreapp2.0) (== netstandard2.0)
    System.AppContext (4.3) - restriction: || (&& (== net45) (== net46)) (&& (== net45) (== net47)) (&& (== net45) (== net471)) (&& (== net45) (>= netstandard1.3)) (&& (== net47) (< net46)) (&& (== net471) (< net46)) (== netcoreapp2.0) (== netstandard2.0)
      System.Runtime (>= 4.3) - restriction: || (&& (== net45) (== net46)) (&& (== net45) (== net47)) (&& (== net45) (== net471)) (&& (== net45) (>= dnxcore50)) (&& (== net45) (>= netstandard1.3)) (&& (== net45) (>= netstandard1.6)) (&& (== net46) (>= dnxcore50)) (&& (== net47) (>= dnxcore50)) (&& (== net47) (< net46)) (&& (== net471) (>= dnxcore50)) (&& (== net471) (< net46)) (== netcoreapp2.0) (== netstandard2.0)
    System.Buffers (4.4) - restriction: || (&& (== net45) (>= netstandard1.6)) (&& (== net46) (>= netstandard1.6)) (&& (== net47) (>= netstandard1.6)) (== net471) (== netcoreapp2.0) (== netstandard2.0)
    System.Collections (4.3) - restriction: || (&& (== net45) (>= netstandard1.6)) (&& (== net46) (>= netstandard1.6)) (&& (== net47) (>= netstandard1.6)) (== net471) (== netcoreapp2.0) (== netstandard2.0)
      Microsoft.NETCore.Platforms (>= 1.1) - restriction: || (&& (== net45) (>= dnxcore50)) (&& (== net46) (>= dnxcore50)) (&& (== net46) (< net45)) (&& (== net47) (>= dnxcore50)) (&& (== net47) (< net45)) (&& (== net471) (>= dnxcore50)) (&& (== net471) (< net45)) (== netcoreapp2.0) (== netstandard2.0)
      Microsoft.NETCore.Targets (>= 1.1) - restriction: || (&& (== net45) (>= dnxcore50)) (&& (== net46) (>= dnxcore50)) (&& (== net46) (< net45)) (&& (== net47) (>= dnxcore50)) (&& (== net47) (< net45)) (&& (== net471) (>= dnxcore50)) (&& (== net471) (< net45)) (== netcoreapp2.0) (== netstandard2.0)
      System.Runtime (>= 4.3) - restriction: || (&& (== net45) (>= dnxcore50)) (&& (== net46) (>= dnxcore50)) (&& (== net46) (< net45)) (&& (== net47) (>= dnxcore50)) (&& (== net47) (< net45)) (&& (== net471) (>= dnxcore50)) (&& (== net471) (< net45)) (== netcoreapp2.0) (== netstandard2.0)
    System.Collections.Concurrent (4.3) - restriction: || (&& (== net45) (== net46)) (&& (== net45) (== net47)) (&& (== net45) (== net471)) (&& (== net45) (>= netstandard1.3)) (&& (== net47) (< net46)) (&& (== net471) (< net46)) (== netcoreapp2.0) (== netstandard2.0)
      System.Collections (>= 4.3) - restriction: || (&& (== net45) (>= dnxcore50)) (&& (== net46) (>= dnxcore50)) (&& (== net46) (< net45)) (&& (== net47) (>= dnxcore50)) (&& (== net47) (< net45)) (&& (== net471) (>= dnxcore50)) (&& (== net471) (< net45)) (== netcoreapp2.0) (== netstandard2.0)
      System.Diagnostics.Debug (>= 4.3) - restriction: || (&& (== net45) (>= dnxcore50)) (&& (== net46) (>= dnxcore50)) (&& (== net46) (< net45)) (&& (== net47) (>= dnxcore50)) (&& (== net47) (< net45)) (&& (== net471) (>= dnxcore50)) (&& (== net471) (< net45)) (== netcoreapp2.0) (== netstandard2.0)
      System.Diagnostics.Tracing (>= 4.3) - restriction: || (&& (== net45) (>= dnxcore50)) (&& (== net46) (>= dnxcore50)) (&& (== net46) (< net45)) (&& (== net47) (>= dnxcore50)) (&& (== net47) (< net45)) (&& (== net471) (>= dnxcore50)) (&& (== net471) (< net45)) (== netcoreapp2.0) (== netstandard2.0)
      System.Globalization (>= 4.3) - restriction: || (&& (== net45) (>= dnxcore50)) (&& (== net46) (>= dnxcore50)) (&& (== net46) (< net45)) (&& (== net47) (>= dnxcore50)) (&& (== net47) (< net45)) (&& (== net471) (>= dnxcore50)) (&& (== net471) (< net45)) (== netcoreapp2.0) (== netstandard2.0)
      System.Reflection (>= 4.3) - restriction: || (&& (== net46) (< net45)) (&& (== net47) (< net45)) (&& (== net471) (< net45)) (== netcoreapp2.0) (== netstandard2.0)
      System.Resources.ResourceManager (>= 4.3) - restriction: || (&& (== net45) (>= dnxcore50)) (&& (== net46) (>= dnxcore50)) (&& (== net46) (< net45)) (&& (== net47) (>= dnxcore50)) (&& (== net47) (< net45)) (&& (== net471) (>= dnxcore50)) (&& (== net471) (< net45)) (== netcoreapp2.0) (== netstandard2.0)
      System.Runtime (>= 4.3) - restriction: || (&& (== net45) (>= dnxcore50)) (&& (== net46) (>= dnxcore50)) (&& (== net46) (< net45)) (&& (== net47) (>= dnxcore50)) (&& (== net47) (< net45)) (&& (== net471) (>= dnxcore50)) (&& (== net471) (< net45)) (== netcoreapp2.0) (== netstandard2.0)
      System.Runtime.Extensions (>= 4.3) - restriction: || (&& (== net45) (>= dnxcore50)) (&& (== net46) (>= dnxcore50)) (&& (== net46) (< net45)) (&& (== net47) (>= dnxcore50)) (&& (== net47) (< net45)) (&& (== net471) (>= dnxcore50)) (&& (== net471) (< net45)) (== netcoreapp2.0) (== netstandard2.0)
      System.Threading (>= 4.3) - restriction: || (&& (== net45) (>= dnxcore50)) (&& (== net46) (>= dnxcore50)) (&& (== net46) (< net45)) (&& (== net47) (>= dnxcore50)) (&& (== net47) (< net45)) (&& (== net471) (>= dnxcore50)) (&& (== net471) (< net45)) (== netcoreapp2.0) (== netstandard2.0)
      System.Threading.Tasks (>= 4.3) - restriction: || (&& (== net45) (>= dnxcore50)) (&& (== net46) (>= dnxcore50)) (&& (== net46) (< net45)) (&& (== net47) (>= dnxcore50)) (&& (== net47) (< net45)) (&& (== net471) (>= dnxcore50)) (&& (== net471) (< net45)) (== netcoreapp2.0) (== netstandard2.0)
    System.Collections.Immutable (1.4)
      NETStandard.Library (>= 1.6.1) - restriction: || (== net45) (== net46) (== net47) (&& (== net471) (< netstandard2.0)) (&& (== netcoreapp2.0) (< netstandard2.0))
    System.Collections.NonGeneric (4.3) - restriction: || (&& (== net45) (== net46)) (&& (== net45) (== net47)) (&& (== net45) (== net471)) (&& (== net45) (>= netstandard1.3)) (&& (== net47) (< net46)) (&& (== net471) (< net46)) (== netcoreapp2.0) (== netstandard2.0)
      System.Diagnostics.Debug (>= 4.3) - restriction: || (&& (== net45) (== net46)) (&& (== net45) (== net47)) (&& (== net45) (== net471)) (&& (== net45) (>= netstandard1.3)) (&& (== net47) (< net46)) (&& (== net471) (< net46)) (== netcoreapp2.0) (== netstandard2.0)
      System.Globalization (>= 4.3) - restriction: || (&& (== net45) (== net46)) (&& (== net45) (== net47)) (&& (== net45) (== net471)) (&& (== net45) (>= netstandard1.3)) (&& (== net47) (< net46)) (&& (== net471) (< net46)) (== netcoreapp2.0) (== netstandard2.0)
      System.Resources.ResourceManager (>= 4.3) - restriction: || (&& (== net45) (== net46)) (&& (== net45) (== net47)) (&& (== net45) (== net471)) (&& (== net45) (>= netstandard1.3)) (&& (== net47) (< net46)) (&& (== net471) (< net46)) (== netcoreapp2.0) (== netstandard2.0)
      System.Runtime (>= 4.3) - restriction: || (&& (== net45) (== net46)) (&& (== net45) (== net47)) (&& (== net45) (== net471)) (&& (== net45) (>= netstandard1.3)) (&& (== net47) (< net46)) (&& (== net471) (< net46)) (== netcoreapp2.0) (== netstandard2.0)
      System.Runtime.Extensions (>= 4.3) - restriction: || (&& (== net45) (== net46)) (&& (== net45) (== net47)) (&& (== net45) (== net471)) (&& (== net45) (>= netstandard1.3)) (&& (== net47) (< net46)) (&& (== net471) (< net46)) (== netcoreapp2.0) (== netstandard2.0)
      System.Threading (>= 4.3) - restriction: || (&& (== net45) (== net46)) (&& (== net45) (== net47)) (&& (== net45) (== net471)) (&& (== net45) (>= netstandard1.3)) (&& (== net47) (< net46)) (&& (== net471) (< net46)) (== netcoreapp2.0) (== netstandard2.0)
    System.ComponentModel (4.3) - restriction: || (&& (== net46) (< net45)) (&& (== net47) (< net45)) (&& (== net471) (< net45)) (== netcoreapp2.0) (== netstandard2.0)
      System.Runtime (>= 4.3) - restriction: || (&& (== net45) (>= dnxcore50)) (&& (== net46) (>= dnxcore50)) (&& (== net46) (< net45)) (&& (== net47) (>= dnxcore50)) (&& (== net47) (< net45)) (&& (== net471) (>= dnxcore50)) (&& (== net471) (< net45)) (== netcoreapp2.0) (== netstandard2.0)
    System.Console (4.3) - restriction: || (&& (== net45) (== net46)) (&& (== net45) (== net47)) (&& (== net45) (== net471)) (&& (== net45) (>= netstandard1.3)) (&& (== net47) (< net46)) (&& (== net471) (< net46)) (== netcoreapp2.0) (== netstandard2.0)
      Microsoft.NETCore.Platforms (>= 1.1) - restriction: || (&& (== net45) (== net46)) (&& (== net45) (== net47)) (&& (== net45) (== net471)) (&& (== net45) (>= netstandard1.3)) (&& (== net47) (< net46)) (&& (== net471) (< net46)) (== netcoreapp2.0) (== netstandard2.0)
      Microsoft.NETCore.Targets (>= 1.1) - restriction: || (&& (== net45) (== net46)) (&& (== net45) (== net47)) (&& (== net45) (== net471)) (&& (== net45) (>= netstandard1.3)) (&& (== net47) (< net46)) (&& (== net471) (< net46)) (== netcoreapp2.0) (== netstandard2.0)
      System.IO (>= 4.3) - restriction: || (&& (== net45) (== net46)) (&& (== net45) (== net47)) (&& (== net45) (== net471)) (&& (== net45) (>= netstandard1.3)) (&& (== net47) (< net46)) (&& (== net471) (< net46)) (== netcoreapp2.0) (== netstandard2.0)
      System.Runtime (>= 4.3) - restriction: || (&& (== net45) (== net46)) (&& (== net45) (== net47)) (&& (== net45) (== net471)) (&& (== net45) (>= netstandard1.3)) (&& (== net47) (< net46)) (&& (== net471) (< net46)) (== netcoreapp2.0) (== netstandard2.0)
      System.Text.Encoding (>= 4.3) - restriction: || (&& (== net45) (== net46)) (&& (== net45) (== net47)) (&& (== net45) (== net471)) (&& (== net45) (>= netstandard1.3)) (&& (== net47) (< net46)) (&& (== net471) (< net46)) (== netcoreapp2.0) (== netstandard2.0)
    System.Diagnostics.Contracts (4.3) - restriction: || (&& (== net46) (< net45)) (&& (== net47) (< net45)) (&& (== net471) (< net45)) (== netcoreapp2.0) (== netstandard2.0)
      System.Runtime (>= 4.3) - restriction: || (&& (== net45) (>= dnxcore50)) (&& (== net46) (>= dnxcore50)) (&& (== net46) (< net45)) (&& (== net47) (>= dnxcore50)) (&& (== net47) (< net45)) (&& (== net471) (>= dnxcore50)) (&& (== net471) (< net45)) (== netcoreapp2.0) (== netstandard2.0)
    System.Diagnostics.Debug (4.3) - restriction: || (&& (== net45) (>= netstandard1.6)) (&& (== net46) (>= netstandard1.6)) (&& (== net47) (>= netstandard1.6)) (== net471) (== netcoreapp2.0) (== netstandard2.0)
      Microsoft.NETCore.Platforms (>= 1.1) - restriction: || (&& (== net45) (>= dnxcore50)) (&& (== net46) (>= dnxcore50)) (&& (== net46) (< net45)) (&& (== net47) (>= dnxcore50)) (&& (== net47) (< net45)) (&& (== net471) (>= dnxcore50)) (&& (== net471) (< net45)) (== netcoreapp2.0) (== netstandard2.0)
      Microsoft.NETCore.Targets (>= 1.1) - restriction: || (&& (== net45) (>= dnxcore50)) (&& (== net46) (>= dnxcore50)) (&& (== net46) (< net45)) (&& (== net47) (>= dnxcore50)) (&& (== net47) (< net45)) (&& (== net471) (>= dnxcore50)) (&& (== net471) (< net45)) (== netcoreapp2.0) (== netstandard2.0)
      System.Runtime (>= 4.3) - restriction: || (&& (== net45) (>= dnxcore50)) (&& (== net46) (>= dnxcore50)) (&& (== net46) (< net45)) (&& (== net47) (>= dnxcore50)) (&& (== net47) (< net45)) (&& (== net471) (>= dnxcore50)) (&& (== net471) (< net45)) (== netcoreapp2.0) (== netstandard2.0)
    System.Diagnostics.FileVersionInfo (4.3) - restriction: || (&& (== net45) (== net47)) (&& (== net45) (== net471)) (&& (== net45) (>= netstandard1.5)) (&& (== net47) (< net46)) (&& (== net471) (< net46)) (== netcoreapp2.0) (== netstandard2.0)
      Microsoft.NETCore.Platforms (>= 1.1) - restriction: || (&& (== net45) (== net46)) (&& (== net45) (== net47)) (&& (== net45) (== net471)) (&& (== net45) (>= dnxcore50)) (&& (== net45) (>= netstandard1.3)) (&& (== net46) (>= dnxcore50)) (&& (== net47) (>= dnxcore50)) (&& (== net47) (< net46)) (&& (== net471) (>= dnxcore50)) (&& (== net471) (< net46)) (== netcoreapp2.0) (== netstandard2.0)
      System.Globalization (>= 4.3) - restriction: || (&& (== net45) (== net46)) (&& (== net45) (== net47)) (&& (== net45) (== net471)) (&& (== net45) (>= netstandard1.3)) (&& (== net47) (< net46)) (&& (== net471) (< net46)) (== netcoreapp2.0) (== netstandard2.0)
      System.IO (>= 4.3) - restriction: || (&& (== net45) (== net46)) (&& (== net45) (== net47)) (&& (== net45) (== net471)) (&& (== net45) (>= dnxcore50)) (&& (== net45) (>= netstandard1.3)) (&& (== net46) (>= dnxcore50)) (&& (== net47) (>= dnxcore50)) (&& (== net47) (< net46)) (&& (== net471) (>= dnxcore50)) (&& (== net471) (< net46)) (== netcoreapp2.0) (== netstandard2.0)
      System.IO.FileSystem (>= 4.3) - restriction: || (&& (== net45) (== net46)) (&& (== net45) (== net47)) (&& (== net45) (== net471)) (&& (== net45) (>= dnxcore50)) (&& (== net45) (>= netstandard1.3)) (&& (== net46) (>= dnxcore50)) (&& (== net47) (>= dnxcore50)) (&& (== net47) (< net46)) (&& (== net471) (>= dnxcore50)) (&& (== net471) (< net46)) (== netcoreapp2.0) (== netstandard2.0)
      System.IO.FileSystem.Primitives (>= 4.3) - restriction: || (&& (== net45) (== net46)) (&& (== net45) (== net47)) (&& (== net45) (== net471)) (&& (== net45) (>= dnxcore50)) (&& (== net45) (>= netstandard1.3)) (&& (== net46) (>= dnxcore50)) (&& (== net47) (>= dnxcore50)) (&& (== net47) (< net46)) (&& (== net471) (>= dnxcore50)) (&& (== net471) (< net46)) (== netcoreapp2.0) (== netstandard2.0)
      System.Reflection.Metadata (>= 1.4.1) - restriction: || (&& (== net45) (== net46)) (&& (== net45) (== net47)) (&& (== net45) (== net471)) (&& (== net45) (>= dnxcore50)) (&& (== net45) (>= netstandard1.3)) (&& (== net46) (>= dnxcore50)) (&& (== net47) (>= dnxcore50)) (&& (== net47) (< net46)) (&& (== net471) (>= dnxcore50)) (&& (== net471) (< net46)) (== netcoreapp2.0) (== netstandard2.0)
      System.Runtime (>= 4.3) - restriction: || (&& (== net45) (== net46)) (&& (== net45) (== net47)) (&& (== net45) (== net471)) (&& (== net45) (>= dnxcore50)) (&& (== net45) (>= netstandard1.3)) (&& (== net46) (>= dnxcore50)) (&& (== net47) (>= dnxcore50)) (&& (== net47) (< net46)) (&& (== net471) (>= dnxcore50)) (&& (== net471) (< net46)) (== netcoreapp2.0) (== netstandard2.0)
      System.Runtime.Extensions (>= 4.3) - restriction: || (&& (== net45) (== net46)) (&& (== net45) (== net47)) (&& (== net45) (== net471)) (&& (== net45) (>= dnxcore50)) (&& (== net45) (>= netstandard1.3)) (&& (== net46) (>= dnxcore50)) (&& (== net47) (>= dnxcore50)) (&& (== net47) (< net46)) (&& (== net471) (>= dnxcore50)) (&& (== net471) (< net46)) (== netcoreapp2.0) (== netstandard2.0)
      System.Runtime.InteropServices (>= 4.3) - restriction: || (&& (== net45) (== net46)) (&& (== net45) (== net47)) (&& (== net45) (== net471)) (&& (== net45) (>= netstandard1.3)) (&& (== net47) (< net46)) (&& (== net471) (< net46)) (== netcoreapp2.0) (== netstandard2.0)
    System.Diagnostics.Process (4.3) - restriction: || (&& (== net45) (>= netstandard1.6)) (&& (== net46) (>= netstandard1.6)) (&& (== net47) (>= netstandard1.6)) (== net471) (== netcoreapp2.0) (== netstandard2.0)
      Microsoft.NETCore.Platforms (>= 1.1) - restriction: || (&& (== net45) (== net47)) (&& (== net45) (== net471)) (&& (== net45) (>= netstandard1.4)) (&& (== net47) (< net46)) (&& (== net471) (< net46)) (== netcoreapp2.0) (== netstandard2.0)
      Microsoft.Win32.Primitives (>= 4.3) - restriction: || (&& (== net45) (== net47)) (&& (== net45) (== net471)) (&& (== net45) (>= netstandard1.4)) (&& (== net47) (< net46)) (&& (== net471) (< net46)) (== netcoreapp2.0) (== netstandard2.0)
      Microsoft.Win32.Registry (>= 4.3) - restriction: || (&& (== net45) (== net47)) (&& (== net45) (== net471)) (&& (== net45) (>= netstandard1.4)) (&& (== net47) (< net46)) (&& (== net471) (< net46)) (== netcoreapp2.0) (== netstandard2.0)
      runtime.native.System (>= 4.3) - restriction: || (&& (== net45) (== net47)) (&& (== net45) (== net471)) (&& (== net45) (>= netstandard1.4)) (&& (== net47) (< net46)) (&& (== net471) (< net46)) (== netcoreapp2.0) (== netstandard2.0)
      System.Collections (>= 4.3) - restriction: || (&& (== net45) (== net47)) (&& (== net45) (== net471)) (&& (== net45) (>= netstandard1.4)) (&& (== net47) (< net46)) (&& (== net471) (< net46)) (== netcoreapp2.0) (== netstandard2.0)
      System.Diagnostics.Debug (>= 4.3) - restriction: || (&& (== net45) (== net47)) (&& (== net45) (== net471)) (&& (== net45) (>= netstandard1.4)) (&& (== net47) (< net46)) (&& (== net471) (< net46)) (== netcoreapp2.0) (== netstandard2.0)
      System.Globalization (>= 4.3) - restriction: || (&& (== net45) (== net47)) (&& (== net45) (== net471)) (&& (== net45) (>= netstandard1.4)) (&& (== net47) (< net46)) (&& (== net471) (< net46)) (== netcoreapp2.0) (== netstandard2.0)
      System.IO (>= 4.3) - restriction: || (&& (== net45) (== net46)) (&& (== net45) (== net47)) (&& (== net45) (== net471)) (&& (== net45) (>= netstandard1.3)) (&& (== net45) (>= netstandard1.4)) (&& (== net47) (< net46)) (&& (== net471) (< net46)) (== netcoreapp2.0) (== netstandard2.0)
      System.IO.FileSystem (>= 4.3) - restriction: || (&& (== net45) (== net47)) (&& (== net45) (== net471)) (&& (== net45) (>= netstandard1.4)) (&& (== net47) (< net46)) (&& (== net471) (< net46)) (== netcoreapp2.0) (== netstandard2.0)
      System.IO.FileSystem.Primitives (>= 4.3) - restriction: || (&& (== net45) (== net47)) (&& (== net45) (== net471)) (&& (== net45) (>= netstandard1.4)) (&& (== net47) (< net46)) (&& (== net471) (< net46)) (== netcoreapp2.0) (== netstandard2.0)
      System.Resources.ResourceManager (>= 4.3) - restriction: || (&& (== net45) (== net47)) (&& (== net45) (== net471)) (&& (== net45) (>= netstandard1.4)) (&& (== net47) (< net46)) (&& (== net471) (< net46)) (== netcoreapp2.0) (== netstandard2.0)
      System.Runtime (>= 4.3) - restriction: || (&& (== net45) (== net46)) (&& (== net45) (== net47)) (&& (== net45) (== net471)) (&& (== net45) (>= netstandard1.3)) (&& (== net45) (>= netstandard1.4)) (&& (== net47) (< net46)) (&& (== net471) (< net46)) (== netcoreapp2.0) (== netstandard2.0)
      System.Runtime.Extensions (>= 4.3) - restriction: || (&& (== net45) (== net47)) (&& (== net45) (== net471)) (&& (== net45) (>= netstandard1.4)) (&& (== net47) (< net46)) (&& (== net471) (< net46)) (== netcoreapp2.0) (== netstandard2.0)
      System.Runtime.Handles (>= 4.3) - restriction: || (&& (== net45) (== net46)) (&& (== net45) (== net47)) (&& (== net45) (== net471)) (&& (== net45) (>= netstandard1.3)) (&& (== net45) (>= netstandard1.4)) (&& (== net47) (< net46)) (&& (== net471) (< net46)) (== netcoreapp2.0) (== netstandard2.0)
      System.Runtime.InteropServices (>= 4.3) - restriction: || (&& (== net45) (== net47)) (&& (== net45) (== net471)) (&& (== net45) (>= netstandard1.4)) (&& (== net47) (< net46)) (&& (== net471) (< net46)) (== netcoreapp2.0) (== netstandard2.0)
      System.Text.Encoding (>= 4.3) - restriction: || (&& (== net45) (== net46)) (&& (== net45) (== net47)) (&& (== net45) (== net471)) (&& (== net45) (>= netstandard1.3)) (&& (== net45) (>= netstandard1.4)) (&& (== net47) (< net46)) (&& (== net471) (< net46)) (== netcoreapp2.0) (== netstandard2.0)
      System.Text.Encoding.Extensions (>= 4.3) - restriction: || (&& (== net45) (== net47)) (&& (== net45) (== net471)) (&& (== net45) (>= netstandard1.4)) (&& (== net47) (< net46)) (&& (== net471) (< net46)) (== netcoreapp2.0) (== netstandard2.0)
      System.Threading (>= 4.3) - restriction: || (&& (== net45) (== net47)) (&& (== net45) (== net471)) (&& (== net45) (>= netstandard1.4)) (&& (== net47) (< net46)) (&& (== net471) (< net46)) (== netcoreapp2.0) (== netstandard2.0)
      System.Threading.Tasks (>= 4.3) - restriction: || (&& (== net45) (== net47)) (&& (== net45) (== net471)) (&& (== net45) (>= netstandard1.4)) (&& (== net47) (< net46)) (&& (== net471) (< net46)) (== netcoreapp2.0) (== netstandard2.0)
      System.Threading.Thread (>= 4.3) - restriction: || (&& (== net45) (== net47)) (&& (== net45) (== net471)) (&& (== net45) (>= netstandard1.4)) (&& (== net47) (< net46)) (&& (== net471) (< net46)) (== netcoreapp2.0) (== netstandard2.0)
      System.Threading.ThreadPool (>= 4.3) - restriction: || (&& (== net45) (== net47)) (&& (== net45) (== net471)) (&& (== net45) (>= netstandard1.4)) (&& (== net47) (< net46)) (&& (== net471) (< net46)) (== netcoreapp2.0) (== netstandard2.0)
    System.Diagnostics.Tools (4.3) - restriction: || (&& (== net45) (== net46) (>= dnxcore50)) (&& (== net45) (>= dnxcore50) (>= netstandard1.3)) (&& (== net47) (>= dnxcore50)) (&& (== net47) (< net45)) (&& (== net471) (>= dnxcore50)) (&& (== net471) (< net45)) (== netcoreapp2.0) (== netstandard2.0)
      Microsoft.NETCore.Platforms (>= 1.1) - restriction: || (&& (== net45) (>= dnxcore50)) (&& (== net46) (>= dnxcore50)) (&& (== net46) (< net45)) (&& (== net47) (>= dnxcore50)) (&& (== net47) (< net45)) (&& (== net471) (>= dnxcore50)) (&& (== net471) (< net45)) (== netcoreapp2.0) (== netstandard2.0)
      Microsoft.NETCore.Targets (>= 1.1) - restriction: || (&& (== net45) (>= dnxcore50)) (&& (== net46) (>= dnxcore50)) (&& (== net46) (< net45)) (&& (== net47) (>= dnxcore50)) (&& (== net47) (< net45)) (&& (== net471) (>= dnxcore50)) (&& (== net471) (< net45)) (== netcoreapp2.0) (== netstandard2.0)
      System.Runtime (>= 4.3) - restriction: || (&& (== net45) (>= dnxcore50)) (&& (== net46) (>= dnxcore50)) (&& (== net46) (< net45)) (&& (== net47) (>= dnxcore50)) (&& (== net47) (< net45)) (&& (== net471) (>= dnxcore50)) (&& (== net471) (< net45)) (== netcoreapp2.0) (== netstandard2.0)
    System.Diagnostics.TraceSource (4.3) - restriction: || (&& (== net45) (>= netstandard1.6)) (&& (== net46) (>= netstandard1.6)) (&& (== net47) (>= netstandard1.6)) (== net471) (== netcoreapp2.0) (== netstandard2.0)
      Microsoft.NETCore.Platforms (>= 1.1) - restriction: || (&& (== net45) (== net46)) (&& (== net45) (== net47)) (&& (== net45) (== net471)) (&& (== net45) (>= netstandard1.3)) (&& (== net47) (< net46)) (&& (== net471) (< net46)) (== netcoreapp2.0) (== netstandard2.0)
      runtime.native.System (>= 4.3) - restriction: || (&& (== net45) (== net46)) (&& (== net45) (== net47)) (&& (== net45) (== net471)) (&& (== net45) (>= netstandard1.3)) (&& (== net47) (< net46)) (&& (== net471) (< net46)) (== netcoreapp2.0) (== netstandard2.0)
      System.Collections (>= 4.3) - restriction: || (&& (== net45) (== net46)) (&& (== net45) (== net47)) (&& (== net45) (== net471)) (&& (== net45) (>= netstandard1.3)) (&& (== net47) (< net46)) (&& (== net471) (< net46)) (== netcoreapp2.0) (== netstandard2.0)
      System.Diagnostics.Debug (>= 4.3) - restriction: || (&& (== net45) (== net46)) (&& (== net45) (== net47)) (&& (== net45) (== net471)) (&& (== net45) (>= netstandard1.3)) (&& (== net47) (< net46)) (&& (== net471) (< net46)) (== netcoreapp2.0) (== netstandard2.0)
      System.Globalization (>= 4.3) - restriction: || (&& (== net45) (== net46)) (&& (== net45) (== net47)) (&& (== net45) (== net471)) (&& (== net45) (>= netstandard1.3)) (&& (== net47) (< net46)) (&& (== net471) (< net46)) (== netcoreapp2.0) (== netstandard2.0)
      System.Resources.ResourceManager (>= 4.3) - restriction: || (&& (== net45) (== net46)) (&& (== net45) (== net47)) (&& (== net45) (== net471)) (&& (== net45) (>= netstandard1.3)) (&& (== net47) (< net46)) (&& (== net471) (< net46)) (== netcoreapp2.0) (== netstandard2.0)
      System.Runtime (>= 4.3) - restriction: || (&& (== net45) (== net46)) (&& (== net45) (== net47)) (&& (== net45) (== net471)) (&& (== net45) (>= netstandard1.3)) (&& (== net47) (< net46)) (&& (== net471) (< net46)) (== netcoreapp2.0) (== netstandard2.0)
      System.Runtime.Extensions (>= 4.3) - restriction: || (&& (== net45) (== net46)) (&& (== net45) (== net47)) (&& (== net45) (== net471)) (&& (== net45) (>= netstandard1.3)) (&& (== net47) (< net46)) (&& (== net471) (< net46)) (== netcoreapp2.0) (== netstandard2.0)
      System.Threading (>= 4.3) - restriction: || (&& (== net45) (== net46)) (&& (== net45) (== net47)) (&& (== net45) (== net471)) (&& (== net45) (>= netstandard1.3)) (&& (== net47) (< net46)) (&& (== net471) (< net46)) (== netcoreapp2.0) (== netstandard2.0)
    System.Diagnostics.Tracing (4.3) - restriction: || (&& (== net45) (>= netstandard1.6)) (&& (== net46) (>= netstandard1.6)) (&& (== net47) (>= netstandard1.6)) (== net471) (== netcoreapp2.0) (== netstandard2.0)
      Microsoft.NETCore.Platforms (>= 1.1) - restriction: || (&& (== net45) (>= dnxcore50)) (&& (== net46) (>= dnxcore50)) (&& (== net46) (< net45)) (&& (== net47) (>= dnxcore50)) (&& (== net47) (< net45)) (&& (== net471) (>= dnxcore50)) (&& (== net471) (< net45)) (== netcoreapp2.0) (== netstandard2.0)
      Microsoft.NETCore.Targets (>= 1.1) - restriction: || (&& (== net45) (>= dnxcore50)) (&& (== net46) (>= dnxcore50)) (&& (== net46) (< net45)) (&& (== net47) (>= dnxcore50)) (&& (== net47) (< net45)) (&& (== net471) (>= dnxcore50)) (&& (== net471) (< net45)) (== netcoreapp2.0) (== netstandard2.0)
      System.Runtime (>= 4.3) - restriction: || (&& (== net45) (>= dnxcore50)) (&& (== net46) (>= dnxcore50)) (&& (== net46) (< net45)) (&& (== net47) (>= dnxcore50)) (&& (== net47) (< net45)) (&& (== net471) (>= dnxcore50)) (&& (== net471) (< net45)) (== netcoreapp2.0) (== netstandard2.0)
    System.Dynamic.Runtime (4.3)
      System.Collections (>= 4.3) - restriction: || (&& (== net45) (>= dnxcore50)) (&& (== net46) (>= dnxcore50)) (&& (== net46) (< net45)) (&& (== net47) (>= dnxcore50)) (&& (== net47) (< net45)) (&& (== net471) (>= dnxcore50)) (&& (== net471) (< net45)) (== netcoreapp2.0) (== netstandard2.0)
      System.Diagnostics.Debug (>= 4.3) - restriction: || (&& (== net45) (>= dnxcore50)) (&& (== net46) (>= dnxcore50)) (&& (== net46) (< net45)) (&& (== net47) (>= dnxcore50)) (&& (== net47) (< net45)) (&& (== net471) (>= dnxcore50)) (&& (== net471) (< net45)) (== netcoreapp2.0) (== netstandard2.0)
      System.Linq (>= 4.3) - restriction: || (&& (== net45) (>= dnxcore50)) (&& (== net46) (>= dnxcore50)) (&& (== net46) (< net45)) (&& (== net47) (>= dnxcore50)) (&& (== net47) (< net45)) (&& (== net471) (>= dnxcore50)) (&& (== net471) (< net45)) (== netcoreapp2.0) (== netstandard2.0)
      System.Linq.Expressions (>= 4.3) - restriction: || (&& (== net45) (>= dnxcore50)) (&& (== net46) (>= dnxcore50)) (&& (== net46) (< net45)) (&& (== net47) (>= dnxcore50)) (&& (== net47) (< net45)) (&& (== net471) (>= dnxcore50)) (&& (== net471) (< net45)) (== netcoreapp2.0) (== netstandard2.0)
      System.ObjectModel (>= 4.3) - restriction: || (&& (== net45) (>= dnxcore50)) (&& (== net46) (>= dnxcore50)) (&& (== net46) (< net45)) (&& (== net47) (>= dnxcore50)) (&& (== net47) (< net45)) (&& (== net471) (>= dnxcore50)) (&& (== net471) (< net45)) (== netcoreapp2.0) (== netstandard2.0)
      System.Reflection (>= 4.3) - restriction: || (&& (== net45) (>= dnxcore50)) (&& (== net46) (>= dnxcore50)) (&& (== net46) (< net45)) (&& (== net47) (>= dnxcore50)) (&& (== net47) (< net45)) (&& (== net471) (>= dnxcore50)) (&& (== net471) (< net45)) (== netcoreapp2.0) (== netstandard2.0)
      System.Reflection.Emit (>= 4.3) - restriction: || (&& (== net46) (< net45)) (&& (== net47) (< net45)) (&& (== net471) (< net45)) (== netcoreapp2.0) (== netstandard2.0)
      System.Reflection.Emit.ILGeneration (>= 4.3) - restriction: || (&& (== net46) (< net45)) (&& (== net47) (< net45)) (&& (== net471) (< net45)) (== netcoreapp2.0) (== netstandard2.0)
      System.Reflection.Primitives (>= 4.3) - restriction: || (&& (== net46) (< net45)) (&& (== net47) (< net45)) (&& (== net471) (< net45)) (== netcoreapp2.0) (== netstandard2.0)
      System.Reflection.TypeExtensions (>= 4.3) - restriction: || (&& (== net45) (>= dnxcore50)) (&& (== net46) (>= dnxcore50)) (&& (== net46) (< net45)) (&& (== net47) (>= dnxcore50)) (&& (== net47) (< net45)) (&& (== net471) (>= dnxcore50)) (&& (== net471) (< net45)) (== netcoreapp2.0) (== netstandard2.0)
      System.Resources.ResourceManager (>= 4.3) - restriction: || (&& (== net45) (>= dnxcore50)) (&& (== net46) (>= dnxcore50)) (&& (== net46) (< net45)) (&& (== net47) (>= dnxcore50)) (&& (== net47) (< net45)) (&& (== net471) (>= dnxcore50)) (&& (== net471) (< net45)) (== netcoreapp2.0) (== netstandard2.0)
      System.Runtime (>= 4.3) - restriction: || (&& (== net45) (>= dnxcore50)) (&& (== net46) (>= dnxcore50)) (&& (== net46) (< net45)) (&& (== net47) (>= dnxcore50)) (&& (== net47) (< net45)) (&& (== net471) (>= dnxcore50)) (&& (== net471) (< net45)) (== netcoreapp2.0) (== netstandard2.0)
      System.Runtime.Extensions (>= 4.3) - restriction: || (&& (== net45) (>= dnxcore50)) (&& (== net46) (>= dnxcore50)) (&& (== net46) (< net45)) (&& (== net47) (>= dnxcore50)) (&& (== net47) (< net45)) (&& (== net471) (>= dnxcore50)) (&& (== net471) (< net45)) (== netcoreapp2.0) (== netstandard2.0)
      System.Threading (>= 4.3) - restriction: || (&& (== net45) (>= dnxcore50)) (&& (== net46) (>= dnxcore50)) (&& (== net46) (< net45)) (&& (== net47) (>= dnxcore50)) (&& (== net47) (< net45)) (&& (== net471) (>= dnxcore50)) (&& (== net471) (< net45)) (== netcoreapp2.0) (== netstandard2.0)
    System.Globalization (4.3) - restriction: || (&& (== net45) (>= netstandard1.6)) (&& (== net46) (>= netstandard1.6)) (&& (== net47) (>= netstandard1.6)) (== net471) (== netcoreapp2.0) (== netstandard2.0)
      Microsoft.NETCore.Platforms (>= 1.1) - restriction: || (&& (== net45) (>= dnxcore50)) (&& (== net46) (>= dnxcore50)) (&& (== net46) (< net45)) (&& (== net47) (>= dnxcore50)) (&& (== net47) (< net45)) (&& (== net471) (>= dnxcore50)) (&& (== net471) (< net45)) (== netcoreapp2.0) (== netstandard2.0)
      Microsoft.NETCore.Targets (>= 1.1) - restriction: || (&& (== net45) (>= dnxcore50)) (&& (== net46) (>= dnxcore50)) (&& (== net46) (< net45)) (&& (== net47) (>= dnxcore50)) (&& (== net47) (< net45)) (&& (== net471) (>= dnxcore50)) (&& (== net471) (< net45)) (== netcoreapp2.0) (== netstandard2.0)
      System.Runtime (>= 4.3) - restriction: || (&& (== net45) (>= dnxcore50)) (&& (== net46) (>= dnxcore50)) (&& (== net46) (< net45)) (&& (== net47) (>= dnxcore50)) (&& (== net47) (< net45)) (&& (== net471) (>= dnxcore50)) (&& (== net471) (< net45)) (== netcoreapp2.0) (== netstandard2.0)
    System.Globalization.Calendars (4.3) - restriction: || (&& (== net45) (== net46) (>= dnxcore50)) (&& (== net45) (== net471)) (&& (== net45) (>= dnxcore50) (>= netstandard1.3)) (&& (== net45) (>= netstandard1.6)) (&& (== net47) (>= dnxcore50)) (&& (== net47) (< net46) (>= netstandard1.6)) (&& (== net471) (>= dnxcore50)) (&& (== net471) (< net46)) (== netcoreapp2.0) (== netstandard2.0)
      Microsoft.NETCore.Platforms (>= 1.1) - restriction: || (&& (== net45) (== net46)) (&& (== net45) (== net47)) (&& (== net45) (== net471)) (&& (== net45) (>= netstandard1.3)) (&& (== net47) (< net46)) (&& (== net471) (< net46)) (== netcoreapp2.0) (== netstandard2.0)
      Microsoft.NETCore.Targets (>= 1.1) - restriction: || (&& (== net45) (== net46)) (&& (== net45) (== net47)) (&& (== net45) (== net471)) (&& (== net45) (>= netstandard1.3)) (&& (== net47) (< net46)) (&& (== net471) (< net46)) (== netcoreapp2.0) (== netstandard2.0)
      System.Globalization (>= 4.3) - restriction: || (&& (== net45) (== net46)) (&& (== net45) (== net47)) (&& (== net45) (== net471)) (&& (== net45) (>= netstandard1.3)) (&& (== net47) (< net46)) (&& (== net471) (< net46)) (== netcoreapp2.0) (== netstandard2.0)
      System.Runtime (>= 4.3) - restriction: || (&& (== net45) (== net46)) (&& (== net45) (== net47)) (&& (== net45) (== net471)) (&& (== net45) (>= netstandard1.3)) (&& (== net47) (< net46)) (&& (== net471) (< net46)) (== netcoreapp2.0) (== netstandard2.0)
    System.IO (4.3) - restriction: || (&& (== net45) (>= netstandard1.6)) (&& (== net46) (>= netstandard1.6)) (&& (== net47) (>= netstandard1.6)) (== net471) (== netcoreapp2.0) (== netstandard2.0)
      Microsoft.NETCore.Platforms (>= 1.1) - restriction: || (&& (== net45) (>= dnxcore50)) (&& (== net46) (>= dnxcore50)) (&& (== net46) (< net45)) (&& (== net47) (>= dnxcore50)) (&& (== net47) (< net45)) (&& (== net471) (>= dnxcore50)) (&& (== net471) (< net45)) (== netcoreapp2.0) (== netstandard2.0)
      Microsoft.NETCore.Targets (>= 1.1) - restriction: || (&& (== net45) (>= dnxcore50)) (&& (== net46) (>= dnxcore50)) (&& (== net46) (< net45)) (&& (== net47) (>= dnxcore50)) (&& (== net47) (< net45)) (&& (== net471) (>= dnxcore50)) (&& (== net471) (< net45)) (== netcoreapp2.0) (== netstandard2.0)
      System.Runtime (>= 4.3) - restriction: || (&& (== net45) (>= dnxcore50)) (&& (== net46) (>= dnxcore50)) (&& (== net46) (< net45)) (&& (== net47) (>= dnxcore50)) (&& (== net47) (< net45)) (&& (== net471) (>= dnxcore50)) (&& (== net471) (< net45)) (== netcoreapp2.0) (== netstandard2.0)
      System.Text.Encoding (>= 4.3) - restriction: || (&& (== net45) (>= dnxcore50)) (&& (== net46) (>= dnxcore50)) (&& (== net46) (< net45)) (&& (== net47) (>= dnxcore50)) (&& (== net47) (< net45)) (&& (== net471) (>= dnxcore50)) (&& (== net471) (< net45)) (== netcoreapp2.0) (== netstandard2.0)
      System.Threading.Tasks (>= 4.3) - restriction: || (&& (== net45) (>= dnxcore50)) (&& (== net46) (>= dnxcore50)) (&& (== net46) (< net45)) (&& (== net47) (>= dnxcore50)) (&& (== net47) (< net45)) (&& (== net471) (>= dnxcore50)) (&& (== net471) (< net45)) (== netcoreapp2.0) (== netstandard2.0)
    System.IO.Compression (4.3) - restriction: || (&& (== net45) (>= netstandard1.6)) (&& (== net46) (>= netstandard1.6)) (&& (== net47) (>= netstandard1.6)) (== net471) (== netcoreapp2.0) (== netstandard2.0)
      Microsoft.NETCore.Platforms (>= 1.1) - restriction: || (&& (== net46) (< net45)) (&& (== net47) (< net45)) (&& (== net471) (< net45)) (== netcoreapp2.0) (== netstandard2.0)
      runtime.native.System (>= 4.3) - restriction: || (&& (== net46) (< net45)) (&& (== net47) (< net45)) (&& (== net471) (< net45)) (== netcoreapp2.0) (== netstandard2.0)
      runtime.native.System.IO.Compression (>= 4.3) - restriction: || (&& (== net45) (>= dnxcore50)) (&& (== net46) (>= dnxcore50)) (&& (== net46) (< net45)) (&& (== net47) (>= dnxcore50)) (&& (== net47) (< net45)) (&& (== net471) (>= dnxcore50)) (&& (== net471) (< net45)) (== netcoreapp2.0) (== netstandard2.0)
      System.Buffers (>= 4.3) - restriction: || (&& (== net45) (>= dnxcore50)) (&& (== net46) (>= dnxcore50)) (&& (== net46) (< net45)) (&& (== net47) (>= dnxcore50)) (&& (== net47) (< net45)) (&& (== net471) (>= dnxcore50)) (&& (== net471) (< net45)) (== netcoreapp2.0) (== netstandard2.0)
      System.Collections (>= 4.3) - restriction: || (&& (== net45) (>= dnxcore50)) (&& (== net46) (>= dnxcore50)) (&& (== net46) (< net45)) (&& (== net47) (>= dnxcore50)) (&& (== net47) (< net45)) (&& (== net471) (>= dnxcore50)) (&& (== net471) (< net45)) (== netcoreapp2.0) (== netstandard2.0)
      System.Diagnostics.Debug (>= 4.3) - restriction: || (&& (== net45) (>= dnxcore50)) (&& (== net46) (>= dnxcore50)) (&& (== net46) (< net45)) (&& (== net47) (>= dnxcore50)) (&& (== net47) (< net45)) (&& (== net471) (>= dnxcore50)) (&& (== net471) (< net45)) (== netcoreapp2.0) (== netstandard2.0)
      System.IO (>= 4.3) - restriction: || (&& (== net45) (>= dnxcore50)) (&& (== net46) (>= dnxcore50)) (&& (== net46) (< net45)) (&& (== net47) (>= dnxcore50)) (&& (== net47) (< net45)) (&& (== net471) (>= dnxcore50)) (&& (== net471) (< net45)) (== netcoreapp2.0) (== netstandard2.0)
      System.Resources.ResourceManager (>= 4.3) - restriction: || (&& (== net45) (>= dnxcore50)) (&& (== net46) (>= dnxcore50)) (&& (== net46) (< net45)) (&& (== net47) (>= dnxcore50)) (&& (== net47) (< net45)) (&& (== net471) (>= dnxcore50)) (&& (== net471) (< net45)) (== netcoreapp2.0) (== netstandard2.0)
      System.Runtime (>= 4.3) - restriction: || (&& (== net45) (>= dnxcore50)) (&& (== net46) (>= dnxcore50)) (&& (== net46) (< net45)) (&& (== net47) (>= dnxcore50)) (&& (== net47) (< net45)) (&& (== net471) (>= dnxcore50)) (&& (== net471) (< net45)) (== netcoreapp2.0) (== netstandard2.0)
      System.Runtime.Extensions (>= 4.3) - restriction: || (&& (== net45) (>= dnxcore50)) (&& (== net46) (>= dnxcore50)) (&& (== net46) (< net45)) (&& (== net47) (>= dnxcore50)) (&& (== net47) (< net45)) (&& (== net471) (>= dnxcore50)) (&& (== net471) (< net45)) (== netcoreapp2.0) (== netstandard2.0)
      System.Runtime.Handles (>= 4.3) - restriction: || (&& (== net45) (>= dnxcore50)) (&& (== net46) (>= dnxcore50)) (&& (== net46) (< net45)) (&& (== net47) (>= dnxcore50)) (&& (== net47) (< net45)) (&& (== net471) (>= dnxcore50)) (&& (== net471) (< net45)) (== netcoreapp2.0) (== netstandard2.0)
      System.Runtime.InteropServices (>= 4.3) - restriction: || (&& (== net45) (>= dnxcore50)) (&& (== net46) (>= dnxcore50)) (&& (== net46) (< net45)) (&& (== net47) (>= dnxcore50)) (&& (== net47) (< net45)) (&& (== net471) (>= dnxcore50)) (&& (== net471) (< net45)) (== netcoreapp2.0) (== netstandard2.0)
      System.Text.Encoding (>= 4.3) - restriction: || (&& (== net45) (>= dnxcore50)) (&& (== net46) (>= dnxcore50)) (&& (== net46) (< net45)) (&& (== net47) (>= dnxcore50)) (&& (== net47) (< net45)) (&& (== net471) (>= dnxcore50)) (&& (== net471) (< net45)) (== netcoreapp2.0) (== netstandard2.0)
      System.Threading (>= 4.3) - restriction: || (&& (== net45) (>= dnxcore50)) (&& (== net46) (>= dnxcore50)) (&& (== net46) (< net45)) (&& (== net47) (>= dnxcore50)) (&& (== net47) (< net45)) (&& (== net471) (>= dnxcore50)) (&& (== net471) (< net45)) (== netcoreapp2.0) (== netstandard2.0)
      System.Threading.Tasks (>= 4.3) - restriction: || (&& (== net45) (>= dnxcore50)) (&& (== net46) (>= dnxcore50)) (&& (== net46) (< net45)) (&& (== net47) (>= dnxcore50)) (&& (== net47) (< net45)) (&& (== net471) (>= dnxcore50)) (&& (== net471) (< net45)) (== netcoreapp2.0) (== netstandard2.0)
    System.IO.FileSystem (4.3) - restriction: || (&& (== net45) (== net471)) (&& (== net45) (>= netstandard1.6)) (&& (== net47) (< net46) (>= netstandard1.6)) (&& (== net471) (< net46)) (== netcoreapp2.0) (== netstandard2.0)
      Microsoft.NETCore.Platforms (>= 1.1) - restriction: || (&& (== net45) (== net46)) (&& (== net45) (== net47)) (&& (== net45) (== net471)) (&& (== net45) (>= netstandard1.3)) (&& (== net47) (< net46)) (&& (== net471) (< net46)) (== netcoreapp2.0) (== netstandard2.0)
      Microsoft.NETCore.Targets (>= 1.1) - restriction: || (&& (== net45) (== net46)) (&& (== net45) (== net47)) (&& (== net45) (== net471)) (&& (== net45) (>= netstandard1.3)) (&& (== net47) (< net46)) (&& (== net471) (< net46)) (== netcoreapp2.0) (== netstandard2.0)
      System.IO (>= 4.3) - restriction: || (&& (== net45) (== net46)) (&& (== net45) (== net47)) (&& (== net45) (== net471)) (&& (== net45) (>= netstandard1.3)) (&& (== net47) (< net46)) (&& (== net471) (< net46)) (== netcoreapp2.0) (== netstandard2.0)
      System.IO.FileSystem.Primitives (>= 4.3) - restriction: || (&& (== net45) (>= net46)) (&& (== net45) (>= netstandard1.3)) (== net46) (== net47) (== net471) (== netcoreapp2.0) (== netstandard2.0)
      System.Runtime (>= 4.3) - restriction: || (&& (== net45) (== net46)) (&& (== net45) (== net47)) (&& (== net45) (== net471)) (&& (== net45) (>= netstandard1.3)) (&& (== net47) (< net46)) (&& (== net471) (< net46)) (== netcoreapp2.0) (== netstandard2.0)
      System.Runtime.Handles (>= 4.3) - restriction: || (&& (== net45) (== net46)) (&& (== net45) (== net47)) (&& (== net45) (== net471)) (&& (== net45) (>= netstandard1.3)) (&& (== net47) (< net46)) (&& (== net471) (< net46)) (== netcoreapp2.0) (== netstandard2.0)
      System.Text.Encoding (>= 4.3) - restriction: || (&& (== net45) (== net46)) (&& (== net45) (== net47)) (&& (== net45) (== net471)) (&& (== net45) (>= netstandard1.3)) (&& (== net47) (< net46)) (&& (== net471) (< net46)) (== netcoreapp2.0) (== netstandard2.0)
      System.Threading.Tasks (>= 4.3) - restriction: || (&& (== net45) (== net46)) (&& (== net45) (== net47)) (&& (== net45) (== net471)) (&& (== net45) (>= netstandard1.3)) (&& (== net47) (< net46)) (&& (== net471) (< net46)) (== netcoreapp2.0) (== netstandard2.0)
    System.IO.FileSystem.Primitives (4.3) - restriction: || (&& (== net45) (== net471)) (&& (== net45) (>= netstandard1.6)) (&& (== net47) (< net46) (>= netstandard1.6)) (&& (== net471) (< net46)) (== netcoreapp2.0) (== netstandard2.0)
      System.Runtime (>= 4.3) - restriction: || (&& (== net45) (== net46)) (&& (== net45) (== net47)) (&& (== net45) (== net471)) (&& (== net45) (>= netstandard1.3)) (&& (== net47) (< net46)) (&& (== net471) (< net46)) (== netcoreapp2.0) (== netstandard2.0)
    System.IO.Pipes (4.3) - restriction: || (&& (== net45) (== net47)) (&& (== net45) (== net471)) (&& (== net45) (>= netstandard1.5)) (&& (== net47) (< net46)) (&& (== net471) (< net46)) (== netcoreapp2.0) (== netstandard2.0)
      Microsoft.NETCore.Platforms (>= 1.1) - restriction: || (&& (== net45) (== net46)) (&& (== net45) (== net47)) (&& (== net45) (== net471)) (&& (== net45) (>= netstandard1.3)) (&& (== net47) (< net46)) (&& (== net471) (< net46)) (== netcoreapp2.0) (== netstandard2.0)
      runtime.native.System (>= 4.3) - restriction: || (&& (== net45) (== net46)) (&& (== net45) (== net47)) (&& (== net45) (== net471)) (&& (== net45) (>= netstandard1.3)) (&& (== net47) (< net46)) (&& (== net471) (< net46)) (== netcoreapp2.0) (== netstandard2.0)
      System.Buffers (>= 4.3) - restriction: || (&& (== net45) (== net46)) (&& (== net45) (== net47)) (&& (== net45) (== net471)) (&& (== net45) (>= netstandard1.3)) (&& (== net47) (< net46)) (&& (== net471) (< net46)) (== netcoreapp2.0) (== netstandard2.0)
      System.Diagnostics.Debug (>= 4.3) - restriction: || (&& (== net45) (== net46)) (&& (== net45) (== net47)) (&& (== net45) (== net471)) (&& (== net45) (>= netstandard1.3)) (&& (== net47) (< net46)) (&& (== net471) (< net46)) (== netcoreapp2.0) (== netstandard2.0)
      System.IO (>= 4.3) - restriction: || (&& (== net45) (== net46)) (&& (== net45) (== net47)) (&& (== net45) (== net471)) (&& (== net45) (>= netstandard1.3)) (&& (== net47) (< net46)) (&& (== net471) (< net46)) (== netcoreapp2.0) (== netstandard2.0)
      System.IO.FileSystem.Primitives (>= 4.3) - restriction: || (&& (== net45) (== net46)) (&& (== net45) (== net47)) (&& (== net45) (== net471)) (&& (== net45) (>= netstandard1.3)) (&& (== net47) (< net46)) (&& (== net471) (< net46)) (== netcoreapp2.0) (== netstandard2.0)
      System.Net.Primitives (>= 4.3) - restriction: || (&& (== net45) (== net46)) (&& (== net45) (== net47)) (&& (== net45) (== net471)) (&& (== net45) (>= netstandard1.3)) (&& (== net47) (< net46)) (&& (== net471) (< net46)) (== netcoreapp2.0) (== netstandard2.0)
      System.Net.Sockets (>= 4.3) - restriction: || (&& (== net45) (== net46)) (&& (== net45) (== net47)) (&& (== net45) (== net471)) (&& (== net45) (>= netstandard1.3)) (&& (== net47) (< net46)) (&& (== net471) (< net46)) (== netcoreapp2.0) (== netstandard2.0)
      System.Reflection (>= 4.3) - restriction: || (&& (== net45) (== net46)) (&& (== net45) (== net47)) (&& (== net45) (== net471)) (&& (== net45) (>= netstandard1.3)) (&& (== net47) (< net46)) (&& (== net471) (< net46)) (== netcoreapp2.0) (== netstandard2.0)
      System.Resources.ResourceManager (>= 4.3) - restriction: || (&& (== net45) (== net46)) (&& (== net45) (== net47)) (&& (== net45) (== net471)) (&& (== net45) (>= netstandard1.3)) (&& (== net47) (< net46)) (&& (== net471) (< net46)) (== netcoreapp2.0) (== netstandard2.0)
      System.Runtime (>= 4.3) - restriction: || (&& (== net45) (== net46)) (&& (== net45) (== net47)) (&& (== net45) (== net471)) (&& (== net45) (>= netstandard1.3)) (&& (== net47) (< net46)) (&& (== net471) (< net46)) (== netcoreapp2.0) (== netstandard2.0)
      System.Runtime.Extensions (>= 4.3) - restriction: || (&& (== net45) (== net46)) (&& (== net45) (== net47)) (&& (== net45) (== net471)) (&& (== net45) (>= netstandard1.3)) (&& (== net47) (< net46)) (&& (== net471) (< net46)) (== netcoreapp2.0) (== netstandard2.0)
      System.Runtime.Handles (>= 4.3) - restriction: || (&& (== net45) (== net46)) (&& (== net45) (== net47)) (&& (== net45) (== net471)) (&& (== net45) (>= netstandard1.3)) (&& (== net47) (< net46)) (&& (== net471) (< net46)) (== netcoreapp2.0) (== netstandard2.0)
      System.Runtime.InteropServices (>= 4.3) - restriction: || (&& (== net45) (== net46)) (&& (== net45) (== net47)) (&& (== net45) (== net471)) (&& (== net45) (>= netstandard1.3)) (&& (== net47) (< net46)) (&& (== net471) (< net46)) (== netcoreapp2.0) (== netstandard2.0)
      System.Security.Principal (>= 4.3) - restriction: || (&& (== net45) (== net46)) (&& (== net45) (== net47)) (&& (== net45) (== net471)) (&& (== net45) (>= netstandard1.3)) (&& (== net47) (< net46)) (&& (== net471) (< net46)) (== netcoreapp2.0) (== netstandard2.0)
      System.Text.Encoding (>= 4.3) - restriction: || (&& (== net45) (== net46)) (&& (== net45) (== net47)) (&& (== net45) (== net471)) (&& (== net45) (>= netstandard1.3)) (&& (== net47) (< net46)) (&& (== net471) (< net46)) (== netcoreapp2.0) (== netstandard2.0)
      System.Threading (>= 4.3) - restriction: || (&& (== net45) (== net46)) (&& (== net45) (== net47)) (&& (== net45) (== net471)) (&& (== net45) (>= netstandard1.3)) (&& (== net47) (< net46)) (&& (== net471) (< net46)) (== netcoreapp2.0) (== netstandard2.0)
      System.Threading.Overlapped (>= 4.3) - restriction: || (&& (== net45) (== net46)) (&& (== net45) (== net47)) (&& (== net45) (== net471)) (&& (== net45) (>= netstandard1.3)) (&& (== net47) (< net46)) (&& (== net471) (< net46)) (== netcoreapp2.0) (== netstandard2.0)
      System.Threading.Tasks (>= 4.3) - restriction: || (&& (== net45) (== net46)) (&& (== net45) (== net47)) (&& (== net45) (== net471)) (&& (== net45) (>= netstandard1.3)) (&& (== net47) (< net46)) (&& (== net471) (< net46)) (== netcoreapp2.0) (== netstandard2.0)
    System.Linq (4.3) - restriction: || (&& (== net45) (>= netstandard1.6)) (&& (== net46) (>= netstandard1.6)) (&& (== net47) (>= netstandard1.6)) (== net471) (== netcoreapp2.0) (== netstandard2.0)
      System.Collections (>= 4.3) - restriction: || (&& (== net45) (>= dnxcore50)) (&& (== net46) (>= dnxcore50)) (&& (== net46) (< net45)) (&& (== net47) (>= dnxcore50)) (&& (== net47) (< net45)) (&& (== net471) (>= dnxcore50)) (&& (== net471) (< net45)) (== netcoreapp2.0) (== netstandard2.0)
      System.Diagnostics.Debug (>= 4.3) - restriction: || (&& (== net45) (>= dnxcore50)) (&& (== net46) (>= dnxcore50)) (&& (== net46) (< net45) (>= netstandard1.6)) (&& (== net47) (>= dnxcore50)) (&& (== net47) (< net45) (>= netstandard1.6)) (&& (== net471) (>= dnxcore50)) (&& (== net471) (< net45)) (== netcoreapp2.0) (== netstandard2.0)
      System.Resources.ResourceManager (>= 4.3) - restriction: || (&& (== net45) (>= dnxcore50)) (&& (== net46) (>= dnxcore50)) (&& (== net46) (< net45) (>= netstandard1.6)) (&& (== net47) (>= dnxcore50)) (&& (== net47) (< net45) (>= netstandard1.6)) (&& (== net471) (>= dnxcore50)) (&& (== net471) (< net45)) (== netcoreapp2.0) (== netstandard2.0)
      System.Runtime (>= 4.3) - restriction: || (&& (== net45) (>= dnxcore50)) (&& (== net46) (>= dnxcore50)) (&& (== net46) (< net45)) (&& (== net47) (>= dnxcore50)) (&& (== net47) (< net45)) (&& (== net471) (>= dnxcore50)) (&& (== net471) (< net45)) (== netcoreapp2.0) (== netstandard2.0)
      System.Runtime.Extensions (>= 4.3) - restriction: || (&& (== net45) (>= dnxcore50)) (&& (== net46) (>= dnxcore50)) (&& (== net46) (< net45) (>= netstandard1.6)) (&& (== net47) (>= dnxcore50)) (&& (== net47) (< net45) (>= netstandard1.6)) (&& (== net471) (>= dnxcore50)) (&& (== net471) (< net45)) (== netcoreapp2.0) (== netstandard2.0)
    System.Linq.Expressions (4.3) - restriction: || (&& (== net45) (>= dnxcore50)) (&& (== net46) (>= dnxcore50)) (&& (== net46) (< net45)) (&& (== net47) (>= dnxcore50)) (&& (== net47) (< net45)) (&& (== net471) (>= dnxcore50)) (&& (== net471) (< net45)) (== netcoreapp2.0) (== netstandard2.0)
      System.Collections (>= 4.3) - restriction: || (&& (== net45) (>= dnxcore50)) (&& (== net46) (>= dnxcore50)) (&& (== net46) (< net45) (>= netstandard1.6)) (&& (== net47) (>= dnxcore50)) (&& (== net47) (< net45) (>= netstandard1.6)) (&& (== net471) (>= dnxcore50)) (&& (== net471) (< net45)) (== netcoreapp2.0) (== netstandard2.0)
      System.Diagnostics.Debug (>= 4.3) - restriction: || (&& (== net45) (>= dnxcore50)) (&& (== net46) (>= dnxcore50)) (&& (== net46) (< net45) (>= netstandard1.6)) (&& (== net47) (>= dnxcore50)) (&& (== net47) (< net45) (>= netstandard1.6)) (&& (== net471) (>= dnxcore50)) (&& (== net471) (< net45)) (== netcoreapp2.0) (== netstandard2.0)
      System.Globalization (>= 4.3) - restriction: || (&& (== net45) (>= dnxcore50)) (&& (== net46) (>= dnxcore50)) (&& (== net46) (< net45) (>= netstandard1.6)) (&& (== net47) (>= dnxcore50)) (&& (== net47) (< net45) (>= netstandard1.6)) (&& (== net471) (>= dnxcore50)) (&& (== net471) (< net45)) (== netcoreapp2.0) (== netstandard2.0)
      System.IO (>= 4.3) - restriction: || (&& (== net45) (>= dnxcore50)) (&& (== net46) (>= dnxcore50)) (&& (== net46) (< net45) (>= netstandard1.6)) (&& (== net47) (>= dnxcore50)) (&& (== net47) (< net45) (>= netstandard1.6)) (&& (== net471) (>= dnxcore50)) (&& (== net471) (< net45)) (== netcoreapp2.0) (== netstandard2.0)
      System.Linq (>= 4.3) - restriction: || (&& (== net45) (>= dnxcore50)) (&& (== net46) (>= dnxcore50)) (&& (== net46) (< net45) (>= netstandard1.6)) (&& (== net47) (>= dnxcore50)) (&& (== net47) (< net45) (>= netstandard1.6)) (&& (== net471) (>= dnxcore50)) (&& (== net471) (< net45)) (== netcoreapp2.0) (== netstandard2.0)
      System.ObjectModel (>= 4.3) - restriction: || (&& (== net46) (< net45) (>= netstandard1.6)) (&& (== net47) (< net45) (>= netstandard1.6)) (&& (== net471) (< net45)) (== netcoreapp2.0) (== netstandard2.0)
      System.Reflection (>= 4.3) - restriction: || (&& (== net45) (>= dnxcore50)) (&& (== net46) (>= dnxcore50)) (&& (== net46) (< net45)) (&& (== net47) (>= dnxcore50)) (&& (== net47) (< net45)) (&& (== net471) (>= dnxcore50)) (&& (== net471) (< net45)) (== netcoreapp2.0) (== netstandard2.0)
      System.Reflection.Emit (>= 4.3) - restriction: || (&& (== net46) (< net45) (>= netstandard1.6)) (&& (== net47) (< net45) (>= netstandard1.6)) (&& (== net471) (< net45)) (== netcoreapp2.0) (== netstandard2.0)
      System.Reflection.Emit.ILGeneration (>= 4.3) - restriction: || (&& (== net45) (>= dnxcore50)) (&& (== net46) (>= dnxcore50)) (&& (== net46) (< net45) (>= netstandard1.6)) (&& (== net47) (>= dnxcore50)) (&& (== net47) (< net45) (>= netstandard1.6)) (&& (== net471) (>= dnxcore50)) (&& (== net471) (< net45)) (== netcoreapp2.0) (== netstandard2.0)
      System.Reflection.Emit.Lightweight (>= 4.3) - restriction: || (&& (== net45) (>= dnxcore50)) (&& (== net46) (>= dnxcore50)) (&& (== net46) (< net45) (>= netstandard1.6)) (&& (== net47) (>= dnxcore50)) (&& (== net47) (< net45) (>= netstandard1.6)) (&& (== net471) (>= dnxcore50)) (&& (== net471) (< net45)) (== netcoreapp2.0) (== netstandard2.0)
      System.Reflection.Extensions (>= 4.3) - restriction: || (&& (== net45) (>= dnxcore50)) (&& (== net46) (>= dnxcore50)) (&& (== net46) (< net45) (>= netstandard1.6)) (&& (== net47) (>= dnxcore50)) (&& (== net47) (< net45) (>= netstandard1.6)) (&& (== net471) (>= dnxcore50)) (&& (== net471) (< net45)) (== netcoreapp2.0) (== netstandard2.0)
      System.Reflection.Primitives (>= 4.3) - restriction: || (&& (== net45) (>= dnxcore50)) (&& (== net46) (>= dnxcore50)) (&& (== net46) (< net45) (>= netstandard1.6)) (&& (== net47) (>= dnxcore50)) (&& (== net47) (< net45) (>= netstandard1.6)) (&& (== net471) (>= dnxcore50)) (&& (== net471) (< net45)) (== netcoreapp2.0) (== netstandard2.0)
      System.Reflection.TypeExtensions (>= 4.3) - restriction: || (&& (== net45) (>= dnxcore50)) (&& (== net46) (>= dnxcore50)) (&& (== net46) (< net45) (>= netstandard1.6)) (&& (== net47) (>= dnxcore50)) (&& (== net47) (< net45) (>= netstandard1.6)) (&& (== net471) (>= dnxcore50)) (&& (== net471) (< net45)) (== netcoreapp2.0) (== netstandard2.0)
      System.Resources.ResourceManager (>= 4.3) - restriction: || (&& (== net45) (>= dnxcore50)) (&& (== net46) (>= dnxcore50)) (&& (== net46) (< net45) (>= netstandard1.6)) (&& (== net47) (>= dnxcore50)) (&& (== net47) (< net45) (>= netstandard1.6)) (&& (== net471) (>= dnxcore50)) (&& (== net471) (< net45)) (== netcoreapp2.0) (== netstandard2.0)
      System.Runtime (>= 4.3) - restriction: || (&& (== net45) (>= dnxcore50)) (&& (== net46) (>= dnxcore50)) (&& (== net46) (< net45)) (&& (== net47) (>= dnxcore50)) (&& (== net47) (< net45)) (&& (== net471) (>= dnxcore50)) (&& (== net471) (< net45)) (== netcoreapp2.0) (== netstandard2.0)
      System.Runtime.Extensions (>= 4.3) - restriction: || (&& (== net45) (>= dnxcore50)) (&& (== net46) (>= dnxcore50)) (&& (== net46) (< net45) (>= netstandard1.6)) (&& (== net47) (>= dnxcore50)) (&& (== net47) (< net45) (>= netstandard1.6)) (&& (== net471) (>= dnxcore50)) (&& (== net471) (< net45)) (== netcoreapp2.0) (== netstandard2.0)
      System.Threading (>= 4.3) - restriction: || (&& (== net45) (>= dnxcore50)) (&& (== net46) (>= dnxcore50)) (&& (== net46) (< net45) (>= netstandard1.6)) (&& (== net47) (>= dnxcore50)) (&& (== net47) (< net45) (>= netstandard1.6)) (&& (== net471) (>= dnxcore50)) (&& (== net471) (< net45)) (== netcoreapp2.0) (== netstandard2.0)
    System.Linq.Parallel (4.3) - restriction: || (&& (== net45) (== net46)) (&& (== net45) (== net47)) (&& (== net45) (== net471)) (&& (== net45) (>= netstandard1.3)) (&& (== net47) (< net46)) (&& (== net471) (< net46)) (== netcoreapp2.0) (== netstandard2.0)
      System.Collections (>= 4.3) - restriction: || (&& (== net45) (>= dnxcore50)) (&& (== net46) (>= dnxcore50)) (&& (== net46) (< net45)) (&& (== net47) (>= dnxcore50)) (&& (== net47) (< net45)) (&& (== net471) (>= dnxcore50)) (&& (== net471) (< net45)) (== netcoreapp2.0) (== netstandard2.0)
      System.Collections.Concurrent (>= 4.3) - restriction: || (&& (== net45) (>= dnxcore50)) (&& (== net46) (>= dnxcore50)) (&& (== net46) (< net45)) (&& (== net47) (>= dnxcore50)) (&& (== net47) (< net45)) (&& (== net471) (>= dnxcore50)) (&& (== net471) (< net45)) (== netcoreapp2.0) (== netstandard2.0)
      System.Diagnostics.Debug (>= 4.3) - restriction: || (&& (== net45) (>= dnxcore50)) (&& (== net46) (>= dnxcore50)) (&& (== net46) (< net45)) (&& (== net47) (>= dnxcore50)) (&& (== net47) (< net45)) (&& (== net471) (>= dnxcore50)) (&& (== net471) (< net45)) (== netcoreapp2.0) (== netstandard2.0)
      System.Diagnostics.Tracing (>= 4.3) - restriction: || (&& (== net45) (>= dnxcore50)) (&& (== net46) (>= dnxcore50)) (&& (== net46) (< net45)) (&& (== net47) (>= dnxcore50)) (&& (== net47) (< net45)) (&& (== net471) (>= dnxcore50)) (&& (== net471) (< net45)) (== netcoreapp2.0) (== netstandard2.0)
      System.Linq (>= 4.3) - restriction: || (&& (== net45) (>= dnxcore50)) (&& (== net46) (>= dnxcore50)) (&& (== net46) (< net45)) (&& (== net47) (>= dnxcore50)) (&& (== net47) (< net45)) (&& (== net471) (>= dnxcore50)) (&& (== net471) (< net45)) (== netcoreapp2.0) (== netstandard2.0)
      System.Resources.ResourceManager (>= 4.3) - restriction: || (&& (== net45) (>= dnxcore50)) (&& (== net46) (>= dnxcore50)) (&& (== net46) (< net45)) (&& (== net47) (>= dnxcore50)) (&& (== net47) (< net45)) (&& (== net471) (>= dnxcore50)) (&& (== net471) (< net45)) (== netcoreapp2.0) (== netstandard2.0)
      System.Runtime (>= 4.3) - restriction: || (&& (== net45) (>= dnxcore50)) (&& (== net46) (>= dnxcore50)) (&& (== net46) (< net45)) (&& (== net47) (>= dnxcore50)) (&& (== net47) (< net45)) (&& (== net471) (>= dnxcore50)) (&& (== net471) (< net45)) (== netcoreapp2.0) (== netstandard2.0)
      System.Runtime.Extensions (>= 4.3) - restriction: || (&& (== net45) (>= dnxcore50)) (&& (== net46) (>= dnxcore50)) (&& (== net46) (< net45)) (&& (== net47) (>= dnxcore50)) (&& (== net47) (< net45)) (&& (== net471) (>= dnxcore50)) (&& (== net471) (< net45)) (== netcoreapp2.0) (== netstandard2.0)
      System.Threading (>= 4.3) - restriction: || (&& (== net45) (>= dnxcore50)) (&& (== net46) (>= dnxcore50)) (&& (== net46) (< net45)) (&& (== net47) (>= dnxcore50)) (&& (== net47) (< net45)) (&& (== net471) (>= dnxcore50)) (&& (== net471) (< net45)) (== netcoreapp2.0) (== netstandard2.0)
      System.Threading.Tasks (>= 4.3) - restriction: || (&& (== net45) (>= dnxcore50)) (&& (== net46) (>= dnxcore50)) (&& (== net46) (< net45)) (&& (== net47) (>= dnxcore50)) (&& (== net47) (< net45)) (&& (== net471) (>= dnxcore50)) (&& (== net471) (< net45)) (== netcoreapp2.0) (== netstandard2.0)
    System.Linq.Queryable (4.3) - restriction: || (&& (== net46) (< net45)) (&& (== net47) (< net45)) (&& (== net471) (< net45)) (== netcoreapp2.0) (== netstandard2.0)
      System.Collections (>= 4.3) - restriction: || (&& (== net45) (>= dnxcore50)) (&& (== net46) (>= dnxcore50)) (&& (== net46) (< net45)) (&& (== net47) (>= dnxcore50)) (&& (== net47) (< net45)) (&& (== net471) (>= dnxcore50)) (&& (== net471) (< net45)) (== netcoreapp2.0) (== netstandard2.0)
      System.Diagnostics.Debug (>= 4.3) - restriction: || (&& (== net45) (>= dnxcore50)) (&& (== net46) (>= dnxcore50)) (&& (== net46) (< net45)) (&& (== net47) (>= dnxcore50)) (&& (== net47) (< net45)) (&& (== net471) (>= dnxcore50)) (&& (== net471) (< net45)) (== netcoreapp2.0) (== netstandard2.0)
      System.Linq (>= 4.3) - restriction: || (&& (== net45) (>= dnxcore50)) (&& (== net46) (>= dnxcore50)) (&& (== net46) (< net45)) (&& (== net47) (>= dnxcore50)) (&& (== net47) (< net45)) (&& (== net471) (>= dnxcore50)) (&& (== net471) (< net45)) (== netcoreapp2.0) (== netstandard2.0)
      System.Linq.Expressions (>= 4.3) - restriction: || (&& (== net45) (>= dnxcore50)) (&& (== net46) (>= dnxcore50)) (&& (== net46) (< net45)) (&& (== net47) (>= dnxcore50)) (&& (== net47) (< net45)) (&& (== net471) (>= dnxcore50)) (&& (== net471) (< net45)) (== netcoreapp2.0) (== netstandard2.0)
      System.Reflection (>= 4.3) - restriction: || (&& (== net45) (>= dnxcore50)) (&& (== net46) (>= dnxcore50)) (&& (== net46) (< net45)) (&& (== net47) (>= dnxcore50)) (&& (== net47) (< net45)) (&& (== net471) (>= dnxcore50)) (&& (== net471) (< net45)) (== netcoreapp2.0) (== netstandard2.0)
      System.Reflection.Extensions (>= 4.3) - restriction: || (&& (== net45) (>= dnxcore50)) (&& (== net46) (>= dnxcore50)) (&& (== net46) (< net45)) (&& (== net47) (>= dnxcore50)) (&& (== net47) (< net45)) (&& (== net471) (>= dnxcore50)) (&& (== net471) (< net45)) (== netcoreapp2.0) (== netstandard2.0)
      System.Resources.ResourceManager (>= 4.3) - restriction: || (&& (== net45) (>= dnxcore50)) (&& (== net46) (>= dnxcore50)) (&& (== net46) (< net45)) (&& (== net47) (>= dnxcore50)) (&& (== net47) (< net45)) (&& (== net471) (>= dnxcore50)) (&& (== net471) (< net45)) (== netcoreapp2.0) (== netstandard2.0)
      System.Runtime (>= 4.3) - restriction: || (&& (== net45) (>= dnxcore50)) (&& (== net46) (>= dnxcore50)) (&& (== net46) (< net45)) (&& (== net47) (>= dnxcore50)) (&& (== net47) (< net45)) (&& (== net471) (>= dnxcore50)) (&& (== net471) (< net45)) (== netcoreapp2.0) (== netstandard2.0)
    System.Net.Primitives (4.3) - restriction: || (&& (== net45) (== net47)) (&& (== net45) (== net471)) (&& (== net45) (>= netstandard1.5)) (&& (== net47) (< net46)) (&& (== net471) (< net46)) (== netcoreapp2.0) (== netstandard2.0)
      Microsoft.NETCore.Platforms (>= 1.1) - restriction: || (&& (== net45) (>= dnxcore50)) (&& (== net45) (< netstandard1.1)) (&& (== net46) (>= dnxcore50)) (&& (== net46) (< net45)) (&& (== net46) (< netstandard1.1)) (&& (== net47) (>= dnxcore50)) (&& (== net47) (< net45)) (&& (== net47) (< netstandard1.1)) (&& (== net471) (>= dnxcore50)) (&& (== net471) (< net45)) (&& (== net471) (< netstandard1.1)) (== netcoreapp2.0) (== netstandard2.0)
      Microsoft.NETCore.Targets (>= 1.1) - restriction: || (&& (== net45) (>= dnxcore50)) (&& (== net45) (< netstandard1.1)) (&& (== net46) (>= dnxcore50)) (&& (== net46) (< net45)) (&& (== net46) (< netstandard1.1)) (&& (== net47) (>= dnxcore50)) (&& (== net47) (< net45)) (&& (== net47) (< netstandard1.1)) (&& (== net471) (>= dnxcore50)) (&& (== net471) (< net45)) (&& (== net471) (< netstandard1.1)) (== netcoreapp2.0) (== netstandard2.0)
      System.Runtime (>= 4.3) - restriction: || (&& (== net45) (>= dnxcore50)) (&& (== net45) (< netstandard1.1)) (&& (== net46) (>= dnxcore50)) (&& (== net46) (< net45)) (&& (== net46) (< netstandard1.1)) (&& (== net47) (>= dnxcore50)) (&& (== net47) (< net45)) (&& (== net47) (< netstandard1.1)) (&& (== net471) (>= dnxcore50)) (&& (== net471) (< net45)) (&& (== net471) (< netstandard1.1)) (== netcoreapp2.0) (== netstandard2.0)
      System.Runtime.Handles (>= 4.3) - restriction: || (&& (== net45) (>= dnxcore50)) (&& (== net46) (>= dnxcore50)) (&& (== net46) (< net45)) (&& (== net47) (>= dnxcore50)) (&& (== net47) (< net45)) (&& (== net471) (>= dnxcore50)) (&& (== net471) (< net45)) (== netcoreapp2.0) (== netstandard2.0)
    System.Net.Sockets (4.3) - restriction: || (&& (== net45) (== net47)) (&& (== net45) (== net471)) (&& (== net45) (>= netstandard1.5)) (&& (== net47) (< net46)) (&& (== net471) (< net46)) (== netcoreapp2.0) (== netstandard2.0)
      Microsoft.NETCore.Platforms (>= 1.1) - restriction: || (&& (== net45) (== net46)) (&& (== net45) (== net47)) (&& (== net45) (== net471)) (&& (== net45) (>= netstandard1.3)) (&& (== net47) (< net46)) (&& (== net471) (< net46)) (== netcoreapp2.0) (== netstandard2.0)
      Microsoft.NETCore.Targets (>= 1.1) - restriction: || (&& (== net45) (== net46)) (&& (== net45) (== net47)) (&& (== net45) (== net471)) (&& (== net45) (>= netstandard1.3)) (&& (== net47) (< net46)) (&& (== net471) (< net46)) (== netcoreapp2.0) (== netstandard2.0)
      System.IO (>= 4.3) - restriction: || (&& (== net45) (== net46)) (&& (== net45) (== net47)) (&& (== net45) (== net471)) (&& (== net45) (>= netstandard1.3)) (&& (== net47) (< net46)) (&& (== net471) (< net46)) (== netcoreapp2.0) (== netstandard2.0)
      System.Net.Primitives (>= 4.3) - restriction: || (&& (== net45) (== net46)) (&& (== net45) (== net47)) (&& (== net45) (== net471)) (&& (== net45) (>= netstandard1.3)) (&& (== net47) (< net46)) (&& (== net471) (< net46)) (== netcoreapp2.0) (== netstandard2.0)
      System.Runtime (>= 4.3) - restriction: || (&& (== net45) (== net46)) (&& (== net45) (== net47)) (&& (== net45) (== net471)) (&& (== net45) (>= netstandard1.3)) (&& (== net47) (< net46)) (&& (== net471) (< net46)) (== netcoreapp2.0) (== netstandard2.0)
      System.Threading.Tasks (>= 4.3) - restriction: || (&& (== net45) (== net46)) (&& (== net45) (== net47)) (&& (== net45) (== net471)) (&& (== net45) (>= netstandard1.3)) (&& (== net47) (< net46)) (&& (== net471) (< net46)) (== netcoreapp2.0) (== netstandard2.0)
    System.ObjectModel (4.3) - restriction: || (&& (== net45) (>= netstandard1.3)) (== net46) (== net47) (== net471) (== netcoreapp2.0) (== netstandard2.0)
      System.Collections (>= 4.3) - restriction: || (&& (== net45) (>= dnxcore50)) (&& (== net46) (>= dnxcore50)) (&& (== net46) (< net45)) (&& (== net47) (>= dnxcore50)) (&& (== net47) (< net45)) (&& (== net471) (>= dnxcore50)) (&& (== net471) (< net45)) (== netcoreapp2.0) (== netstandard2.0)
      System.Diagnostics.Debug (>= 4.3) - restriction: || (&& (== net45) (>= dnxcore50)) (&& (== net46) (>= dnxcore50)) (&& (== net46) (< net45)) (&& (== net47) (>= dnxcore50)) (&& (== net47) (< net45)) (&& (== net471) (>= dnxcore50)) (&& (== net471) (< net45)) (== netcoreapp2.0) (== netstandard2.0)
      System.Resources.ResourceManager (>= 4.3) - restriction: || (&& (== net45) (>= dnxcore50)) (&& (== net46) (>= dnxcore50)) (&& (== net46) (< net45)) (&& (== net47) (>= dnxcore50)) (&& (== net47) (< net45)) (&& (== net471) (>= dnxcore50)) (&& (== net471) (< net45)) (== netcoreapp2.0) (== netstandard2.0)
      System.Runtime (>= 4.3) - restriction: || (&& (== net45) (>= dnxcore50)) (&& (== net46) (>= dnxcore50)) (&& (== net46) (< net45)) (&& (== net47) (>= dnxcore50)) (&& (== net47) (< net45)) (&& (== net471) (>= dnxcore50)) (&& (== net471) (< net45)) (== netcoreapp2.0) (== netstandard2.0)
      System.Threading (>= 4.3) - restriction: || (&& (== net45) (>= dnxcore50)) (&& (== net46) (>= dnxcore50)) (&& (== net46) (< net45)) (&& (== net47) (>= dnxcore50)) (&& (== net47) (< net45)) (&& (== net471) (>= dnxcore50)) (&& (== net471) (< net45)) (== netcoreapp2.0) (== netstandard2.0)
    System.Private.DataContractSerialization (4.3) - restriction: || (&& (== net45) (== net46) (>= dnxcore50)) (&& (== net45) (>= dnxcore50) (>= netstandard1.3)) (&& (== net47) (>= dnxcore50)) (&& (== net47) (< net45)) (&& (== net471) (>= dnxcore50)) (&& (== net471) (< net45)) (== netcoreapp2.0) (== netstandard2.0)
      System.Collections (>= 4.3) - restriction: || (&& (== net45) (== net46)) (&& (== net45) (== net47)) (&& (== net45) (== net471)) (&& (== net45) (>= dnxcore50)) (&& (== net45) (>= netstandard1.3)) (&& (== net46) (>= dnxcore50)) (&& (== net47) (>= dnxcore50)) (&& (== net47) (< net46)) (&& (== net471) (>= dnxcore50)) (&& (== net471) (< net46)) (== netcoreapp2.0) (== netstandard2.0)
      System.Collections.Concurrent (>= 4.3) - restriction: || (&& (== net45) (== net46)) (&& (== net45) (== net47)) (&& (== net45) (== net471)) (&& (== net45) (>= dnxcore50)) (&& (== net45) (>= netstandard1.3)) (&& (== net46) (>= dnxcore50)) (&& (== net47) (>= dnxcore50)) (&& (== net47) (< net46)) (&& (== net471) (>= dnxcore50)) (&& (== net471) (< net46)) (== netcoreapp2.0) (== netstandard2.0)
      System.Diagnostics.Debug (>= 4.3) - restriction: || (&& (== net45) (== net46)) (&& (== net45) (== net47)) (&& (== net45) (== net471)) (&& (== net45) (>= dnxcore50)) (&& (== net45) (>= netstandard1.3)) (&& (== net46) (>= dnxcore50)) (&& (== net47) (>= dnxcore50)) (&& (== net47) (< net46)) (&& (== net471) (>= dnxcore50)) (&& (== net471) (< net46)) (== netcoreapp2.0) (== netstandard2.0)
      System.Globalization (>= 4.3) - restriction: || (&& (== net45) (== net46)) (&& (== net45) (== net47)) (&& (== net45) (== net471)) (&& (== net45) (>= dnxcore50)) (&& (== net45) (>= netstandard1.3)) (&& (== net46) (>= dnxcore50)) (&& (== net47) (>= dnxcore50)) (&& (== net47) (< net46)) (&& (== net471) (>= dnxcore50)) (&& (== net471) (< net46)) (== netcoreapp2.0) (== netstandard2.0)
      System.IO (>= 4.3) - restriction: || (&& (== net45) (== net46)) (&& (== net45) (== net47)) (&& (== net45) (== net471)) (&& (== net45) (>= dnxcore50)) (&& (== net45) (>= netstandard1.3)) (&& (== net46) (>= dnxcore50)) (&& (== net47) (>= dnxcore50)) (&& (== net47) (< net46)) (&& (== net471) (>= dnxcore50)) (&& (== net471) (< net46)) (== netcoreapp2.0) (== netstandard2.0)
      System.Linq (>= 4.3) - restriction: || (&& (== net45) (== net46)) (&& (== net45) (== net47)) (&& (== net45) (== net471)) (&& (== net45) (>= dnxcore50)) (&& (== net45) (>= netstandard1.3)) (&& (== net46) (>= dnxcore50)) (&& (== net47) (>= dnxcore50)) (&& (== net47) (< net46)) (&& (== net471) (>= dnxcore50)) (&& (== net471) (< net46)) (== netcoreapp2.0) (== netstandard2.0)
      System.Reflection (>= 4.3) - restriction: || (&& (== net45) (== net46)) (&& (== net45) (== net47)) (&& (== net45) (== net471)) (&& (== net45) (>= dnxcore50)) (&& (== net45) (>= netstandard1.3)) (&& (== net46) (>= dnxcore50)) (&& (== net47) (>= dnxcore50)) (&& (== net47) (< net46)) (&& (== net471) (>= dnxcore50)) (&& (== net471) (< net46)) (== netcoreapp2.0) (== netstandard2.0)
      System.Reflection.Emit.ILGeneration (>= 4.3) - restriction: || (&& (== net45) (== net46)) (&& (== net45) (== net47)) (&& (== net45) (== net471)) (&& (== net45) (>= netstandard1.3)) (&& (== net47) (< net46)) (&& (== net471) (< net46)) (== netcoreapp2.0) (== netstandard2.0)
      System.Reflection.Emit.Lightweight (>= 4.3) - restriction: || (&& (== net45) (== net46)) (&& (== net45) (== net47)) (&& (== net45) (== net471)) (&& (== net45) (>= netstandard1.3)) (&& (== net47) (< net46)) (&& (== net471) (< net46)) (== netcoreapp2.0) (== netstandard2.0)
      System.Reflection.Extensions (>= 4.3) - restriction: || (&& (== net45) (== net46)) (&& (== net45) (== net47)) (&& (== net45) (== net471)) (&& (== net45) (>= dnxcore50)) (&& (== net45) (>= netstandard1.3)) (&& (== net46) (>= dnxcore50)) (&& (== net47) (>= dnxcore50)) (&& (== net47) (< net46)) (&& (== net471) (>= dnxcore50)) (&& (== net471) (< net46)) (== netcoreapp2.0) (== netstandard2.0)
      System.Reflection.Primitives (>= 4.3) - restriction: || (&& (== net45) (== net46)) (&& (== net45) (== net47)) (&& (== net45) (== net471)) (&& (== net45) (>= dnxcore50)) (&& (== net45) (>= netstandard1.3)) (&& (== net46) (>= dnxcore50)) (&& (== net47) (>= dnxcore50)) (&& (== net47) (< net46)) (&& (== net471) (>= dnxcore50)) (&& (== net471) (< net46)) (== netcoreapp2.0) (== netstandard2.0)
      System.Reflection.TypeExtensions (>= 4.3) - restriction: || (&& (== net45) (>= dnxcore50)) (&& (== net45) (>= net46)) (&& (== net45) (>= netstandard1.3)) (== net46) (== net47) (== net471) (== netcoreapp2.0) (== netstandard2.0)
      System.Resources.ResourceManager (>= 4.3) - restriction: || (&& (== net45) (== net46)) (&& (== net45) (== net47)) (&& (== net45) (== net471)) (&& (== net45) (>= dnxcore50)) (&& (== net45) (>= netstandard1.3)) (&& (== net46) (>= dnxcore50)) (&& (== net47) (>= dnxcore50)) (&& (== net47) (< net46)) (&& (== net471) (>= dnxcore50)) (&& (== net471) (< net46)) (== netcoreapp2.0) (== netstandard2.0)
      System.Runtime (>= 4.3) - restriction: || (&& (== net45) (== net46)) (&& (== net45) (== net47)) (&& (== net45) (== net471)) (&& (== net45) (>= dnxcore50)) (&& (== net45) (>= netstandard1.3)) (&& (== net46) (>= dnxcore50)) (&& (== net47) (>= dnxcore50)) (&& (== net47) (< net46)) (&& (== net471) (>= dnxcore50)) (&& (== net471) (< net46)) (== netcoreapp2.0) (== netstandard2.0)
      System.Runtime.Extensions (>= 4.3) - restriction: || (&& (== net45) (== net46)) (&& (== net45) (== net47)) (&& (== net45) (== net471)) (&& (== net45) (>= dnxcore50)) (&& (== net45) (>= netstandard1.3)) (&& (== net46) (>= dnxcore50)) (&& (== net47) (>= dnxcore50)) (&& (== net47) (< net46)) (&& (== net471) (>= dnxcore50)) (&& (== net471) (< net46)) (== netcoreapp2.0) (== netstandard2.0)
      System.Runtime.Serialization.Primitives (>= 4.3) - restriction: || (&& (== net45) (>= dnxcore50)) (&& (== net45) (>= net46)) (&& (== net45) (>= netstandard1.3)) (== net46) (== net47) (== net471) (== netcoreapp2.0) (== netstandard2.0)
      System.Text.Encoding (>= 4.3) - restriction: || (&& (== net45) (== net46)) (&& (== net45) (== net47)) (&& (== net45) (== net471)) (&& (== net45) (>= dnxcore50)) (&& (== net45) (>= netstandard1.3)) (&& (== net46) (>= dnxcore50)) (&& (== net47) (>= dnxcore50)) (&& (== net47) (< net46)) (&& (== net471) (>= dnxcore50)) (&& (== net471) (< net46)) (== netcoreapp2.0) (== netstandard2.0)
      System.Text.Encoding.Extensions (>= 4.3) - restriction: || (&& (== net45) (== net46)) (&& (== net45) (== net47)) (&& (== net45) (== net471)) (&& (== net45) (>= dnxcore50)) (&& (== net45) (>= netstandard1.3)) (&& (== net46) (>= dnxcore50)) (&& (== net47) (>= dnxcore50)) (&& (== net47) (< net46)) (&& (== net471) (>= dnxcore50)) (&& (== net471) (< net46)) (== netcoreapp2.0) (== netstandard2.0)
      System.Text.RegularExpressions (>= 4.3) - restriction: || (&& (== net45) (== net46)) (&& (== net45) (== net47)) (&& (== net45) (== net471)) (&& (== net45) (>= dnxcore50)) (&& (== net45) (>= netstandard1.3)) (&& (== net46) (>= dnxcore50)) (&& (== net47) (>= dnxcore50)) (&& (== net47) (< net46)) (&& (== net471) (>= dnxcore50)) (&& (== net471) (< net46)) (== netcoreapp2.0) (== netstandard2.0)
      System.Threading (>= 4.3) - restriction: || (&& (== net45) (== net46)) (&& (== net45) (== net47)) (&& (== net45) (== net471)) (&& (== net45) (>= dnxcore50)) (&& (== net45) (>= netstandard1.3)) (&& (== net46) (>= dnxcore50)) (&& (== net47) (>= dnxcore50)) (&& (== net47) (< net46)) (&& (== net471) (>= dnxcore50)) (&& (== net471) (< net46)) (== netcoreapp2.0) (== netstandard2.0)
      System.Threading.Tasks (>= 4.3) - restriction: || (&& (== net45) (== net46)) (&& (== net45) (== net47)) (&& (== net45) (== net471)) (&& (== net45) (>= dnxcore50)) (&& (== net45) (>= netstandard1.3)) (&& (== net46) (>= dnxcore50)) (&& (== net47) (>= dnxcore50)) (&& (== net47) (< net46)) (&& (== net471) (>= dnxcore50)) (&& (== net471) (< net46)) (== netcoreapp2.0) (== netstandard2.0)
      System.Xml.ReaderWriter (>= 4.3) - restriction: || (&& (== net45) (== net46)) (&& (== net45) (== net47)) (&& (== net45) (== net471)) (&& (== net45) (>= dnxcore50)) (&& (== net45) (>= netstandard1.3)) (&& (== net46) (>= dnxcore50)) (&& (== net47) (>= dnxcore50)) (&& (== net47) (< net46)) (&& (== net471) (>= dnxcore50)) (&& (== net471) (< net46)) (== netcoreapp2.0) (== netstandard2.0)
      System.Xml.XDocument (>= 4.3) - restriction: || (&& (== net45) (== net46)) (&& (== net45) (== net47)) (&& (== net45) (== net471)) (&& (== net45) (>= dnxcore50)) (&& (== net45) (>= netstandard1.3)) (&& (== net46) (>= dnxcore50)) (&& (== net47) (>= dnxcore50)) (&& (== net47) (< net46)) (&& (== net471) (>= dnxcore50)) (&& (== net471) (< net46)) (== netcoreapp2.0) (== netstandard2.0)
      System.Xml.XmlDocument (>= 4.3) - restriction: || (&& (== net45) (>= dnxcore50)) (&& (== net45) (>= net46)) (&& (== net45) (>= netstandard1.3)) (== net46) (== net47) (== net471) (== netcoreapp2.0) (== netstandard2.0)
      System.Xml.XmlSerializer (>= 4.3) - restriction: || (&& (== net45) (== net46)) (&& (== net45) (== net47)) (&& (== net45) (== net471)) (&& (== net45) (>= dnxcore50)) (&& (== net45) (>= netstandard1.3)) (&& (== net46) (>= dnxcore50)) (&& (== net47) (>= dnxcore50)) (&& (== net47) (< net46)) (&& (== net471) (>= dnxcore50)) (&& (== net471) (< net46)) (== netcoreapp2.0) (== netstandard2.0)
    System.Reactive (4.0.0-preview00001)
      NETStandard.Library (>= 1.6.1) - restriction: || (&& (== net46) (< net45)) (&& (== net47) (< net45)) (&& (== net471) (< net45)) (== netcoreapp2.0) (== netstandard2.0)
      System.ComponentModel (>= 4.3) - restriction: || (&& (== net46) (< net45)) (&& (== net47) (< net45)) (&& (== net471) (< net45)) (== netcoreapp2.0) (== netstandard2.0)
      System.Diagnostics.Contracts (>= 4.3) - restriction: || (&& (== net46) (< net45)) (&& (== net47) (< net45)) (&& (== net471) (< net45)) (== netcoreapp2.0) (== netstandard2.0)
      System.Dynamic.Runtime (>= 4.3) - restriction: || (&& (== net46) (< net45)) (&& (== net47) (< net45)) (&& (== net471) (< net45)) (== netcoreapp2.0) (== netstandard2.0)
      System.Linq.Queryable (>= 4.3) - restriction: || (&& (== net46) (< net45)) (&& (== net47) (< net45)) (&& (== net471) (< net45)) (== netcoreapp2.0) (== netstandard2.0)
      System.Runtime.InteropServices.WindowsRuntime (>= 4.3) - restriction: || (&& (== net46) (< net45)) (&& (== net47) (< net45)) (&& (== net471) (< net45)) (== netcoreapp2.0) (== netstandard2.0)
      System.Threading.Thread (>= 4.3) - restriction: || (&& (== net46) (< net45)) (&& (== net47) (< net45)) (&& (== net471) (< net45)) (== netcoreapp2.0) (== netstandard2.0)
      System.Threading.ThreadPool (>= 4.3) - restriction: || (&& (== net46) (< net45)) (&& (== net47) (< net45)) (&& (== net471) (< net45)) (== netcoreapp2.0) (== netstandard2.0)
    System.Reflection (4.3) - restriction: || (&& (== net45) (>= netstandard1.6)) (&& (== net46) (>= netstandard1.6)) (&& (== net47) (>= netstandard1.6)) (== net471) (== netcoreapp2.0) (== netstandard2.0)
      Microsoft.NETCore.Platforms (>= 1.1) - restriction: || (&& (== net45) (>= dnxcore50)) (&& (== net46) (>= dnxcore50)) (&& (== net46) (< net45)) (&& (== net47) (>= dnxcore50)) (&& (== net47) (< net45)) (&& (== net471) (>= dnxcore50)) (&& (== net471) (< net45)) (== netcoreapp2.0) (== netstandard2.0)
      Microsoft.NETCore.Targets (>= 1.1) - restriction: || (&& (== net45) (>= dnxcore50)) (&& (== net46) (>= dnxcore50)) (&& (== net46) (< net45)) (&& (== net47) (>= dnxcore50)) (&& (== net47) (< net45)) (&& (== net471) (>= dnxcore50)) (&& (== net471) (< net45)) (== netcoreapp2.0) (== netstandard2.0)
      System.IO (>= 4.3) - restriction: || (&& (== net45) (>= dnxcore50)) (&& (== net46) (>= dnxcore50)) (&& (== net46) (< net45)) (&& (== net47) (>= dnxcore50)) (&& (== net47) (< net45)) (&& (== net471) (>= dnxcore50)) (&& (== net471) (< net45)) (== netcoreapp2.0) (== netstandard2.0)
      System.Reflection.Primitives (>= 4.3) - restriction: || (&& (== net45) (>= dnxcore50)) (&& (== net46) (>= dnxcore50)) (&& (== net46) (< net45)) (&& (== net47) (>= dnxcore50)) (&& (== net47) (< net45)) (&& (== net471) (>= dnxcore50)) (&& (== net471) (< net45)) (== netcoreapp2.0) (== netstandard2.0)
      System.Runtime (>= 4.3) - restriction: || (&& (== net45) (>= dnxcore50)) (&& (== net46) (>= dnxcore50)) (&& (== net46) (< net45)) (&& (== net47) (>= dnxcore50)) (&& (== net47) (< net45)) (&& (== net471) (>= dnxcore50)) (&& (== net471) (< net45)) (== netcoreapp2.0) (== netstandard2.0)
    System.Reflection.Emit (4.3) - restriction: || (&& (== net45) (>= netstandard1.6)) (&& (== net46) (>= netstandard1.6)) (&& (== net47) (>= netstandard1.6)) (== net471) (== netcoreapp2.0) (== netstandard2.0)
      System.IO (>= 4.3) - restriction: || (&& (== net46) (< net45)) (&& (== net47) (< net45)) (&& (== net471) (< net45)) (== netcoreapp2.0) (== netstandard2.0)
      System.Reflection (>= 4.3) - restriction: || (&& (== net46) (< net45)) (&& (== net47) (< net45)) (&& (== net471) (< net45)) (== netcoreapp2.0) (== netstandard2.0)
      System.Reflection.Emit.ILGeneration (>= 4.3) - restriction: || (&& (== net46) (< net45)) (&& (== net47) (< net45)) (&& (== net471) (< net45)) (== netcoreapp2.0) (== netstandard2.0)
      System.Reflection.Primitives (>= 4.3) - restriction: || (&& (== net46) (< net45)) (&& (== net47) (< net45)) (&& (== net471) (< net45)) (== netcoreapp2.0) (== netstandard2.0)
      System.Runtime (>= 4.3) - restriction: || (&& (== net46) (< net45)) (&& (== net47) (< net45)) (&& (== net471) (< net45)) (== netcoreapp2.0) (== netstandard2.0)
    System.Reflection.Emit.ILGeneration (4.3) - restriction: || (&& (== net46) (< net45)) (&& (== net47) (< net45)) (&& (== net471) (< net45)) (== netcoreapp2.0) (== netstandard2.0)
      System.Reflection (>= 4.3) - restriction: || (&& (== net46) (< net45)) (&& (== net47) (< net45)) (&& (== net471) (< net45)) (== netcoreapp2.0) (== netstandard2.0)
      System.Reflection.Primitives (>= 4.3) - restriction: || (&& (== net46) (< net45)) (&& (== net47) (< net45)) (&& (== net471) (< net45)) (== netcoreapp2.0) (== netstandard2.0)
      System.Runtime (>= 4.3) - restriction: || (&& (== net46) (< net45)) (&& (== net47) (< net45)) (&& (== net471) (< net45)) (== netcoreapp2.0) (== netstandard2.0)
    System.Reflection.Emit.Lightweight (4.3) - restriction: || (&& (== net45) (>= dnxcore50)) (&& (== net46) (>= dnxcore50)) (&& (== net46) (< net45) (>= netstandard1.6)) (&& (== net47) (>= dnxcore50)) (&& (== net47) (< net45) (>= netstandard1.6)) (&& (== net471) (>= dnxcore50)) (&& (== net471) (< net45)) (== netcoreapp2.0) (== netstandard2.0)
      System.Reflection (>= 4.3) - restriction: || (&& (== net46) (< net45)) (&& (== net47) (< net45)) (&& (== net471) (< net45)) (== netcoreapp2.0) (== netstandard2.0)
      System.Reflection.Emit.ILGeneration (>= 4.3) - restriction: || (&& (== net46) (< net45)) (&& (== net47) (< net45)) (&& (== net471) (< net45)) (== netcoreapp2.0) (== netstandard2.0)
      System.Reflection.Primitives (>= 4.3) - restriction: || (&& (== net46) (< net45)) (&& (== net47) (< net45)) (&& (== net471) (< net45)) (== netcoreapp2.0) (== netstandard2.0)
      System.Runtime (>= 4.3) - restriction: || (&& (== net46) (< net45)) (&& (== net47) (< net45)) (&& (== net471) (< net45)) (== netcoreapp2.0) (== netstandard2.0)
    System.Reflection.Extensions (4.3) - restriction: || (&& (== net45) (>= netstandard1.6)) (&& (== net46) (>= netstandard1.6)) (&& (== net47) (>= netstandard1.6)) (== net471) (== netcoreapp2.0) (== netstandard2.0)
      Microsoft.NETCore.Platforms (>= 1.1) - restriction: || (&& (== net45) (>= dnxcore50)) (&& (== net46) (>= dnxcore50)) (&& (== net46) (< net45)) (&& (== net47) (>= dnxcore50)) (&& (== net47) (< net45)) (&& (== net471) (>= dnxcore50)) (&& (== net471) (< net45)) (== netcoreapp2.0) (== netstandard2.0)
      Microsoft.NETCore.Targets (>= 1.1) - restriction: || (&& (== net45) (>= dnxcore50)) (&& (== net46) (>= dnxcore50)) (&& (== net46) (< net45)) (&& (== net47) (>= dnxcore50)) (&& (== net47) (< net45)) (&& (== net471) (>= dnxcore50)) (&& (== net471) (< net45)) (== netcoreapp2.0) (== netstandard2.0)
      System.Reflection (>= 4.3) - restriction: || (&& (== net45) (>= dnxcore50)) (&& (== net46) (>= dnxcore50)) (&& (== net46) (< net45)) (&& (== net47) (>= dnxcore50)) (&& (== net47) (< net45)) (&& (== net471) (>= dnxcore50)) (&& (== net471) (< net45)) (== netcoreapp2.0) (== netstandard2.0)
      System.Runtime (>= 4.3) - restriction: || (&& (== net45) (>= dnxcore50)) (&& (== net46) (>= dnxcore50)) (&& (== net46) (< net45)) (&& (== net47) (>= dnxcore50)) (&& (== net47) (< net45)) (&& (== net471) (>= dnxcore50)) (&& (== net471) (< net45)) (== netcoreapp2.0) (== netstandard2.0)
    System.Reflection.Metadata (1.5)
      NETStandard.Library (>= 1.6.1) - restriction: || (== net45) (== net46) (== net47) (&& (== net471) (< netstandard2.0)) (&& (== netcoreapp2.0) (< netstandard2.0))
      System.Collections.Immutable (>= 1.4) - restriction: || (== net45) (== net46) (== net47) (== net471) (&& (== netcoreapp2.0) (>= monoandroid)) (&& (== netcoreapp2.0) (>= monotouch)) (&& (== netcoreapp2.0) (< netstandard1.1)) (&& (== netcoreapp2.0) (< netstandard2.0)) (&& (== netcoreapp2.0) (< portable-net45+win8)) (&& (== netcoreapp2.0) (>= xamarinios)) (&& (== netcoreapp2.0) (>= xamarinmac)) (&& (== netcoreapp2.0) (>= xamarintvos)) (&& (== netcoreapp2.0) (>= xamarinwatchos)) (== netstandard2.0)
    System.Reflection.Primitives (4.3) - restriction: || (&& (== net45) (>= netstandard1.6)) (&& (== net46) (>= netstandard1.6)) (&& (== net47) (>= netstandard1.6)) (== net471) (== netcoreapp2.0) (== netstandard2.0)
      Microsoft.NETCore.Platforms (>= 1.1) - restriction: || (&& (== net45) (>= dnxcore50)) (&& (== net46) (>= dnxcore50)) (&& (== net46) (< net45)) (&& (== net47) (>= dnxcore50)) (&& (== net47) (< net45)) (&& (== net471) (>= dnxcore50)) (&& (== net471) (< net45)) (== netcoreapp2.0) (== netstandard2.0)
      Microsoft.NETCore.Targets (>= 1.1) - restriction: || (&& (== net45) (>= dnxcore50)) (&& (== net46) (>= dnxcore50)) (&& (== net46) (< net45)) (&& (== net47) (>= dnxcore50)) (&& (== net47) (< net45)) (&& (== net471) (>= dnxcore50)) (&& (== net471) (< net45)) (== netcoreapp2.0) (== netstandard2.0)
      System.Runtime (>= 4.3) - restriction: || (&& (== net45) (>= dnxcore50)) (&& (== net46) (>= dnxcore50)) (&& (== net46) (< net45)) (&& (== net47) (>= dnxcore50)) (&& (== net47) (< net45)) (&& (== net471) (>= dnxcore50)) (&& (== net471) (< net45)) (== netcoreapp2.0) (== netstandard2.0)
    System.Reflection.TypeExtensions (4.4) - restriction: || (&& (== net45) (>= netstandard1.6)) (&& (== net46) (>= netstandard1.6)) (&& (== net47) (>= netstandard1.6)) (== net471) (== netcoreapp2.0) (== netstandard2.0)
    System.Resources.Reader (4.3) - restriction: || (&& (== net45) (== net46)) (&& (== net45) (== net47)) (&& (== net45) (== net471)) (&& (== net45) (>= netstandard1.3)) (&& (== net47) (< net46)) (&& (== net471) (< net46)) (== netcoreapp2.0) (== netstandard2.0)
      System.IO (>= 4.3) - restriction: || (&& (== net46) (< net45)) (&& (== net47) (< net45)) (&& (== net471) (< net45)) (== netcoreapp2.0) (== netstandard2.0)
      System.Resources.ResourceManager (>= 4.3) - restriction: || (&& (== net46) (< net45)) (&& (== net47) (< net45)) (&& (== net471) (< net45)) (== netcoreapp2.0) (== netstandard2.0)
      System.Runtime (>= 4.3) - restriction: || (&& (== net46) (< net45)) (&& (== net47) (< net45)) (&& (== net471) (< net45)) (== netcoreapp2.0) (== netstandard2.0)
      System.Text.Encoding (>= 4.3) - restriction: || (&& (== net46) (< net45)) (&& (== net47) (< net45)) (&& (== net471) (< net45)) (== netcoreapp2.0) (== netstandard2.0)
      System.Threading (>= 4.3) - restriction: || (&& (== net46) (< net45)) (&& (== net47) (< net45)) (&& (== net471) (< net45)) (== netcoreapp2.0) (== netstandard2.0)
    System.Resources.ResourceManager (4.3) - restriction: || (&& (== net45) (>= netstandard1.6)) (&& (== net46) (>= netstandard1.6)) (&& (== net47) (>= netstandard1.6)) (== net471) (== netcoreapp2.0) (== netstandard2.0)
      Microsoft.NETCore.Platforms (>= 1.1) - restriction: || (&& (== net45) (>= dnxcore50)) (&& (== net46) (>= dnxcore50)) (&& (== net46) (< net45)) (&& (== net47) (>= dnxcore50)) (&& (== net47) (< net45)) (&& (== net471) (>= dnxcore50)) (&& (== net471) (< net45)) (== netcoreapp2.0) (== netstandard2.0)
      Microsoft.NETCore.Targets (>= 1.1) - restriction: || (&& (== net45) (>= dnxcore50)) (&& (== net46) (>= dnxcore50)) (&& (== net46) (< net45)) (&& (== net47) (>= dnxcore50)) (&& (== net47) (< net45)) (&& (== net471) (>= dnxcore50)) (&& (== net471) (< net45)) (== netcoreapp2.0) (== netstandard2.0)
      System.Globalization (>= 4.3) - restriction: || (&& (== net45) (>= dnxcore50)) (&& (== net46) (>= dnxcore50)) (&& (== net46) (< net45)) (&& (== net47) (>= dnxcore50)) (&& (== net47) (< net45)) (&& (== net471) (>= dnxcore50)) (&& (== net471) (< net45)) (== netcoreapp2.0) (== netstandard2.0)
      System.Reflection (>= 4.3) - restriction: || (&& (== net45) (>= dnxcore50)) (&& (== net46) (>= dnxcore50)) (&& (== net46) (< net45)) (&& (== net47) (>= dnxcore50)) (&& (== net47) (< net45)) (&& (== net471) (>= dnxcore50)) (&& (== net471) (< net45)) (== netcoreapp2.0) (== netstandard2.0)
      System.Runtime (>= 4.3) - restriction: || (&& (== net45) (>= dnxcore50)) (&& (== net46) (>= dnxcore50)) (&& (== net46) (< net45)) (&& (== net47) (>= dnxcore50)) (&& (== net47) (< net45)) (&& (== net471) (>= dnxcore50)) (&& (== net471) (< net45)) (== netcoreapp2.0) (== netstandard2.0)
    System.Resources.Writer (4.3) - restriction: || (&& (== net45) (== net46)) (&& (== net45) (== net47)) (&& (== net45) (== net471)) (&& (== net45) (>= netstandard1.3)) (&& (== net47) (< net46)) (&& (== net471) (< net46)) (== netcoreapp2.0) (== netstandard2.0)
      System.Collections (>= 4.3) - restriction: || (&& (== net45) (== net46)) (&& (== net45) (== net47)) (&& (== net45) (== net471)) (&& (== net45) (>= netstandard1.3)) (&& (== net47) (< net46)) (&& (== net471) (< net46)) (== netcoreapp2.0) (== netstandard2.0)
      System.IO (>= 4.3) - restriction: || (&& (== net45) (== net46)) (&& (== net45) (== net47)) (&& (== net45) (== net471)) (&& (== net45) (>= netstandard1.3)) (&& (== net47) (< net46)) (&& (== net471) (< net46)) (== netcoreapp2.0) (== netstandard2.0)
      System.Resources.ResourceManager (>= 4.3) - restriction: || (&& (== net45) (== net46)) (&& (== net45) (== net47)) (&& (== net45) (== net471)) (&& (== net45) (>= netstandard1.3)) (&& (== net47) (< net46)) (&& (== net471) (< net46)) (== netcoreapp2.0) (== netstandard2.0)
      System.Runtime (>= 4.3) - restriction: || (&& (== net45) (== net46)) (&& (== net45) (== net47)) (&& (== net45) (== net471)) (&& (== net45) (>= netstandard1.3)) (&& (== net47) (< net46)) (&& (== net471) (< net46)) (== netcoreapp2.0) (== netstandard2.0)
      System.Runtime.Extensions (>= 4.3) - restriction: || (&& (== net45) (== net46)) (&& (== net45) (== net47)) (&& (== net45) (== net471)) (&& (== net45) (>= netstandard1.3)) (&& (== net47) (< net46)) (&& (== net471) (< net46)) (== netcoreapp2.0) (== netstandard2.0)
      System.Text.Encoding (>= 4.3) - restriction: || (&& (== net45) (== net46)) (&& (== net45) (== net47)) (&& (== net45) (== net471)) (&& (== net45) (>= netstandard1.3)) (&& (== net47) (< net46)) (&& (== net471) (< net46)) (== netcoreapp2.0) (== netstandard2.0)
    System.Runtime (4.3) - restriction: || (&& (== net45) (>= netstandard1.6)) (&& (== net46) (>= netstandard1.6)) (&& (== net47) (>= netstandard1.6)) (== net471) (== netcoreapp2.0) (== netstandard2.0)
      Microsoft.NETCore.Platforms (>= 1.1) - restriction: || (&& (== net45) (>= dnxcore50)) (&& (== net46) (>= dnxcore50)) (&& (== net46) (< net45)) (&& (== net47) (>= dnxcore50)) (&& (== net47) (< net45)) (&& (== net471) (>= dnxcore50)) (&& (== net471) (< net45)) (== netcoreapp2.0) (== netstandard2.0)
      Microsoft.NETCore.Targets (>= 1.1) - restriction: || (&& (== net45) (>= dnxcore50)) (&& (== net46) (>= dnxcore50)) (&& (== net46) (< net45)) (&& (== net47) (>= dnxcore50)) (&& (== net47) (< net45)) (&& (== net471) (>= dnxcore50)) (&& (== net471) (< net45)) (== netcoreapp2.0) (== netstandard2.0)
    System.Runtime.Extensions (4.3) - restriction: || (&& (== net45) (>= netstandard1.6)) (&& (== net46) (>= netstandard1.6)) (&& (== net47) (>= netstandard1.6)) (== net471) (== netcoreapp2.0) (== netstandard2.0)
      Microsoft.NETCore.Platforms (>= 1.1) - restriction: || (&& (== net45) (>= dnxcore50)) (&& (== net46) (>= dnxcore50)) (&& (== net46) (< net45)) (&& (== net47) (>= dnxcore50)) (&& (== net47) (< net45)) (&& (== net471) (>= dnxcore50)) (&& (== net471) (< net45)) (== netcoreapp2.0) (== netstandard2.0)
      Microsoft.NETCore.Targets (>= 1.1) - restriction: || (&& (== net45) (>= dnxcore50)) (&& (== net46) (>= dnxcore50)) (&& (== net46) (< net45)) (&& (== net47) (>= dnxcore50)) (&& (== net47) (< net45)) (&& (== net471) (>= dnxcore50)) (&& (== net471) (< net45)) (== netcoreapp2.0) (== netstandard2.0)
      System.Runtime (>= 4.3) - restriction: || (&& (== net45) (>= dnxcore50)) (&& (== net46) (>= dnxcore50)) (&& (== net46) (< net45)) (&& (== net47) (>= dnxcore50)) (&& (== net47) (< net45)) (&& (== net471) (>= dnxcore50)) (&& (== net471) (< net45)) (== netcoreapp2.0) (== netstandard2.0)
    System.Runtime.Handles (4.3) - restriction: || (&& (== net45) (>= netstandard1.6)) (&& (== net46) (>= netstandard1.6)) (&& (== net47) (>= netstandard1.6)) (== net471) (== netcoreapp2.0) (== netstandard2.0)
      Microsoft.NETCore.Platforms (>= 1.1) - restriction: || (&& (== net45) (== net46)) (&& (== net45) (== net47)) (&& (== net45) (== net471)) (&& (== net45) (>= netstandard1.3)) (&& (== net47) (< net46)) (&& (== net471) (< net46)) (== netcoreapp2.0) (== netstandard2.0)
      Microsoft.NETCore.Targets (>= 1.1) - restriction: || (&& (== net45) (== net46)) (&& (== net45) (== net47)) (&& (== net45) (== net471)) (&& (== net45) (>= netstandard1.3)) (&& (== net47) (< net46)) (&& (== net471) (< net46)) (== netcoreapp2.0) (== netstandard2.0)
      System.Runtime (>= 4.3) - restriction: || (&& (== net45) (== net46)) (&& (== net45) (== net47)) (&& (== net45) (== net471)) (&& (== net45) (>= netstandard1.3)) (&& (== net47) (< net46)) (&& (== net471) (< net46)) (== netcoreapp2.0) (== netstandard2.0)
    System.Runtime.InteropServices (4.3) - restriction: || (&& (== net45) (>= netstandard1.6)) (&& (== net46) (>= netstandard1.6)) (&& (== net47) (>= netstandard1.6)) (== net471) (== netcoreapp2.0) (== netstandard2.0)
      Microsoft.NETCore.Platforms (>= 1.1) - restriction: || (&& (== net45) (>= dnxcore50)) (&& (== net45) (>= netcoreapp1.1)) (&& (== net46) (>= dnxcore50)) (&& (== net46) (< net45)) (&& (== net46) (>= netcoreapp1.1)) (&& (== net47) (>= dnxcore50)) (&& (== net47) (< net45)) (&& (== net47) (>= netcoreapp1.1)) (&& (== net471) (>= dnxcore50)) (&& (== net471) (< net45)) (&& (== net471) (>= netcoreapp1.1)) (== netcoreapp2.0) (== netstandard2.0)
      Microsoft.NETCore.Targets (>= 1.1) - restriction: || (&& (== net45) (>= dnxcore50)) (&& (== net45) (>= netcoreapp1.1)) (&& (== net46) (>= dnxcore50)) (&& (== net46) (< net45)) (&& (== net46) (>= netcoreapp1.1)) (&& (== net47) (>= dnxcore50)) (&& (== net47) (< net45)) (&& (== net47) (>= netcoreapp1.1)) (&& (== net471) (>= dnxcore50)) (&& (== net471) (< net45)) (&& (== net471) (>= netcoreapp1.1)) (== netcoreapp2.0) (== netstandard2.0)
      System.Reflection (>= 4.3) - restriction: || (&& (== net45) (>= dnxcore50)) (&& (== net45) (>= netcoreapp1.1)) (&& (== net46) (>= dnxcore50)) (&& (== net46) (< net45)) (&& (== net46) (>= netcoreapp1.1)) (&& (== net47) (>= dnxcore50)) (&& (== net47) (< net45)) (&& (== net47) (>= netcoreapp1.1)) (&& (== net471) (>= dnxcore50)) (&& (== net471) (< net45)) (&& (== net471) (>= netcoreapp1.1)) (== netcoreapp2.0) (== netstandard2.0)
      System.Reflection.Primitives (>= 4.3) - restriction: || (&& (== net45) (>= dnxcore50)) (&& (== net45) (>= netcoreapp1.1)) (&& (== net46) (>= dnxcore50)) (&& (== net46) (< net45)) (&& (== net46) (>= netcoreapp1.1)) (&& (== net47) (>= dnxcore50)) (&& (== net47) (< net45)) (&& (== net47) (>= netcoreapp1.1)) (&& (== net471) (>= dnxcore50)) (&& (== net471) (< net45)) (&& (== net471) (>= netcoreapp1.1)) (== netcoreapp2.0) (== netstandard2.0)
      System.Runtime (>= 4.3) - restriction: || (&& (== net45) (>= dnxcore50)) (&& (== net45) (>= net462)) (&& (== net45) (>= netcoreapp1.1)) (&& (== net46) (>= dnxcore50)) (&& (== net46) (< net45)) (&& (== net46) (>= net462)) (&& (== net46) (>= netcoreapp1.1)) (== net47) (== net471) (== netcoreapp2.0) (== netstandard2.0)
      System.Runtime.Handles (>= 4.3) - restriction: || (&& (== net45) (>= dnxcore50)) (&& (== net45) (>= netcoreapp1.1)) (&& (== net46) (>= dnxcore50)) (&& (== net46) (< net45)) (&& (== net46) (>= netcoreapp1.1)) (&& (== net47) (>= dnxcore50)) (&& (== net47) (< net45)) (&& (== net47) (>= netcoreapp1.1)) (&& (== net471) (>= dnxcore50)) (&& (== net471) (< net45)) (&& (== net471) (>= netcoreapp1.1)) (== netcoreapp2.0) (== netstandard2.0)
    System.Runtime.InteropServices.RuntimeInformation (4.3) - restriction: || (&& (== net45) (>= netstandard1.3)) (== net46) (== net47) (== net471) (== netcoreapp2.0) (== netstandard2.0)
      runtime.native.System (>= 4.3) - restriction: || (&& (== net46) (< net45)) (&& (== net47) (< net45)) (&& (== net471) (< net45)) (== netcoreapp2.0) (== netstandard2.0)
      System.Reflection (>= 4.3) - restriction: || (&& (== net45) (>= dnxcore50)) (&& (== net46) (>= dnxcore50)) (&& (== net46) (< net45)) (&& (== net47) (>= dnxcore50)) (&& (== net47) (< net45)) (&& (== net471) (>= dnxcore50)) (&& (== net471) (< net45)) (== netcoreapp2.0) (== netstandard2.0)
      System.Reflection.Extensions (>= 4.3) - restriction: || (&& (== net45) (>= dnxcore50)) (&& (== net46) (>= dnxcore50)) (&& (== net46) (< net45)) (&& (== net47) (>= dnxcore50)) (&& (== net47) (< net45)) (&& (== net471) (>= dnxcore50)) (&& (== net471) (< net45)) (== netcoreapp2.0) (== netstandard2.0)
      System.Resources.ResourceManager (>= 4.3) - restriction: || (&& (== net45) (>= dnxcore50)) (&& (== net46) (>= dnxcore50)) (&& (== net46) (< net45)) (&& (== net47) (>= dnxcore50)) (&& (== net47) (< net45)) (&& (== net471) (>= dnxcore50)) (&& (== net471) (< net45)) (== netcoreapp2.0) (== netstandard2.0)
      System.Runtime (>= 4.3) - restriction: || (&& (== net45) (>= dnxcore50)) (&& (== net46) (>= dnxcore50)) (&& (== net46) (< net45)) (&& (== net47) (>= dnxcore50)) (&& (== net47) (< net45)) (&& (== net471) (>= dnxcore50)) (&& (== net471) (< net45)) (== netcoreapp2.0) (== netstandard2.0)
      System.Runtime.InteropServices (>= 4.3) - restriction: || (&& (== net46) (< net45)) (&& (== net47) (< net45)) (&& (== net471) (< net45)) (== netcoreapp2.0) (== netstandard2.0)
      System.Threading (>= 4.3) - restriction: || (&& (== net45) (>= dnxcore50)) (&& (== net46) (>= dnxcore50)) (&& (== net46) (< net45)) (&& (== net47) (>= dnxcore50)) (&& (== net47) (< net45)) (&& (== net471) (>= dnxcore50)) (&& (== net471) (< net45)) (== netcoreapp2.0) (== netstandard2.0)
    System.Runtime.InteropServices.WindowsRuntime (4.3) - restriction: || (&& (== net46) (< net45)) (&& (== net47) (< net45)) (&& (== net471) (< net45)) (== netcoreapp2.0) (== netstandard2.0)
      System.Runtime (>= 4.3) - restriction: || (&& (== net45) (>= dnxcore50)) (&& (== net46) (>= dnxcore50)) (&& (== net46) (< net45)) (&& (== net47) (>= dnxcore50)) (&& (== net47) (< net45)) (&& (== net471) (>= dnxcore50)) (&& (== net471) (< net45)) (== netcoreapp2.0) (== netstandard2.0)
    System.Runtime.Loader (4.3) - restriction: || (&& (== net45) (>= netstandard1.6)) (&& (== net46) (>= netstandard1.6)) (&& (== net47) (>= netstandard1.6)) (== net471) (== netcoreapp2.0) (== netstandard2.0)
      System.IO (>= 4.3) - restriction: || (&& (== net45) (== net47)) (&& (== net45) (== net471)) (&& (== net45) (>= netstandard1.5)) (&& (== net46) (== net47)) (&& (== net46) (== net471)) (&& (== net46) (>= netstandard1.5)) (&& (== net47) (< net462)) (&& (== net471) (< net462)) (== netcoreapp2.0) (== netstandard2.0)
      System.Reflection (>= 4.3) - restriction: || (&& (== net45) (== net47)) (&& (== net45) (== net471)) (&& (== net45) (>= netstandard1.5)) (&& (== net46) (== net47)) (&& (== net46) (== net471)) (&& (== net46) (>= netstandard1.5)) (&& (== net47) (< net462)) (&& (== net471) (< net462)) (== netcoreapp2.0) (== netstandard2.0)
      System.Runtime (>= 4.3) - restriction: || (&& (== net45) (== net47)) (&& (== net45) (== net471)) (&& (== net45) (>= netstandard1.5)) (&& (== net46) (== net47)) (&& (== net46) (== net471)) (&& (== net46) (>= netstandard1.5)) (&& (== net47) (< net462)) (&& (== net471) (< net462)) (== netcoreapp2.0) (== netstandard2.0)
    System.Runtime.Numerics (4.3) - restriction: || (&& (== net45) (== net471)) (&& (== net45) (>= netstandard1.6)) (&& (== net47) (< net46) (>= netstandard1.6)) (&& (== net471) (< net46)) (== netcoreapp2.0) (== netstandard2.0)
      System.Globalization (>= 4.3) - restriction: || (&& (== net45) (>= dnxcore50)) (&& (== net46) (>= dnxcore50)) (&& (== net46) (< net45)) (&& (== net47) (>= dnxcore50)) (&& (== net47) (< net45)) (&& (== net471) (>= dnxcore50)) (&& (== net471) (< net45)) (== netcoreapp2.0) (== netstandard2.0)
      System.Resources.ResourceManager (>= 4.3) - restriction: || (&& (== net45) (>= dnxcore50)) (&& (== net46) (>= dnxcore50)) (&& (== net46) (< net45)) (&& (== net47) (>= dnxcore50)) (&& (== net47) (< net45)) (&& (== net471) (>= dnxcore50)) (&& (== net471) (< net45)) (== netcoreapp2.0) (== netstandard2.0)
      System.Runtime (>= 4.3) - restriction: || (&& (== net45) (>= dnxcore50)) (&& (== net46) (>= dnxcore50)) (&& (== net46) (< net45)) (&& (== net47) (>= dnxcore50)) (&& (== net47) (< net45)) (&& (== net471) (>= dnxcore50)) (&& (== net471) (< net45)) (== netcoreapp2.0) (== netstandard2.0)
      System.Runtime.Extensions (>= 4.3) - restriction: || (&& (== net45) (>= dnxcore50)) (&& (== net46) (>= dnxcore50)) (&& (== net46) (< net45)) (&& (== net47) (>= dnxcore50)) (&& (== net47) (< net45)) (&& (== net471) (>= dnxcore50)) (&& (== net471) (< net45)) (== netcoreapp2.0) (== netstandard2.0)
    System.Runtime.Serialization.Primitives (4.3) - restriction: || (&& (== net45) (== net46)) (&& (== net45) (== net47)) (&& (== net45) (== net471)) (&& (== net45) (>= netstandard1.3)) (&& (== net47) (< net46)) (&& (== net471) (< net46)) (== netcoreapp2.0) (== netstandard2.0)
      System.Resources.ResourceManager (>= 4.3) - restriction: || (&& (== net45) (>= dnxcore50)) (&& (== net46) (>= dnxcore50)) (&& (== net46) (< net45)) (&& (== net47) (>= dnxcore50)) (&& (== net47) (< net45)) (&& (== net471) (>= dnxcore50)) (&& (== net471) (< net45)) (== netcoreapp2.0) (== netstandard2.0)
      System.Runtime (>= 4.3) - restriction: || (&& (== net45) (>= dnxcore50)) (&& (== net46) (>= dnxcore50)) (&& (== net46) (< net45)) (&& (== net47) (>= dnxcore50)) (&& (== net47) (< net45)) (&& (== net471) (>= dnxcore50)) (&& (== net471) (< net45)) (== netcoreapp2.0) (== netstandard2.0)
    System.Runtime.Serialization.Xml (4.3) - restriction: || (&& (== net45) (== net46)) (&& (== net45) (== net47)) (&& (== net45) (== net471)) (&& (== net45) (>= netstandard1.3)) (&& (== net47) (< net46)) (&& (== net471) (< net46)) (== netcoreapp2.0) (== netstandard2.0)
      System.IO (>= 4.3) - restriction: || (&& (== net45) (>= dnxcore50)) (&& (== net46) (>= dnxcore50)) (&& (== net46) (< net45)) (&& (== net47) (>= dnxcore50)) (&& (== net47) (< net45)) (&& (== net471) (>= dnxcore50)) (&& (== net471) (< net45)) (== netcoreapp2.0) (== netstandard2.0)
      System.Private.DataContractSerialization (>= 4.3) - restriction: || (&& (== net45) (>= dnxcore50)) (&& (== net46) (>= dnxcore50)) (&& (== net46) (< net45)) (&& (== net47) (>= dnxcore50)) (&& (== net47) (< net45)) (&& (== net471) (>= dnxcore50)) (&& (== net471) (< net45)) (== netcoreapp2.0) (== netstandard2.0)
      System.Runtime (>= 4.3) - restriction: || (&& (== net45) (>= dnxcore50)) (&& (== net46) (>= dnxcore50)) (&& (== net46) (< net45)) (&& (== net47) (>= dnxcore50)) (&& (== net47) (< net45)) (&& (== net471) (>= dnxcore50)) (&& (== net471) (< net45)) (== netcoreapp2.0) (== netstandard2.0)
      System.Runtime.Serialization.Primitives (>= 4.3) - restriction: || (&& (== net45) (>= dnxcore50)) (&& (== net45) (>= net46)) (== net46) (== net47) (== net471) (== netcoreapp2.0) (== netstandard2.0)
      System.Text.Encoding (>= 4.3) - restriction: || (&& (== net45) (>= dnxcore50)) (&& (== net46) (>= dnxcore50)) (&& (== net46) (< net45)) (&& (== net47) (>= dnxcore50)) (&& (== net47) (< net45)) (&& (== net471) (>= dnxcore50)) (&& (== net471) (< net45)) (== netcoreapp2.0) (== netstandard2.0)
      System.Xml.ReaderWriter (>= 4.3) - restriction: || (&& (== net45) (>= dnxcore50)) (&& (== net46) (>= dnxcore50)) (&& (== net46) (< net45)) (&& (== net47) (>= dnxcore50)) (&& (== net47) (< net45)) (&& (== net471) (>= dnxcore50)) (&& (== net471) (< net45)) (== netcoreapp2.0) (== netstandard2.0)
    System.Security.AccessControl (4.4.1) - restriction: || (&& (== net45) (== net47) (>= netstandard1.6)) (&& (== net45) (== net471)) (&& (== net45) (>= monoandroid) (>= netstandard1.6)) (&& (== net45) (>= monotouch)) (&& (== net45) (>= net461) (>= netstandard1.6)) (&& (== net45) (>= netcoreapp2.0)) (&& (== net45) (>= netstandard2.0)) (&& (== net45) (>= xamarinios)) (&& (== net45) (>= xamarinmac)) (&& (== net45) (>= xamarintvos)) (&& (== net45) (>= xamarinwatchos)) (&& (== net47) (>= monoandroid) (>= netstandard1.6)) (&& (== net47) (>= monotouch)) (&& (== net47) (< net46) (>= netstandard1.6)) (&& (== net47) (< net46) (>= netstandard2.0)) (&& (== net47) (>= netcoreapp2.0)) (&& (== net47) (>= xamarinios)) (&& (== net47) (>= xamarinmac)) (&& (== net47) (>= xamarintvos)) (&& (== net47) (>= xamarinwatchos)) (&& (== net471) (>= monoandroid)) (&& (== net471) (>= monotouch)) (&& (== net471) (< net46)) (&& (== net471) (>= netcoreapp2.0)) (&& (== net471) (>= xamarinios)) (&& (== net471) (>= xamarinmac)) (&& (== net471) (>= xamarintvos)) (&& (== net471) (>= xamarinwatchos)) (== netcoreapp2.0) (== netstandard2.0)
      Microsoft.NETCore.Platforms (>= 2.0) - restriction: || (&& (== net45) (>= netcoreapp2.0)) (&& (== net46) (>= netcoreapp2.0)) (&& (== net47) (>= netcoreapp2.0)) (&& (== net471) (>= netcoreapp2.0)) (== netcoreapp2.0) (&& (== netstandard2.0) (>= netcoreapp2.0))
      System.Security.Principal.Windows (>= 4.4) - restriction: || (&& (== net45) (>= monoandroid)) (&& (== net45) (>= monotouch)) (&& (== net45) (>= net46)) (&& (== net45) (>= net461)) (&& (== net45) (>= netcoreapp2.0)) (&& (== net45) (>= netstandard1.3)) (&& (== net45) (>= netstandard2.0)) (&& (== net45) (>= xamarinios)) (&& (== net45) (>= xamarinmac)) (&& (== net45) (>= xamarintvos)) (&& (== net45) (>= xamarinwatchos)) (== net46) (== net47) (== net471) (== netcoreapp2.0) (== netstandard2.0)
    System.Security.Cryptography.Algorithms (4.3.1) - restriction: || (&& (== net45) (>= netstandard1.6)) (&& (== net46) (>= netstandard1.6)) (&& (== net47) (>= netstandard1.6)) (== net471) (== netcoreapp2.0) (== netstandard2.0)
      Microsoft.NETCore.Platforms (>= 1.1) - restriction: || (&& (== net45) (== net471)) (&& (== net45) (>= dnxcore50)) (&& (== net45) (>= netstandard1.6)) (&& (== net46) (>= dnxcore50)) (&& (== net47) (>= dnxcore50)) (&& (== net47) (< net46) (>= netstandard1.6)) (&& (== net471) (>= dnxcore50)) (&& (== net471) (< net46)) (== netcoreapp2.0) (== netstandard2.0)
      runtime.native.System.Security.Cryptography.Apple (>= 4.3.1) - restriction: || (&& (== net45) (== net471)) (&& (== net45) (>= netstandard1.6)) (&& (== net47) (< net46) (>= netstandard1.6)) (&& (== net471) (< net46)) (== netcoreapp2.0) (== netstandard2.0)
      runtime.native.System.Security.Cryptography.OpenSsl (>= 4.3.2) - restriction: || (&& (== net45) (== net471)) (&& (== net45) (>= netstandard1.6)) (&& (== net47) (< net46) (>= netstandard1.6)) (&& (== net471) (< net46)) (== netcoreapp2.0) (== netstandard2.0)
      System.Collections (>= 4.3) - restriction: || (&& (== net45) (== net471)) (&& (== net45) (>= netstandard1.6)) (&& (== net47) (< net46) (>= netstandard1.6)) (&& (== net471) (< net46)) (== netcoreapp2.0) (== netstandard2.0)
      System.IO (>= 4.3) - restriction: || (&& (== net45) (== net46)) (&& (== net45) (>= dnxcore50)) (&& (== net45) (>= net463)) (&& (== net45) (>= netstandard1.3)) (&& (== net45) (>= netstandard1.4)) (&& (== net45) (>= netstandard1.6)) (&& (== net46) (>= dnxcore50)) (&& (== net46) (>= net463)) (== net47) (== net471) (== netcoreapp2.0) (== netstandard2.0)
      System.Resources.ResourceManager (>= 4.3) - restriction: || (&& (== net45) (== net471)) (&& (== net45) (>= dnxcore50)) (&& (== net45) (>= netstandard1.6)) (&& (== net46) (>= dnxcore50)) (&& (== net47) (>= dnxcore50)) (&& (== net47) (< net46) (>= netstandard1.6)) (&& (== net471) (>= dnxcore50)) (&& (== net471) (< net46)) (== netcoreapp2.0) (== netstandard2.0)
      System.Runtime (>= 4.3) - restriction: || (&& (== net45) (== net46)) (&& (== net45) (>= dnxcore50)) (&& (== net45) (>= net463)) (&& (== net45) (>= netstandard1.3)) (&& (== net45) (>= netstandard1.4)) (&& (== net45) (>= netstandard1.6)) (&& (== net46) (>= dnxcore50)) (&& (== net46) (>= net463)) (== net47) (== net471) (== netcoreapp2.0) (== netstandard2.0)
      System.Runtime.Extensions (>= 4.3) - restriction: || (&& (== net45) (== net471)) (&& (== net45) (>= dnxcore50)) (&& (== net45) (>= netstandard1.6)) (&& (== net46) (>= dnxcore50)) (&& (== net47) (>= dnxcore50)) (&& (== net47) (< net46) (>= netstandard1.6)) (&& (== net471) (>= dnxcore50)) (&& (== net471) (< net46)) (== netcoreapp2.0) (== netstandard2.0)
      System.Runtime.Handles (>= 4.3) - restriction: || (&& (== net45) (== net471)) (&& (== net45) (>= dnxcore50)) (&& (== net45) (>= netstandard1.6)) (&& (== net46) (>= dnxcore50)) (&& (== net47) (>= dnxcore50)) (&& (== net47) (< net46) (>= netstandard1.6)) (&& (== net471) (>= dnxcore50)) (&& (== net471) (< net46)) (== netcoreapp2.0) (== netstandard2.0)
      System.Runtime.InteropServices (>= 4.3) - restriction: || (&& (== net45) (== net471)) (&& (== net45) (>= dnxcore50)) (&& (== net45) (>= netstandard1.6)) (&& (== net46) (>= dnxcore50)) (&& (== net47) (>= dnxcore50)) (&& (== net47) (< net46) (>= netstandard1.6)) (&& (== net471) (>= dnxcore50)) (&& (== net471) (< net46)) (== netcoreapp2.0) (== netstandard2.0)
      System.Runtime.Numerics (>= 4.3) - restriction: || (&& (== net45) (== net471)) (&& (== net45) (>= netstandard1.6)) (&& (== net47) (< net46) (>= netstandard1.6)) (&& (== net471) (< net46)) (== netcoreapp2.0) (== netstandard2.0)
      System.Security.Cryptography.Encoding (>= 4.3) - restriction: || (&& (== net45) (>= dnxcore50)) (&& (== net45) (>= net463)) (&& (== net45) (>= netstandard1.6)) (&& (== net46) (>= dnxcore50)) (&& (== net46) (>= net463)) (== net47) (== net471) (== netcoreapp2.0) (== netstandard2.0)
      System.Security.Cryptography.Primitives (>= 4.3) - restriction: || (&& (== net45) (>= dnxcore50)) (&& (== net45) (>= net46)) (&& (== net45) (>= net461)) (&& (== net45) (>= net463)) (&& (== net45) (>= netstandard1.3)) (&& (== net45) (>= netstandard1.4)) (&& (== net45) (>= netstandard1.6)) (== net46) (== net47) (== net471) (== netcoreapp2.0) (== netstandard2.0)
      System.Text.Encoding (>= 4.3) - restriction: || (&& (== net45) (== net471)) (&& (== net45) (>= dnxcore50)) (&& (== net45) (>= netstandard1.6)) (&& (== net46) (>= dnxcore50)) (&& (== net47) (>= dnxcore50)) (&& (== net47) (< net46) (>= netstandard1.6)) (&& (== net471) (>= dnxcore50)) (&& (== net471) (< net46)) (== netcoreapp2.0) (== netstandard2.0)
    System.Security.Cryptography.Cng (4.4) - restriction: || (&& (== net45) (== net46) (>= dnxcore50)) (&& (== net45) (== net471)) (&& (== net45) (>= dnxcore50) (>= netstandard1.3)) (&& (== net45) (>= netstandard1.6)) (&& (== net47) (>= dnxcore50)) (&& (== net47) (< net46) (>= netstandard1.6)) (&& (== net471) (>= dnxcore50)) (&& (== net471) (< net46)) (== netcoreapp2.0) (== netstandard2.0)
      Microsoft.NETCore.Platforms (>= 2.0) - restriction: || (&& (== net45) (>= netcoreapp2.0)) (&& (== net46) (>= netcoreapp2.0)) (&& (== net47) (>= netcoreapp2.0)) (&& (== net471) (>= netcoreapp2.0)) (== netcoreapp2.0) (&& (== netstandard2.0) (>= netcoreapp2.0))
    System.Security.Cryptography.Csp (4.3) - restriction: || (&& (== net45) (== net471)) (&& (== net45) (>= netstandard1.6)) (&& (== net47) (< net46) (>= netstandard1.6)) (&& (== net471) (< net46)) (== netcoreapp2.0) (== netstandard2.0)
      Microsoft.NETCore.Platforms (>= 1.1) - restriction: || (&& (== net45) (== net46)) (&& (== net45) (== net47)) (&& (== net45) (== net471)) (&& (== net45) (>= netstandard1.3)) (&& (== net47) (< net46)) (&& (== net471) (< net46)) (== netcoreapp2.0) (== netstandard2.0)
      System.IO (>= 4.3) - restriction: || (&& (== net45) (== net46)) (&& (== net45) (== net47)) (&& (== net45) (== net471)) (&& (== net45) (>= netstandard1.3)) (&& (== net47) (< net46)) (&& (== net471) (< net46)) (== netcoreapp2.0) (== netstandard2.0)
      System.Reflection (>= 4.3) - restriction: || (&& (== net45) (== net46)) (&& (== net45) (== net47)) (&& (== net45) (== net471)) (&& (== net45) (>= netstandard1.3)) (&& (== net47) (< net46)) (&& (== net471) (< net46)) (== netcoreapp2.0) (== netstandard2.0)
      System.Resources.ResourceManager (>= 4.3) - restriction: || (&& (== net45) (== net46)) (&& (== net45) (== net47)) (&& (== net45) (== net471)) (&& (== net45) (>= netstandard1.3)) (&& (== net47) (< net46)) (&& (== net471) (< net46)) (== netcoreapp2.0) (== netstandard2.0)
      System.Runtime (>= 4.3) - restriction: || (&& (== net45) (== net46)) (&& (== net45) (== net47)) (&& (== net45) (== net471)) (&& (== net45) (>= netstandard1.3)) (&& (== net47) (< net46)) (&& (== net471) (< net46)) (== netcoreapp2.0) (== netstandard2.0)
      System.Runtime.Extensions (>= 4.3) - restriction: || (&& (== net45) (== net46)) (&& (== net45) (== net47)) (&& (== net45) (== net471)) (&& (== net45) (>= netstandard1.3)) (&& (== net47) (< net46)) (&& (== net471) (< net46)) (== netcoreapp2.0) (== netstandard2.0)
      System.Runtime.Handles (>= 4.3) - restriction: || (&& (== net45) (== net46)) (&& (== net45) (== net47)) (&& (== net45) (== net471)) (&& (== net45) (>= netstandard1.3)) (&& (== net47) (< net46)) (&& (== net471) (< net46)) (== netcoreapp2.0) (== netstandard2.0)
      System.Runtime.InteropServices (>= 4.3) - restriction: || (&& (== net45) (== net46)) (&& (== net45) (== net47)) (&& (== net45) (== net471)) (&& (== net45) (>= netstandard1.3)) (&& (== net47) (< net46)) (&& (== net471) (< net46)) (== netcoreapp2.0) (== netstandard2.0)
      System.Security.Cryptography.Algorithms (>= 4.3) - restriction: || (&& (== net45) (>= net46)) (&& (== net45) (>= netstandard1.3)) (== net46) (== net47) (== net471) (== netcoreapp2.0) (== netstandard2.0)
      System.Security.Cryptography.Encoding (>= 4.3) - restriction: || (&& (== net45) (== net46)) (&& (== net45) (== net47)) (&& (== net45) (== net471)) (&& (== net45) (>= netstandard1.3)) (&& (== net47) (< net46)) (&& (== net471) (< net46)) (== netcoreapp2.0) (== netstandard2.0)
      System.Security.Cryptography.Primitives (>= 4.3) - restriction: || (&& (== net45) (>= net46)) (&& (== net45) (>= netstandard1.3)) (== net46) (== net47) (== net471) (== netcoreapp2.0) (== netstandard2.0)
      System.Text.Encoding (>= 4.3) - restriction: || (&& (== net45) (== net46)) (&& (== net45) (== net47)) (&& (== net45) (== net471)) (&& (== net45) (>= netstandard1.3)) (&& (== net47) (< net46)) (&& (== net471) (< net46)) (== netcoreapp2.0) (== netstandard2.0)
      System.Threading (>= 4.3) - restriction: || (&& (== net45) (== net46)) (&& (== net45) (== net47)) (&& (== net45) (== net471)) (&& (== net45) (>= netstandard1.3)) (&& (== net47) (< net46)) (&& (== net471) (< net46)) (== netcoreapp2.0) (== netstandard2.0)
    System.Security.Cryptography.Encoding (4.3) - restriction: || (&& (== net45) (>= netstandard1.6)) (&& (== net46) (>= dnxcore50) (>= netstandard1.6)) (&& (== net46) (>= net463) (>= netstandard1.6)) (&& (== net47) (>= netstandard1.6)) (== net471) (== netcoreapp2.0) (== netstandard2.0)
      Microsoft.NETCore.Platforms (>= 1.1) - restriction: || (&& (== net45) (== net46)) (&& (== net45) (== net47)) (&& (== net45) (== net471)) (&& (== net45) (>= netstandard1.3)) (&& (== net47) (< net46)) (&& (== net471) (< net46)) (== netcoreapp2.0) (== netstandard2.0)
      runtime.native.System.Security.Cryptography.OpenSsl (>= 4.3) - restriction: || (&& (== net45) (== net46)) (&& (== net45) (== net47)) (&& (== net45) (== net471)) (&& (== net45) (>= netstandard1.3)) (&& (== net47) (< net46)) (&& (== net471) (< net46)) (== netcoreapp2.0) (== netstandard2.0)
      System.Collections (>= 4.3) - restriction: || (&& (== net45) (== net46)) (&& (== net45) (== net47)) (&& (== net45) (== net471)) (&& (== net45) (>= netstandard1.3)) (&& (== net47) (< net46)) (&& (== net471) (< net46)) (== netcoreapp2.0) (== netstandard2.0)
      System.Collections.Concurrent (>= 4.3) - restriction: || (&& (== net45) (== net46)) (&& (== net45) (== net47)) (&& (== net45) (== net471)) (&& (== net45) (>= netstandard1.3)) (&& (== net47) (< net46)) (&& (== net471) (< net46)) (== netcoreapp2.0) (== netstandard2.0)
      System.Linq (>= 4.3) - restriction: || (&& (== net45) (== net46)) (&& (== net45) (== net47)) (&& (== net45) (== net471)) (&& (== net45) (>= netstandard1.3)) (&& (== net47) (< net46)) (&& (== net471) (< net46)) (== netcoreapp2.0) (== netstandard2.0)
      System.Resources.ResourceManager (>= 4.3) - restriction: || (&& (== net45) (== net46)) (&& (== net45) (== net47)) (&& (== net45) (== net471)) (&& (== net45) (>= netstandard1.3)) (&& (== net47) (< net46)) (&& (== net471) (< net46)) (== netcoreapp2.0) (== netstandard2.0)
      System.Runtime (>= 4.3) - restriction: || (&& (== net45) (== net46)) (&& (== net45) (== net47)) (&& (== net45) (== net471)) (&& (== net45) (>= netstandard1.3)) (&& (== net47) (< net46)) (&& (== net471) (< net46)) (== netcoreapp2.0) (== netstandard2.0)
      System.Runtime.Extensions (>= 4.3) - restriction: || (&& (== net45) (== net46)) (&& (== net45) (== net47)) (&& (== net45) (== net471)) (&& (== net45) (>= netstandard1.3)) (&& (== net47) (< net46)) (&& (== net471) (< net46)) (== netcoreapp2.0) (== netstandard2.0)
      System.Runtime.Handles (>= 4.3) - restriction: || (&& (== net45) (== net46)) (&& (== net45) (== net47)) (&& (== net45) (== net471)) (&& (== net45) (>= netstandard1.3)) (&& (== net47) (< net46)) (&& (== net471) (< net46)) (== netcoreapp2.0) (== netstandard2.0)
      System.Runtime.InteropServices (>= 4.3) - restriction: || (&& (== net45) (== net46)) (&& (== net45) (== net47)) (&& (== net45) (== net471)) (&& (== net45) (>= netstandard1.3)) (&& (== net47) (< net46)) (&& (== net471) (< net46)) (== netcoreapp2.0) (== netstandard2.0)
      System.Security.Cryptography.Primitives (>= 4.3) - restriction: || (&& (== net45) (== net46)) (&& (== net45) (== net47)) (&& (== net45) (== net471)) (&& (== net45) (>= netstandard1.3)) (&& (== net47) (< net46)) (&& (== net471) (< net46)) (== netcoreapp2.0) (== netstandard2.0)
      System.Text.Encoding (>= 4.3) - restriction: || (&& (== net45) (== net46)) (&& (== net45) (== net47)) (&& (== net45) (== net471)) (&& (== net45) (>= netstandard1.3)) (&& (== net47) (< net46)) (&& (== net471) (< net46)) (== netcoreapp2.0) (== netstandard2.0)
    System.Security.Cryptography.OpenSsl (4.4) - restriction: || (&& (== net45) (== net471)) (&& (== net45) (>= netstandard1.6)) (&& (== net47) (< net46) (>= netstandard1.6)) (&& (== net471) (< net46)) (== netcoreapp2.0) (== netstandard2.0)
      Microsoft.NETCore.Platforms (>= 2.0) - restriction: || (&& (== net45) (>= netcoreapp2.0)) (&& (== net46) (>= netcoreapp2.0)) (&& (== net47) (>= netcoreapp2.0)) (&& (== net471) (>= netcoreapp2.0)) (== netcoreapp2.0) (&& (== netstandard2.0) (>= netcoreapp2.0))
    System.Security.Cryptography.Primitives (4.3) - restriction: || (&& (== net45) (>= netstandard1.6)) (&& (== net46) (>= netstandard1.6)) (&& (== net47) (>= netstandard1.6)) (== net471) (== netcoreapp2.0) (== netstandard2.0)
      System.Diagnostics.Debug (>= 4.3) - restriction: || (&& (== net45) (== net46)) (&& (== net45) (== net47)) (&& (== net45) (== net471)) (&& (== net45) (>= netstandard1.3)) (&& (== net47) (< net46)) (&& (== net471) (< net46)) (== netcoreapp2.0) (== netstandard2.0)
      System.Globalization (>= 4.3) - restriction: || (&& (== net45) (== net46)) (&& (== net45) (== net47)) (&& (== net45) (== net471)) (&& (== net45) (>= netstandard1.3)) (&& (== net47) (< net46)) (&& (== net471) (< net46)) (== netcoreapp2.0) (== netstandard2.0)
      System.IO (>= 4.3) - restriction: || (&& (== net45) (== net46)) (&& (== net45) (== net47)) (&& (== net45) (== net471)) (&& (== net45) (>= netstandard1.3)) (&& (== net47) (< net46)) (&& (== net471) (< net46)) (== netcoreapp2.0) (== netstandard2.0)
      System.Resources.ResourceManager (>= 4.3) - restriction: || (&& (== net45) (== net46)) (&& (== net45) (== net47)) (&& (== net45) (== net471)) (&& (== net45) (>= netstandard1.3)) (&& (== net47) (< net46)) (&& (== net471) (< net46)) (== netcoreapp2.0) (== netstandard2.0)
      System.Runtime (>= 4.3) - restriction: || (&& (== net45) (== net46)) (&& (== net45) (== net47)) (&& (== net45) (== net471)) (&& (== net45) (>= netstandard1.3)) (&& (== net47) (< net46)) (&& (== net471) (< net46)) (== netcoreapp2.0) (== netstandard2.0)
      System.Threading (>= 4.3) - restriction: || (&& (== net45) (== net46)) (&& (== net45) (== net47)) (&& (== net45) (== net471)) (&& (== net45) (>= netstandard1.3)) (&& (== net47) (< net46)) (&& (== net471) (< net46)) (== netcoreapp2.0) (== netstandard2.0)
      System.Threading.Tasks (>= 4.3) - restriction: || (&& (== net45) (== net46)) (&& (== net45) (== net47)) (&& (== net45) (== net471)) (&& (== net45) (>= netstandard1.3)) (&& (== net47) (< net46)) (&& (== net471) (< net46)) (== netcoreapp2.0) (== netstandard2.0)
    System.Security.Cryptography.X509Certificates (4.3.2) - restriction: || (&& (== net45) (== net46)) (&& (== net45) (== net47)) (&& (== net45) (== net471)) (&& (== net45) (>= netstandard1.3)) (&& (== net47) (< net46)) (&& (== net471) (< net46)) (== netcoreapp2.0) (== netstandard2.0)
      Microsoft.NETCore.Platforms (>= 1.1) - restriction: || (&& (== net45) (== net471)) (&& (== net45) (>= dnxcore50)) (&& (== net45) (>= netstandard1.6)) (&& (== net46) (>= dnxcore50)) (&& (== net47) (>= dnxcore50)) (&& (== net47) (< net46) (>= netstandard1.6)) (&& (== net471) (>= dnxcore50)) (&& (== net471) (< net46)) (== netcoreapp2.0) (== netstandard2.0)
      runtime.native.System (>= 4.3) - restriction: || (&& (== net45) (== net471)) (&& (== net45) (>= netstandard1.6)) (&& (== net47) (< net46) (>= netstandard1.6)) (&& (== net471) (< net46)) (== netcoreapp2.0) (== netstandard2.0)
      runtime.native.System.Net.Http (>= 4.3) - restriction: || (&& (== net45) (== net471)) (&& (== net45) (>= netstandard1.6)) (&& (== net47) (< net46) (>= netstandard1.6)) (&& (== net471) (< net46)) (== netcoreapp2.0) (== netstandard2.0)
      runtime.native.System.Security.Cryptography.OpenSsl (>= 4.3.2) - restriction: || (&& (== net45) (== net471)) (&& (== net45) (>= netstandard1.6)) (&& (== net47) (< net46) (>= netstandard1.6)) (&& (== net471) (< net46)) (== netcoreapp2.0) (== netstandard2.0)
      System.Collections (>= 4.3) - restriction: || (&& (== net45) (== net471)) (&& (== net45) (>= dnxcore50)) (&& (== net45) (>= netstandard1.6)) (&& (== net46) (>= dnxcore50)) (&& (== net47) (>= dnxcore50)) (&& (== net47) (< net46) (>= netstandard1.6)) (&& (== net471) (>= dnxcore50)) (&& (== net471) (< net46)) (== netcoreapp2.0) (== netstandard2.0)
      System.Diagnostics.Debug (>= 4.3) - restriction: || (&& (== net45) (== net471)) (&& (== net45) (>= netstandard1.6)) (&& (== net47) (< net46) (>= netstandard1.6)) (&& (== net471) (< net46)) (== netcoreapp2.0) (== netstandard2.0)
      System.Globalization (>= 4.3) - restriction: || (&& (== net45) (== net471)) (&& (== net45) (>= dnxcore50)) (&& (== net45) (>= netstandard1.6)) (&& (== net46) (>= dnxcore50)) (&& (== net47) (>= dnxcore50)) (&& (== net47) (< net46) (>= netstandard1.6)) (&& (== net471) (>= dnxcore50)) (&& (== net471) (< net46)) (== netcoreapp2.0) (== netstandard2.0)
      System.Globalization.Calendars (>= 4.3) - restriction: || (&& (== net45) (== net471)) (&& (== net45) (>= dnxcore50)) (&& (== net45) (>= netstandard1.6)) (&& (== net46) (>= dnxcore50)) (&& (== net47) (>= dnxcore50)) (&& (== net47) (< net46) (>= netstandard1.6)) (&& (== net471) (>= dnxcore50)) (&& (== net471) (< net46)) (== netcoreapp2.0) (== netstandard2.0)
      System.IO (>= 4.3) - restriction: || (&& (== net45) (== net471)) (&& (== net45) (>= dnxcore50)) (&& (== net45) (>= netstandard1.6)) (&& (== net46) (>= dnxcore50)) (&& (== net47) (>= dnxcore50)) (&& (== net47) (< net46) (>= netstandard1.6)) (&& (== net471) (>= dnxcore50)) (&& (== net471) (< net46)) (== netcoreapp2.0) (== netstandard2.0)
      System.IO.FileSystem (>= 4.3) - restriction: || (&& (== net45) (== net471)) (&& (== net45) (>= dnxcore50)) (&& (== net45) (>= netstandard1.6)) (&& (== net46) (>= dnxcore50)) (&& (== net47) (>= dnxcore50)) (&& (== net47) (< net46) (>= netstandard1.6)) (&& (== net471) (>= dnxcore50)) (&& (== net471) (< net46)) (== netcoreapp2.0) (== netstandard2.0)
      System.IO.FileSystem.Primitives (>= 4.3) - restriction: || (&& (== net45) (== net471)) (&& (== net45) (>= netstandard1.6)) (&& (== net47) (< net46) (>= netstandard1.6)) (&& (== net471) (< net46)) (== netcoreapp2.0) (== netstandard2.0)
      System.Resources.ResourceManager (>= 4.3) - restriction: || (&& (== net45) (== net471)) (&& (== net45) (>= dnxcore50)) (&& (== net45) (>= netstandard1.6)) (&& (== net46) (>= dnxcore50)) (&& (== net47) (>= dnxcore50)) (&& (== net47) (< net46) (>= netstandard1.6)) (&& (== net471) (>= dnxcore50)) (&& (== net471) (< net46)) (== netcoreapp2.0) (== netstandard2.0)
      System.Runtime (>= 4.3) - restriction: || (&& (== net45) (== net46)) (&& (== net45) (== net47)) (&& (== net45) (== net471)) (&& (== net45) (>= dnxcore50)) (&& (== net45) (>= netstandard1.3)) (&& (== net45) (>= netstandard1.4)) (&& (== net45) (>= netstandard1.6)) (&& (== net46) (>= dnxcore50)) (&& (== net47) (>= dnxcore50)) (&& (== net47) (< net46)) (&& (== net471) (>= dnxcore50)) (&& (== net471) (< net46)) (== netcoreapp2.0) (== netstandard2.0)
      System.Runtime.Extensions (>= 4.3) - restriction: || (&& (== net45) (== net471)) (&& (== net45) (>= dnxcore50)) (&& (== net45) (>= netstandard1.6)) (&& (== net46) (>= dnxcore50)) (&& (== net47) (>= dnxcore50)) (&& (== net47) (< net46) (>= netstandard1.6)) (&& (== net471) (>= dnxcore50)) (&& (== net471) (< net46)) (== netcoreapp2.0) (== netstandard2.0)
      System.Runtime.Handles (>= 4.3) - restriction: || (&& (== net45) (== net46)) (&& (== net45) (== net47)) (&& (== net45) (== net471)) (&& (== net45) (>= dnxcore50)) (&& (== net45) (>= netstandard1.3)) (&& (== net45) (>= netstandard1.4)) (&& (== net45) (>= netstandard1.6)) (&& (== net46) (>= dnxcore50)) (&& (== net47) (>= dnxcore50)) (&& (== net47) (< net46)) (&& (== net471) (>= dnxcore50)) (&& (== net471) (< net46)) (== netcoreapp2.0) (== netstandard2.0)
      System.Runtime.InteropServices (>= 4.3) - restriction: || (&& (== net45) (== net471)) (&& (== net45) (>= dnxcore50)) (&& (== net45) (>= netstandard1.6)) (&& (== net46) (>= dnxcore50)) (&& (== net47) (>= dnxcore50)) (&& (== net47) (< net46) (>= netstandard1.6)) (&& (== net471) (>= dnxcore50)) (&& (== net471) (< net46)) (== netcoreapp2.0) (== netstandard2.0)
      System.Runtime.Numerics (>= 4.3) - restriction: || (&& (== net45) (== net471)) (&& (== net45) (>= dnxcore50)) (&& (== net45) (>= netstandard1.6)) (&& (== net46) (>= dnxcore50)) (&& (== net47) (>= dnxcore50)) (&& (== net47) (< net46) (>= netstandard1.6)) (&& (== net471) (>= dnxcore50)) (&& (== net471) (< net46)) (== netcoreapp2.0) (== netstandard2.0)
      System.Security.Cryptography.Algorithms (>= 4.3) - restriction: || (&& (== net45) (>= dnxcore50)) (&& (== net45) (>= net46)) (&& (== net45) (>= net461)) (&& (== net45) (>= netstandard1.3)) (&& (== net45) (>= netstandard1.4)) (&& (== net45) (>= netstandard1.6)) (== net46) (== net47) (== net471) (== netcoreapp2.0) (== netstandard2.0)
      System.Security.Cryptography.Cng (>= 4.3) - restriction: || (&& (== net45) (== net471)) (&& (== net45) (>= dnxcore50)) (&& (== net45) (>= netstandard1.6)) (&& (== net46) (>= dnxcore50)) (&& (== net47) (>= dnxcore50)) (&& (== net47) (< net46) (>= netstandard1.6)) (&& (== net471) (>= dnxcore50)) (&& (== net471) (< net46)) (== netcoreapp2.0) (== netstandard2.0)
      System.Security.Cryptography.Csp (>= 4.3) - restriction: || (&& (== net45) (== net471)) (&& (== net45) (>= netstandard1.6)) (&& (== net47) (< net46) (>= netstandard1.6)) (&& (== net471) (< net46)) (== netcoreapp2.0) (== netstandard2.0)
      System.Security.Cryptography.Encoding (>= 4.3) - restriction: || (&& (== net45) (>= dnxcore50)) (&& (== net45) (>= net46)) (&& (== net45) (>= net461)) (&& (== net45) (>= netstandard1.3)) (&& (== net45) (>= netstandard1.4)) (&& (== net45) (>= netstandard1.6)) (== net46) (== net47) (== net471) (== netcoreapp2.0) (== netstandard2.0)
      System.Security.Cryptography.OpenSsl (>= 4.3) - restriction: || (&& (== net45) (== net471)) (&& (== net45) (>= netstandard1.6)) (&& (== net47) (< net46) (>= netstandard1.6)) (&& (== net471) (< net46)) (== netcoreapp2.0) (== netstandard2.0)
      System.Security.Cryptography.Primitives (>= 4.3) - restriction: || (&& (== net45) (== net471)) (&& (== net45) (>= dnxcore50)) (&& (== net45) (>= netstandard1.6)) (&& (== net46) (>= dnxcore50)) (&& (== net47) (>= dnxcore50)) (&& (== net47) (< net46) (>= netstandard1.6)) (&& (== net471) (>= dnxcore50)) (&& (== net471) (< net46)) (== netcoreapp2.0) (== netstandard2.0)
      System.Text.Encoding (>= 4.3) - restriction: || (&& (== net45) (== net471)) (&& (== net45) (>= dnxcore50)) (&& (== net45) (>= netstandard1.6)) (&& (== net46) (>= dnxcore50)) (&& (== net47) (>= dnxcore50)) (&& (== net47) (< net46) (>= netstandard1.6)) (&& (== net471) (>= dnxcore50)) (&& (== net471) (< net46)) (== netcoreapp2.0) (== netstandard2.0)
      System.Threading (>= 4.3) - restriction: || (&& (== net45) (== net471)) (&& (== net45) (>= dnxcore50)) (&& (== net45) (>= netstandard1.6)) (&& (== net46) (>= dnxcore50)) (&& (== net47) (>= dnxcore50)) (&& (== net47) (< net46) (>= netstandard1.6)) (&& (== net471) (>= dnxcore50)) (&& (== net471) (< net46)) (== netcoreapp2.0) (== netstandard2.0)
    System.Security.Principal (4.3) - restriction: || (&& (== net45) (== net47)) (&& (== net45) (== net471)) (&& (== net45) (>= netstandard1.5)) (&& (== net47) (< net46)) (&& (== net471) (< net46)) (== netcoreapp2.0) (== netstandard2.0)
      System.Runtime (>= 4.3) - restriction: || (&& (== net45) (>= dnxcore50)) (&& (== net46) (>= dnxcore50)) (&& (== net46) (< net45)) (&& (== net47) (>= dnxcore50)) (&& (== net47) (< net45)) (&& (== net471) (>= dnxcore50)) (&& (== net471) (< net45)) (== netcoreapp2.0) (== netstandard2.0)
    System.Security.Principal.Windows (4.4.1) - restriction: || (&& (== net45) (== net47) (>= netstandard1.6)) (&& (== net45) (== net471)) (&& (== net45) (>= monoandroid) (>= netstandard1.6)) (&& (== net45) (>= monotouch)) (&& (== net45) (>= net461) (>= netstandard1.6)) (&& (== net45) (>= netcoreapp2.0)) (&& (== net45) (>= netstandard2.0)) (&& (== net45) (>= xamarinios)) (&& (== net45) (>= xamarinmac)) (&& (== net45) (>= xamarintvos)) (&& (== net45) (>= xamarinwatchos)) (&& (== net47) (>= monoandroid) (>= netstandard1.6)) (&& (== net47) (>= monotouch)) (&& (== net47) (< net46) (>= netstandard1.6)) (&& (== net47) (< net46) (>= netstandard2.0)) (&& (== net47) (>= netcoreapp2.0)) (&& (== net47) (>= xamarinios)) (&& (== net47) (>= xamarinmac)) (&& (== net47) (>= xamarintvos)) (&& (== net47) (>= xamarinwatchos)) (&& (== net471) (>= monoandroid)) (&& (== net471) (>= monotouch)) (&& (== net471) (< net46)) (&& (== net471) (>= netcoreapp2.0)) (&& (== net471) (>= xamarinios)) (&& (== net471) (>= xamarinmac)) (&& (== net471) (>= xamarintvos)) (&& (== net471) (>= xamarinwatchos)) (== netcoreapp2.0) (== netstandard2.0)
      Microsoft.NETCore.Platforms (>= 2.0) - restriction: || (&& (== net45) (>= netcoreapp2.0)) (&& (== net46) (>= netcoreapp2.0)) (&& (== net47) (>= netcoreapp2.0)) (&& (== net471) (>= netcoreapp2.0)) (== netcoreapp2.0) (&& (== netstandard2.0) (>= netcoreapp2.0))
    System.Text.Encoding (4.3) - restriction: || (&& (== net45) (>= netstandard1.6)) (&& (== net46) (>= netstandard1.6)) (&& (== net47) (>= netstandard1.6)) (== net471) (== netcoreapp2.0) (== netstandard2.0)
      Microsoft.NETCore.Platforms (>= 1.1) - restriction: || (&& (== net45) (>= dnxcore50)) (&& (== net46) (>= dnxcore50)) (&& (== net46) (< net45)) (&& (== net47) (>= dnxcore50)) (&& (== net47) (< net45)) (&& (== net471) (>= dnxcore50)) (&& (== net471) (< net45)) (== netcoreapp2.0) (== netstandard2.0)
      Microsoft.NETCore.Targets (>= 1.1) - restriction: || (&& (== net45) (>= dnxcore50)) (&& (== net46) (>= dnxcore50)) (&& (== net46) (< net45)) (&& (== net47) (>= dnxcore50)) (&& (== net47) (< net45)) (&& (== net471) (>= dnxcore50)) (&& (== net471) (< net45)) (== netcoreapp2.0) (== netstandard2.0)
      System.Runtime (>= 4.3) - restriction: || (&& (== net45) (>= dnxcore50)) (&& (== net46) (>= dnxcore50)) (&& (== net46) (< net45)) (&& (== net47) (>= dnxcore50)) (&& (== net47) (< net45)) (&& (== net471) (>= dnxcore50)) (&& (== net471) (< net45)) (== netcoreapp2.0) (== netstandard2.0)
    System.Text.Encoding.CodePages (4.4) - restriction: || (&& (== net45) (== net46)) (&& (== net45) (== net47)) (&& (== net45) (== net471)) (&& (== net45) (>= netstandard1.3)) (&& (== net47) (< net46)) (&& (== net471) (< net46)) (== netcoreapp2.0) (== netstandard2.0)
      Microsoft.NETCore.Platforms (>= 2.0) - restriction: || (&& (== net45) (>= netcoreapp2.0)) (&& (== net46) (>= netcoreapp2.0)) (&& (== net47) (>= netcoreapp2.0)) (&& (== net471) (>= netcoreapp2.0)) (== netcoreapp2.0) (&& (== netstandard2.0) (>= netcoreapp2.0))
    System.Text.Encoding.Extensions (4.3) - restriction: || (&& (== net45) (>= netstandard1.6)) (&& (== net46) (>= netstandard1.6)) (&& (== net47) (>= netstandard1.6)) (== net471) (== netcoreapp2.0) (== netstandard2.0)
      Microsoft.NETCore.Platforms (>= 1.1) - restriction: || (&& (== net45) (>= dnxcore50)) (&& (== net46) (>= dnxcore50)) (&& (== net46) (< net45)) (&& (== net47) (>= dnxcore50)) (&& (== net47) (< net45)) (&& (== net471) (>= dnxcore50)) (&& (== net471) (< net45)) (== netcoreapp2.0) (== netstandard2.0)
      Microsoft.NETCore.Targets (>= 1.1) - restriction: || (&& (== net45) (>= dnxcore50)) (&& (== net46) (>= dnxcore50)) (&& (== net46) (< net45)) (&& (== net47) (>= dnxcore50)) (&& (== net47) (< net45)) (&& (== net471) (>= dnxcore50)) (&& (== net471) (< net45)) (== netcoreapp2.0) (== netstandard2.0)
      System.Runtime (>= 4.3) - restriction: || (&& (== net45) (>= dnxcore50)) (&& (== net46) (>= dnxcore50)) (&& (== net46) (< net45)) (&& (== net47) (>= dnxcore50)) (&& (== net47) (< net45)) (&& (== net471) (>= dnxcore50)) (&& (== net471) (< net45)) (== netcoreapp2.0) (== netstandard2.0)
      System.Text.Encoding (>= 4.3) - restriction: || (&& (== net45) (>= dnxcore50)) (&& (== net46) (>= dnxcore50)) (&& (== net46) (< net45)) (&& (== net47) (>= dnxcore50)) (&& (== net47) (< net45)) (&& (== net471) (>= dnxcore50)) (&& (== net471) (< net45)) (== netcoreapp2.0) (== netstandard2.0)
    System.Text.RegularExpressions (4.3) - restriction: || (&& (== net45) (== net46)) (&& (== net45) (== net47)) (&& (== net45) (== net471)) (&& (== net45) (>= netstandard1.3)) (&& (== net47) (< net46)) (&& (== net471) (< net46)) (== netcoreapp2.0) (== netstandard2.0)
      System.Collections (>= 4.3) - restriction: || (&& (== net45) (== netcoreapp2.0)) (&& (== net45) (>= dnxcore50)) (&& (== net46) (== netcoreapp2.0)) (&& (== net46) (>= dnxcore50)) (&& (== net46) (< net45) (>= netstandard1.6)) (&& (== net47) (== netcoreapp2.0)) (&& (== net47) (>= dnxcore50)) (&& (== net47) (< net45) (>= netstandard1.6)) (&& (== net471) (== netcoreapp2.0)) (&& (== net471) (>= dnxcore50)) (&& (== net471) (< net45)) (&& (== netcoreapp2.0) (>= dnxcore50)) (&& (== netcoreapp2.0) (< netcoreapp1.1)) (== netstandard2.0)
      System.Globalization (>= 4.3) - restriction: || (&& (== net45) (== netcoreapp2.0)) (&& (== net45) (>= dnxcore50)) (&& (== net46) (== netcoreapp2.0)) (&& (== net46) (>= dnxcore50)) (&& (== net46) (< net45) (>= netstandard1.6)) (&& (== net47) (== netcoreapp2.0)) (&& (== net47) (>= dnxcore50)) (&& (== net47) (< net45) (>= netstandard1.6)) (&& (== net471) (== netcoreapp2.0)) (&& (== net471) (>= dnxcore50)) (&& (== net471) (< net45)) (&& (== netcoreapp2.0) (>= dnxcore50)) (&& (== netcoreapp2.0) (< netcoreapp1.1)) (== netstandard2.0)
      System.Resources.ResourceManager (>= 4.3) - restriction: || (&& (== net45) (== netcoreapp2.0)) (&& (== net45) (>= dnxcore50)) (&& (== net46) (== netcoreapp2.0)) (&& (== net46) (>= dnxcore50)) (&& (== net46) (< net45) (>= netstandard1.6)) (&& (== net47) (== netcoreapp2.0)) (&& (== net47) (>= dnxcore50)) (&& (== net47) (< net45) (>= netstandard1.6)) (&& (== net471) (== netcoreapp2.0)) (&& (== net471) (>= dnxcore50)) (&& (== net471) (< net45)) (&& (== netcoreapp2.0) (>= dnxcore50)) (&& (== netcoreapp2.0) (< netcoreapp1.1)) (== netstandard2.0)
      System.Runtime (>= 4.3) - restriction: || (&& (== net45) (>= dnxcore50)) (&& (== net45) (>= netcoreapp1.1)) (&& (== net46) (>= dnxcore50)) (&& (== net46) (< net45)) (&& (== net46) (>= netcoreapp1.1)) (&& (== net47) (>= dnxcore50)) (&& (== net47) (< net45)) (&& (== net47) (>= netcoreapp1.1)) (&& (== net471) (>= dnxcore50)) (&& (== net471) (< net45)) (&& (== net471) (>= netcoreapp1.1)) (== netcoreapp2.0) (== netstandard2.0)
      System.Runtime.Extensions (>= 4.3) - restriction: || (&& (== net45) (== netcoreapp2.0)) (&& (== net45) (>= dnxcore50)) (&& (== net46) (== netcoreapp2.0)) (&& (== net46) (>= dnxcore50)) (&& (== net46) (< net45) (>= netstandard1.6)) (&& (== net47) (== netcoreapp2.0)) (&& (== net47) (>= dnxcore50)) (&& (== net47) (< net45) (>= netstandard1.6)) (&& (== net471) (== netcoreapp2.0)) (&& (== net471) (>= dnxcore50)) (&& (== net471) (< net45)) (&& (== netcoreapp2.0) (>= dnxcore50)) (&& (== netcoreapp2.0) (< netcoreapp1.1)) (== netstandard2.0)
      System.Threading (>= 4.3) - restriction: || (&& (== net45) (== netcoreapp2.0)) (&& (== net45) (>= dnxcore50)) (&& (== net46) (== netcoreapp2.0)) (&& (== net46) (>= dnxcore50)) (&& (== net46) (< net45) (>= netstandard1.6)) (&& (== net47) (== netcoreapp2.0)) (&& (== net47) (>= dnxcore50)) (&& (== net47) (< net45) (>= netstandard1.6)) (&& (== net471) (== netcoreapp2.0)) (&& (== net471) (>= dnxcore50)) (&& (== net471) (< net45)) (&& (== netcoreapp2.0) (>= dnxcore50)) (&& (== netcoreapp2.0) (< netcoreapp1.1)) (== netstandard2.0)
    System.Threading (4.3) - restriction: || (&& (== net45) (>= netstandard1.6)) (&& (== net46) (>= netstandard1.6)) (&& (== net47) (>= netstandard1.6)) (== net471) (== netcoreapp2.0) (== netstandard2.0)
      System.Runtime (>= 4.3) - restriction: || (&& (== net45) (>= dnxcore50)) (&& (== net46) (>= dnxcore50)) (&& (== net46) (< net45)) (&& (== net47) (>= dnxcore50)) (&& (== net47) (< net45)) (&& (== net471) (>= dnxcore50)) (&& (== net471) (< net45)) (== netcoreapp2.0) (== netstandard2.0)
      System.Threading.Tasks (>= 4.3) - restriction: || (&& (== net45) (>= dnxcore50)) (&& (== net46) (>= dnxcore50)) (&& (== net46) (< net45)) (&& (== net47) (>= dnxcore50)) (&& (== net47) (< net45)) (&& (== net471) (>= dnxcore50)) (&& (== net471) (< net45)) (== netcoreapp2.0) (== netstandard2.0)
    System.Threading.Overlapped (4.3) - restriction: || (&& (== net45) (== net47)) (&& (== net45) (== net471)) (&& (== net45) (>= netstandard1.5)) (&& (== net47) (< net46)) (&& (== net471) (< net46)) (== netcoreapp2.0) (== netstandard2.0)
      Microsoft.NETCore.Platforms (>= 1.1) - restriction: || (&& (== net45) (== net46)) (&& (== net45) (== net47)) (&& (== net45) (== net471)) (&& (== net45) (>= dnxcore50)) (&& (== net45) (>= netstandard1.3)) (&& (== net46) (>= dnxcore50)) (&& (== net47) (>= dnxcore50)) (&& (== net47) (< net46)) (&& (== net471) (>= dnxcore50)) (&& (== net471) (< net46)) (== netcoreapp2.0) (== netstandard2.0)
      System.Resources.ResourceManager (>= 4.3) - restriction: || (&& (== net45) (== net46)) (&& (== net45) (== net47)) (&& (== net45) (== net471)) (&& (== net45) (>= dnxcore50)) (&& (== net45) (>= netstandard1.3)) (&& (== net46) (>= dnxcore50)) (&& (== net47) (>= dnxcore50)) (&& (== net47) (< net46)) (&& (== net471) (>= dnxcore50)) (&& (== net471) (< net46)) (== netcoreapp2.0) (== netstandard2.0)
      System.Runtime (>= 4.3) - restriction: || (&& (== net45) (== net46)) (&& (== net45) (== net47)) (&& (== net45) (== net471)) (&& (== net45) (>= dnxcore50)) (&& (== net45) (>= netstandard1.3)) (&& (== net46) (>= dnxcore50)) (&& (== net47) (>= dnxcore50)) (&& (== net47) (< net46)) (&& (== net471) (>= dnxcore50)) (&& (== net471) (< net46)) (== netcoreapp2.0) (== netstandard2.0)
      System.Runtime.Handles (>= 4.3) - restriction: || (&& (== net45) (== net46)) (&& (== net45) (== net47)) (&& (== net45) (== net471)) (&& (== net45) (>= dnxcore50)) (&& (== net45) (>= netstandard1.3)) (&& (== net46) (>= dnxcore50)) (&& (== net47) (>= dnxcore50)) (&& (== net47) (< net46)) (&& (== net471) (>= dnxcore50)) (&& (== net471) (< net46)) (== netcoreapp2.0) (== netstandard2.0)
    System.Threading.Tasks (4.3) - restriction: || (&& (== net45) (>= netstandard1.6)) (&& (== net46) (>= netstandard1.6)) (&& (== net47) (>= netstandard1.6)) (== net471) (== netcoreapp2.0) (== netstandard2.0)
      Microsoft.NETCore.Platforms (>= 1.1) - restriction: || (&& (== net45) (>= dnxcore50)) (&& (== net46) (>= dnxcore50)) (&& (== net46) (< net45)) (&& (== net47) (>= dnxcore50)) (&& (== net47) (< net45)) (&& (== net471) (>= dnxcore50)) (&& (== net471) (< net45)) (== netcoreapp2.0) (== netstandard2.0)
      Microsoft.NETCore.Targets (>= 1.1) - restriction: || (&& (== net45) (>= dnxcore50)) (&& (== net46) (>= dnxcore50)) (&& (== net46) (< net45)) (&& (== net47) (>= dnxcore50)) (&& (== net47) (< net45)) (&& (== net471) (>= dnxcore50)) (&& (== net471) (< net45)) (== netcoreapp2.0) (== netstandard2.0)
      System.Runtime (>= 4.3) - restriction: || (&& (== net45) (>= dnxcore50)) (&& (== net46) (>= dnxcore50)) (&& (== net46) (< net45)) (&& (== net47) (>= dnxcore50)) (&& (== net47) (< net45)) (&& (== net471) (>= dnxcore50)) (&& (== net471) (< net45)) (== netcoreapp2.0) (== netstandard2.0)
    System.Threading.Tasks.Dataflow (4.8) - restriction: || (&& (== net45) (== net47)) (&& (== net45) (== net471)) (&& (== net45) (>= netstandard1.5)) (&& (== net47) (< net46)) (&& (== net471) (< net46)) (== netcoreapp2.0) (== netstandard2.0)
    System.Threading.Tasks.Extensions (4.4) - restriction: || (&& (== net45) (== net46) (>= dnxcore50)) (&& (== net45) (>= dnxcore50) (>= netstandard1.3)) (&& (== net47) (>= dnxcore50)) (&& (== net47) (< net45)) (&& (== net471) (>= dnxcore50)) (&& (== net471) (< net45)) (== netcoreapp2.0) (== netstandard2.0)
    System.Threading.Tasks.Parallel (4.3) - restriction: || (&& (== net45) (>= netstandard1.3)) (== net46) (== net47) (== net471) (== netcoreapp2.0) (== netstandard2.0)
      System.Collections.Concurrent (>= 4.3) - restriction: || (&& (== net45) (>= dnxcore50)) (&& (== net46) (>= dnxcore50)) (&& (== net46) (< net45)) (&& (== net47) (>= dnxcore50)) (&& (== net47) (< net45)) (&& (== net471) (>= dnxcore50)) (&& (== net471) (< net45)) (== netcoreapp2.0) (== netstandard2.0)
      System.Diagnostics.Debug (>= 4.3) - restriction: || (&& (== net45) (>= dnxcore50)) (&& (== net46) (>= dnxcore50)) (&& (== net46) (< net45)) (&& (== net47) (>= dnxcore50)) (&& (== net47) (< net45)) (&& (== net471) (>= dnxcore50)) (&& (== net471) (< net45)) (== netcoreapp2.0) (== netstandard2.0)
      System.Diagnostics.Tracing (>= 4.3) - restriction: || (&& (== net45) (>= dnxcore50)) (&& (== net46) (>= dnxcore50)) (&& (== net46) (< net45)) (&& (== net47) (>= dnxcore50)) (&& (== net47) (< net45)) (&& (== net471) (>= dnxcore50)) (&& (== net471) (< net45)) (== netcoreapp2.0) (== netstandard2.0)
      System.Resources.ResourceManager (>= 4.3) - restriction: || (&& (== net45) (>= dnxcore50)) (&& (== net46) (>= dnxcore50)) (&& (== net46) (< net45)) (&& (== net47) (>= dnxcore50)) (&& (== net47) (< net45)) (&& (== net471) (>= dnxcore50)) (&& (== net471) (< net45)) (== netcoreapp2.0) (== netstandard2.0)
      System.Runtime (>= 4.3) - restriction: || (&& (== net45) (>= dnxcore50)) (&& (== net46) (>= dnxcore50)) (&& (== net46) (< net45)) (&& (== net47) (>= dnxcore50)) (&& (== net47) (< net45)) (&& (== net471) (>= dnxcore50)) (&& (== net471) (< net45)) (== netcoreapp2.0) (== netstandard2.0)
      System.Runtime.Extensions (>= 4.3) - restriction: || (&& (== net45) (>= dnxcore50)) (&& (== net46) (>= dnxcore50)) (&& (== net46) (< net45)) (&& (== net47) (>= dnxcore50)) (&& (== net47) (< net45)) (&& (== net471) (>= dnxcore50)) (&& (== net471) (< net45)) (== netcoreapp2.0) (== netstandard2.0)
      System.Threading (>= 4.3) - restriction: || (&& (== net45) (>= dnxcore50)) (&& (== net46) (>= dnxcore50)) (&& (== net46) (< net45)) (&& (== net47) (>= dnxcore50)) (&& (== net47) (< net45)) (&& (== net471) (>= dnxcore50)) (&& (== net471) (< net45)) (== netcoreapp2.0) (== netstandard2.0)
      System.Threading.Tasks (>= 4.3) - restriction: || (&& (== net45) (>= dnxcore50)) (&& (== net46) (>= dnxcore50)) (&& (== net46) (< net45)) (&& (== net47) (>= dnxcore50)) (&& (== net47) (< net45)) (&& (== net471) (>= dnxcore50)) (&& (== net471) (< net45)) (== netcoreapp2.0) (== netstandard2.0)
    System.Threading.Thread (4.3) - restriction: || (&& (== net45) (>= netstandard1.3)) (== net46) (== net47) (== net471) (== netcoreapp2.0) (== netstandard2.0)
      System.Runtime (>= 4.3) - restriction: || (&& (== net45) (== net46)) (&& (== net45) (== net47)) (&& (== net45) (== net471)) (&& (== net45) (>= netstandard1.3)) (&& (== net47) (< net46)) (&& (== net471) (< net46)) (== netcoreapp2.0) (== netstandard2.0)
    System.Threading.ThreadPool (4.3) - restriction: || (&& (== net46) (< net45)) (&& (== net47) (< net45)) (&& (== net471) (< net45)) (== netcoreapp2.0) (== netstandard2.0)
      System.Runtime (>= 4.3) - restriction: || (&& (== net45) (== net46)) (&& (== net45) (== net47)) (&& (== net45) (== net471)) (&& (== net45) (>= netstandard1.3)) (&& (== net47) (< net46)) (&& (== net471) (< net46)) (== netcoreapp2.0) (== netstandard2.0)
      System.Runtime.Handles (>= 4.3) - restriction: || (&& (== net45) (== net46)) (&& (== net45) (== net47)) (&& (== net45) (== net471)) (&& (== net45) (>= netstandard1.3)) (&& (== net47) (< net46)) (&& (== net471) (< net46)) (== netcoreapp2.0) (== netstandard2.0)
    System.Threading.Timer (4.3) - restriction: || (&& (== net45) (== net46)) (&& (== net45) (== net47)) (&& (== net45) (== net471)) (&& (== net45) (>= netstandard1.3)) (&& (== net47) (< net46)) (&& (== net471) (< net46)) (== netcoreapp2.0) (== netstandard2.0)
      Microsoft.NETCore.Platforms (>= 1.1) - restriction: || (&& (== net45) (== net46)) (&& (== net45) (== net47)) (&& (== net45) (== net471)) (&& (== net45) (>= dnxcore50)) (&& (== net45) (>= netstandard1.2)) (&& (== net46) (>= dnxcore50)) (&& (== net46) (< net451)) (&& (== net47) (>= dnxcore50)) (&& (== net47) (< net451)) (&& (== net471) (>= dnxcore50)) (&& (== net471) (< net451)) (== netcoreapp2.0) (== netstandard2.0)
      Microsoft.NETCore.Targets (>= 1.1) - restriction: || (&& (== net45) (== net46)) (&& (== net45) (== net47)) (&& (== net45) (== net471)) (&& (== net45) (>= dnxcore50)) (&& (== net45) (>= netstandard1.2)) (&& (== net46) (>= dnxcore50)) (&& (== net46) (< net451)) (&& (== net47) (>= dnxcore50)) (&& (== net47) (< net451)) (&& (== net471) (>= dnxcore50)) (&& (== net471) (< net451)) (== netcoreapp2.0) (== netstandard2.0)
      System.Runtime (>= 4.3) - restriction: || (&& (== net45) (== net46)) (&& (== net45) (== net47)) (&& (== net45) (== net471)) (&& (== net45) (>= dnxcore50)) (&& (== net45) (>= netstandard1.2)) (&& (== net46) (>= dnxcore50)) (&& (== net46) (< net451)) (&& (== net47) (>= dnxcore50)) (&& (== net47) (< net451)) (&& (== net471) (>= dnxcore50)) (&& (== net471) (< net451)) (== netcoreapp2.0) (== netstandard2.0)
    System.Xml.ReaderWriter (4.3) - restriction: || (&& (== net45) (== net46) (>= dnxcore50)) (&& (== net45) (>= dnxcore50) (>= netstandard1.3)) (&& (== net47) (>= dnxcore50)) (&& (== net47) (< net45)) (&& (== net471) (>= dnxcore50)) (&& (== net471) (< net45)) (== netcoreapp2.0) (== netstandard2.0)
      System.Collections (>= 4.3) - restriction: || (&& (== net45) (>= dnxcore50)) (&& (== net46) (>= dnxcore50)) (&& (== net46) (< net45)) (&& (== net47) (>= dnxcore50)) (&& (== net47) (< net45)) (&& (== net471) (>= dnxcore50)) (&& (== net471) (< net45)) (== netcoreapp2.0) (== netstandard2.0)
      System.Diagnostics.Debug (>= 4.3) - restriction: || (&& (== net45) (>= dnxcore50)) (&& (== net46) (>= dnxcore50)) (&& (== net46) (< net45)) (&& (== net47) (>= dnxcore50)) (&& (== net47) (< net45)) (&& (== net471) (>= dnxcore50)) (&& (== net471) (< net45)) (== netcoreapp2.0) (== netstandard2.0)
      System.Globalization (>= 4.3) - restriction: || (&& (== net45) (>= dnxcore50)) (&& (== net46) (>= dnxcore50)) (&& (== net46) (< net45)) (&& (== net47) (>= dnxcore50)) (&& (== net47) (< net45)) (&& (== net471) (>= dnxcore50)) (&& (== net471) (< net45)) (== netcoreapp2.0) (== netstandard2.0)
      System.IO (>= 4.3) - restriction: || (&& (== net45) (>= dnxcore50)) (&& (== net46) (>= dnxcore50)) (&& (== net46) (< net45)) (&& (== net47) (>= dnxcore50)) (&& (== net47) (< net45)) (&& (== net471) (>= dnxcore50)) (&& (== net471) (< net45)) (== netcoreapp2.0) (== netstandard2.0)
      System.IO.FileSystem (>= 4.3) - restriction: || (&& (== net45) (>= dnxcore50)) (&& (== net46) (>= dnxcore50)) (&& (== net46) (< net45)) (&& (== net47) (>= dnxcore50)) (&& (== net47) (< net45)) (&& (== net471) (>= dnxcore50)) (&& (== net471) (< net45)) (== netcoreapp2.0) (== netstandard2.0)
      System.IO.FileSystem.Primitives (>= 4.3) - restriction: || (&& (== net45) (>= dnxcore50)) (&& (== net46) (>= dnxcore50)) (&& (== net46) (< net45)) (&& (== net47) (>= dnxcore50)) (&& (== net47) (< net45)) (&& (== net471) (>= dnxcore50)) (&& (== net471) (< net45)) (== netcoreapp2.0) (== netstandard2.0)
      System.Resources.ResourceManager (>= 4.3) - restriction: || (&& (== net45) (>= dnxcore50)) (&& (== net46) (>= dnxcore50)) (&& (== net46) (< net45)) (&& (== net47) (>= dnxcore50)) (&& (== net47) (< net45)) (&& (== net471) (>= dnxcore50)) (&& (== net471) (< net45)) (== netcoreapp2.0) (== netstandard2.0)
      System.Runtime (>= 4.3) - restriction: || (&& (== net45) (>= dnxcore50)) (&& (== net46) (>= dnxcore50)) (&& (== net46) (< net45)) (&& (== net47) (>= dnxcore50)) (&& (== net47) (< net45)) (&& (== net471) (>= dnxcore50)) (&& (== net471) (< net45)) (== netcoreapp2.0) (== netstandard2.0)
      System.Runtime.Extensions (>= 4.3) - restriction: || (&& (== net45) (>= dnxcore50)) (&& (== net46) (>= dnxcore50)) (&& (== net46) (< net45)) (&& (== net47) (>= dnxcore50)) (&& (== net47) (< net45)) (&& (== net471) (>= dnxcore50)) (&& (== net471) (< net45)) (== netcoreapp2.0) (== netstandard2.0)
      System.Runtime.InteropServices (>= 4.3) - restriction: || (&& (== net45) (>= dnxcore50)) (&& (== net46) (>= dnxcore50)) (&& (== net46) (< net45)) (&& (== net47) (>= dnxcore50)) (&& (== net47) (< net45)) (&& (== net471) (>= dnxcore50)) (&& (== net471) (< net45)) (== netcoreapp2.0) (== netstandard2.0)
      System.Text.Encoding (>= 4.3) - restriction: || (&& (== net45) (>= dnxcore50)) (&& (== net46) (>= dnxcore50)) (&& (== net46) (< net45)) (&& (== net47) (>= dnxcore50)) (&& (== net47) (< net45)) (&& (== net471) (>= dnxcore50)) (&& (== net471) (< net45)) (== netcoreapp2.0) (== netstandard2.0)
      System.Text.Encoding.Extensions (>= 4.3) - restriction: || (&& (== net45) (>= dnxcore50)) (&& (== net46) (>= dnxcore50)) (&& (== net46) (< net45)) (&& (== net47) (>= dnxcore50)) (&& (== net47) (< net45)) (&& (== net471) (>= dnxcore50)) (&& (== net471) (< net45)) (== netcoreapp2.0) (== netstandard2.0)
      System.Text.RegularExpressions (>= 4.3) - restriction: || (&& (== net45) (>= dnxcore50)) (&& (== net46) (>= dnxcore50)) (&& (== net46) (< net45)) (&& (== net47) (>= dnxcore50)) (&& (== net47) (< net45)) (&& (== net471) (>= dnxcore50)) (&& (== net471) (< net45)) (== netcoreapp2.0) (== netstandard2.0)
      System.Threading.Tasks (>= 4.3) - restriction: || (&& (== net45) (>= dnxcore50)) (&& (== net46) (>= dnxcore50)) (&& (== net46) (< net45)) (&& (== net47) (>= dnxcore50)) (&& (== net47) (< net45)) (&& (== net471) (>= dnxcore50)) (&& (== net471) (< net45)) (== netcoreapp2.0) (== netstandard2.0)
      System.Threading.Tasks.Extensions (>= 4.3) - restriction: || (&& (== net45) (>= dnxcore50)) (&& (== net46) (>= dnxcore50)) (&& (== net46) (< net45)) (&& (== net47) (>= dnxcore50)) (&& (== net47) (< net45)) (&& (== net471) (>= dnxcore50)) (&& (== net471) (< net45)) (== netcoreapp2.0) (== netstandard2.0)
    System.Xml.XDocument (4.3) - restriction: || (&& (== net45) (== net46)) (&& (== net45) (== net47)) (&& (== net45) (== net471)) (&& (== net45) (>= netstandard1.3)) (&& (== net47) (< net46)) (&& (== net471) (< net46)) (== netcoreapp2.0) (== netstandard2.0)
      System.Collections (>= 4.3) - restriction: || (&& (== net45) (>= dnxcore50)) (&& (== net46) (>= dnxcore50)) (&& (== net46) (< net45)) (&& (== net47) (>= dnxcore50)) (&& (== net47) (< net45)) (&& (== net471) (>= dnxcore50)) (&& (== net471) (< net45)) (== netcoreapp2.0) (== netstandard2.0)
      System.Diagnostics.Debug (>= 4.3) - restriction: || (&& (== net45) (>= dnxcore50)) (&& (== net46) (>= dnxcore50)) (&& (== net46) (< net45)) (&& (== net47) (>= dnxcore50)) (&& (== net47) (< net45)) (&& (== net471) (>= dnxcore50)) (&& (== net471) (< net45)) (== netcoreapp2.0) (== netstandard2.0)
      System.Diagnostics.Tools (>= 4.3) - restriction: || (&& (== net45) (>= dnxcore50)) (&& (== net46) (>= dnxcore50)) (&& (== net46) (< net45)) (&& (== net47) (>= dnxcore50)) (&& (== net47) (< net45)) (&& (== net471) (>= dnxcore50)) (&& (== net471) (< net45)) (== netcoreapp2.0) (== netstandard2.0)
      System.Globalization (>= 4.3) - restriction: || (&& (== net45) (>= dnxcore50)) (&& (== net46) (>= dnxcore50)) (&& (== net46) (< net45)) (&& (== net47) (>= dnxcore50)) (&& (== net47) (< net45)) (&& (== net471) (>= dnxcore50)) (&& (== net471) (< net45)) (== netcoreapp2.0) (== netstandard2.0)
      System.IO (>= 4.3) - restriction: || (&& (== net45) (>= dnxcore50)) (&& (== net46) (>= dnxcore50)) (&& (== net46) (< net45)) (&& (== net47) (>= dnxcore50)) (&& (== net47) (< net45)) (&& (== net471) (>= dnxcore50)) (&& (== net471) (< net45)) (== netcoreapp2.0) (== netstandard2.0)
      System.Reflection (>= 4.3) - restriction: || (&& (== net45) (>= dnxcore50)) (&& (== net46) (>= dnxcore50)) (&& (== net46) (< net45)) (&& (== net47) (>= dnxcore50)) (&& (== net47) (< net45)) (&& (== net471) (>= dnxcore50)) (&& (== net471) (< net45)) (== netcoreapp2.0) (== netstandard2.0)
      System.Resources.ResourceManager (>= 4.3) - restriction: || (&& (== net45) (>= dnxcore50)) (&& (== net46) (>= dnxcore50)) (&& (== net46) (< net45)) (&& (== net47) (>= dnxcore50)) (&& (== net47) (< net45)) (&& (== net471) (>= dnxcore50)) (&& (== net471) (< net45)) (== netcoreapp2.0) (== netstandard2.0)
      System.Runtime (>= 4.3) - restriction: || (&& (== net45) (>= dnxcore50)) (&& (== net46) (>= dnxcore50)) (&& (== net46) (< net45)) (&& (== net47) (>= dnxcore50)) (&& (== net47) (< net45)) (&& (== net471) (>= dnxcore50)) (&& (== net471) (< net45)) (== netcoreapp2.0) (== netstandard2.0)
      System.Runtime.Extensions (>= 4.3) - restriction: || (&& (== net45) (>= dnxcore50)) (&& (== net46) (>= dnxcore50)) (&& (== net46) (< net45)) (&& (== net47) (>= dnxcore50)) (&& (== net47) (< net45)) (&& (== net471) (>= dnxcore50)) (&& (== net471) (< net45)) (== netcoreapp2.0) (== netstandard2.0)
      System.Text.Encoding (>= 4.3) - restriction: || (&& (== net45) (>= dnxcore50)) (&& (== net46) (>= dnxcore50)) (&& (== net46) (< net45)) (&& (== net47) (>= dnxcore50)) (&& (== net47) (< net45)) (&& (== net471) (>= dnxcore50)) (&& (== net471) (< net45)) (== netcoreapp2.0) (== netstandard2.0)
      System.Threading (>= 4.3) - restriction: || (&& (== net45) (>= dnxcore50)) (&& (== net46) (>= dnxcore50)) (&& (== net46) (< net45)) (&& (== net47) (>= dnxcore50)) (&& (== net47) (< net45)) (&& (== net471) (>= dnxcore50)) (&& (== net471) (< net45)) (== netcoreapp2.0) (== netstandard2.0)
      System.Xml.ReaderWriter (>= 4.3) - restriction: || (&& (== net45) (>= dnxcore50)) (&& (== net46) (>= dnxcore50)) (&& (== net46) (< net45)) (&& (== net47) (>= dnxcore50)) (&& (== net47) (< net45)) (&& (== net471) (>= dnxcore50)) (&& (== net471) (< net45)) (== netcoreapp2.0) (== netstandard2.0)
    System.Xml.XmlDocument (4.3) - restriction: || (&& (== net45) (== net46)) (&& (== net45) (== net47)) (&& (== net45) (== net471)) (&& (== net45) (>= netstandard1.3)) (&& (== net47) (< net46)) (&& (== net471) (< net46)) (== netcoreapp2.0) (== netstandard2.0)
      System.Collections (>= 4.3) - restriction: || (&& (== net45) (== net46)) (&& (== net45) (== net47)) (&& (== net45) (== net471)) (&& (== net45) (>= netstandard1.3)) (&& (== net47) (< net46)) (&& (== net471) (< net46)) (== netcoreapp2.0) (== netstandard2.0)
      System.Diagnostics.Debug (>= 4.3) - restriction: || (&& (== net45) (== net46)) (&& (== net45) (== net47)) (&& (== net45) (== net471)) (&& (== net45) (>= netstandard1.3)) (&& (== net47) (< net46)) (&& (== net471) (< net46)) (== netcoreapp2.0) (== netstandard2.0)
      System.Globalization (>= 4.3) - restriction: || (&& (== net45) (== net46)) (&& (== net45) (== net47)) (&& (== net45) (== net471)) (&& (== net45) (>= netstandard1.3)) (&& (== net47) (< net46)) (&& (== net471) (< net46)) (== netcoreapp2.0) (== netstandard2.0)
      System.IO (>= 4.3) - restriction: || (&& (== net45) (== net46)) (&& (== net45) (== net47)) (&& (== net45) (== net471)) (&& (== net45) (>= netstandard1.3)) (&& (== net47) (< net46)) (&& (== net471) (< net46)) (== netcoreapp2.0) (== netstandard2.0)
      System.Resources.ResourceManager (>= 4.3) - restriction: || (&& (== net45) (== net46)) (&& (== net45) (== net47)) (&& (== net45) (== net471)) (&& (== net45) (>= netstandard1.3)) (&& (== net47) (< net46)) (&& (== net471) (< net46)) (== netcoreapp2.0) (== netstandard2.0)
      System.Runtime (>= 4.3) - restriction: || (&& (== net45) (== net46)) (&& (== net45) (== net47)) (&& (== net45) (== net471)) (&& (== net45) (>= netstandard1.3)) (&& (== net47) (< net46)) (&& (== net471) (< net46)) (== netcoreapp2.0) (== netstandard2.0)
      System.Runtime.Extensions (>= 4.3) - restriction: || (&& (== net45) (== net46)) (&& (== net45) (== net47)) (&& (== net45) (== net471)) (&& (== net45) (>= netstandard1.3)) (&& (== net47) (< net46)) (&& (== net471) (< net46)) (== netcoreapp2.0) (== netstandard2.0)
      System.Text.Encoding (>= 4.3) - restriction: || (&& (== net45) (== net46)) (&& (== net45) (== net47)) (&& (== net45) (== net471)) (&& (== net45) (>= netstandard1.3)) (&& (== net47) (< net46)) (&& (== net471) (< net46)) (== netcoreapp2.0) (== netstandard2.0)
      System.Threading (>= 4.3) - restriction: || (&& (== net45) (== net46)) (&& (== net45) (== net47)) (&& (== net45) (== net471)) (&& (== net45) (>= netstandard1.3)) (&& (== net47) (< net46)) (&& (== net471) (< net46)) (== netcoreapp2.0) (== netstandard2.0)
      System.Xml.ReaderWriter (>= 4.3) - restriction: || (&& (== net45) (== net46)) (&& (== net45) (== net47)) (&& (== net45) (== net471)) (&& (== net45) (>= netstandard1.3)) (&& (== net47) (< net46)) (&& (== net471) (< net46)) (== netcoreapp2.0) (== netstandard2.0)
    System.Xml.XmlSerializer (4.3) - restriction: || (&& (== net45) (== net46) (>= dnxcore50)) (&& (== net45) (>= dnxcore50) (>= netstandard1.3)) (&& (== net47) (>= dnxcore50)) (&& (== net47) (< net45)) (&& (== net471) (>= dnxcore50)) (&& (== net471) (< net45)) (== netcoreapp2.0) (== netstandard2.0)
      System.Collections (>= 4.3) - restriction: || (&& (== net45) (>= dnxcore50)) (&& (== net46) (>= dnxcore50)) (&& (== net46) (< net45)) (&& (== net47) (>= dnxcore50)) (&& (== net47) (< net45)) (&& (== net471) (>= dnxcore50)) (&& (== net471) (< net45)) (== netcoreapp2.0) (== netstandard2.0)
      System.Globalization (>= 4.3) - restriction: || (&& (== net45) (>= dnxcore50)) (&& (== net46) (>= dnxcore50)) (&& (== net46) (< net45)) (&& (== net47) (>= dnxcore50)) (&& (== net47) (< net45)) (&& (== net471) (>= dnxcore50)) (&& (== net471) (< net45)) (== netcoreapp2.0) (== netstandard2.0)
      System.IO (>= 4.3) - restriction: || (&& (== net45) (>= dnxcore50)) (&& (== net46) (>= dnxcore50)) (&& (== net46) (< net45)) (&& (== net47) (>= dnxcore50)) (&& (== net47) (< net45)) (&& (== net471) (>= dnxcore50)) (&& (== net471) (< net45)) (== netcoreapp2.0) (== netstandard2.0)
      System.Linq (>= 4.3) - restriction: || (&& (== net45) (>= dnxcore50)) (&& (== net46) (>= dnxcore50)) (&& (== net46) (< net45)) (&& (== net47) (>= dnxcore50)) (&& (== net47) (< net45)) (&& (== net471) (>= dnxcore50)) (&& (== net471) (< net45)) (== netcoreapp2.0) (== netstandard2.0)
      System.Reflection (>= 4.3) - restriction: || (&& (== net45) (>= dnxcore50)) (&& (== net46) (>= dnxcore50)) (&& (== net46) (< net45)) (&& (== net47) (>= dnxcore50)) (&& (== net47) (< net45)) (&& (== net471) (>= dnxcore50)) (&& (== net471) (< net45)) (== netcoreapp2.0) (== netstandard2.0)
      System.Reflection.Emit (>= 4.3) - restriction: || (&& (== net45) (>= dnxcore50)) (&& (== net46) (>= dnxcore50)) (&& (== net46) (< net45)) (&& (== net47) (>= dnxcore50)) (&& (== net47) (< net45)) (&& (== net471) (>= dnxcore50)) (&& (== net471) (< net45)) (== netcoreapp2.0) (== netstandard2.0)
      System.Reflection.Emit.ILGeneration (>= 4.3) - restriction: || (&& (== net45) (>= dnxcore50)) (&& (== net46) (>= dnxcore50)) (&& (== net46) (< net45)) (&& (== net47) (>= dnxcore50)) (&& (== net47) (< net45)) (&& (== net471) (>= dnxcore50)) (&& (== net471) (< net45)) (== netcoreapp2.0) (== netstandard2.0)
      System.Reflection.Extensions (>= 4.3) - restriction: || (&& (== net45) (>= dnxcore50)) (&& (== net46) (>= dnxcore50)) (&& (== net46) (< net45)) (&& (== net47) (>= dnxcore50)) (&& (== net47) (< net45)) (&& (== net471) (>= dnxcore50)) (&& (== net471) (< net45)) (== netcoreapp2.0) (== netstandard2.0)
      System.Reflection.Primitives (>= 4.3) - restriction: || (&& (== net45) (>= dnxcore50)) (&& (== net46) (>= dnxcore50)) (&& (== net46) (< net45)) (&& (== net47) (>= dnxcore50)) (&& (== net47) (< net45)) (&& (== net471) (>= dnxcore50)) (&& (== net471) (< net45)) (== netcoreapp2.0) (== netstandard2.0)
      System.Reflection.TypeExtensions (>= 4.3) - restriction: || (&& (== net45) (>= dnxcore50)) (&& (== net46) (>= dnxcore50)) (&& (== net46) (< net45)) (&& (== net47) (>= dnxcore50)) (&& (== net47) (< net45)) (&& (== net471) (>= dnxcore50)) (&& (== net471) (< net45)) (== netcoreapp2.0) (== netstandard2.0)
      System.Resources.ResourceManager (>= 4.3) - restriction: || (&& (== net45) (>= dnxcore50)) (&& (== net46) (>= dnxcore50)) (&& (== net46) (< net45)) (&& (== net47) (>= dnxcore50)) (&& (== net47) (< net45)) (&& (== net471) (>= dnxcore50)) (&& (== net471) (< net45)) (== netcoreapp2.0) (== netstandard2.0)
      System.Runtime (>= 4.3) - restriction: || (&& (== net45) (>= dnxcore50)) (&& (== net46) (>= dnxcore50)) (&& (== net46) (< net45)) (&& (== net47) (>= dnxcore50)) (&& (== net47) (< net45)) (&& (== net471) (>= dnxcore50)) (&& (== net471) (< net45)) (== netcoreapp2.0) (== netstandard2.0)
      System.Runtime.Extensions (>= 4.3) - restriction: || (&& (== net45) (>= dnxcore50)) (&& (== net46) (>= dnxcore50)) (&& (== net46) (< net45)) (&& (== net47) (>= dnxcore50)) (&& (== net47) (< net45)) (&& (== net471) (>= dnxcore50)) (&& (== net471) (< net45)) (== netcoreapp2.0) (== netstandard2.0)
      System.Text.RegularExpressions (>= 4.3) - restriction: || (&& (== net45) (>= dnxcore50)) (&& (== net46) (>= dnxcore50)) (&& (== net46) (< net45)) (&& (== net47) (>= dnxcore50)) (&& (== net47) (< net45)) (&& (== net471) (>= dnxcore50)) (&& (== net471) (< net45)) (== netcoreapp2.0) (== netstandard2.0)
      System.Threading (>= 4.3) - restriction: || (&& (== net45) (>= dnxcore50)) (&& (== net46) (>= dnxcore50)) (&& (== net46) (< net45)) (&& (== net47) (>= dnxcore50)) (&& (== net47) (< net45)) (&& (== net471) (>= dnxcore50)) (&& (== net471) (< net45)) (== netcoreapp2.0) (== netstandard2.0)
      System.Xml.ReaderWriter (>= 4.3) - restriction: || (&& (== net45) (>= dnxcore50)) (&& (== net46) (>= dnxcore50)) (&& (== net46) (< net45)) (&& (== net47) (>= dnxcore50)) (&& (== net47) (< net45)) (&& (== net471) (>= dnxcore50)) (&& (== net471) (< net45)) (== netcoreapp2.0) (== netstandard2.0)
      System.Xml.XmlDocument (>= 4.3) - restriction: || (&& (== net45) (>= dnxcore50)) (&& (== net46) (>= dnxcore50)) (&& (== net46) (< net45)) (&& (== net47) (>= dnxcore50)) (&& (== net47) (< net45)) (&& (== net471) (>= dnxcore50)) (&& (== net471) (< net45)) (== netcoreapp2.0) (== netstandard2.0)
    System.Xml.XPath (4.3) - restriction: || (&& (== net45) (== net46)) (&& (== net45) (== net47)) (&& (== net45) (== net471)) (&& (== net45) (>= netstandard1.3)) (&& (== net47) (< net46)) (&& (== net471) (< net46)) (== netcoreapp2.0) (== netstandard2.0)
      System.Collections (>= 4.3) - restriction: || (&& (== net45) (== net46)) (&& (== net45) (== net47)) (&& (== net45) (== net471)) (&& (== net45) (>= netstandard1.3)) (&& (== net47) (< net46)) (&& (== net471) (< net46)) (== netcoreapp2.0) (== netstandard2.0)
      System.Diagnostics.Debug (>= 4.3) - restriction: || (&& (== net45) (== net46)) (&& (== net45) (== net47)) (&& (== net45) (== net471)) (&& (== net45) (>= netstandard1.3)) (&& (== net47) (< net46)) (&& (== net471) (< net46)) (== netcoreapp2.0) (== netstandard2.0)
      System.Globalization (>= 4.3) - restriction: || (&& (== net45) (== net46)) (&& (== net45) (== net47)) (&& (== net45) (== net471)) (&& (== net45) (>= netstandard1.3)) (&& (== net47) (< net46)) (&& (== net471) (< net46)) (== netcoreapp2.0) (== netstandard2.0)
      System.IO (>= 4.3) - restriction: || (&& (== net45) (== net46)) (&& (== net45) (== net47)) (&& (== net45) (== net471)) (&& (== net45) (>= netstandard1.3)) (&& (== net47) (< net46)) (&& (== net471) (< net46)) (== netcoreapp2.0) (== netstandard2.0)
      System.Resources.ResourceManager (>= 4.3) - restriction: || (&& (== net45) (== net46)) (&& (== net45) (== net47)) (&& (== net45) (== net471)) (&& (== net45) (>= netstandard1.3)) (&& (== net47) (< net46)) (&& (== net471) (< net46)) (== netcoreapp2.0) (== netstandard2.0)
      System.Runtime (>= 4.3) - restriction: || (&& (== net45) (== net46)) (&& (== net45) (== net47)) (&& (== net45) (== net471)) (&& (== net45) (>= netstandard1.3)) (&& (== net47) (< net46)) (&& (== net471) (< net46)) (== netcoreapp2.0) (== netstandard2.0)
      System.Runtime.Extensions (>= 4.3) - restriction: || (&& (== net45) (== net46)) (&& (== net45) (== net47)) (&& (== net45) (== net471)) (&& (== net45) (>= netstandard1.3)) (&& (== net47) (< net46)) (&& (== net471) (< net46)) (== netcoreapp2.0) (== netstandard2.0)
      System.Threading (>= 4.3) - restriction: || (&& (== net45) (== net46)) (&& (== net45) (== net47)) (&& (== net45) (== net471)) (&& (== net45) (>= netstandard1.3)) (&& (== net47) (< net46)) (&& (== net471) (< net46)) (== netcoreapp2.0) (== netstandard2.0)
      System.Xml.ReaderWriter (>= 4.3) - restriction: || (&& (== net45) (== net46)) (&& (== net45) (== net47)) (&& (== net45) (== net471)) (&& (== net45) (>= netstandard1.3)) (&& (== net47) (< net46)) (&& (== net471) (< net46)) (== netcoreapp2.0) (== netstandard2.0)
    System.Xml.XPath.XmlDocument (4.3) - restriction: || (&& (== net45) (== net46)) (&& (== net45) (== net47)) (&& (== net45) (== net471)) (&& (== net45) (>= netstandard1.3)) (&& (== net47) (< net46)) (&& (== net471) (< net46)) (== netcoreapp2.0) (== netstandard2.0)
      System.Collections (>= 4.3) - restriction: || (&& (== net45) (== net46)) (&& (== net45) (== net47)) (&& (== net45) (== net471)) (&& (== net45) (>= netstandard1.3)) (&& (== net47) (< net46)) (&& (== net471) (< net46)) (== netcoreapp2.0) (== netstandard2.0)
      System.Globalization (>= 4.3) - restriction: || (&& (== net45) (== net46)) (&& (== net45) (== net47)) (&& (== net45) (== net471)) (&& (== net45) (>= netstandard1.3)) (&& (== net47) (< net46)) (&& (== net471) (< net46)) (== netcoreapp2.0) (== netstandard2.0)
      System.IO (>= 4.3) - restriction: || (&& (== net45) (== net46)) (&& (== net45) (== net47)) (&& (== net45) (== net471)) (&& (== net45) (>= netstandard1.3)) (&& (== net47) (< net46)) (&& (== net471) (< net46)) (== netcoreapp2.0) (== netstandard2.0)
      System.Resources.ResourceManager (>= 4.3) - restriction: || (&& (== net45) (== net46)) (&& (== net45) (== net47)) (&& (== net45) (== net471)) (&& (== net45) (>= netstandard1.3)) (&& (== net47) (< net46)) (&& (== net471) (< net46)) (== netcoreapp2.0) (== netstandard2.0)
      System.Runtime (>= 4.3) - restriction: || (&& (== net45) (== net46)) (&& (== net45) (== net47)) (&& (== net45) (== net471)) (&& (== net45) (>= netstandard1.3)) (&& (== net47) (< net46)) (&& (== net471) (< net46)) (== netcoreapp2.0) (== netstandard2.0)
      System.Runtime.Extensions (>= 4.3) - restriction: || (&& (== net45) (== net46)) (&& (== net45) (== net47)) (&& (== net45) (== net471)) (&& (== net45) (>= netstandard1.3)) (&& (== net47) (< net46)) (&& (== net471) (< net46)) (== netcoreapp2.0) (== netstandard2.0)
      System.Threading (>= 4.3) - restriction: || (&& (== net45) (== net46)) (&& (== net45) (== net47)) (&& (== net45) (== net471)) (&& (== net45) (>= netstandard1.3)) (&& (== net47) (< net46)) (&& (== net471) (< net46)) (== netcoreapp2.0) (== netstandard2.0)
      System.Xml.ReaderWriter (>= 4.3) - restriction: || (&& (== net45) (== net46)) (&& (== net45) (== net47)) (&& (== net45) (== net471)) (&& (== net45) (>= netstandard1.3)) (&& (== net47) (< net46)) (&& (== net471) (< net46)) (== netcoreapp2.0) (== netstandard2.0)
      System.Xml.XmlDocument (>= 4.3) - restriction: || (&& (== net45) (>= net46)) (&& (== net45) (>= netstandard1.3)) (== net46) (== net47) (== net471) (== netcoreapp2.0) (== netstandard2.0)
      System.Xml.XPath (>= 4.3) - restriction: || (&& (== net45) (>= net46)) (&& (== net45) (>= netstandard1.3)) (== net46) (== net47) (== net471) (== netcoreapp2.0) (== netstandard2.0)

GROUP Build
CONTENT: NONE
RESTRICTION: == net45
NUGET
  remote: https://api.nuget.org/v3/index.json
    FAKE (4.63.2) - content: none
    ILMerge (2.14.1208)
    Mono.Cecil (0.10.0-beta7) - content: none
    SourceLink.Fake (1.1) - content: none
GITHUB
  remote: vrvis/Aardvark.Fake
    FULLPROJECT (0bd495d19630a51f886fb4a2374f64fe9088f09d)
      FAKE (>= 4.63 < 4.64)
      Mono.Cecil (>= 0.10.0-beta6 < 0.11)
      SourceLink.Fake (>= 1.1 < 1.2)