COPY-LOCAL: TRUE
RESTRICTION: || (== net45) (== net46) (== net47) (== net471) (== netcoreapp2.0) (== netstandard2.0)
NUGET
  remote: https://api.nuget.org/v3/index.json
    Aardvark.Base (4.5.1)
      Aardvark.Base.Telemetry (4.5.1)
      DevILSharp (>= 0.2.4 < 0.3)
      System.Collections.Immutable (>= 1.5 < 1.6)
    Aardvark.Base.Essentials (4.5.1)
      Aardvark.Base (4.5.1)
      DevILSharp (>= 0.2.4 < 0.3)
      System.Collections.Immutable (>= 1.5 < 1.6)
      System.Reactive (>= 4.1.5 < 4.2)
    Aardvark.Base.FSharp (4.5.1)
      Aardvark.Base (4.5.1)
      Aardvark.Base.TypeProviders (4.5.1)
      DevILSharp (>= 0.2.4 < 0.3)
      FSharp.Core (>= 4.3 < 4.4)
      FsPickler (>= 5.2 < 5.3)
      System.Dynamic.Runtime (>= 4.3 < 4.4)
    Aardvark.Base.Incremental (4.5.1)
      Aardvark.Base (4.5.1)
      Aardvark.Base.FSharp (4.5.1)
      Aardvark.Base.TypeProviders (4.5.1)
      DevILSharp (>= 0.2.4 < 0.3)
      FSharp.Core (>= 4.3 < 4.4)
      FsPickler (>= 5.2 < 5.3)
    Aardvark.Base.Telemetry (4.5.1)
    Aardvark.Base.TypeProviders (4.5.1)
      FSharp.Core (>= 4.3 < 4.4)
    DevILSharp (0.2.4)
      FSharp.Core (>= 4.3 < 4.4)
    FSharp.Compiler.Service (25.0.1)
      FSharp.Core (>= 4.1.18)
      System.Collections.Immutable (>= 1.5)
      System.Diagnostics.Process (>= 4.1) - restriction: || (&& (== net46) (< net45) (>= netstandard2.0)) (&& (== net47) (< net45) (>= netstandard2.0)) (&& (== net471) (< net45)) (== netcoreapp2.0) (== netstandard2.0)
      System.Diagnostics.TraceSource (>= 4.0) - restriction: || (&& (== net46) (< net45) (>= netstandard2.0)) (&& (== net47) (< net45) (>= netstandard2.0)) (&& (== net471) (< net45)) (== netcoreapp2.0) (== netstandard2.0)
      System.Reflection.Emit (>= 4.3) - restriction: || (&& (== net46) (< net45) (>= netstandard2.0)) (&& (== net47) (< net45) (>= netstandard2.0)) (&& (== net471) (< net45)) (== netcoreapp2.0) (== netstandard2.0)
      System.Reflection.Metadata (>= 1.6)
      System.Reflection.TypeExtensions (>= 4.3) - restriction: || (&& (== net46) (< net45) (>= netstandard2.0)) (&& (== net47) (< net45) (>= netstandard2.0)) (&& (== net471) (< net45)) (== netcoreapp2.0) (== netstandard2.0)
      System.Runtime.Loader (>= 4.0) - restriction: || (&& (== net46) (< net45) (>= netstandard2.0)) (&& (== net47) (< net45) (>= netstandard2.0)) (&& (== net471) (< net45)) (== netcoreapp2.0) (== netstandard2.0)
      System.Security.Cryptography.Algorithms (>= 4.3) - restriction: || (&& (== net46) (< net45) (>= netstandard2.0)) (&& (== net47) (< net45) (>= netstandard2.0)) (&& (== net471) (< net45)) (== netcoreapp2.0) (== netstandard2.0)
      System.ValueTuple (>= 4.4) - restriction: || (== net45) (== net46) (== net47) (== net471) (&& (== netcoreapp2.0) (>= net45)) (&& (== netstandard2.0) (>= net45))
    FSharp.Core (4.3.4)
    FSharpLint.MSBuild (0.9.1-beta)
    FsPickler (5.2)
      FSharp.Core (>= 3.1.2) - restriction: || (== net45) (== net46) (== net47) (== net471) (&& (== netcoreapp2.0) (>= net45)) (&& (== netstandard2.0) (>= net45))
      FSharp.Core (>= 4.3.2) - restriction: || (&& (== net46) (< net45) (>= netstandard2.0)) (&& (== net47) (< net45) (>= netstandard2.0)) (&& (== net471) (< net45)) (== netcoreapp2.0) (== netstandard2.0)
      System.Reflection.Emit.Lightweight (>= 4.3) - restriction: || (&& (== net46) (< net45) (>= netstandard2.0)) (&& (== net47) (< net45) (>= netstandard2.0)) (&& (== net471) (< net45)) (== netcoreapp2.0) (== netstandard2.0)
    Microsoft.Build (15.6.85)
      Microsoft.Build.Framework (15.6.85) - restriction: || (&& (== net45) (>= net46)) (&& (== net45) (>= netstandard1.5)) (== net46) (== net47) (== net471) (== netcoreapp2.0) (== netstandard2.0)
      Microsoft.Win32.Primitives (>= 4.0.1) - restriction: || (&& (== net45) (== net47)) (&& (== net45) (== net471)) (&& (== net45) (>= netstandard1.5)) (&& (== net47) (< net46)) (&& (== net471) (< net46)) (== netcoreapp2.0) (== netstandard2.0)
      System.AppContext (>= 4.1) - restriction: || (&& (== net45) (== net47)) (&& (== net45) (== net471)) (&& (== net45) (>= netstandard1.5)) (&& (== net47) (< net46)) (&& (== net471) (< net46)) (== netcoreapp2.0) (== netstandard2.0)
      System.Collections (>= 4.0.11) - restriction: || (&& (== net45) (== net47)) (&& (== net45) (== net471)) (&& (== net45) (>= netstandard1.5)) (&& (== net47) (< net46)) (&& (== net471) (< net46)) (== netcoreapp2.0) (== netstandard2.0)
      System.Collections.Concurrent (>= 4.0.12) - restriction: || (&& (== net45) (== net47)) (&& (== net45) (== net471)) (&& (== net45) (>= netstandard1.5)) (&& (== net47) (< net46)) (&& (== net471) (< net46)) (== netcoreapp2.0) (== netstandard2.0)
      System.Collections.Immutable (>= 1.2) - restriction: || (&& (== net45) (== net47)) (&& (== net45) (== net471)) (&& (== net45) (>= netstandard1.5)) (&& (== net47) (< net46)) (&& (== net471) (< net46)) (== netcoreapp2.0) (== netstandard2.0)
      System.Collections.Immutable (>= 1.3.1) - restriction: || (&& (== net45) (>= net46)) (== net46) (== net47) (== net471) (&& (== netcoreapp2.0) (>= net46)) (&& (== netstandard2.0) (>= net46))
      System.Collections.NonGeneric (>= 4.0.1) - restriction: || (&& (== net45) (== net47)) (&& (== net45) (== net471)) (&& (== net45) (>= netstandard1.5)) (&& (== net47) (< net46)) (&& (== net471) (< net46)) (== netcoreapp2.0) (== netstandard2.0)
      System.Console (>= 4.0) - restriction: || (&& (== net45) (== net47)) (&& (== net45) (== net471)) (&& (== net45) (>= netstandard1.5)) (&& (== net47) (< net46)) (&& (== net471) (< net46)) (== netcoreapp2.0) (== netstandard2.0)
      System.Diagnostics.Contracts (>= 4.0.1) - restriction: || (&& (== net45) (== net47)) (&& (== net45) (== net471)) (&& (== net45) (>= netstandard1.5)) (&& (== net47) (< net46)) (&& (== net471) (< net46)) (== netcoreapp2.0) (== netstandard2.0)
      System.Diagnostics.Debug (>= 4.0.11) - restriction: || (&& (== net45) (== net47)) (&& (== net45) (== net471)) (&& (== net45) (>= netstandard1.5)) (&& (== net47) (< net46)) (&& (== net471) (< net46)) (== netcoreapp2.0) (== netstandard2.0)
      System.Diagnostics.FileVersionInfo (>= 4.0) - restriction: || (&& (== net45) (== net47)) (&& (== net45) (== net471)) (&& (== net45) (>= netstandard1.5)) (&& (== net47) (< net46)) (&& (== net471) (< net46)) (== netcoreapp2.0) (== netstandard2.0)
      System.Diagnostics.Process (>= 4.1) - restriction: || (&& (== net45) (== net47)) (&& (== net45) (== net471)) (&& (== net45) (>= netstandard1.5)) (&& (== net47) (< net46)) (&& (== net471) (< net46)) (== netcoreapp2.0) (== netstandard2.0)
      System.Diagnostics.TraceSource (>= 4.0) - restriction: || (&& (== net45) (== net47)) (&& (== net45) (== net471)) (&& (== net45) (>= netstandard1.5)) (&& (== net47) (< net46)) (&& (== net471) (< net46)) (== netcoreapp2.0) (== netstandard2.0)
      System.Globalization (>= 4.0.11) - restriction: || (&& (== net45) (== net47)) (&& (== net45) (== net471)) (&& (== net45) (>= netstandard1.5)) (&& (== net47) (< net46)) (&& (== net471) (< net46)) (== netcoreapp2.0) (== netstandard2.0)
      System.IO (>= 4.1) - restriction: || (&& (== net45) (== net47)) (&& (== net45) (== net471)) (&& (== net45) (>= netstandard1.5)) (&& (== net47) (< net46)) (&& (== net471) (< net46)) (== netcoreapp2.0) (== netstandard2.0)
      System.IO.Compression (>= 4.1) - restriction: || (&& (== net45) (== net47)) (&& (== net45) (== net471)) (&& (== net45) (>= netstandard1.5)) (&& (== net47) (< net46)) (&& (== net471) (< net46)) (== netcoreapp2.0) (== netstandard2.0)
      System.IO.FileSystem (>= 4.0.1) - restriction: || (&& (== net45) (== net47)) (&& (== net45) (== net471)) (&& (== net45) (>= netstandard1.5)) (&& (== net47) (< net46)) (&& (== net471) (< net46)) (== netcoreapp2.0) (== netstandard2.0)
      System.IO.FileSystem.Primitives (>= 4.0.1) - restriction: || (&& (== net45) (== net47)) (&& (== net45) (== net471)) (&& (== net45) (>= netstandard1.5)) (&& (== net47) (< net46)) (&& (== net471) (< net46)) (== netcoreapp2.0) (== netstandard2.0)
      System.IO.Pipes (>= 4.0) - restriction: || (&& (== net45) (== net47)) (&& (== net45) (== net471)) (&& (== net45) (>= netstandard1.5)) (&& (== net47) (< net46)) (&& (== net471) (< net46)) (== netcoreapp2.0) (== netstandard2.0)
      System.Linq (>= 4.1) - restriction: || (&& (== net45) (== net47)) (&& (== net45) (== net471)) (&& (== net45) (>= netstandard1.5)) (&& (== net47) (< net46)) (&& (== net471) (< net46)) (== netcoreapp2.0) (== netstandard2.0)
      System.Linq.Parallel (>= 4.0.1) - restriction: || (&& (== net45) (== net47)) (&& (== net45) (== net471)) (&& (== net45) (>= netstandard1.5)) (&& (== net47) (< net46)) (&& (== net471) (< net46)) (== netcoreapp2.0) (== netstandard2.0)
      System.ObjectModel (>= 4.0.12) - restriction: || (&& (== net45) (== net47)) (&& (== net45) (== net471)) (&& (== net45) (>= netstandard1.5)) (&& (== net47) (< net46)) (&& (== net471) (< net46)) (== netcoreapp2.0) (== netstandard2.0)
      System.Reflection (>= 4.1) - restriction: || (&& (== net45) (== net47)) (&& (== net45) (== net471)) (&& (== net45) (>= netstandard1.5)) (&& (== net47) (< net46)) (&& (== net471) (< net46)) (== netcoreapp2.0) (== netstandard2.0)
      System.Reflection.Extensions (>= 4.0.1) - restriction: || (&& (== net45) (== net47)) (&& (== net45) (== net471)) (&& (== net45) (>= netstandard1.5)) (&& (== net47) (< net46)) (&& (== net471) (< net46)) (== netcoreapp2.0) (== netstandard2.0)
      System.Reflection.Metadata (>= 1.3) - restriction: || (&& (== net45) (== net47)) (&& (== net45) (== net471)) (&& (== net45) (>= netstandard1.5)) (&& (== net47) (< net46)) (&& (== net471) (< net46)) (== netcoreapp2.0) (== netstandard2.0)
      System.Reflection.Primitives (>= 4.0.1) - restriction: || (&& (== net45) (== net47)) (&& (== net45) (== net471)) (&& (== net45) (>= netstandard1.5)) (&& (== net47) (< net46)) (&& (== net471) (< net46)) (== netcoreapp2.0) (== netstandard2.0)
      System.Reflection.TypeExtensions (>= 4.1) - restriction: || (&& (== net45) (== net47)) (&& (== net45) (== net471)) (&& (== net45) (>= netstandard1.5)) (&& (== net47) (< net46)) (&& (== net471) (< net46)) (== netcoreapp2.0) (== netstandard2.0)
      System.Resources.ResourceManager (>= 4.0.1) - restriction: || (&& (== net45) (== net47)) (&& (== net45) (== net471)) (&& (== net45) (>= netstandard1.5)) (&& (== net47) (< net46)) (&& (== net471) (< net46)) (== netcoreapp2.0) (== netstandard2.0)
      System.Runtime (>= 4.1) - restriction: || (&& (== net45) (== net47)) (&& (== net45) (== net471)) (&& (== net45) (>= netstandard1.5)) (&& (== net47) (< net46)) (&& (== net471) (< net46)) (== netcoreapp2.0) (== netstandard2.0)
      System.Runtime.Extensions (>= 4.1) - restriction: || (&& (== net45) (== net47)) (&& (== net45) (== net471)) (&& (== net45) (>= netstandard1.5)) (&& (== net47) (< net46)) (&& (== net471) (< net46)) (== netcoreapp2.0) (== netstandard2.0)
      System.Runtime.Handles (>= 4.0.1) - restriction: || (&& (== net45) (== net47)) (&& (== net45) (== net471)) (&& (== net45) (>= netstandard1.5)) (&& (== net47) (< net46)) (&& (== net471) (< net46)) (== netcoreapp2.0) (== netstandard2.0)
      System.Runtime.InteropServices (>= 4.1) - restriction: || (&& (== net45) (== net47)) (&& (== net45) (== net471)) (&& (== net45) (>= netstandard1.5)) (&& (== net47) (< net46)) (&& (== net471) (< net46)) (== netcoreapp2.0) (== netstandard2.0)
      System.Runtime.InteropServices.RuntimeInformation (>= 4.0) - restriction: || (&& (== net45) (== net47)) (&& (== net45) (== net471)) (&& (== net45) (>= netstandard1.5)) (&& (== net47) (< net46)) (&& (== net471) (< net46)) (== netcoreapp2.0) (== netstandard2.0)
      System.Runtime.InteropServices.RuntimeInformation (>= 4.3) - restriction: || (&& (== net45) (>= net46)) (== net46) (== net47) (== net471) (&& (== netcoreapp2.0) (>= net46)) (&& (== netstandard2.0) (>= net46))
      System.Runtime.Loader (>= 4.0) - restriction: || (&& (== net45) (== net47)) (&& (== net45) (== net471)) (&& (== net45) (>= netstandard1.5)) (&& (== net47) (< net46)) (&& (== net471) (< net46)) (== netcoreapp2.0) (== netstandard2.0)
      System.Text.Encoding (>= 4.0.11) - restriction: || (&& (== net45) (== net47)) (&& (== net45) (== net471)) (&& (== net45) (>= netstandard1.5)) (&& (== net47) (< net46)) (&& (== net471) (< net46)) (== netcoreapp2.0) (== netstandard2.0)
      System.Text.Encoding.CodePages (>= 4.0.1) - restriction: || (&& (== net45) (== net47)) (&& (== net45) (== net471)) (&& (== net45) (>= netstandard1.5)) (&& (== net47) (< net46)) (&& (== net471) (< net46)) (== netcoreapp2.0) (== netstandard2.0)
      System.Text.Encoding.Extensions (>= 4.0.11) - restriction: || (&& (== net45) (== net47)) (&& (== net45) (== net471)) (&& (== net45) (>= netstandard1.5)) (&& (== net47) (< net46)) (&& (== net471) (< net46)) (== netcoreapp2.0) (== netstandard2.0)
      System.Text.RegularExpressions (>= 4.1) - restriction: || (&& (== net45) (== net47)) (&& (== net45) (== net471)) (&& (== net45) (>= netstandard1.5)) (&& (== net47) (< net46)) (&& (== net471) (< net46)) (== netcoreapp2.0) (== netstandard2.0)
      System.Threading (>= 4.0.11) - restriction: || (&& (== net45) (== net47)) (&& (== net45) (== net471)) (&& (== net45) (>= netstandard1.5)) (&& (== net47) (< net46)) (&& (== net471) (< net46)) (== netcoreapp2.0) (== netstandard2.0)
      System.Threading.Tasks (>= 4.0.11) - restriction: || (&& (== net45) (== net47)) (&& (== net45) (== net471)) (&& (== net45) (>= netstandard1.5)) (&& (== net47) (< net46)) (&& (== net471) (< net46)) (== netcoreapp2.0) (== netstandard2.0)
      System.Threading.Tasks.Dataflow (>= 4.6) - restriction: || (&& (== net45) (== net47)) (&& (== net45) (== net471)) (&& (== net45) (>= netstandard1.5)) (&& (== net47) (< net46)) (&& (== net471) (< net46)) (== netcoreapp2.0) (== netstandard2.0)
      System.Threading.Tasks.Parallel (>= 4.0.1) - restriction: || (&& (== net45) (== net47)) (&& (== net45) (== net471)) (&& (== net45) (>= netstandard1.5)) (&& (== net47) (< net46)) (&& (== net471) (< net46)) (== netcoreapp2.0) (== netstandard2.0)
      System.Threading.Thread (>= 4.0) - restriction: || (&& (== net45) (== net47)) (&& (== net45) (== net471)) (&& (== net45) (>= netstandard1.5)) (&& (== net47) (< net46)) (&& (== net471) (< net46)) (== netcoreapp2.0) (== netstandard2.0)
      System.Threading.ThreadPool (>= 4.0.10) - restriction: || (&& (== net45) (== net47)) (&& (== net45) (== net471)) (&& (== net45) (>= netstandard1.5)) (&& (== net47) (< net46)) (&& (== net471) (< net46)) (== netcoreapp2.0) (== netstandard2.0)
      System.Xml.ReaderWriter (>= 4.0.11) - restriction: || (&& (== net45) (== net47)) (&& (== net45) (== net471)) (&& (== net45) (>= netstandard1.5)) (&& (== net47) (< net46)) (&& (== net471) (< net46)) (== netcoreapp2.0) (== netstandard2.0)
      System.Xml.XmlDocument (>= 4.0.1) - restriction: || (&& (== net45) (== net47)) (&& (== net45) (== net471)) (&& (== net45) (>= netstandard1.5)) (&& (== net47) (< net46)) (&& (== net471) (< net46)) (== netcoreapp2.0) (== netstandard2.0)
      System.Xml.XPath.XmlDocument (>= 4.0.1) - restriction: || (&& (== net45) (== net47)) (&& (== net45) (== net471)) (&& (== net45) (>= netstandard1.5)) (&& (== net47) (< net46)) (&& (== net471) (< net46)) (== netcoreapp2.0) (== netstandard2.0)
    Microsoft.Build.Framework (15.6.85)
      System.Collections (>= 4.0.11) - restriction: || (&& (== net45) (>= netstandard1.3)) (== net46) (== net47) (== net471) (== netcoreapp2.0) (== netstandard2.0)
      System.Diagnostics.Debug (>= 4.0.11) - restriction: || (&& (== net45) (>= netstandard1.3)) (== net46) (== net47) (== net471) (== netcoreapp2.0) (== netstandard2.0)
      System.Diagnostics.Process (>= 4.1) - restriction: || (&& (== net45) (>= netstandard1.3)) (== net46) (== net47) (== net471) (== netcoreapp2.0) (== netstandard2.0)
      System.Globalization (>= 4.0.11) - restriction: || (&& (== net45) (>= netstandard1.3)) (== net46) (== net47) (== net471) (== netcoreapp2.0) (== netstandard2.0)
      System.Linq (>= 4.1) - restriction: || (&& (== net45) (>= netstandard1.3)) (== net46) (== net47) (== net471) (== netcoreapp2.0) (== netstandard2.0)
      System.ObjectModel (>= 4.0.12) - restriction: || (&& (== net45) (>= netstandard1.3)) (== net46) (== net47) (== net471) (== netcoreapp2.0) (== netstandard2.0)
      System.Resources.ResourceManager (>= 4.0.1) - restriction: || (&& (== net45) (>= netstandard1.3)) (== net46) (== net47) (== net471) (== netcoreapp2.0) (== netstandard2.0)
      System.Runtime (>= 4.1) - restriction: || (&& (== net45) (>= netstandard1.3)) (== net46) (== net47) (== net471) (== netcoreapp2.0) (== netstandard2.0)
      System.Runtime.Extensions (>= 4.1) - restriction: || (&& (== net45) (>= netstandard1.3)) (== net46) (== net47) (== net471) (== netcoreapp2.0) (== netstandard2.0)
      System.Runtime.InteropServices (>= 4.1) - restriction: || (&& (== net45) (>= netstandard1.3)) (== net46) (== net47) (== net471) (== netcoreapp2.0) (== netstandard2.0)
      System.Threading (>= 4.0.11) - restriction: || (&& (== net45) (>= netstandard1.3)) (== net46) (== net47) (== net471) (== netcoreapp2.0) (== netstandard2.0)
      System.Threading.Tasks.Parallel (>= 4.0.1) - restriction: || (&& (== net45) (>= netstandard1.3)) (== net46) (== net47) (== net471) (== netcoreapp2.0) (== netstandard2.0)
      System.Threading.Thread (>= 4.0) - restriction: || (&& (== net45) (>= netstandard1.3)) (== net46) (== net47) (== net471) (== netcoreapp2.0) (== netstandard2.0)
    Microsoft.Build.Tasks.Core (15.6.85)
      Microsoft.Build.Framework (15.6.85) - restriction: || (&& (== net45) (>= netstandard1.3)) (== net46) (== net47) (== net471) (== netcoreapp2.0) (== netstandard2.0)
      Microsoft.Build.Utilities.Core (15.6.85) - restriction: || (&& (== net45) (>= netstandard1.3)) (== net46) (== net47) (== net471) (== netcoreapp2.0) (== netstandard2.0)
      Microsoft.Win32.Primitives (>= 4.0.1) - restriction: || (&& (== net45) (== net46)) (&& (== net45) (== net47)) (&& (== net45) (== net471)) (&& (== net45) (>= netstandard1.3)) (&& (== net47) (< net46)) (&& (== net471) (< net46)) (== netcoreapp2.0) (== netstandard2.0)
      System.AppContext (>= 4.1) - restriction: || (&& (== net45) (== net46)) (&& (== net45) (== net47)) (&& (== net45) (== net471)) (&& (== net45) (>= netstandard1.3)) (&& (== net47) (< net46)) (&& (== net471) (< net46)) (== netcoreapp2.0) (== netstandard2.0)
      System.Collections (>= 4.0.11) - restriction: || (&& (== net45) (== net46)) (&& (== net45) (== net47)) (&& (== net45) (== net471)) (&& (== net45) (>= netstandard1.3)) (&& (== net47) (< net46)) (&& (== net471) (< net46)) (== netcoreapp2.0) (== netstandard2.0)
      System.Collections.Concurrent (>= 4.0.12) - restriction: || (&& (== net45) (== net46)) (&& (== net45) (== net47)) (&& (== net45) (== net471)) (&& (== net45) (>= netstandard1.3)) (&& (== net47) (< net46)) (&& (== net471) (< net46)) (== netcoreapp2.0) (== netstandard2.0)
      System.Collections.Immutable (>= 1.2) - restriction: || (&& (== net45) (== net46)) (&& (== net45) (== net47)) (&& (== net45) (== net471)) (&& (== net45) (>= netstandard1.3)) (&& (== net47) (< net46)) (&& (== net471) (< net46)) (== netcoreapp2.0) (== netstandard2.0)
      System.Collections.Immutable (>= 1.3.1) - restriction: || (&& (== net45) (>= net46)) (== net46) (== net47) (== net471) (&& (== netcoreapp2.0) (>= net46)) (&& (== netstandard2.0) (>= net46))
      System.Collections.NonGeneric (>= 4.0.1) - restriction: || (&& (== net45) (== net46)) (&& (== net45) (== net47)) (&& (== net45) (== net471)) (&& (== net45) (>= netstandard1.3)) (&& (== net47) (< net46)) (&& (== net471) (< net46)) (== netcoreapp2.0) (== netstandard2.0)
      System.Console (>= 4.0) - restriction: || (&& (== net45) (== net46)) (&& (== net45) (== net47)) (&& (== net45) (== net471)) (&& (== net45) (>= netstandard1.3)) (&& (== net47) (< net46)) (&& (== net471) (< net46)) (== netcoreapp2.0) (== netstandard2.0)
      System.Diagnostics.Debug (>= 4.0.11) - restriction: || (&& (== net45) (== net46)) (&& (== net45) (== net47)) (&& (== net45) (== net471)) (&& (== net45) (>= netstandard1.3)) (&& (== net47) (< net46)) (&& (== net471) (< net46)) (== netcoreapp2.0) (== netstandard2.0)
      System.Diagnostics.Process (>= 4.1) - restriction: || (&& (== net45) (== net46)) (&& (== net45) (== net47)) (&& (== net45) (== net471)) (&& (== net45) (>= netstandard1.3)) (&& (== net47) (< net46)) (&& (== net471) (< net46)) (== netcoreapp2.0) (== netstandard2.0)
      System.Diagnostics.TraceSource (>= 4.0) - restriction: || (&& (== net45) (== net46)) (&& (== net45) (== net47)) (&& (== net45) (== net471)) (&& (== net45) (>= netstandard1.3)) (&& (== net47) (< net46)) (&& (== net471) (< net46)) (== netcoreapp2.0) (== netstandard2.0)
      System.Globalization (>= 4.0.11) - restriction: || (&& (== net45) (== net46)) (&& (== net45) (== net47)) (&& (== net45) (== net471)) (&& (== net45) (>= netstandard1.3)) (&& (== net47) (< net46)) (&& (== net471) (< net46)) (== netcoreapp2.0) (== netstandard2.0)
      System.IO (>= 4.1) - restriction: || (&& (== net45) (== net46)) (&& (== net45) (== net47)) (&& (== net45) (== net471)) (&& (== net45) (>= netstandard1.3)) (&& (== net47) (< net46)) (&& (== net471) (< net46)) (== netcoreapp2.0) (== netstandard2.0)
      System.IO.FileSystem (>= 4.0.1) - restriction: || (&& (== net45) (== net46)) (&& (== net45) (== net47)) (&& (== net45) (== net471)) (&& (== net45) (>= netstandard1.3)) (&& (== net47) (< net46)) (&& (== net471) (< net46)) (== netcoreapp2.0) (== netstandard2.0)
      System.IO.FileSystem.Primitives (>= 4.0.1) - restriction: || (&& (== net45) (== net46)) (&& (== net45) (== net47)) (&& (== net45) (== net471)) (&& (== net45) (>= netstandard1.3)) (&& (== net47) (< net46)) (&& (== net471) (< net46)) (== netcoreapp2.0) (== netstandard2.0)
      System.Linq (>= 4.1) - restriction: || (&& (== net45) (== net46)) (&& (== net45) (== net47)) (&& (== net45) (== net471)) (&& (== net45) (>= netstandard1.3)) (&& (== net47) (< net46)) (&& (== net471) (< net46)) (== netcoreapp2.0) (== netstandard2.0)
      System.Linq.Parallel (>= 4.0.1) - restriction: || (&& (== net45) (== net46)) (&& (== net45) (== net47)) (&& (== net45) (== net471)) (&& (== net45) (>= netstandard1.3)) (&& (== net47) (< net46)) (&& (== net471) (< net46)) (== netcoreapp2.0) (== netstandard2.0)
      System.ObjectModel (>= 4.0.12) - restriction: || (&& (== net45) (== net46)) (&& (== net45) (== net47)) (&& (== net45) (== net471)) (&& (== net45) (>= netstandard1.3)) (&& (== net47) (< net46)) (&& (== net471) (< net46)) (== netcoreapp2.0) (== netstandard2.0)
      System.Reflection (>= 4.1) - restriction: || (&& (== net45) (== net46)) (&& (== net45) (== net47)) (&& (== net45) (== net471)) (&& (== net45) (>= netstandard1.3)) (&& (== net47) (< net46)) (&& (== net471) (< net46)) (== netcoreapp2.0) (== netstandard2.0)
      System.Reflection.Metadata (>= 1.3) - restriction: || (&& (== net45) (>= netstandard1.3)) (== net46) (== net47) (== net471) (== netcoreapp2.0) (== netstandard2.0)
      System.Reflection.TypeExtensions (>= 4.1) - restriction: || (&& (== net45) (== net46)) (&& (== net45) (== net47)) (&& (== net45) (== net471)) (&& (== net45) (>= netstandard1.3)) (&& (== net47) (< net46)) (&& (== net471) (< net46)) (== netcoreapp2.0) (== netstandard2.0)
      System.Resources.Reader (>= 4.0) - restriction: || (&& (== net45) (== net46)) (&& (== net45) (== net47)) (&& (== net45) (== net471)) (&& (== net45) (>= netstandard1.3)) (&& (== net47) (< net46)) (&& (== net471) (< net46)) (== netcoreapp2.0) (== netstandard2.0)
      System.Resources.ResourceManager (>= 4.0.1) - restriction: || (&& (== net45) (== net46)) (&& (== net45) (== net47)) (&& (== net45) (== net471)) (&& (== net45) (>= netstandard1.3)) (&& (== net47) (< net46)) (&& (== net471) (< net46)) (== netcoreapp2.0) (== netstandard2.0)
      System.Resources.Writer (>= 4.0) - restriction: || (&& (== net45) (== net46)) (&& (== net45) (== net47)) (&& (== net45) (== net471)) (&& (== net45) (>= netstandard1.3)) (&& (== net47) (< net46)) (&& (== net471) (< net46)) (== netcoreapp2.0) (== netstandard2.0)
      System.Runtime (>= 4.1) - restriction: || (&& (== net45) (== net46)) (&& (== net45) (== net47)) (&& (== net45) (== net471)) (&& (== net45) (>= netstandard1.3)) (&& (== net47) (< net46)) (&& (== net471) (< net46)) (== netcoreapp2.0) (== netstandard2.0)
      System.Runtime.Extensions (>= 4.1) - restriction: || (&& (== net45) (== net46)) (&& (== net45) (== net47)) (&& (== net45) (== net471)) (&& (== net45) (>= netstandard1.3)) (&& (== net47) (< net46)) (&& (== net471) (< net46)) (== netcoreapp2.0) (== netstandard2.0)
      System.Runtime.Handles (>= 4.0.1) - restriction: || (&& (== net45) (== net46)) (&& (== net45) (== net47)) (&& (== net45) (== net471)) (&& (== net45) (>= netstandard1.3)) (&& (== net47) (< net46)) (&& (== net471) (< net46)) (== netcoreapp2.0) (== netstandard2.0)
      System.Runtime.InteropServices (>= 4.1) - restriction: || (&& (== net45) (== net46)) (&& (== net45) (== net47)) (&& (== net45) (== net471)) (&& (== net45) (>= netstandard1.3)) (&& (== net47) (< net46)) (&& (== net471) (< net46)) (== netcoreapp2.0) (== netstandard2.0)
      System.Runtime.InteropServices.RuntimeInformation (>= 4.0) - restriction: || (&& (== net45) (== net46)) (&& (== net45) (== net47)) (&& (== net45) (== net471)) (&& (== net45) (>= netstandard1.3)) (&& (== net47) (< net46)) (&& (== net471) (< net46)) (== netcoreapp2.0) (== netstandard2.0)
      System.Runtime.InteropServices.RuntimeInformation (>= 4.3) - restriction: || (&& (== net45) (>= net46)) (== net46) (== net47) (== net471) (&& (== netcoreapp2.0) (>= net46)) (&& (== netstandard2.0) (>= net46))
      System.Runtime.Serialization.Primitives (>= 4.1.1) - restriction: || (&& (== net45) (== net46)) (&& (== net45) (== net47)) (&& (== net45) (== net471)) (&& (== net45) (>= netstandard1.3)) (&& (== net47) (< net46)) (&& (== net471) (< net46)) (== netcoreapp2.0) (== netstandard2.0)
      System.Runtime.Serialization.Xml (>= 4.1.1) - restriction: || (&& (== net45) (== net46)) (&& (== net45) (== net47)) (&& (== net45) (== net471)) (&& (== net45) (>= netstandard1.3)) (&& (== net47) (< net46)) (&& (== net471) (< net46)) (== netcoreapp2.0) (== netstandard2.0)
      System.Security.Cryptography.Algorithms (>= 4.2) - restriction: || (&& (== net45) (== net46)) (&& (== net45) (== net47)) (&& (== net45) (== net471)) (&& (== net45) (>= netstandard1.3)) (&& (== net47) (< net46)) (&& (== net471) (< net46)) (== netcoreapp2.0) (== netstandard2.0)
      System.Security.Cryptography.Primitives (>= 4.0) - restriction: || (&& (== net45) (== net46)) (&& (== net45) (== net47)) (&& (== net45) (== net471)) (&& (== net45) (>= netstandard1.3)) (&& (== net47) (< net46)) (&& (== net471) (< net46)) (== netcoreapp2.0) (== netstandard2.0)
      System.Security.Cryptography.X509Certificates (>= 4.1) - restriction: || (&& (== net45) (== net46)) (&& (== net45) (== net47)) (&& (== net45) (== net471)) (&& (== net45) (>= netstandard1.3)) (&& (== net47) (< net46)) (&& (== net471) (< net46)) (== netcoreapp2.0) (== netstandard2.0)
      System.Text.Encoding (>= 4.0.11) - restriction: || (&& (== net45) (== net46)) (&& (== net45) (== net47)) (&& (== net45) (== net471)) (&& (== net45) (>= netstandard1.3)) (&& (== net47) (< net46)) (&& (== net471) (< net46)) (== netcoreapp2.0) (== netstandard2.0)
      System.Text.Encoding.CodePages (>= 4.0.1) - restriction: || (&& (== net45) (== net46)) (&& (== net45) (== net47)) (&& (== net45) (== net471)) (&& (== net45) (>= netstandard1.3)) (&& (== net47) (< net46)) (&& (== net471) (< net46)) (== netcoreapp2.0) (== netstandard2.0)
      System.Text.Encoding.Extensions (>= 4.0.11) - restriction: || (&& (== net45) (== net46)) (&& (== net45) (== net47)) (&& (== net45) (== net471)) (&& (== net45) (>= netstandard1.3)) (&& (== net47) (< net46)) (&& (== net471) (< net46)) (== netcoreapp2.0) (== netstandard2.0)
      System.Text.RegularExpressions (>= 4.1) - restriction: || (&& (== net45) (== net46)) (&& (== net45) (== net47)) (&& (== net45) (== net471)) (&& (== net45) (>= netstandard1.3)) (&& (== net47) (< net46)) (&& (== net471) (< net46)) (== netcoreapp2.0) (== netstandard2.0)
      System.Threading (>= 4.0.11) - restriction: || (&& (== net45) (== net46)) (&& (== net45) (== net47)) (&& (== net45) (== net471)) (&& (== net45) (>= netstandard1.3)) (&& (== net47) (< net46)) (&& (== net471) (< net46)) (== netcoreapp2.0) (== netstandard2.0)
      System.Threading.Tasks (>= 4.0.11) - restriction: || (&& (== net45) (== net46)) (&& (== net45) (== net47)) (&& (== net45) (== net471)) (&& (== net45) (>= netstandard1.3)) (&& (== net47) (< net46)) (&& (== net471) (< net46)) (== netcoreapp2.0) (== netstandard2.0)
      System.Threading.Tasks.Parallel (>= 4.0.1) - restriction: || (&& (== net45) (== net46)) (&& (== net45) (== net47)) (&& (== net45) (== net471)) (&& (== net45) (>= netstandard1.3)) (&& (== net47) (< net46)) (&& (== net471) (< net46)) (== netcoreapp2.0) (== netstandard2.0)
      System.Threading.Thread (>= 4.0) - restriction: || (&& (== net45) (== net46)) (&& (== net45) (== net47)) (&& (== net45) (== net471)) (&& (== net45) (>= netstandard1.3)) (&& (== net47) (< net46)) (&& (== net471) (< net46)) (== netcoreapp2.0) (== netstandard2.0)
      System.Xml.ReaderWriter (>= 4.0.11) - restriction: || (&& (== net45) (== net46)) (&& (== net45) (== net47)) (&& (== net45) (== net471)) (&& (== net45) (>= netstandard1.3)) (&& (== net47) (< net46)) (&& (== net471) (< net46)) (== netcoreapp2.0) (== netstandard2.0)
      System.Xml.XDocument (>= 4.0.11) - restriction: || (&& (== net45) (== net46)) (&& (== net45) (== net47)) (&& (== net45) (== net471)) (&& (== net45) (>= netstandard1.3)) (&& (== net47) (< net46)) (&& (== net471) (< net46)) (== netcoreapp2.0) (== netstandard2.0)
      System.Xml.XmlDocument (>= 4.0.1) - restriction: || (&& (== net45) (== net46)) (&& (== net45) (== net47)) (&& (== net45) (== net471)) (&& (== net45) (>= netstandard1.3)) (&& (== net47) (< net46)) (&& (== net471) (< net46)) (== netcoreapp2.0) (== netstandard2.0)
      System.Xml.XPath (>= 4.0.1) - restriction: || (&& (== net45) (== net46)) (&& (== net45) (== net47)) (&& (== net45) (== net471)) (&& (== net45) (>= netstandard1.3)) (&& (== net47) (< net46)) (&& (== net471) (< net46)) (== netcoreapp2.0) (== netstandard2.0)
      System.Xml.XPath.XmlDocument (>= 4.0.1) - restriction: || (&& (== net45) (== net46)) (&& (== net45) (== net47)) (&& (== net45) (== net471)) (&& (== net45) (>= netstandard1.3)) (&& (== net47) (< net46)) (&& (== net471) (< net46)) (== netcoreapp2.0) (== netstandard2.0)
    Microsoft.Build.Utilities.Core (15.6.85)
      Microsoft.Build.Framework (15.6.85) - restriction: || (&& (== net45) (>= netstandard1.3)) (== net46) (== net47) (== net471) (== netcoreapp2.0) (== netstandard2.0)
      Microsoft.Win32.Primitives (>= 4.0.1) - restriction: || (&& (== net45) (== net46)) (&& (== net45) (== net47)) (&& (== net45) (== net471)) (&& (== net45) (>= netstandard1.3)) (&& (== net47) (< net46)) (&& (== net471) (< net46)) (== netcoreapp2.0) (== netstandard2.0)
      System.AppContext (>= 4.1) - restriction: || (&& (== net45) (== net46)) (&& (== net45) (== net47)) (&& (== net45) (== net471)) (&& (== net45) (>= netstandard1.3)) (&& (== net47) (< net46)) (&& (== net471) (< net46)) (== netcoreapp2.0) (== netstandard2.0)
      System.Collections (>= 4.0.11) - restriction: || (&& (== net45) (== net46)) (&& (== net45) (== net47)) (&& (== net45) (== net471)) (&& (== net45) (>= netstandard1.3)) (&& (== net47) (< net46)) (&& (== net471) (< net46)) (== netcoreapp2.0) (== netstandard2.0)
      System.Collections.Concurrent (>= 4.0.12) - restriction: || (&& (== net45) (== net46)) (&& (== net45) (== net47)) (&& (== net45) (== net471)) (&& (== net45) (>= netstandard1.3)) (&& (== net47) (< net46)) (&& (== net471) (< net46)) (== netcoreapp2.0) (== netstandard2.0)
      System.Collections.Immutable (>= 1.2) - restriction: || (&& (== net45) (== net46)) (&& (== net45) (== net47)) (&& (== net45) (== net471)) (&& (== net45) (>= netstandard1.3)) (&& (== net47) (< net46)) (&& (== net471) (< net46)) (== netcoreapp2.0) (== netstandard2.0)
      System.Collections.Immutable (>= 1.3.1) - restriction: || (&& (== net45) (>= net46)) (== net46) (== net47) (== net471) (&& (== netcoreapp2.0) (>= net46)) (&& (== netstandard2.0) (>= net46))
      System.Collections.NonGeneric (>= 4.0.1) - restriction: || (&& (== net45) (== net46)) (&& (== net45) (== net47)) (&& (== net45) (== net471)) (&& (== net45) (>= netstandard1.3)) (&& (== net47) (< net46)) (&& (== net471) (< net46)) (== netcoreapp2.0) (== netstandard2.0)
      System.Console (>= 4.0) - restriction: || (&& (== net45) (== net46)) (&& (== net45) (== net47)) (&& (== net45) (== net471)) (&& (== net45) (>= netstandard1.3)) (&& (== net47) (< net46)) (&& (== net471) (< net46)) (== netcoreapp2.0) (== netstandard2.0)
      System.Diagnostics.Debug (>= 4.0.11) - restriction: || (&& (== net45) (== net46)) (&& (== net45) (== net47)) (&& (== net45) (== net471)) (&& (== net45) (>= netstandard1.3)) (&& (== net47) (< net46)) (&& (== net471) (< net46)) (== netcoreapp2.0) (== netstandard2.0)
      System.Diagnostics.Process (>= 4.1) - restriction: || (&& (== net45) (== net46)) (&& (== net45) (== net47)) (&& (== net45) (== net471)) (&& (== net45) (>= netstandard1.3)) (&& (== net47) (< net46)) (&& (== net471) (< net46)) (== netcoreapp2.0) (== netstandard2.0)
      System.Diagnostics.TraceSource (>= 4.0) - restriction: || (&& (== net45) (== net46)) (&& (== net45) (== net47)) (&& (== net45) (== net471)) (&& (== net45) (>= netstandard1.3)) (&& (== net47) (< net46)) (&& (== net471) (< net46)) (== netcoreapp2.0) (== netstandard2.0)
      System.Globalization (>= 4.0.11) - restriction: || (&& (== net45) (== net46)) (&& (== net45) (== net47)) (&& (== net45) (== net471)) (&& (== net45) (>= netstandard1.3)) (&& (== net47) (< net46)) (&& (== net471) (< net46)) (== netcoreapp2.0) (== netstandard2.0)
      System.IO (>= 4.1) - restriction: || (&& (== net45) (== net46)) (&& (== net45) (== net47)) (&& (== net45) (== net471)) (&& (== net45) (>= netstandard1.3)) (&& (== net47) (< net46)) (&& (== net471) (< net46)) (== netcoreapp2.0) (== netstandard2.0)
      System.IO.FileSystem (>= 4.0.1) - restriction: || (&& (== net45) (== net46)) (&& (== net45) (== net47)) (&& (== net45) (== net471)) (&& (== net45) (>= netstandard1.3)) (&& (== net47) (< net46)) (&& (== net471) (< net46)) (== netcoreapp2.0) (== netstandard2.0)
      System.IO.FileSystem.Primitives (>= 4.0.1) - restriction: || (&& (== net45) (== net46)) (&& (== net45) (== net47)) (&& (== net45) (== net471)) (&& (== net45) (>= netstandard1.3)) (&& (== net47) (< net46)) (&& (== net471) (< net46)) (== netcoreapp2.0) (== netstandard2.0)
      System.Linq (>= 4.1) - restriction: || (&& (== net45) (== net46)) (&& (== net45) (== net47)) (&& (== net45) (== net471)) (&& (== net45) (>= netstandard1.3)) (&& (== net47) (< net46)) (&& (== net471) (< net46)) (== netcoreapp2.0) (== netstandard2.0)
      System.ObjectModel (>= 4.0.12) - restriction: || (&& (== net45) (== net46)) (&& (== net45) (== net47)) (&& (== net45) (== net471)) (&& (== net45) (>= netstandard1.3)) (&& (== net47) (< net46)) (&& (== net471) (< net46)) (== netcoreapp2.0) (== netstandard2.0)
      System.Reflection (>= 4.1) - restriction: || (&& (== net45) (== net46)) (&& (== net45) (== net47)) (&& (== net45) (== net471)) (&& (== net45) (>= netstandard1.3)) (&& (== net47) (< net46)) (&& (== net471) (< net46)) (== netcoreapp2.0) (== netstandard2.0)
      System.Reflection.TypeExtensions (>= 4.1) - restriction: || (&& (== net45) (== net46)) (&& (== net45) (== net47)) (&& (== net45) (== net471)) (&& (== net45) (>= netstandard1.3)) (&& (== net47) (< net46)) (&& (== net471) (< net46)) (== netcoreapp2.0) (== netstandard2.0)
      System.Resources.Reader (>= 4.0) - restriction: || (&& (== net45) (== net46)) (&& (== net45) (== net47)) (&& (== net45) (== net471)) (&& (== net45) (>= netstandard1.3)) (&& (== net47) (< net46)) (&& (== net471) (< net46)) (== netcoreapp2.0) (== netstandard2.0)
      System.Resources.ResourceManager (>= 4.0.1) - restriction: || (&& (== net45) (== net46)) (&& (== net45) (== net47)) (&& (== net45) (== net471)) (&& (== net45) (>= netstandard1.3)) (&& (== net47) (< net46)) (&& (== net471) (< net46)) (== netcoreapp2.0) (== netstandard2.0)
      System.Runtime (>= 4.1) - restriction: || (&& (== net45) (== net46)) (&& (== net45) (== net47)) (&& (== net45) (== net471)) (&& (== net45) (>= netstandard1.3)) (&& (== net47) (< net46)) (&& (== net471) (< net46)) (== netcoreapp2.0) (== netstandard2.0)
      System.Runtime.Extensions (>= 4.1) - restriction: || (&& (== net45) (== net46)) (&& (== net45) (== net47)) (&& (== net45) (== net471)) (&& (== net45) (>= netstandard1.3)) (&& (== net47) (< net46)) (&& (== net471) (< net46)) (== netcoreapp2.0) (== netstandard2.0)
      System.Runtime.Handles (>= 4.0.1) - restriction: || (&& (== net45) (== net46)) (&& (== net45) (== net47)) (&& (== net45) (== net471)) (&& (== net45) (>= netstandard1.3)) (&& (== net47) (< net46)) (&& (== net471) (< net46)) (== netcoreapp2.0) (== netstandard2.0)
      System.Runtime.InteropServices (>= 4.1) - restriction: || (&& (== net45) (== net46)) (&& (== net45) (== net47)) (&& (== net45) (== net471)) (&& (== net45) (>= netstandard1.3)) (&& (== net47) (< net46)) (&& (== net471) (< net46)) (== netcoreapp2.0) (== netstandard2.0)
      System.Runtime.InteropServices.RuntimeInformation (>= 4.0) - restriction: || (&& (== net45) (== net46)) (&& (== net45) (== net47)) (&& (== net45) (== net471)) (&& (== net45) (>= netstandard1.3)) (&& (== net47) (< net46)) (&& (== net471) (< net46)) (== netcoreapp2.0) (== netstandard2.0)
      System.Runtime.InteropServices.RuntimeInformation (>= 4.3) - restriction: || (&& (== net45) (>= net46)) (== net46) (== net47) (== net471) (&& (== netcoreapp2.0) (>= net46)) (&& (== netstandard2.0) (>= net46))
      System.Runtime.Serialization.Primitives (>= 4.1.1) - restriction: || (&& (== net45) (== net46)) (&& (== net45) (== net47)) (&& (== net45) (== net471)) (&& (== net45) (>= netstandard1.3)) (&& (== net47) (< net46)) (&& (== net471) (< net46)) (== netcoreapp2.0) (== netstandard2.0)
      System.Runtime.Serialization.Xml (>= 4.1.1) - restriction: || (&& (== net45) (== net46)) (&& (== net45) (== net47)) (&& (== net45) (== net471)) (&& (== net45) (>= netstandard1.3)) (&& (== net47) (< net46)) (&& (== net471) (< net46)) (== netcoreapp2.0) (== netstandard2.0)
      System.Text.Encoding (>= 4.0.11) - restriction: || (&& (== net45) (== net46)) (&& (== net45) (== net47)) (&& (== net45) (== net471)) (&& (== net45) (>= netstandard1.3)) (&& (== net47) (< net46)) (&& (== net471) (< net46)) (== netcoreapp2.0) (== netstandard2.0)
      System.Text.Encoding.CodePages (>= 4.0.1) - restriction: || (&& (== net45) (== net46)) (&& (== net45) (== net47)) (&& (== net45) (== net471)) (&& (== net45) (>= netstandard1.3)) (&& (== net47) (< net46)) (&& (== net471) (< net46)) (== netcoreapp2.0) (== netstandard2.0)
      System.Text.RegularExpressions (>= 4.1) - restriction: || (&& (== net45) (== net46)) (&& (== net45) (== net47)) (&& (== net45) (== net471)) (&& (== net45) (>= netstandard1.3)) (&& (== net47) (< net46)) (&& (== net471) (< net46)) (== netcoreapp2.0) (== netstandard2.0)
      System.Threading (>= 4.0.11) - restriction: || (&& (== net45) (== net46)) (&& (== net45) (== net47)) (&& (== net45) (== net471)) (&& (== net45) (>= netstandard1.3)) (&& (== net47) (< net46)) (&& (== net471) (< net46)) (== netcoreapp2.0) (== netstandard2.0)
      System.Threading.Tasks (>= 4.0.11) - restriction: || (&& (== net45) (== net46)) (&& (== net45) (== net47)) (&& (== net45) (== net471)) (&& (== net45) (>= netstandard1.3)) (&& (== net47) (< net46)) (&& (== net471) (< net46)) (== netcoreapp2.0) (== netstandard2.0)
      System.Threading.Tasks.Parallel (>= 4.0.1) - restriction: || (&& (== net45) (== net46)) (&& (== net45) (== net47)) (&& (== net45) (== net471)) (&& (== net45) (>= netstandard1.3)) (&& (== net47) (< net46)) (&& (== net471) (< net46)) (== netcoreapp2.0) (== netstandard2.0)
      System.Threading.Thread (>= 4.0) - restriction: || (&& (== net45) (== net46)) (&& (== net45) (== net47)) (&& (== net45) (== net471)) (&& (== net45) (>= netstandard1.3)) (&& (== net47) (< net46)) (&& (== net471) (< net46)) (== netcoreapp2.0) (== netstandard2.0)
      System.Threading.Timer (>= 4.0.1) - restriction: || (&& (== net45) (== net46)) (&& (== net45) (== net47)) (&& (== net45) (== net471)) (&& (== net45) (>= netstandard1.3)) (&& (== net47) (< net46)) (&& (== net471) (< net46)) (== netcoreapp2.0) (== netstandard2.0)
      System.Xml.ReaderWriter (>= 4.0.11) - restriction: || (&& (== net45) (== net46)) (&& (== net45) (== net47)) (&& (== net45) (== net471)) (&& (== net45) (>= netstandard1.3)) (&& (== net47) (< net46)) (&& (== net471) (< net46)) (== netcoreapp2.0) (== netstandard2.0)
      System.Xml.XmlDocument (>= 4.0.1) - restriction: || (&& (== net45) (== net46)) (&& (== net45) (== net47)) (&& (== net45) (== net471)) (&& (== net45) (>= netstandard1.3)) (&& (== net47) (< net46)) (&& (== net471) (< net46)) (== netcoreapp2.0) (== netstandard2.0)
    Microsoft.NET.Sdk (1.0.0-alpha-20161104-2)
      Nuget.Build.Tasks.Pack (>= 4.0.0-rc-2048)
    Microsoft.NETCore.Platforms (2.2)
    Microsoft.NETCore.Targets (2.1)
    Microsoft.Win32.Primitives (4.3) - restriction: || (&& (== net46) (< net45) (>= netstandard2.0)) (&& (== net47) (< net45) (>= netstandard2.0)) (&& (== net471) (< net45)) (== netcoreapp2.0) (== netstandard2.0)
      Microsoft.NETCore.Platforms (>= 1.1) - restriction: || (&& (== net45) (== net46)) (&& (== net45) (== net47)) (&& (== net45) (== net471)) (&& (== net45) (>= netstandard1.3)) (&& (== net47) (< net46)) (&& (== net471) (< net46)) (== netcoreapp2.0) (== netstandard2.0)
      Microsoft.NETCore.Targets (>= 1.1) - restriction: || (&& (== net45) (== net46)) (&& (== net45) (== net47)) (&& (== net45) (== net471)) (&& (== net45) (>= netstandard1.3)) (&& (== net47) (< net46)) (&& (== net471) (< net46)) (== netcoreapp2.0) (== netstandard2.0)
      System.Runtime (>= 4.3) - restriction: || (&& (== net45) (== net46)) (&& (== net45) (== net47)) (&& (== net45) (== net471)) (&& (== net45) (>= netstandard1.3)) (&& (== net47) (< net46)) (&& (== net471) (< net46)) (== netcoreapp2.0) (== netstandard2.0)
    Microsoft.Win32.Registry (4.5) - restriction: || (&& (== net46) (< net45) (>= netstandard2.0)) (&& (== net47) (< net45) (>= netstandard2.0)) (&& (== net471) (< net45)) (== netcoreapp2.0) (== netstandard2.0)
      System.Buffers (>= 4.4) - restriction: || (&& (== net45) (== net471)) (&& (== net45) (== netcoreapp2.0)) (&& (== net45) (>= monoandroid)) (&& (== net45) (>= monotouch)) (&& (== net45) (>= netstandard2.0)) (&& (== net45) (>= xamarinios)) (&& (== net45) (>= xamarinmac)) (&& (== net45) (>= xamarintvos)) (&& (== net45) (>= xamarinwatchos)) (&& (== net46) (>= monoandroid)) (&& (== net46) (>= monotouch)) (&& (== net46) (>= xamarinios)) (&& (== net46) (>= xamarinmac)) (&& (== net46) (>= xamarintvos)) (&& (== net46) (>= xamarinwatchos)) (&& (== net47) (== netcoreapp2.0)) (&& (== net47) (>= monoandroid)) (&& (== net47) (>= monotouch)) (&& (== net47) (< net46) (>= netstandard2.0)) (&& (== net47) (>= xamarinios)) (&& (== net47) (>= xamarinmac)) (&& (== net47) (>= xamarintvos)) (&& (== net47) (>= xamarinwatchos)) (&& (== net471) (== netcoreapp2.0)) (&& (== net471) (>= monoandroid) (< netstandard2.0)) (&& (== net471) (>= monotouch)) (&& (== net471) (< net46)) (&& (== net471) (>= xamarinios)) (&& (== net471) (>= xamarinmac)) (&& (== net471) (>= xamarintvos)) (&& (== net471) (>= xamarinwatchos)) (&& (== netcoreapp2.0) (>= monoandroid) (< netstandard2.0)) (&& (== netcoreapp2.0) (>= monotouch)) (&& (== netcoreapp2.0) (>= xamarinios)) (&& (== netcoreapp2.0) (>= xamarinmac)) (&& (== netcoreapp2.0) (>= xamarintvos)) (&& (== netcoreapp2.0) (>= xamarinwatchos)) (== netstandard2.0)
      System.Memory (>= 4.5) - restriction: || (&& (== net45) (== net471)) (&& (== net45) (>= netcoreapp2.0)) (&& (== net45) (>= netstandard2.0)) (&& (== net45) (>= uap10.1)) (&& (== net46) (>= netcoreapp2.0)) (&& (== net46) (>= uap10.1)) (&& (== net47) (< net46) (>= netstandard2.0)) (&& (== net47) (>= netcoreapp2.0)) (&& (== net47) (>= uap10.1)) (&& (== net471) (< net46)) (&& (== net471) (>= netcoreapp2.0)) (&& (== net471) (>= uap10.1)) (== netcoreapp2.0) (== netstandard2.0)
      System.Security.AccessControl (>= 4.5) - restriction: || (&& (== net45) (>= monoandroid)) (&& (== net45) (>= monotouch)) (&& (== net45) (>= net461)) (&& (== net45) (>= netcoreapp2.0)) (&& (== net45) (>= netstandard2.0)) (&& (== net45) (>= xamarinios)) (&& (== net45) (>= xamarinmac)) (&& (== net45) (>= xamarintvos)) (&& (== net45) (>= xamarinwatchos)) (&& (== net46) (>= monoandroid)) (&& (== net46) (>= monotouch)) (&& (== net46) (>= net461)) (&& (== net46) (>= netcoreapp2.0)) (&& (== net46) (>= xamarinios)) (&& (== net46) (>= xamarinmac)) (&& (== net46) (>= xamarintvos)) (&& (== net46) (>= xamarinwatchos)) (== net47) (== net471) (== netcoreapp2.0) (== netstandard2.0)
      System.Security.Principal.Windows (>= 4.5) - restriction: || (&& (== net45) (>= monoandroid)) (&& (== net45) (>= monotouch)) (&& (== net45) (>= net461)) (&& (== net45) (>= netcoreapp2.0)) (&& (== net45) (>= netstandard2.0)) (&& (== net45) (>= xamarinios)) (&& (== net45) (>= xamarinmac)) (&& (== net45) (>= xamarintvos)) (&& (== net45) (>= xamarinwatchos)) (&& (== net46) (>= monoandroid)) (&& (== net46) (>= monotouch)) (&& (== net46) (>= net461)) (&& (== net46) (>= netcoreapp2.0)) (&& (== net46) (>= xamarinios)) (&& (== net46) (>= xamarinmac)) (&& (== net46) (>= xamarintvos)) (&& (== net46) (>= xamarinwatchos)) (== net47) (== net471) (== netcoreapp2.0) (== netstandard2.0)
    Nuget.Build.Tasks.Pack (5.0)
    runtime.debian.8-x64.runtime.native.System.Security.Cryptography.OpenSsl (4.3.3) - restriction: || (&& (== net46) (< net45) (>= netstandard2.0)) (&& (== net47) (< net45) (>= netstandard2.0)) (&& (== net471) (< net45)) (== netcoreapp2.0) (== netstandard2.0)
    runtime.debian.9-x64.runtime.native.System.Security.Cryptography.OpenSsl (4.3.3) - restriction: || (&& (== net46) (< net45) (>= netstandard2.0)) (&& (== net47) (< net45) (>= netstandard2.0)) (&& (== net471) (< net45)) (== netcoreapp2.0) (== netstandard2.0)
    runtime.fedora.23-x64.runtime.native.System.Security.Cryptography.OpenSsl (4.3.3) - restriction: || (&& (== net46) (< net45) (>= netstandard2.0)) (&& (== net47) (< net45) (>= netstandard2.0)) (&& (== net471) (< net45)) (== netcoreapp2.0) (== netstandard2.0)
    runtime.fedora.24-x64.runtime.native.System.Security.Cryptography.OpenSsl (4.3.3) - restriction: || (&& (== net46) (< net45) (>= netstandard2.0)) (&& (== net47) (< net45) (>= netstandard2.0)) (&& (== net471) (< net45)) (== netcoreapp2.0) (== netstandard2.0)
    runtime.fedora.27-x64.runtime.native.System.Security.Cryptography.OpenSsl (4.3.3) - restriction: || (&& (== net46) (< net45) (>= netstandard2.0)) (&& (== net47) (< net45) (>= netstandard2.0)) (&& (== net471) (< net45)) (== netcoreapp2.0) (== netstandard2.0)
    runtime.fedora.28-x64.runtime.native.System.Security.Cryptography.OpenSsl (4.3.3) - restriction: || (&& (== net46) (< net45) (>= netstandard2.0)) (&& (== net47) (< net45) (>= netstandard2.0)) (&& (== net471) (< net45)) (== netcoreapp2.0) (== netstandard2.0)
    runtime.native.System (4.3.1) - restriction: || (&& (== net46) (< net45)) (&& (== net47) (< net45)) (&& (== net471) (< net45)) (== netcoreapp2.0) (== netstandard2.0)
      Microsoft.NETCore.Platforms (>= 1.1.1)
      Microsoft.NETCore.Targets (>= 1.1.3)
    runtime.native.System.IO.Compression (4.3.2) - restriction: || (&& (== net45) (>= netstandard1.5) (< portable-net45+win8+wpa81)) (&& (== net47) (< net45)) (&& (== net47) (< portable-net45+win8+wpa81)) (&& (== net471) (< net45)) (&& (== net471) (< portable-net45+win8+wpa81)) (== netcoreapp2.0) (== netstandard2.0)
      Microsoft.NETCore.Platforms (>= 1.1.1)
      Microsoft.NETCore.Targets (>= 1.1.3)
    runtime.native.System.Net.Http (4.3.1) - restriction: || (&& (== net45) (== net471)) (&& (== net45) (>= netstandard1.6)) (&& (== net47) (< net46) (>= netstandard1.6)) (&& (== net471) (< net46)) (== netcoreapp2.0) (== netstandard2.0)
      Microsoft.NETCore.Platforms (>= 1.1.1)
      Microsoft.NETCore.Targets (>= 1.1.3)
    runtime.native.System.Security.Cryptography.Apple (4.3.1) - restriction: || (&& (== net46) (< net45) (>= netstandard2.0)) (&& (== net47) (< net45) (>= netstandard2.0)) (&& (== net471) (< net45)) (== netcoreapp2.0) (== netstandard2.0)
      runtime.osx.10.10-x64.runtime.native.System.Security.Cryptography.Apple (>= 4.3.1)
    runtime.native.System.Security.Cryptography.OpenSsl (4.3.3) - restriction: || (&& (== net46) (< net45) (>= netstandard2.0)) (&& (== net47) (< net45) (>= netstandard2.0)) (&& (== net471) (< net45)) (== netcoreapp2.0) (== netstandard2.0)
      runtime.debian.8-x64.runtime.native.System.Security.Cryptography.OpenSsl (>= 4.3.3)
      runtime.debian.9-x64.runtime.native.System.Security.Cryptography.OpenSsl (>= 4.3.3)
      runtime.fedora.23-x64.runtime.native.System.Security.Cryptography.OpenSsl (>= 4.3.3)
      runtime.fedora.24-x64.runtime.native.System.Security.Cryptography.OpenSsl (>= 4.3.3)
      runtime.fedora.27-x64.runtime.native.System.Security.Cryptography.OpenSsl (>= 4.3.3)
      runtime.fedora.28-x64.runtime.native.System.Security.Cryptography.OpenSsl (>= 4.3.3)
      runtime.opensuse.13.2-x64.runtime.native.System.Security.Cryptography.OpenSsl (>= 4.3.3)
      runtime.opensuse.42.1-x64.runtime.native.System.Security.Cryptography.OpenSsl (>= 4.3.3)
      runtime.opensuse.42.3-x64.runtime.native.System.Security.Cryptography.OpenSsl (>= 4.3.3)
      runtime.osx.10.10-x64.runtime.native.System.Security.Cryptography.OpenSsl (>= 4.3.3)
      runtime.rhel.7-x64.runtime.native.System.Security.Cryptography.OpenSsl (>= 4.3.3)
      runtime.ubuntu.14.04-x64.runtime.native.System.Security.Cryptography.OpenSsl (>= 4.3.3)
      runtime.ubuntu.16.04-x64.runtime.native.System.Security.Cryptography.OpenSsl (>= 4.3.3)
      runtime.ubuntu.16.10-x64.runtime.native.System.Security.Cryptography.OpenSsl (>= 4.3.3)
      runtime.ubuntu.18.04-x64.runtime.native.System.Security.Cryptography.OpenSsl (>= 4.3.3)
    runtime.opensuse.13.2-x64.runtime.native.System.Security.Cryptography.OpenSsl (4.3.3) - restriction: || (&& (== net46) (< net45) (>= netstandard2.0)) (&& (== net47) (< net45) (>= netstandard2.0)) (&& (== net471) (< net45)) (== netcoreapp2.0) (== netstandard2.0)
    runtime.opensuse.42.1-x64.runtime.native.System.Security.Cryptography.OpenSsl (4.3.3) - restriction: || (&& (== net46) (< net45) (>= netstandard2.0)) (&& (== net47) (< net45) (>= netstandard2.0)) (&& (== net471) (< net45)) (== netcoreapp2.0) (== netstandard2.0)
    runtime.opensuse.42.3-x64.runtime.native.System.Security.Cryptography.OpenSsl (4.3.3) - restriction: || (&& (== net46) (< net45) (>= netstandard2.0)) (&& (== net47) (< net45) (>= netstandard2.0)) (&& (== net471) (< net45)) (== netcoreapp2.0) (== netstandard2.0)
    runtime.osx.10.10-x64.runtime.native.System.Security.Cryptography.Apple (4.3.1) - restriction: || (&& (== net46) (< net45) (>= netstandard2.0)) (&& (== net47) (< net45) (>= netstandard2.0)) (&& (== net471) (< net45)) (== netcoreapp2.0) (== netstandard2.0)
    runtime.osx.10.10-x64.runtime.native.System.Security.Cryptography.OpenSsl (4.3.3) - restriction: || (&& (== net46) (< net45) (>= netstandard2.0)) (&& (== net47) (< net45) (>= netstandard2.0)) (&& (== net471) (< net45)) (== netcoreapp2.0) (== netstandard2.0)
    runtime.rhel.7-x64.runtime.native.System.Security.Cryptography.OpenSsl (4.3.3) - restriction: || (&& (== net46) (< net45) (>= netstandard2.0)) (&& (== net47) (< net45) (>= netstandard2.0)) (&& (== net471) (< net45)) (== netcoreapp2.0) (== netstandard2.0)
    runtime.ubuntu.14.04-x64.runtime.native.System.Security.Cryptography.OpenSsl (4.3.3) - restriction: || (&& (== net46) (< net45) (>= netstandard2.0)) (&& (== net47) (< net45) (>= netstandard2.0)) (&& (== net471) (< net45)) (== netcoreapp2.0) (== netstandard2.0)
    runtime.ubuntu.16.04-x64.runtime.native.System.Security.Cryptography.OpenSsl (4.3.3) - restriction: || (&& (== net46) (< net45) (>= netstandard2.0)) (&& (== net47) (< net45) (>= netstandard2.0)) (&& (== net471) (< net45)) (== netcoreapp2.0) (== netstandard2.0)
    runtime.ubuntu.16.10-x64.runtime.native.System.Security.Cryptography.OpenSsl (4.3.3) - restriction: || (&& (== net46) (< net45) (>= netstandard2.0)) (&& (== net47) (< net45) (>= netstandard2.0)) (&& (== net471) (< net45)) (== netcoreapp2.0) (== netstandard2.0)
    runtime.ubuntu.18.04-x64.runtime.native.System.Security.Cryptography.OpenSsl (4.3.3) - restriction: || (&& (== net46) (< net45) (>= netstandard2.0)) (&& (== net47) (< net45) (>= netstandard2.0)) (&& (== net471) (< net45)) (== netcoreapp2.0) (== netstandard2.0)
    System.AppContext (4.3) - restriction: || (&& (== net45) (== net46)) (&& (== net45) (== net47)) (&& (== net45) (== net471)) (&& (== net45) (>= netstandard1.3)) (&& (== net47) (< net46)) (&& (== net471) (< net46)) (== netcoreapp2.0) (== netstandard2.0)
      System.Collections (>= 4.3)
      System.Resources.ResourceManager (>= 4.3)
      System.Runtime (>= 4.3)
      System.Threading (>= 4.3)
    System.Buffers (4.5) - restriction: || (&& (== net45) (== net471) (>= monoandroid)) (&& (== net45) (>= netstandard1.5) (< portable-net45+win8+wpa81)) (&& (== net46) (== net471) (>= monoandroid)) (&& (== net46) (>= monoandroid) (>= netstandard2.0)) (&& (== net46) (>= monotouch) (>= netstandard2.0)) (&& (== net46) (< net45) (>= netstandard2.0)) (&& (== net46) (>= netstandard2.0) (>= xamarintvos)) (&& (== net46) (>= netstandard2.0) (>= xamarinwatchos)) (&& (== net46) (>= xamarinios)) (&& (== net46) (>= xamarinmac)) (&& (== net47) (== net471) (>= monoandroid)) (&& (== net47) (>= monoandroid) (>= netstandard2.0)) (&& (== net47) (>= monotouch) (>= netstandard2.0)) (&& (== net47) (< net45)) (&& (== net47) (>= netstandard2.0) (>= xamarintvos)) (&& (== net47) (>= netstandard2.0) (>= xamarinwatchos)) (&& (== net47) (< portable-net45+win8+wpa81)) (&& (== net47) (>= xamarinios)) (&& (== net47) (>= xamarinmac)) (&& (== net471) (>= monoandroid) (< netstandard2.0)) (&& (== net471) (>= monotouch)) (&& (== net471) (< net45)) (&& (== net471) (< portable-net45+win8+wpa81)) (&& (== net471) (>= xamarinios)) (&& (== net471) (>= xamarinmac)) (&& (== net471) (>= xamarintvos)) (&& (== net471) (>= xamarinwatchos)) (== netcoreapp2.0) (== netstandard2.0)
    System.Collections (4.3)
      Microsoft.NETCore.Platforms (>= 1.1)
      Microsoft.NETCore.Targets (>= 1.1)
      System.Runtime (>= 4.3)
    System.Collections.Concurrent (4.3) - restriction: || (&& (== net45) (== net46)) (&& (== net45) (== net47)) (&& (== net45) (== net471)) (&& (== net45) (>= netstandard1.3)) (&& (== net46) (< net45)) (&& (== net46) (< portable-net45+win8+wpa81)) (&& (== net47) (< net45)) (&& (== net47) (< net46)) (&& (== net47) (< portable-net45+win8+wpa81)) (&& (== net471) (< net45)) (&& (== net471) (< net46)) (&& (== net471) (< portable-net45+win8+wpa81)) (== netcoreapp2.0) (== netstandard2.0)
      System.Collections (>= 4.3)
      System.Diagnostics.Debug (>= 4.3)
      System.Diagnostics.Tracing (>= 4.3)
      System.Globalization (>= 4.3)
      System.Reflection (>= 4.3) - restriction: || (&& (== net46) (< net45)) (&& (== net47) (< net45)) (&& (== net471) (< net45)) (== netcoreapp2.0) (== netstandard2.0)
      System.Resources.ResourceManager (>= 4.3)
      System.Runtime (>= 4.3)
      System.Runtime.Extensions (>= 4.3)
      System.Threading (>= 4.3)
      System.Threading.Tasks (>= 4.3)
    System.Collections.Immutable (1.5)
    System.Collections.NonGeneric (4.3) - restriction: || (&& (== net45) (== net46)) (&& (== net45) (== net47)) (&& (== net45) (== net471)) (&& (== net45) (>= netstandard1.3)) (&& (== net47) (< net46)) (&& (== net471) (< net46)) (== netcoreapp2.0) (== netstandard2.0)
      System.Diagnostics.Debug (>= 4.3) - restriction: || (&& (== net45) (== net46)) (&& (== net45) (== net47)) (&& (== net45) (== net471)) (&& (== net45) (>= netstandard1.3)) (&& (== net47) (< net46)) (&& (== net471) (< net46)) (== netcoreapp2.0) (== netstandard2.0)
      System.Globalization (>= 4.3) - restriction: || (&& (== net45) (== net46)) (&& (== net45) (== net47)) (&& (== net45) (== net471)) (&& (== net45) (>= netstandard1.3)) (&& (== net47) (< net46)) (&& (== net471) (< net46)) (== netcoreapp2.0) (== netstandard2.0)
      System.Resources.ResourceManager (>= 4.3) - restriction: || (&& (== net45) (== net46)) (&& (== net45) (== net47)) (&& (== net45) (== net471)) (&& (== net45) (>= netstandard1.3)) (&& (== net47) (< net46)) (&& (== net471) (< net46)) (== netcoreapp2.0) (== netstandard2.0)
      System.Runtime (>= 4.3) - restriction: || (&& (== net45) (== net46)) (&& (== net45) (== net47)) (&& (== net45) (== net471)) (&& (== net45) (>= netstandard1.3)) (&& (== net47) (< net46)) (&& (== net471) (< net46)) (== netcoreapp2.0) (== netstandard2.0)
      System.Runtime.Extensions (>= 4.3) - restriction: || (&& (== net45) (== net46)) (&& (== net45) (== net47)) (&& (== net45) (== net471)) (&& (== net45) (>= netstandard1.3)) (&& (== net47) (< net46)) (&& (== net471) (< net46)) (== netcoreapp2.0) (== netstandard2.0)
      System.Threading (>= 4.3) - restriction: || (&& (== net45) (== net46)) (&& (== net45) (== net47)) (&& (== net45) (== net471)) (&& (== net45) (>= netstandard1.3)) (&& (== net47) (< net46)) (&& (== net471) (< net46)) (== netcoreapp2.0) (== netstandard2.0)
    System.Console (4.3.1) - restriction: || (&& (== net45) (== net46)) (&& (== net45) (== net47)) (&& (== net45) (== net471)) (&& (== net45) (>= netstandard1.3)) (&& (== net47) (< net46)) (&& (== net471) (< net46)) (== netcoreapp2.0) (== netstandard2.0)
      Microsoft.NETCore.Platforms (>= 1.1) - restriction: || (&& (== net45) (== net46)) (&& (== net45) (== net47)) (&& (== net45) (== net471)) (&& (== net45) (>= netstandard1.3)) (&& (== net47) (< net46)) (&& (== net471) (< net46)) (== netcoreapp2.0) (== netstandard2.0)
      Microsoft.NETCore.Targets (>= 1.1.2) - restriction: || (&& (== net45) (== net46)) (&& (== net45) (== net47)) (&& (== net45) (== net471)) (&& (== net45) (>= netstandard1.3)) (&& (== net47) (< net46)) (&& (== net471) (< net46)) (== netcoreapp2.0) (== netstandard2.0)
      System.IO (>= 4.3) - restriction: || (&& (== net45) (== net46)) (&& (== net45) (== net47)) (&& (== net45) (== net471)) (&& (== net45) (>= netstandard1.3)) (&& (== net47) (< net46)) (&& (== net471) (< net46)) (== netcoreapp2.0) (== netstandard2.0)
      System.Runtime (>= 4.3) - restriction: || (&& (== net45) (== net46)) (&& (== net45) (== net47)) (&& (== net45) (== net471)) (&& (== net45) (>= netstandard1.3)) (&& (== net47) (< net46)) (&& (== net471) (< net46)) (== netcoreapp2.0) (== netstandard2.0)
      System.Text.Encoding (>= 4.3) - restriction: || (&& (== net45) (== net46)) (&& (== net45) (== net47)) (&& (== net45) (== net471)) (&& (== net45) (>= netstandard1.3)) (&& (== net47) (< net46)) (&& (== net471) (< net46)) (== netcoreapp2.0) (== netstandard2.0)
    System.Diagnostics.Contracts (4.3) - restriction: || (&& (== net46) (< net45) (>= netstandard2.0)) (&& (== net47) (< net45) (>= netstandard2.0)) (&& (== net471) (< net45)) (== netcoreapp2.0) (== netstandard2.0)
      System.Runtime (>= 4.3)
    System.Diagnostics.Debug (4.3)
      Microsoft.NETCore.Platforms (>= 1.1)
      Microsoft.NETCore.Targets (>= 1.1)
      System.Runtime (>= 4.3)
    System.Diagnostics.FileVersionInfo (4.3) - restriction: || (&& (== net45) (== net47)) (&& (== net45) (== net471)) (&& (== net45) (>= netstandard1.5)) (&& (== net47) (< net46)) (&& (== net471) (< net46)) (== netcoreapp2.0) (== netstandard2.0)
      Microsoft.NETCore.Platforms (>= 1.1) - restriction: || (== net45) (&& (== net46) (< netstandard1.3)) (&& (== net47) (< net46)) (&& (== net47) (< netstandard1.3)) (&& (== net471) (< net46)) (&& (== net471) (< netstandard1.3)) (== netcoreapp2.0) (== netstandard2.0)
      System.Globalization (>= 4.3) - restriction: || (&& (== net45) (== net46)) (&& (== net45) (== net47)) (&& (== net45) (== net471)) (&& (== net45) (>= netstandard1.3)) (&& (== net47) (< net46)) (&& (== net471) (< net46)) (== netcoreapp2.0) (== netstandard2.0)
      System.IO (>= 4.3) - restriction: || (== net45) (&& (== net46) (< netstandard1.3)) (&& (== net47) (< net46)) (&& (== net47) (< netstandard1.3)) (&& (== net471) (< net46)) (&& (== net471) (< netstandard1.3)) (== netcoreapp2.0) (== netstandard2.0)
      System.IO.FileSystem (>= 4.3) - restriction: || (== net45) (&& (== net46) (< netstandard1.3)) (&& (== net47) (< net46)) (&& (== net47) (< netstandard1.3)) (&& (== net471) (< net46)) (&& (== net471) (< netstandard1.3)) (== netcoreapp2.0) (== netstandard2.0)
      System.IO.FileSystem.Primitives (>= 4.3) - restriction: || (== net45) (&& (== net46) (< netstandard1.3)) (&& (== net47) (< net46)) (&& (== net47) (< netstandard1.3)) (&& (== net471) (< net46)) (&& (== net471) (< netstandard1.3)) (== netcoreapp2.0) (== netstandard2.0)
      System.Reflection.Metadata (>= 1.4.1) - restriction: || (== net45) (&& (== net46) (< netstandard1.3)) (&& (== net47) (< net46)) (&& (== net47) (< netstandard1.3)) (&& (== net471) (< net46)) (&& (== net471) (< netstandard1.3)) (== netcoreapp2.0) (== netstandard2.0)
      System.Runtime (>= 4.3) - restriction: || (== net45) (&& (== net46) (< netstandard1.3)) (&& (== net47) (< net46)) (&& (== net47) (< netstandard1.3)) (&& (== net471) (< net46)) (&& (== net471) (< netstandard1.3)) (== netcoreapp2.0) (== netstandard2.0)
      System.Runtime.Extensions (>= 4.3) - restriction: || (== net45) (&& (== net46) (< netstandard1.3)) (&& (== net47) (< net46)) (&& (== net47) (< netstandard1.3)) (&& (== net471) (< net46)) (&& (== net471) (< netstandard1.3)) (== netcoreapp2.0) (== netstandard2.0)
      System.Runtime.InteropServices (>= 4.3) - restriction: || (&& (== net45) (== net46)) (&& (== net45) (== net47)) (&& (== net45) (== net471)) (&& (== net45) (>= netstandard1.3)) (&& (== net47) (< net46)) (&& (== net471) (< net46)) (== netcoreapp2.0) (== netstandard2.0)
    System.Diagnostics.Process (4.3) - restriction: || (&& (== net45) (>= netstandard1.3)) (== net46) (== net47) (== net471) (== netcoreapp2.0) (== netstandard2.0)
      Microsoft.NETCore.Platforms (>= 1.1) - restriction: || (&& (== net45) (== net47)) (&& (== net45) (== net471)) (&& (== net45) (>= netstandard1.4)) (&& (== net47) (< net46)) (&& (== net471) (< net46)) (== netcoreapp2.0) (== netstandard2.0)
      Microsoft.Win32.Primitives (>= 4.3) - restriction: || (&& (== net45) (== net47)) (&& (== net45) (== net471)) (&& (== net45) (>= netstandard1.4)) (&& (== net47) (< net46)) (&& (== net471) (< net46)) (== netcoreapp2.0) (== netstandard2.0)
      Microsoft.Win32.Registry (>= 4.3) - restriction: || (&& (== net45) (== net47)) (&& (== net45) (== net471)) (&& (== net45) (>= netstandard1.4)) (&& (== net47) (< net46)) (&& (== net471) (< net46)) (== netcoreapp2.0) (== netstandard2.0)
      runtime.native.System (>= 4.3) - restriction: || (&& (== net45) (== net47)) (&& (== net45) (== net471)) (&& (== net45) (>= netstandard1.4)) (&& (== net47) (< net46)) (&& (== net471) (< net46)) (== netcoreapp2.0) (== netstandard2.0)
      System.Collections (>= 4.3) - restriction: || (&& (== net45) (== net47)) (&& (== net45) (== net471)) (&& (== net45) (>= netstandard1.4)) (&& (== net47) (< net46)) (&& (== net471) (< net46)) (== netcoreapp2.0) (== netstandard2.0)
      System.Diagnostics.Debug (>= 4.3) - restriction: || (&& (== net45) (== net47)) (&& (== net45) (== net471)) (&& (== net45) (>= netstandard1.4)) (&& (== net47) (< net46)) (&& (== net471) (< net46)) (== netcoreapp2.0) (== netstandard2.0)
      System.Globalization (>= 4.3) - restriction: || (&& (== net45) (== net47)) (&& (== net45) (== net471)) (&& (== net45) (>= netstandard1.4)) (&& (== net47) (< net46)) (&& (== net471) (< net46)) (== netcoreapp2.0) (== netstandard2.0)
      System.IO (>= 4.3) - restriction: || (&& (== net45) (== net46)) (&& (== net45) (== net47)) (&& (== net45) (== net471)) (&& (== net45) (>= netstandard1.3)) (&& (== net45) (>= netstandard1.4)) (&& (== net47) (< net46)) (&& (== net471) (< net46)) (== netcoreapp2.0) (== netstandard2.0)
      System.IO.FileSystem (>= 4.3) - restriction: || (&& (== net45) (== net47)) (&& (== net45) (== net471)) (&& (== net45) (>= netstandard1.4)) (&& (== net47) (< net46)) (&& (== net471) (< net46)) (== netcoreapp2.0) (== netstandard2.0)
      System.IO.FileSystem.Primitives (>= 4.3) - restriction: || (&& (== net45) (== net47)) (&& (== net45) (== net471)) (&& (== net45) (>= netstandard1.4)) (&& (== net47) (< net46)) (&& (== net471) (< net46)) (== netcoreapp2.0) (== netstandard2.0)
      System.Resources.ResourceManager (>= 4.3) - restriction: || (&& (== net45) (== net47)) (&& (== net45) (== net471)) (&& (== net45) (>= netstandard1.4)) (&& (== net47) (< net46)) (&& (== net471) (< net46)) (== netcoreapp2.0) (== netstandard2.0)
      System.Runtime (>= 4.3) - restriction: || (&& (== net45) (== net46)) (&& (== net45) (== net47)) (&& (== net45) (== net471)) (&& (== net45) (>= netstandard1.3)) (&& (== net45) (>= netstandard1.4)) (&& (== net47) (< net46)) (&& (== net471) (< net46)) (== netcoreapp2.0) (== netstandard2.0)
      System.Runtime.Extensions (>= 4.3) - restriction: || (&& (== net45) (== net47)) (&& (== net45) (== net471)) (&& (== net45) (>= netstandard1.4)) (&& (== net47) (< net46)) (&& (== net471) (< net46)) (== netcoreapp2.0) (== netstandard2.0)
      System.Runtime.Handles (>= 4.3) - restriction: || (&& (== net45) (== net46)) (&& (== net45) (== net47)) (&& (== net45) (== net471)) (&& (== net45) (>= netstandard1.3)) (&& (== net45) (>= netstandard1.4)) (&& (== net47) (< net46)) (&& (== net471) (< net46)) (== netcoreapp2.0) (== netstandard2.0)
      System.Runtime.InteropServices (>= 4.3) - restriction: || (&& (== net45) (== net47)) (&& (== net45) (== net471)) (&& (== net45) (>= netstandard1.4)) (&& (== net47) (< net46)) (&& (== net471) (< net46)) (== netcoreapp2.0) (== netstandard2.0)
      System.Text.Encoding (>= 4.3) - restriction: || (&& (== net45) (== net46)) (&& (== net45) (== net47)) (&& (== net45) (== net471)) (&& (== net45) (>= netstandard1.3)) (&& (== net45) (>= netstandard1.4)) (&& (== net47) (< net46)) (&& (== net471) (< net46)) (== netcoreapp2.0) (== netstandard2.0)
      System.Text.Encoding.Extensions (>= 4.3) - restriction: || (&& (== net45) (== net47)) (&& (== net45) (== net471)) (&& (== net45) (>= netstandard1.4)) (&& (== net47) (< net46)) (&& (== net471) (< net46)) (== netcoreapp2.0) (== netstandard2.0)
      System.Threading (>= 4.3) - restriction: || (&& (== net45) (== net47)) (&& (== net45) (== net471)) (&& (== net45) (>= netstandard1.4)) (&& (== net47) (< net46)) (&& (== net471) (< net46)) (== netcoreapp2.0) (== netstandard2.0)
      System.Threading.Tasks (>= 4.3) - restriction: || (&& (== net45) (== net47)) (&& (== net45) (== net471)) (&& (== net45) (>= netstandard1.4)) (&& (== net47) (< net46)) (&& (== net471) (< net46)) (== netcoreapp2.0) (== netstandard2.0)
      System.Threading.Thread (>= 4.3) - restriction: || (&& (== net45) (== net47)) (&& (== net45) (== net471)) (&& (== net45) (>= netstandard1.4)) (&& (== net47) (< net46)) (&& (== net471) (< net46)) (== netcoreapp2.0) (== netstandard2.0)
      System.Threading.ThreadPool (>= 4.3) - restriction: || (&& (== net45) (== net47)) (&& (== net45) (== net471)) (&& (== net45) (>= netstandard1.4)) (&& (== net47) (< net46)) (&& (== net471) (< net46)) (== netcoreapp2.0) (== netstandard2.0)
    System.Diagnostics.Tools (4.3) - restriction: || (&& (== net45) (== net46)) (&& (== net45) (== net47)) (&& (== net45) (== net471)) (&& (== net45) (>= netstandard1.3)) (&& (== net47) (< net46)) (&& (== net471) (< net46)) (== netcoreapp2.0) (== netstandard2.0)
      Microsoft.NETCore.Platforms (>= 1.1)
      Microsoft.NETCore.Targets (>= 1.1)
      System.Runtime (>= 4.3)
    System.Diagnostics.TraceSource (4.3) - restriction: || (&& (== net46) (< net45) (>= netstandard2.0)) (&& (== net47) (< net45) (>= netstandard2.0)) (&& (== net471) (< net45)) (== netcoreapp2.0) (== netstandard2.0)
      Microsoft.NETCore.Platforms (>= 1.1) - restriction: || (&& (== net45) (== net46)) (&& (== net45) (== net47)) (&& (== net45) (== net471)) (&& (== net45) (>= netstandard1.3)) (&& (== net47) (< net46)) (&& (== net471) (< net46)) (== netcoreapp2.0) (== netstandard2.0)
      runtime.native.System (>= 4.3) - restriction: || (&& (== net45) (== net46)) (&& (== net45) (== net47)) (&& (== net45) (== net471)) (&& (== net45) (>= netstandard1.3)) (&& (== net47) (< net46)) (&& (== net471) (< net46)) (== netcoreapp2.0) (== netstandard2.0)
      System.Collections (>= 4.3) - restriction: || (&& (== net45) (== net46)) (&& (== net45) (== net47)) (&& (== net45) (== net471)) (&& (== net45) (>= netstandard1.3)) (&& (== net47) (< net46)) (&& (== net471) (< net46)) (== netcoreapp2.0) (== netstandard2.0)
      System.Diagnostics.Debug (>= 4.3) - restriction: || (&& (== net45) (== net46)) (&& (== net45) (== net47)) (&& (== net45) (== net471)) (&& (== net45) (>= netstandard1.3)) (&& (== net47) (< net46)) (&& (== net471) (< net46)) (== netcoreapp2.0) (== netstandard2.0)
      System.Globalization (>= 4.3) - restriction: || (&& (== net45) (== net46)) (&& (== net45) (== net47)) (&& (== net45) (== net471)) (&& (== net45) (>= netstandard1.3)) (&& (== net47) (< net46)) (&& (== net471) (< net46)) (== netcoreapp2.0) (== netstandard2.0)
      System.Resources.ResourceManager (>= 4.3) - restriction: || (&& (== net45) (== net46)) (&& (== net45) (== net47)) (&& (== net45) (== net471)) (&& (== net45) (>= netstandard1.3)) (&& (== net47) (< net46)) (&& (== net471) (< net46)) (== netcoreapp2.0) (== netstandard2.0)
      System.Runtime (>= 4.3) - restriction: || (&& (== net45) (== net46)) (&& (== net45) (== net47)) (&& (== net45) (== net471)) (&& (== net45) (>= netstandard1.3)) (&& (== net47) (< net46)) (&& (== net471) (< net46)) (== netcoreapp2.0) (== netstandard2.0)
      System.Runtime.Extensions (>= 4.3) - restriction: || (&& (== net45) (== net46)) (&& (== net45) (== net47)) (&& (== net45) (== net471)) (&& (== net45) (>= netstandard1.3)) (&& (== net47) (< net46)) (&& (== net471) (< net46)) (== netcoreapp2.0) (== netstandard2.0)
      System.Threading (>= 4.3) - restriction: || (&& (== net45) (== net46)) (&& (== net45) (== net47)) (&& (== net45) (== net471)) (&& (== net45) (>= netstandard1.3)) (&& (== net47) (< net46)) (&& (== net471) (< net46)) (== netcoreapp2.0) (== netstandard2.0)
    System.Diagnostics.Tracing (4.3) - restriction: || (&& (== net45) (== net46)) (&& (== net45) (== net47)) (&& (== net45) (== net471)) (&& (== net45) (>= netstandard1.3)) (&& (== net47) (< net46)) (&& (== net471) (< net46)) (== netcoreapp2.0) (== netstandard2.0)
      Microsoft.NETCore.Platforms (>= 1.1)
      Microsoft.NETCore.Targets (>= 1.1)
      System.Runtime (>= 4.3)
    System.Dynamic.Runtime (4.3)
      System.Collections (>= 4.3)
      System.Diagnostics.Debug (>= 4.3)
      System.Globalization (>= 4.3)
      System.Linq (>= 4.3)
      System.Linq.Expressions (>= 4.3)
      System.ObjectModel (>= 4.3)
      System.Reflection (>= 4.3)
      System.Reflection.Emit (>= 4.3) - restriction: || (&& (== net46) (< net45)) (&& (== net47) (< net45)) (&& (== net471) (< net45)) (== netcoreapp2.0) (== netstandard2.0)
      System.Reflection.Emit.ILGeneration (>= 4.3) - restriction: || (&& (== net46) (< net45)) (&& (== net47) (< net45)) (&& (== net471) (< net45)) (== netcoreapp2.0) (== netstandard2.0)
      System.Reflection.Primitives (>= 4.3) - restriction: || (&& (== net46) (< net45)) (&& (== net47) (< net45)) (&& (== net471) (< net45)) (== netcoreapp2.0) (== netstandard2.0)
      System.Reflection.TypeExtensions (>= 4.3)
      System.Resources.ResourceManager (>= 4.3)
      System.Runtime (>= 4.3)
      System.Runtime.Extensions (>= 4.3)
      System.Threading (>= 4.3)
    System.Globalization (4.3)
      Microsoft.NETCore.Platforms (>= 1.1)
      Microsoft.NETCore.Targets (>= 1.1)
      System.Runtime (>= 4.3)
    System.Globalization.Calendars (4.3) - restriction: || (&& (== net45) (== net46)) (&& (== net45) (== net47)) (&& (== net45) (== net471)) (&& (== net45) (>= netstandard1.3)) (&& (== net47) (< net46)) (&& (== net471) (< net46)) (== netcoreapp2.0) (== netstandard2.0)
      Microsoft.NETCore.Platforms (>= 1.1) - restriction: || (&& (== net45) (== net46)) (&& (== net45) (== net47)) (&& (== net45) (== net471)) (&& (== net45) (>= netstandard1.3)) (&& (== net47) (< net46)) (&& (== net471) (< net46)) (== netcoreapp2.0) (== netstandard2.0)
      Microsoft.NETCore.Targets (>= 1.1) - restriction: || (&& (== net45) (== net46)) (&& (== net45) (== net47)) (&& (== net45) (== net471)) (&& (== net45) (>= netstandard1.3)) (&& (== net47) (< net46)) (&& (== net471) (< net46)) (== netcoreapp2.0) (== netstandard2.0)
      System.Globalization (>= 4.3) - restriction: || (&& (== net45) (== net46)) (&& (== net45) (== net47)) (&& (== net45) (== net471)) (&& (== net45) (>= netstandard1.3)) (&& (== net47) (< net46)) (&& (== net471) (< net46)) (== netcoreapp2.0) (== netstandard2.0)
      System.Runtime (>= 4.3) - restriction: || (&& (== net45) (== net46)) (&& (== net45) (== net47)) (&& (== net45) (== net471)) (&& (== net45) (>= netstandard1.3)) (&& (== net47) (< net46)) (&& (== net471) (< net46)) (== netcoreapp2.0) (== netstandard2.0)
    System.IO (4.3)
      Microsoft.NETCore.Platforms (>= 1.1)
      Microsoft.NETCore.Targets (>= 1.1)
      System.Runtime (>= 4.3)
      System.Text.Encoding (>= 4.3)
      System.Threading.Tasks (>= 4.3)
    System.IO.Compression (4.3) - restriction: || (&& (== net45) (== net47)) (&& (== net45) (== net471)) (&& (== net45) (>= netstandard1.5)) (&& (== net47) (< net46)) (&& (== net471) (< net46)) (== netcoreapp2.0) (== netstandard2.0)
      Microsoft.NETCore.Platforms (>= 1.1) - restriction: || (&& (== net46) (< net45)) (&& (== net47) (< net45)) (&& (== net471) (< net45)) (== netcoreapp2.0) (== netstandard2.0)
      runtime.native.System (>= 4.3) - restriction: || (&& (== net46) (< net45)) (&& (== net47) (< net45)) (&& (== net471) (< net45)) (== netcoreapp2.0) (== netstandard2.0)
      runtime.native.System.IO.Compression (>= 4.3) - restriction: || (&& (== net45) (< portable-net45+win8+wpa81)) (&& (== net46) (< net45)) (&& (== net46) (< portable-net45+win8+wpa81)) (&& (== net47) (< net45)) (&& (== net47) (< portable-net45+win8+wpa81)) (&& (== net471) (< net45)) (&& (== net471) (< portable-net45+win8+wpa81)) (== netcoreapp2.0) (== netstandard2.0)
      System.Buffers (>= 4.3) - restriction: || (&& (== net45) (< portable-net45+win8+wpa81)) (&& (== net46) (< net45)) (&& (== net46) (< portable-net45+win8+wpa81)) (&& (== net47) (< net45)) (&& (== net47) (< portable-net45+win8+wpa81)) (&& (== net471) (< net45)) (&& (== net471) (< portable-net45+win8+wpa81)) (== netcoreapp2.0) (== netstandard2.0)
      System.Collections (>= 4.3) - restriction: || (&& (== net45) (< portable-net45+win8+wpa81)) (&& (== net46) (< net45)) (&& (== net46) (< portable-net45+win8+wpa81)) (&& (== net47) (< net45)) (&& (== net47) (< portable-net45+win8+wpa81)) (&& (== net471) (< net45)) (&& (== net471) (< portable-net45+win8+wpa81)) (== netcoreapp2.0) (== netstandard2.0)
      System.Diagnostics.Debug (>= 4.3) - restriction: || (&& (== net45) (< portable-net45+win8+wpa81)) (&& (== net46) (< net45)) (&& (== net46) (< portable-net45+win8+wpa81)) (&& (== net47) (< net45)) (&& (== net47) (< portable-net45+win8+wpa81)) (&& (== net471) (< net45)) (&& (== net471) (< portable-net45+win8+wpa81)) (== netcoreapp2.0) (== netstandard2.0)
      System.IO (>= 4.3) - restriction: || (&& (== net45) (< portable-net45+win8+wpa81)) (&& (== net46) (< net45)) (&& (== net46) (< portable-net45+win8+wpa81)) (&& (== net47) (< net45)) (&& (== net47) (< portable-net45+win8+wpa81)) (&& (== net471) (< net45)) (&& (== net471) (< portable-net45+win8+wpa81)) (== netcoreapp2.0) (== netstandard2.0)
      System.Resources.ResourceManager (>= 4.3) - restriction: || (&& (== net45) (< portable-net45+win8+wpa81)) (&& (== net46) (< net45)) (&& (== net46) (< portable-net45+win8+wpa81)) (&& (== net47) (< net45)) (&& (== net47) (< portable-net45+win8+wpa81)) (&& (== net471) (< net45)) (&& (== net471) (< portable-net45+win8+wpa81)) (== netcoreapp2.0) (== netstandard2.0)
      System.Runtime (>= 4.3) - restriction: || (&& (== net45) (< portable-net45+win8+wpa81)) (&& (== net46) (< net45)) (&& (== net46) (< portable-net45+win8+wpa81)) (&& (== net47) (< net45)) (&& (== net47) (< portable-net45+win8+wpa81)) (&& (== net471) (< net45)) (&& (== net471) (< portable-net45+win8+wpa81)) (== netcoreapp2.0) (== netstandard2.0)
      System.Runtime.Extensions (>= 4.3) - restriction: || (&& (== net45) (< portable-net45+win8+wpa81)) (&& (== net46) (< net45)) (&& (== net46) (< portable-net45+win8+wpa81)) (&& (== net47) (< net45)) (&& (== net47) (< portable-net45+win8+wpa81)) (&& (== net471) (< net45)) (&& (== net471) (< portable-net45+win8+wpa81)) (== netcoreapp2.0) (== netstandard2.0)
      System.Runtime.Handles (>= 4.3) - restriction: || (&& (== net45) (< portable-net45+win8+wpa81)) (&& (== net46) (< net45)) (&& (== net46) (< portable-net45+win8+wpa81)) (&& (== net47) (< net45)) (&& (== net47) (< portable-net45+win8+wpa81)) (&& (== net471) (< net45)) (&& (== net471) (< portable-net45+win8+wpa81)) (== netcoreapp2.0) (== netstandard2.0)
      System.Runtime.InteropServices (>= 4.3) - restriction: || (&& (== net45) (< portable-net45+win8+wpa81)) (&& (== net46) (< net45)) (&& (== net46) (< portable-net45+win8+wpa81)) (&& (== net47) (< net45)) (&& (== net47) (< portable-net45+win8+wpa81)) (&& (== net471) (< net45)) (&& (== net471) (< portable-net45+win8+wpa81)) (== netcoreapp2.0) (== netstandard2.0)
      System.Text.Encoding (>= 4.3) - restriction: || (&& (== net45) (< portable-net45+win8+wpa81)) (&& (== net46) (< net45)) (&& (== net46) (< portable-net45+win8+wpa81)) (&& (== net47) (< net45)) (&& (== net47) (< portable-net45+win8+wpa81)) (&& (== net471) (< net45)) (&& (== net471) (< portable-net45+win8+wpa81)) (== netcoreapp2.0) (== netstandard2.0)
      System.Threading (>= 4.3) - restriction: || (&& (== net45) (< portable-net45+win8+wpa81)) (&& (== net46) (< net45)) (&& (== net46) (< portable-net45+win8+wpa81)) (&& (== net47) (< net45)) (&& (== net47) (< portable-net45+win8+wpa81)) (&& (== net471) (< net45)) (&& (== net471) (< portable-net45+win8+wpa81)) (== netcoreapp2.0) (== netstandard2.0)
      System.Threading.Tasks (>= 4.3) - restriction: || (&& (== net45) (< portable-net45+win8+wpa81)) (&& (== net46) (< net45)) (&& (== net46) (< portable-net45+win8+wpa81)) (&& (== net47) (< net45)) (&& (== net47) (< portable-net45+win8+wpa81)) (&& (== net471) (< net45)) (&& (== net471) (< portable-net45+win8+wpa81)) (== netcoreapp2.0) (== netstandard2.0)
    System.IO.FileSystem (4.3) - restriction: || (&& (== net46) (< net45) (>= netstandard2.0)) (&& (== net47) (< net45) (>= netstandard2.0)) (&& (== net471) (< net45)) (== netcoreapp2.0) (== netstandard2.0)
      Microsoft.NETCore.Platforms (>= 1.1) - restriction: || (&& (== net45) (== net46)) (&& (== net45) (== net47)) (&& (== net45) (== net471)) (&& (== net45) (>= netstandard1.3)) (&& (== net47) (< net46)) (&& (== net471) (< net46)) (== netcoreapp2.0) (== netstandard2.0)
      Microsoft.NETCore.Targets (>= 1.1) - restriction: || (&& (== net45) (== net46)) (&& (== net45) (== net47)) (&& (== net45) (== net471)) (&& (== net45) (>= netstandard1.3)) (&& (== net47) (< net46)) (&& (== net471) (< net46)) (== netcoreapp2.0) (== netstandard2.0)
      System.IO (>= 4.3) - restriction: || (&& (== net45) (== net46)) (&& (== net45) (== net47)) (&& (== net45) (== net471)) (&& (== net45) (>= netstandard1.3)) (&& (== net47) (< net46)) (&& (== net471) (< net46)) (== netcoreapp2.0) (== netstandard2.0)
      System.IO.FileSystem.Primitives (>= 4.3) - restriction: || (&& (== net45) (>= net46)) (&& (== net45) (>= netstandard1.3)) (== net46) (== net47) (== net471) (== netcoreapp2.0) (== netstandard2.0)
      System.Runtime (>= 4.3) - restriction: || (&& (== net45) (== net46)) (&& (== net45) (== net47)) (&& (== net45) (== net471)) (&& (== net45) (>= netstandard1.3)) (&& (== net47) (< net46)) (&& (== net471) (< net46)) (== netcoreapp2.0) (== netstandard2.0)
      System.Runtime.Handles (>= 4.3) - restriction: || (&& (== net45) (== net46)) (&& (== net45) (== net47)) (&& (== net45) (== net471)) (&& (== net45) (>= netstandard1.3)) (&& (== net47) (< net46)) (&& (== net471) (< net46)) (== netcoreapp2.0) (== netstandard2.0)
      System.Text.Encoding (>= 4.3) - restriction: || (&& (== net45) (== net46)) (&& (== net45) (== net47)) (&& (== net45) (== net471)) (&& (== net45) (>= netstandard1.3)) (&& (== net47) (< net46)) (&& (== net471) (< net46)) (== netcoreapp2.0) (== netstandard2.0)
      System.Threading.Tasks (>= 4.3) - restriction: || (&& (== net45) (== net46)) (&& (== net45) (== net47)) (&& (== net45) (== net471)) (&& (== net45) (>= netstandard1.3)) (&& (== net47) (< net46)) (&& (== net471) (< net46)) (== netcoreapp2.0) (== netstandard2.0)
    System.IO.FileSystem.Primitives (4.3) - restriction: || (&& (== net46) (< net45) (>= netstandard2.0)) (&& (== net47) (< net45) (>= netstandard2.0)) (&& (== net471) (< net45)) (== netcoreapp2.0) (== netstandard2.0)
      System.Runtime (>= 4.3) - restriction: || (&& (== net45) (== net46)) (&& (== net45) (== net47)) (&& (== net45) (== net471)) (&& (== net45) (>= netstandard1.3)) (&& (== net47) (< net46)) (&& (== net471) (< net46)) (== netcoreapp2.0) (== netstandard2.0)
    System.IO.Pipes (4.3) - restriction: || (&& (== net45) (== net47)) (&& (== net45) (== net471)) (&& (== net45) (>= netstandard1.5)) (&& (== net47) (< net46)) (&& (== net471) (< net46)) (== netcoreapp2.0) (== netstandard2.0)
      Microsoft.NETCore.Platforms (>= 1.1) - restriction: || (&& (== net45) (== net46)) (&& (== net45) (== net47)) (&& (== net45) (== net471)) (&& (== net45) (>= netstandard1.3)) (&& (== net47) (< net46)) (&& (== net471) (< net46)) (== netcoreapp2.0) (== netstandard2.0)
      runtime.native.System (>= 4.3) - restriction: || (&& (== net45) (== net46)) (&& (== net45) (== net47)) (&& (== net45) (== net471)) (&& (== net45) (>= netstandard1.3)) (&& (== net47) (< net46)) (&& (== net471) (< net46)) (== netcoreapp2.0) (== netstandard2.0)
      System.Buffers (>= 4.3) - restriction: || (&& (== net45) (== net46)) (&& (== net45) (== net47)) (&& (== net45) (== net471)) (&& (== net45) (>= netstandard1.3)) (&& (== net47) (< net46)) (&& (== net471) (< net46)) (== netcoreapp2.0) (== netstandard2.0)
      System.Diagnostics.Debug (>= 4.3) - restriction: || (&& (== net45) (== net46)) (&& (== net45) (== net47)) (&& (== net45) (== net471)) (&& (== net45) (>= netstandard1.3)) (&& (== net47) (< net46)) (&& (== net471) (< net46)) (== netcoreapp2.0) (== netstandard2.0)
      System.IO (>= 4.3) - restriction: || (&& (== net45) (== net46)) (&& (== net45) (== net47)) (&& (== net45) (== net471)) (&& (== net45) (>= netstandard1.3)) (&& (== net47) (< net46)) (&& (== net471) (< net46)) (== netcoreapp2.0) (== netstandard2.0)
      System.IO.FileSystem.Primitives (>= 4.3) - restriction: || (&& (== net45) (== net46)) (&& (== net45) (== net47)) (&& (== net45) (== net471)) (&& (== net45) (>= netstandard1.3)) (&& (== net47) (< net46)) (&& (== net471) (< net46)) (== netcoreapp2.0) (== netstandard2.0)
      System.Net.Primitives (>= 4.3) - restriction: || (&& (== net45) (== net46)) (&& (== net45) (== net47)) (&& (== net45) (== net471)) (&& (== net45) (>= netstandard1.3)) (&& (== net47) (< net46)) (&& (== net471) (< net46)) (== netcoreapp2.0) (== netstandard2.0)
      System.Net.Sockets (>= 4.3) - restriction: || (&& (== net45) (== net46)) (&& (== net45) (== net47)) (&& (== net45) (== net471)) (&& (== net45) (>= netstandard1.3)) (&& (== net47) (< net46)) (&& (== net471) (< net46)) (== netcoreapp2.0) (== netstandard2.0)
      System.Reflection (>= 4.3) - restriction: || (&& (== net45) (== net46)) (&& (== net45) (== net47)) (&& (== net45) (== net471)) (&& (== net45) (>= netstandard1.3)) (&& (== net47) (< net46)) (&& (== net471) (< net46)) (== netcoreapp2.0) (== netstandard2.0)
      System.Resources.ResourceManager (>= 4.3) - restriction: || (&& (== net45) (== net46)) (&& (== net45) (== net47)) (&& (== net45) (== net471)) (&& (== net45) (>= netstandard1.3)) (&& (== net47) (< net46)) (&& (== net471) (< net46)) (== netcoreapp2.0) (== netstandard2.0)
      System.Runtime (>= 4.3) - restriction: || (&& (== net45) (== net46)) (&& (== net45) (== net47)) (&& (== net45) (== net471)) (&& (== net45) (>= netstandard1.3)) (&& (== net47) (< net46)) (&& (== net471) (< net46)) (== netcoreapp2.0) (== netstandard2.0)
      System.Runtime.Extensions (>= 4.3) - restriction: || (&& (== net45) (== net46)) (&& (== net45) (== net47)) (&& (== net45) (== net471)) (&& (== net45) (>= netstandard1.3)) (&& (== net47) (< net46)) (&& (== net471) (< net46)) (== netcoreapp2.0) (== netstandard2.0)
      System.Runtime.Handles (>= 4.3) - restriction: || (&& (== net45) (== net46)) (&& (== net45) (== net47)) (&& (== net45) (== net471)) (&& (== net45) (>= netstandard1.3)) (&& (== net47) (< net46)) (&& (== net471) (< net46)) (== netcoreapp2.0) (== netstandard2.0)
      System.Runtime.InteropServices (>= 4.3) - restriction: || (&& (== net45) (== net46)) (&& (== net45) (== net47)) (&& (== net45) (== net471)) (&& (== net45) (>= netstandard1.3)) (&& (== net47) (< net46)) (&& (== net471) (< net46)) (== netcoreapp2.0) (== netstandard2.0)
      System.Security.Principal (>= 4.3) - restriction: || (&& (== net45) (== net46)) (&& (== net45) (== net47)) (&& (== net45) (== net471)) (&& (== net45) (>= netstandard1.3)) (&& (== net47) (< net46)) (&& (== net471) (< net46)) (== netcoreapp2.0) (== netstandard2.0)
      System.Text.Encoding (>= 4.3) - restriction: || (&& (== net45) (== net46)) (&& (== net45) (== net47)) (&& (== net45) (== net471)) (&& (== net45) (>= netstandard1.3)) (&& (== net47) (< net46)) (&& (== net471) (< net46)) (== netcoreapp2.0) (== netstandard2.0)
      System.Threading (>= 4.3) - restriction: || (&& (== net45) (== net46)) (&& (== net45) (== net47)) (&& (== net45) (== net471)) (&& (== net45) (>= netstandard1.3)) (&& (== net47) (< net46)) (&& (== net471) (< net46)) (== netcoreapp2.0) (== netstandard2.0)
      System.Threading.Overlapped (>= 4.3) - restriction: || (&& (== net45) (== net46)) (&& (== net45) (== net47)) (&& (== net45) (== net471)) (&& (== net45) (>= netstandard1.3)) (&& (== net47) (< net46)) (&& (== net471) (< net46)) (== netcoreapp2.0) (== netstandard2.0)
      System.Threading.Tasks (>= 4.3) - restriction: || (&& (== net45) (== net46)) (&& (== net45) (== net47)) (&& (== net45) (== net471)) (&& (== net45) (>= netstandard1.3)) (&& (== net47) (< net46)) (&& (== net471) (< net46)) (== netcoreapp2.0) (== netstandard2.0)
    System.Linq (4.3)
      System.Collections (>= 4.3)
      System.Diagnostics.Debug (>= 4.3)
      System.Resources.ResourceManager (>= 4.3)
      System.Runtime (>= 4.3)
      System.Runtime.Extensions (>= 4.3)
    System.Linq.Expressions (4.3)
      System.Collections (>= 4.3)
      System.Diagnostics.Debug (>= 4.3)
      System.Globalization (>= 4.3)
      System.IO (>= 4.3)
      System.Linq (>= 4.3)
      System.ObjectModel (>= 4.3) - restriction: || (&& (== net46) (< net45) (>= netstandard1.6)) (&& (== net47) (< net45) (>= netstandard1.6)) (&& (== net471) (< net45)) (== netcoreapp2.0) (== netstandard2.0)
      System.Reflection (>= 4.3)
      System.Reflection.Emit (>= 4.3) - restriction: || (&& (== net46) (< net45) (>= netstandard1.6)) (&& (== net47) (< net45) (>= netstandard1.6)) (&& (== net471) (< net45)) (== netcoreapp2.0) (== netstandard2.0)
      System.Reflection.Emit.ILGeneration (>= 4.3)
      System.Reflection.Emit.Lightweight (>= 4.3)
      System.Reflection.Extensions (>= 4.3)
      System.Reflection.Primitives (>= 4.3)
      System.Reflection.TypeExtensions (>= 4.3)
      System.Resources.ResourceManager (>= 4.3)
      System.Runtime (>= 4.3)
      System.Runtime.Extensions (>= 4.3)
      System.Threading (>= 4.3)
    System.Linq.Parallel (4.3) - restriction: || (&& (== net45) (== net46)) (&& (== net45) (== net47)) (&& (== net45) (== net471)) (&& (== net45) (>= netstandard1.3)) (&& (== net47) (< net46)) (&& (== net471) (< net46)) (== netcoreapp2.0) (== netstandard2.0)
      System.Collections (>= 4.3) - restriction: || (&& (== net45) (< portable-net45+win8+wpa81)) (&& (== net46) (< net45)) (&& (== net46) (< portable-net45+win8+wpa81)) (&& (== net47) (< net45)) (&& (== net47) (< portable-net45+win8+wpa81)) (&& (== net471) (< net45)) (&& (== net471) (< portable-net45+win8+wpa81)) (== netcoreapp2.0) (== netstandard2.0)
      System.Collections.Concurrent (>= 4.3) - restriction: || (&& (== net45) (< portable-net45+win8+wpa81)) (&& (== net46) (< net45)) (&& (== net46) (< portable-net45+win8+wpa81)) (&& (== net47) (< net45)) (&& (== net47) (< portable-net45+win8+wpa81)) (&& (== net471) (< net45)) (&& (== net471) (< portable-net45+win8+wpa81)) (== netcoreapp2.0) (== netstandard2.0)
      System.Diagnostics.Debug (>= 4.3) - restriction: || (&& (== net45) (< portable-net45+win8+wpa81)) (&& (== net46) (< net45)) (&& (== net46) (< portable-net45+win8+wpa81)) (&& (== net47) (< net45)) (&& (== net47) (< portable-net45+win8+wpa81)) (&& (== net471) (< net45)) (&& (== net471) (< portable-net45+win8+wpa81)) (== netcoreapp2.0) (== netstandard2.0)
      System.Diagnostics.Tracing (>= 4.3) - restriction: || (&& (== net45) (< portable-net45+win8+wpa81)) (&& (== net46) (< net45)) (&& (== net46) (< portable-net45+win8+wpa81)) (&& (== net47) (< net45)) (&& (== net47) (< portable-net45+win8+wpa81)) (&& (== net471) (< net45)) (&& (== net471) (< portable-net45+win8+wpa81)) (== netcoreapp2.0) (== netstandard2.0)
      System.Linq (>= 4.3) - restriction: || (&& (== net45) (< portable-net45+win8+wpa81)) (&& (== net46) (< net45)) (&& (== net46) (< portable-net45+win8+wpa81)) (&& (== net47) (< net45)) (&& (== net47) (< portable-net45+win8+wpa81)) (&& (== net471) (< net45)) (&& (== net471) (< portable-net45+win8+wpa81)) (== netcoreapp2.0) (== netstandard2.0)
      System.Resources.ResourceManager (>= 4.3) - restriction: || (&& (== net45) (< portable-net45+win8+wpa81)) (&& (== net46) (< net45)) (&& (== net46) (< portable-net45+win8+wpa81)) (&& (== net47) (< net45)) (&& (== net47) (< portable-net45+win8+wpa81)) (&& (== net471) (< net45)) (&& (== net471) (< portable-net45+win8+wpa81)) (== netcoreapp2.0) (== netstandard2.0)
      System.Runtime (>= 4.3) - restriction: || (&& (== net45) (< portable-net45+win8+wpa81)) (&& (== net46) (< net45)) (&& (== net46) (< portable-net45+win8+wpa81)) (&& (== net47) (< net45)) (&& (== net47) (< portable-net45+win8+wpa81)) (&& (== net471) (< net45)) (&& (== net471) (< portable-net45+win8+wpa81)) (== netcoreapp2.0) (== netstandard2.0)
      System.Runtime.Extensions (>= 4.3) - restriction: || (&& (== net45) (< portable-net45+win8+wpa81)) (&& (== net46) (< net45)) (&& (== net46) (< portable-net45+win8+wpa81)) (&& (== net47) (< net45)) (&& (== net47) (< portable-net45+win8+wpa81)) (&& (== net471) (< net45)) (&& (== net471) (< portable-net45+win8+wpa81)) (== netcoreapp2.0) (== netstandard2.0)
      System.Threading (>= 4.3) - restriction: || (&& (== net45) (< portable-net45+win8+wpa81)) (&& (== net46) (< net45)) (&& (== net46) (< portable-net45+win8+wpa81)) (&& (== net47) (< net45)) (&& (== net47) (< portable-net45+win8+wpa81)) (&& (== net471) (< net45)) (&& (== net471) (< portable-net45+win8+wpa81)) (== netcoreapp2.0) (== netstandard2.0)
      System.Threading.Tasks (>= 4.3) - restriction: || (&& (== net45) (< portable-net45+win8+wpa81)) (&& (== net46) (< net45)) (&& (== net46) (< portable-net45+win8+wpa81)) (&& (== net47) (< net45)) (&& (== net47) (< portable-net45+win8+wpa81)) (&& (== net471) (< net45)) (&& (== net471) (< portable-net45+win8+wpa81)) (== netcoreapp2.0) (== netstandard2.0)
    System.Memory (4.5.2) - restriction: || (&& (== net46) (< net45) (>= netstandard2.0)) (&& (== net46) (>= netcoreapp2.0)) (&& (== net46) (>= netstandard2.0) (>= uap10.1)) (&& (== net47) (< net45) (>= netstandard2.0)) (&& (== net47) (>= netcoreapp2.0)) (&& (== net47) (>= netstandard2.0) (>= uap10.1)) (&& (== net471) (< net45)) (&& (== net471) (>= netcoreapp2.0)) (&& (== net471) (>= uap10.1)) (== netcoreapp2.0) (== netstandard2.0)
      System.Buffers (>= 4.4) - restriction: || (== net45) (== net46) (== net47) (== net471) (&& (== netcoreapp2.0) (>= monotouch)) (&& (== netcoreapp2.0) (>= net461)) (&& (== netcoreapp2.0) (< netstandard1.1)) (&& (== netcoreapp2.0) (< netstandard2.0)) (&& (== netcoreapp2.0) (>= xamarinios)) (&& (== netcoreapp2.0) (>= xamarinmac)) (&& (== netcoreapp2.0) (>= xamarintvos)) (&& (== netcoreapp2.0) (>= xamarinwatchos)) (== netstandard2.0)
      System.Numerics.Vectors (>= 4.4) - restriction: || (&& (== net45) (>= net461)) (&& (== net46) (== netcoreapp2.0)) (&& (== net46) (< net45) (>= netstandard2.0)) (&& (== net46) (>= net461)) (== net47) (== net471) (&& (== netcoreapp2.0) (>= net461)) (== netstandard2.0)
      System.Runtime.CompilerServices.Unsafe (>= 4.5.2)
    System.Net.Primitives (4.3) - restriction: || (&& (== net45) (== net47)) (&& (== net45) (== net471)) (&& (== net45) (>= netstandard1.5)) (&& (== net47) (< net46)) (&& (== net471) (< net46)) (== netcoreapp2.0) (== netstandard2.0)
      Microsoft.NETCore.Platforms (>= 1.1)
      Microsoft.NETCore.Targets (>= 1.1)
      System.Runtime (>= 4.3)
      System.Runtime.Handles (>= 4.3)
    System.Net.Sockets (4.3) - restriction: || (&& (== net45) (== net47)) (&& (== net45) (== net471)) (&& (== net45) (>= netstandard1.5)) (&& (== net47) (< net46)) (&& (== net471) (< net46)) (== netcoreapp2.0) (== netstandard2.0)
      Microsoft.NETCore.Platforms (>= 1.1) - restriction: || (&& (== net45) (== net46)) (&& (== net45) (== net47)) (&& (== net45) (== net471)) (&& (== net45) (>= netstandard1.3)) (&& (== net47) (< net46)) (&& (== net471) (< net46)) (== netcoreapp2.0) (== netstandard2.0)
      Microsoft.NETCore.Targets (>= 1.1) - restriction: || (&& (== net45) (== net46)) (&& (== net45) (== net47)) (&& (== net45) (== net471)) (&& (== net45) (>= netstandard1.3)) (&& (== net47) (< net46)) (&& (== net471) (< net46)) (== netcoreapp2.0) (== netstandard2.0)
      System.IO (>= 4.3) - restriction: || (&& (== net45) (== net46)) (&& (== net45) (== net47)) (&& (== net45) (== net471)) (&& (== net45) (>= netstandard1.3)) (&& (== net47) (< net46)) (&& (== net471) (< net46)) (== netcoreapp2.0) (== netstandard2.0)
      System.Net.Primitives (>= 4.3) - restriction: || (&& (== net45) (== net46)) (&& (== net45) (== net47)) (&& (== net45) (== net471)) (&& (== net45) (>= netstandard1.3)) (&& (== net47) (< net46)) (&& (== net471) (< net46)) (== netcoreapp2.0) (== netstandard2.0)
      System.Runtime (>= 4.3) - restriction: || (&& (== net45) (== net46)) (&& (== net45) (== net47)) (&& (== net45) (== net471)) (&& (== net45) (>= netstandard1.3)) (&& (== net47) (< net46)) (&& (== net471) (< net46)) (== netcoreapp2.0) (== netstandard2.0)
      System.Threading.Tasks (>= 4.3) - restriction: || (&& (== net45) (== net46)) (&& (== net45) (== net47)) (&& (== net45) (== net471)) (&& (== net45) (>= netstandard1.3)) (&& (== net47) (< net46)) (&& (== net471) (< net46)) (== netcoreapp2.0) (== netstandard2.0)
    System.Numerics.Vectors (4.5) - restriction: || (&& (== net46) (== netcoreapp2.0)) (&& (== net46) (< net45) (>= netstandard2.0)) (&& (== net46) (>= netcoreapp2.0)) (&& (== net46) (>= netstandard2.0) (>= uap10.1)) (&& (== net47) (== netcoreapp2.0)) (&& (== net47) (< net45) (>= netstandard2.0)) (&& (== net47) (>= netcoreapp2.0)) (&& (== net47) (>= netstandard2.0) (>= uap10.1)) (&& (== net471) (== netcoreapp2.0)) (&& (== net471) (< net45)) (&& (== net471) (>= netcoreapp2.0)) (&& (== net471) (>= uap10.1)) (&& (== netcoreapp2.0) (>= net461)) (== netstandard2.0)
    System.ObjectModel (4.3)
      System.Collections (>= 4.3)
      System.Diagnostics.Debug (>= 4.3)
      System.Resources.ResourceManager (>= 4.3)
      System.Runtime (>= 4.3)
      System.Threading (>= 4.3)
    System.Private.DataContractSerialization (4.3) - restriction: || (&& (== net45) (== net46) (< portable-net45+win8+wp8+wpa81)) (&& (== net45) (>= netstandard1.3) (< portable-net45+win8+wp8+wpa81)) (&& (== net47) (< net45)) (&& (== net47) (< portable-net45+win8+wp8+wpa81)) (&& (== net471) (< net45)) (&& (== net471) (< portable-net45+win8+wp8+wpa81)) (== netcoreapp2.0) (== netstandard2.0)
      Microsoft.NETCore.Platforms (>= 1.1)
      System.Collections (>= 4.3)
      System.Collections.Concurrent (>= 4.3)
      System.Diagnostics.Debug (>= 4.3)
      System.Globalization (>= 4.3)
      System.IO (>= 4.3)
      System.Linq (>= 4.3)
      System.Reflection (>= 4.3)
      System.Reflection.Emit.ILGeneration (>= 4.3) - restriction: || (&& (== net45) (== net46)) (&& (== net45) (== net47)) (&& (== net45) (== net471)) (&& (== net45) (>= netstandard1.3)) (&& (== net47) (< net46)) (&& (== net471) (< net46)) (== netcoreapp2.0) (== netstandard2.0)
      System.Reflection.Emit.Lightweight (>= 4.3) - restriction: || (&& (== net45) (== net46)) (&& (== net45) (== net47)) (&& (== net45) (== net471)) (&& (== net45) (>= netstandard1.3)) (&& (== net47) (< net46)) (&& (== net471) (< net46)) (== netcoreapp2.0) (== netstandard2.0)
      System.Reflection.Extensions (>= 4.3)
      System.Reflection.Primitives (>= 4.3)
      System.Reflection.TypeExtensions (>= 4.3)
      System.Resources.ResourceManager (>= 4.3)
      System.Runtime (>= 4.3)
      System.Runtime.Extensions (>= 4.3)
      System.Runtime.Serialization.Primitives (>= 4.3)
      System.Text.Encoding (>= 4.3)
      System.Text.Encoding.Extensions (>= 4.3)
      System.Text.RegularExpressions (>= 4.3)
      System.Threading (>= 4.3)
      System.Threading.Tasks (>= 4.3)
      System.Xml.ReaderWriter (>= 4.3)
      System.Xml.XDocument (>= 4.3)
      System.Xml.XmlDocument (>= 4.3)
      System.Xml.XmlSerializer (>= 4.3)
    System.Reactive (4.1.5)
      System.Runtime.InteropServices.WindowsRuntime (>= 4.3) - restriction: || (&& (== net45) (== net471)) (&& (== net45) (>= netstandard2.0)) (&& (== net47) (< net46) (>= netstandard2.0)) (&& (== net471) (< net46)) (== netcoreapp2.0) (== netstandard2.0)
      System.Threading.Tasks.Extensions (>= 4.5.2) - restriction: || (&& (== net45) (>= net46)) (&& (== net45) (>= netstandard2.0)) (&& (== net45) (>= uap10.0)) (== net46) (== net47) (== net471) (== netcoreapp2.0) (== netstandard2.0)
      System.ValueTuple (>= 4.5) - restriction: || (&& (== net45) (>= net46)) (&& (== net45) (>= uap10.0)) (== net46) (== net47) (== net471) (&& (== netcoreapp2.0) (>= net46)) (&& (== netcoreapp2.0) (>= uap10.0)) (&& (== netstandard2.0) (>= net46)) (&& (== netstandard2.0) (>= uap10.0))
    System.Reflection (4.3)
      Microsoft.NETCore.Platforms (>= 1.1)
      Microsoft.NETCore.Targets (>= 1.1)
      System.IO (>= 4.3)
      System.Reflection.Primitives (>= 4.3)
      System.Runtime (>= 4.3)
    System.Reflection.Emit (4.3) - restriction: || (&& (== net46) (< net45) (>= netstandard2.0)) (&& (== net47) (< net45) (>= netstandard2.0)) (&& (== net471) (< net45)) (== netcoreapp2.0) (== netstandard2.0)
      System.IO (>= 4.3) - restriction: || (&& (== net46) (< net45)) (&& (== net47) (< net45)) (&& (== net471) (< net45)) (== netcoreapp2.0) (== netstandard2.0)
      System.Reflection (>= 4.3) - restriction: || (&& (== net46) (< net45)) (&& (== net47) (< net45)) (&& (== net471) (< net45)) (== netcoreapp2.0) (== netstandard2.0)
      System.Reflection.Emit.ILGeneration (>= 4.3) - restriction: || (&& (== net46) (< net45)) (&& (== net47) (< net45)) (&& (== net471) (< net45)) (== netcoreapp2.0) (== netstandard2.0)
      System.Reflection.Primitives (>= 4.3) - restriction: || (&& (== net46) (< net45)) (&& (== net47) (< net45)) (&& (== net471) (< net45)) (== netcoreapp2.0) (== netstandard2.0)
      System.Runtime (>= 4.3) - restriction: || (&& (== net46) (< net45)) (&& (== net47) (< net45)) (&& (== net471) (< net45)) (== netcoreapp2.0) (== netstandard2.0)
    System.Reflection.Emit.ILGeneration (4.3)
      System.Reflection (>= 4.3) - restriction: || (&& (== net46) (< net45)) (&& (== net47) (< net45)) (&& (== net471) (< net45)) (== netcoreapp2.0) (== netstandard2.0)
      System.Reflection.Primitives (>= 4.3) - restriction: || (&& (== net46) (< net45)) (&& (== net47) (< net45)) (&& (== net471) (< net45)) (== netcoreapp2.0) (== netstandard2.0)
      System.Runtime (>= 4.3) - restriction: || (&& (== net46) (< net45)) (&& (== net47) (< net45)) (&& (== net471) (< net45)) (== netcoreapp2.0) (== netstandard2.0)
    System.Reflection.Emit.Lightweight (4.3)
      System.Reflection (>= 4.3) - restriction: || (&& (== net46) (< net45)) (&& (== net47) (< net45)) (&& (== net471) (< net45)) (== netcoreapp2.0) (== netstandard2.0)
      System.Reflection.Emit.ILGeneration (>= 4.3) - restriction: || (&& (== net46) (< net45)) (&& (== net47) (< net45)) (&& (== net471) (< net45)) (== netcoreapp2.0) (== netstandard2.0)
      System.Reflection.Primitives (>= 4.3) - restriction: || (&& (== net46) (< net45)) (&& (== net47) (< net45)) (&& (== net471) (< net45)) (== netcoreapp2.0) (== netstandard2.0)
      System.Runtime (>= 4.3) - restriction: || (&& (== net46) (< net45)) (&& (== net47) (< net45)) (&& (== net471) (< net45)) (== netcoreapp2.0) (== netstandard2.0)
    System.Reflection.Extensions (4.3)
      Microsoft.NETCore.Platforms (>= 1.1)
      Microsoft.NETCore.Targets (>= 1.1)
      System.Reflection (>= 4.3)
      System.Runtime (>= 4.3)
    System.Reflection.Metadata (1.6)
      System.Collections.Immutable (>= 1.5)
    System.Reflection.Primitives (4.3)
      Microsoft.NETCore.Platforms (>= 1.1)
      Microsoft.NETCore.Targets (>= 1.1)
      System.Runtime (>= 4.3)
    System.Reflection.TypeExtensions (4.5.1)
      System.Diagnostics.Contracts (>= 4.3)
      System.Diagnostics.Debug (>= 4.3)
      System.Linq (>= 4.3)
      System.Reflection (>= 4.3)
      System.Reflection.Primitives (>= 4.3)
      System.Resources.ResourceManager (>= 4.3)
      System.Runtime (>= 4.3)
      System.Runtime.Extensions (>= 4.3)
    System.Resources.Reader (4.3) - restriction: || (&& (== net45) (== net46)) (&& (== net45) (== net47)) (&& (== net45) (== net471)) (&& (== net45) (>= netstandard1.3)) (&& (== net47) (< net46)) (&& (== net471) (< net46)) (== netcoreapp2.0) (== netstandard2.0)
      System.IO (>= 4.3) - restriction: || (&& (== net46) (< net45)) (&& (== net47) (< net45)) (&& (== net471) (< net45)) (== netcoreapp2.0) (== netstandard2.0)
      System.Resources.ResourceManager (>= 4.3) - restriction: || (&& (== net46) (< net45)) (&& (== net47) (< net45)) (&& (== net471) (< net45)) (== netcoreapp2.0) (== netstandard2.0)
      System.Runtime (>= 4.3) - restriction: || (&& (== net46) (< net45)) (&& (== net47) (< net45)) (&& (== net471) (< net45)) (== netcoreapp2.0) (== netstandard2.0)
      System.Text.Encoding (>= 4.3) - restriction: || (&& (== net46) (< net45)) (&& (== net47) (< net45)) (&& (== net471) (< net45)) (== netcoreapp2.0) (== netstandard2.0)
      System.Threading (>= 4.3) - restriction: || (&& (== net46) (< net45)) (&& (== net47) (< net45)) (&& (== net471) (< net45)) (== netcoreapp2.0) (== netstandard2.0)
    System.Resources.ResourceManager (4.3)
      Microsoft.NETCore.Platforms (>= 1.1)
      Microsoft.NETCore.Targets (>= 1.1)
      System.Globalization (>= 4.3)
      System.Reflection (>= 4.3)
      System.Runtime (>= 4.3)
    System.Resources.Writer (4.3) - restriction: || (&& (== net45) (== net46)) (&& (== net45) (== net47)) (&& (== net45) (== net471)) (&& (== net45) (>= netstandard1.3)) (&& (== net47) (< net46)) (&& (== net471) (< net46)) (== netcoreapp2.0) (== netstandard2.0)
      System.Collections (>= 4.3) - restriction: || (&& (== net45) (== net46)) (&& (== net45) (== net47)) (&& (== net45) (== net471)) (&& (== net45) (>= netstandard1.3)) (&& (== net47) (< net46)) (&& (== net471) (< net46)) (== netcoreapp2.0) (== netstandard2.0)
      System.IO (>= 4.3) - restriction: || (&& (== net45) (== net46)) (&& (== net45) (== net47)) (&& (== net45) (== net471)) (&& (== net45) (>= netstandard1.3)) (&& (== net47) (< net46)) (&& (== net471) (< net46)) (== netcoreapp2.0) (== netstandard2.0)
      System.Resources.ResourceManager (>= 4.3) - restriction: || (&& (== net45) (== net46)) (&& (== net45) (== net47)) (&& (== net45) (== net471)) (&& (== net45) (>= netstandard1.3)) (&& (== net47) (< net46)) (&& (== net471) (< net46)) (== netcoreapp2.0) (== netstandard2.0)
      System.Runtime (>= 4.3) - restriction: || (&& (== net45) (== net46)) (&& (== net45) (== net47)) (&& (== net45) (== net471)) (&& (== net45) (>= netstandard1.3)) (&& (== net47) (< net46)) (&& (== net471) (< net46)) (== netcoreapp2.0) (== netstandard2.0)
      System.Runtime.Extensions (>= 4.3) - restriction: || (&& (== net45) (== net46)) (&& (== net45) (== net47)) (&& (== net45) (== net471)) (&& (== net45) (>= netstandard1.3)) (&& (== net47) (< net46)) (&& (== net471) (< net46)) (== netcoreapp2.0) (== netstandard2.0)
      System.Text.Encoding (>= 4.3) - restriction: || (&& (== net45) (== net46)) (&& (== net45) (== net47)) (&& (== net45) (== net471)) (&& (== net45) (>= netstandard1.3)) (&& (== net47) (< net46)) (&& (== net471) (< net46)) (== netcoreapp2.0) (== netstandard2.0)
    System.Runtime (4.3.1)
      Microsoft.NETCore.Platforms (>= 1.1.1)
      Microsoft.NETCore.Targets (>= 1.1.3)
    System.Runtime.CompilerServices.Unsafe (4.5.2) - restriction: || (&& (== net45) (>= net46)) (&& (== net45) (>= net461)) (&& (== net45) (>= netcoreapp2.0)) (&& (== net45) (>= netstandard2.0)) (&& (== net45) (>= uap10.0)) (== net46) (== net47) (== net471) (== netcoreapp2.0) (== netstandard2.0)
    System.Runtime.Extensions (4.3.1)
      Microsoft.NETCore.Platforms (>= 1.1.1)
      Microsoft.NETCore.Targets (>= 1.1.3)
      System.Runtime (>= 4.3.1)
    System.Runtime.Handles (4.3) - restriction: || (&& (== net45) (>= netstandard1.3)) (== net46) (== net47) (== net471) (== netcoreapp2.0) (== netstandard2.0)
      Microsoft.NETCore.Platforms (>= 1.1) - restriction: || (&& (== net45) (== net46)) (&& (== net45) (== net47)) (&& (== net45) (== net471)) (&& (== net45) (>= netstandard1.3)) (&& (== net47) (< net46)) (&& (== net471) (< net46)) (== netcoreapp2.0) (== netstandard2.0)
      Microsoft.NETCore.Targets (>= 1.1) - restriction: || (&& (== net45) (== net46)) (&& (== net45) (== net47)) (&& (== net45) (== net471)) (&& (== net45) (>= netstandard1.3)) (&& (== net47) (< net46)) (&& (== net471) (< net46)) (== netcoreapp2.0) (== netstandard2.0)
      System.Runtime (>= 4.3) - restriction: || (&& (== net45) (== net46)) (&& (== net45) (== net47)) (&& (== net45) (== net471)) (&& (== net45) (>= netstandard1.3)) (&& (== net47) (< net46)) (&& (== net471) (< net46)) (== netcoreapp2.0) (== netstandard2.0)
    System.Runtime.InteropServices (4.3) - restriction: || (&& (== net45) (>= netstandard1.3)) (== net46) (== net47) (== net471) (== netcoreapp2.0) (== netstandard2.0)
      Microsoft.NETCore.Platforms (>= 1.1)
      Microsoft.NETCore.Targets (>= 1.1)
      System.Reflection (>= 4.3)
      System.Reflection.Primitives (>= 4.3)
      System.Runtime (>= 4.3)
      System.Runtime.Handles (>= 4.3)
    System.Runtime.InteropServices.RuntimeInformation (4.3) - restriction: || (&& (== net45) (>= netstandard1.3)) (== net46) (== net47) (== net471) (== netcoreapp2.0) (== netstandard2.0)
      Microsoft.NETCore.Platforms (>= 1.1)
      runtime.native.System (>= 4.3) - restriction: || (&& (== net46) (< net45)) (&& (== net47) (< net45)) (&& (== net471) (< net45)) (== netcoreapp2.0) (== netstandard2.0)
      System.Reflection (>= 4.3)
      System.Reflection.Extensions (>= 4.3)
      System.Resources.ResourceManager (>= 4.3)
      System.Runtime (>= 4.3)
      System.Runtime.InteropServices (>= 4.3) - restriction: || (&& (== net46) (< net45)) (&& (== net47) (< net45)) (&& (== net471) (< net45)) (== netcoreapp2.0) (== netstandard2.0)
      System.Threading (>= 4.3)
    System.Runtime.InteropServices.WindowsRuntime (4.3) - restriction: || (&& (== net45) (== net471)) (&& (== net45) (>= netstandard2.0)) (&& (== net47) (< net46) (>= netstandard2.0)) (&& (== net471) (< net46)) (== netcoreapp2.0) (== netstandard2.0)
      System.Runtime (>= 4.3)
    System.Runtime.Loader (4.3) - restriction: || (&& (== net46) (< net45) (>= netstandard2.0)) (&& (== net47) (< net45) (>= netstandard2.0)) (&& (== net471) (< net45)) (== netcoreapp2.0) (== netstandard2.0)
      System.IO (>= 4.3) - restriction: || (&& (== net45) (== net47)) (&& (== net45) (== net471)) (&& (== net45) (>= netstandard1.5)) (&& (== net46) (== net47)) (&& (== net46) (== net471)) (&& (== net46) (>= netstandard1.5)) (&& (== net47) (< net462)) (&& (== net471) (< net462)) (== netcoreapp2.0) (== netstandard2.0)
      System.Reflection (>= 4.3) - restriction: || (&& (== net45) (== net47)) (&& (== net45) (== net471)) (&& (== net45) (>= netstandard1.5)) (&& (== net46) (== net47)) (&& (== net46) (== net471)) (&& (== net46) (>= netstandard1.5)) (&& (== net47) (< net462)) (&& (== net471) (< net462)) (== netcoreapp2.0) (== netstandard2.0)
      System.Runtime (>= 4.3) - restriction: || (&& (== net45) (== net47)) (&& (== net45) (== net471)) (&& (== net45) (>= netstandard1.5)) (&& (== net46) (== net47)) (&& (== net46) (== net471)) (&& (== net46) (>= netstandard1.5)) (&& (== net47) (< net462)) (&& (== net471) (< net462)) (== netcoreapp2.0) (== netstandard2.0)
    System.Runtime.Numerics (4.3) - restriction: || (&& (== net46) (< net45) (>= netstandard2.0)) (&& (== net47) (< net45) (>= netstandard2.0)) (&& (== net471) (< net45)) (== netcoreapp2.0) (== netstandard2.0)
      System.Globalization (>= 4.3)
      System.Resources.ResourceManager (>= 4.3)
      System.Runtime (>= 4.3)
      System.Runtime.Extensions (>= 4.3)
    System.Runtime.Serialization.Primitives (4.3) - restriction: || (&& (== net45) (== net46)) (&& (== net45) (== net47)) (&& (== net45) (== net471)) (&& (== net45) (>= net46)) (&& (== net45) (>= netstandard1.3)) (&& (== net47) (< net45)) (&& (== net47) (< net46)) (&& (== net47) (< portable-net45+win8+wp8+wpa81)) (&& (== net471) (< net45)) (&& (== net471) (< net46)) (&& (== net471) (< portable-net45+win8+wp8+wpa81)) (== netcoreapp2.0) (== netstandard2.0)
      System.Resources.ResourceManager (>= 4.3)
      System.Runtime (>= 4.3)
    System.Runtime.Serialization.Xml (4.3) - restriction: || (&& (== net45) (== net46)) (&& (== net45) (== net47)) (&& (== net45) (== net471)) (&& (== net45) (>= netstandard1.3)) (&& (== net47) (< net46)) (&& (== net471) (< net46)) (== netcoreapp2.0) (== netstandard2.0)
      System.IO (>= 4.3) - restriction: || (&& (== net45) (< portable-net45+win8+wp8+wpa81)) (&& (== net46) (< net45)) (&& (== net46) (< portable-net45+win8+wp8+wpa81)) (&& (== net47) (< net45)) (&& (== net47) (< portable-net45+win8+wp8+wpa81)) (&& (== net471) (< net45)) (&& (== net471) (< portable-net45+win8+wp8+wpa81)) (== netcoreapp2.0) (== netstandard2.0)
      System.Private.DataContractSerialization (>= 4.3) - restriction: || (&& (== net45) (< portable-net45+win8+wp8+wpa81)) (&& (== net46) (< net45)) (&& (== net46) (< portable-net45+win8+wp8+wpa81)) (&& (== net47) (< net45)) (&& (== net47) (< portable-net45+win8+wp8+wpa81)) (&& (== net471) (< net45)) (&& (== net471) (< portable-net45+win8+wp8+wpa81)) (== netcoreapp2.0) (== netstandard2.0)
      System.Runtime (>= 4.3) - restriction: || (&& (== net45) (< portable-net45+win8+wp8+wpa81)) (&& (== net46) (< net45)) (&& (== net46) (< portable-net45+win8+wp8+wpa81)) (&& (== net47) (< net45)) (&& (== net47) (< portable-net45+win8+wp8+wpa81)) (&& (== net471) (< net45)) (&& (== net471) (< portable-net45+win8+wp8+wpa81)) (== netcoreapp2.0) (== netstandard2.0)
      System.Runtime.Serialization.Primitives (>= 4.3) - restriction: || (&& (== net45) (>= net46)) (&& (== net45) (< portable-net45+win8+wp8+wpa81)) (== net46) (== net47) (== net471) (== netcoreapp2.0) (== netstandard2.0)
      System.Text.Encoding (>= 4.3) - restriction: || (&& (== net45) (< portable-net45+win8+wp8+wpa81)) (&& (== net46) (< net45)) (&& (== net46) (< portable-net45+win8+wp8+wpa81)) (&& (== net47) (< net45)) (&& (== net47) (< portable-net45+win8+wp8+wpa81)) (&& (== net471) (< net45)) (&& (== net471) (< portable-net45+win8+wp8+wpa81)) (== netcoreapp2.0) (== netstandard2.0)
      System.Xml.ReaderWriter (>= 4.3) - restriction: || (&& (== net45) (< portable-net45+win8+wp8+wpa81)) (&& (== net46) (< net45)) (&& (== net46) (< portable-net45+win8+wp8+wpa81)) (&& (== net47) (< net45)) (&& (== net47) (< portable-net45+win8+wp8+wpa81)) (&& (== net471) (< net45)) (&& (== net471) (< portable-net45+win8+wp8+wpa81)) (== netcoreapp2.0) (== netstandard2.0)
    System.Security.AccessControl (4.5) - restriction: || (&& (== net45) (== net471) (>= monoandroid)) (&& (== net46) (== net471) (>= monoandroid)) (&& (== net46) (>= monoandroid) (>= netstandard2.0)) (&& (== net46) (>= monotouch) (>= netstandard2.0)) (&& (== net46) (< net45) (>= netstandard2.0)) (&& (== net46) (>= netcoreapp2.0)) (&& (== net46) (>= netstandard2.0) (>= xamarintvos)) (&& (== net46) (>= netstandard2.0) (>= xamarinwatchos)) (&& (== net46) (>= xamarinios)) (&& (== net46) (>= xamarinmac)) (&& (== net47) (== net471) (>= monoandroid)) (&& (== net47) (>= monoandroid) (>= netstandard2.0)) (&& (== net47) (>= monotouch) (>= netstandard2.0)) (&& (== net47) (< net45) (>= netstandard2.0)) (&& (== net47) (>= netcoreapp2.0)) (&& (== net47) (>= netstandard2.0) (>= xamarintvos)) (&& (== net47) (>= netstandard2.0) (>= xamarinwatchos)) (&& (== net47) (>= xamarinios)) (&& (== net47) (>= xamarinmac)) (&& (== net471) (>= monoandroid) (< netstandard2.0)) (&& (== net471) (>= monotouch)) (&& (== net471) (< net45)) (&& (== net471) (>= netcoreapp2.0)) (&& (== net471) (>= xamarinios)) (&& (== net471) (>= xamarinmac)) (&& (== net471) (>= xamarintvos)) (&& (== net471) (>= xamarinwatchos)) (== netcoreapp2.0) (== netstandard2.0)
      Microsoft.NETCore.Platforms (>= 2.0) - restriction: || (&& (== net45) (>= netcoreapp2.0)) (&& (== net46) (>= netcoreapp2.0)) (&& (== net47) (>= netcoreapp2.0)) (&& (== net471) (>= netcoreapp2.0)) (== netcoreapp2.0) (&& (== netstandard2.0) (>= netcoreapp2.0))
      System.Security.Principal.Windows (>= 4.5) - restriction: || (&& (== net45) (>= net461)) (&& (== net45) (>= netcoreapp2.0)) (&& (== net45) (>= netstandard2.0)) (&& (== net46) (>= net461)) (&& (== net46) (>= netcoreapp2.0)) (== net47) (== net471) (== netcoreapp2.0) (== netstandard2.0)
    System.Security.Cryptography.Algorithms (4.3.1) - restriction: || (&& (== net46) (< net45) (>= netstandard2.0)) (&& (== net47) (< net45) (>= netstandard2.0)) (&& (== net471) (< net45)) (== netcoreapp2.0) (== netstandard2.0)
      Microsoft.NETCore.Platforms (>= 1.1)
      runtime.native.System.Security.Cryptography.Apple (>= 4.3.1) - restriction: || (&& (== net45) (== net471)) (&& (== net45) (>= netstandard1.6)) (&& (== net47) (< net46) (>= netstandard1.6)) (&& (== net471) (< net46)) (== netcoreapp2.0) (== netstandard2.0)
      runtime.native.System.Security.Cryptography.OpenSsl (>= 4.3.2) - restriction: || (&& (== net45) (== net471)) (&& (== net45) (>= netstandard1.6)) (&& (== net47) (< net46) (>= netstandard1.6)) (&& (== net471) (< net46)) (== netcoreapp2.0) (== netstandard2.0)
      System.Collections (>= 4.3) - restriction: || (&& (== net45) (== net471)) (&& (== net45) (>= netstandard1.6)) (&& (== net47) (< net46) (>= netstandard1.6)) (&& (== net471) (< net46)) (== netcoreapp2.0) (== netstandard2.0)
      System.IO (>= 4.3)
      System.Resources.ResourceManager (>= 4.3)
      System.Runtime (>= 4.3)
      System.Runtime.Extensions (>= 4.3)
      System.Runtime.Handles (>= 4.3)
      System.Runtime.InteropServices (>= 4.3)
      System.Runtime.Numerics (>= 4.3) - restriction: || (&& (== net45) (== net471)) (&& (== net45) (>= netstandard1.6)) (&& (== net47) (< net46) (>= netstandard1.6)) (&& (== net471) (< net46)) (== netcoreapp2.0) (== netstandard2.0)
      System.Security.Cryptography.Encoding (>= 4.3)
      System.Security.Cryptography.Primitives (>= 4.3)
      System.Text.Encoding (>= 4.3)
    System.Security.Cryptography.Cng (4.5) - restriction: || (&& (== net45) (== net46)) (&& (== net45) (== net47)) (&& (== net45) (== net471)) (&& (== net45) (>= netstandard1.3)) (&& (== net47) (< net46)) (&& (== net471) (< net46)) (== netcoreapp2.0) (== netstandard2.0)
      Microsoft.NETCore.Platforms (>= 2.0) - restriction: || (&& (== net45) (>= netcoreapp2.0)) (&& (== net46) (>= netcoreapp2.0)) (&& (== net47) (>= netcoreapp2.0)) (&& (== net471) (>= netcoreapp2.0)) (== netcoreapp2.0) (&& (== netstandard2.0) (>= netcoreapp2.0))
    System.Security.Cryptography.Csp (4.3) - restriction: || (&& (== net45) (== net471)) (&& (== net45) (>= netstandard1.6)) (&& (== net47) (< net46) (>= netstandard1.6)) (&& (== net471) (< net46)) (== netcoreapp2.0) (== netstandard2.0)
      Microsoft.NETCore.Platforms (>= 1.1) - restriction: || (&& (== net45) (== net46)) (&& (== net45) (== net47)) (&& (== net45) (== net471)) (&& (== net45) (>= netstandard1.3)) (&& (== net47) (< net46)) (&& (== net471) (< net46)) (== netcoreapp2.0) (== netstandard2.0)
      System.IO (>= 4.3) - restriction: || (&& (== net45) (== net46)) (&& (== net45) (== net47)) (&& (== net45) (== net471)) (&& (== net45) (>= netstandard1.3)) (&& (== net47) (< net46)) (&& (== net471) (< net46)) (== netcoreapp2.0) (== netstandard2.0)
      System.Reflection (>= 4.3) - restriction: || (&& (== net45) (== net46)) (&& (== net45) (== net47)) (&& (== net45) (== net471)) (&& (== net45) (>= netstandard1.3)) (&& (== net47) (< net46)) (&& (== net471) (< net46)) (== netcoreapp2.0) (== netstandard2.0)
      System.Resources.ResourceManager (>= 4.3) - restriction: || (&& (== net45) (== net46)) (&& (== net45) (== net47)) (&& (== net45) (== net471)) (&& (== net45) (>= netstandard1.3)) (&& (== net47) (< net46)) (&& (== net471) (< net46)) (== netcoreapp2.0) (== netstandard2.0)
      System.Runtime (>= 4.3) - restriction: || (&& (== net45) (== net46)) (&& (== net45) (== net47)) (&& (== net45) (== net471)) (&& (== net45) (>= netstandard1.3)) (&& (== net47) (< net46)) (&& (== net471) (< net46)) (== netcoreapp2.0) (== netstandard2.0)
      System.Runtime.Extensions (>= 4.3) - restriction: || (&& (== net45) (== net46)) (&& (== net45) (== net47)) (&& (== net45) (== net471)) (&& (== net45) (>= netstandard1.3)) (&& (== net47) (< net46)) (&& (== net471) (< net46)) (== netcoreapp2.0) (== netstandard2.0)
      System.Runtime.Handles (>= 4.3) - restriction: || (&& (== net45) (== net46)) (&& (== net45) (== net47)) (&& (== net45) (== net471)) (&& (== net45) (>= netstandard1.3)) (&& (== net47) (< net46)) (&& (== net471) (< net46)) (== netcoreapp2.0) (== netstandard2.0)
      System.Runtime.InteropServices (>= 4.3) - restriction: || (&& (== net45) (== net46)) (&& (== net45) (== net47)) (&& (== net45) (== net471)) (&& (== net45) (>= netstandard1.3)) (&& (== net47) (< net46)) (&& (== net471) (< net46)) (== netcoreapp2.0) (== netstandard2.0)
      System.Security.Cryptography.Algorithms (>= 4.3) - restriction: || (&& (== net45) (>= net46)) (&& (== net45) (>= netstandard1.3)) (== net46) (== net47) (== net471) (== netcoreapp2.0) (== netstandard2.0)
      System.Security.Cryptography.Encoding (>= 4.3) - restriction: || (&& (== net45) (== net46)) (&& (== net45) (== net47)) (&& (== net45) (== net471)) (&& (== net45) (>= netstandard1.3)) (&& (== net47) (< net46)) (&& (== net471) (< net46)) (== netcoreapp2.0) (== netstandard2.0)
      System.Security.Cryptography.Primitives (>= 4.3) - restriction: || (&& (== net45) (>= net46)) (&& (== net45) (>= netstandard1.3)) (== net46) (== net47) (== net471) (== netcoreapp2.0) (== netstandard2.0)
      System.Text.Encoding (>= 4.3) - restriction: || (&& (== net45) (== net46)) (&& (== net45) (== net47)) (&& (== net45) (== net471)) (&& (== net45) (>= netstandard1.3)) (&& (== net47) (< net46)) (&& (== net471) (< net46)) (== netcoreapp2.0) (== netstandard2.0)
      System.Threading (>= 4.3) - restriction: || (&& (== net45) (== net46)) (&& (== net45) (== net47)) (&& (== net45) (== net471)) (&& (== net45) (>= netstandard1.3)) (&& (== net47) (< net46)) (&& (== net471) (< net46)) (== netcoreapp2.0) (== netstandard2.0)
    System.Security.Cryptography.Encoding (4.3) - restriction: || (&& (== net46) (< net45) (>= netstandard2.0)) (&& (== net47) (< net45) (>= netstandard2.0)) (&& (== net471) (< net45)) (== netcoreapp2.0) (== netstandard2.0)
      Microsoft.NETCore.Platforms (>= 1.1) - restriction: || (&& (== net45) (== net46)) (&& (== net45) (== net47)) (&& (== net45) (== net471)) (&& (== net45) (>= netstandard1.3)) (&& (== net47) (< net46)) (&& (== net471) (< net46)) (== netcoreapp2.0) (== netstandard2.0)
      runtime.native.System.Security.Cryptography.OpenSsl (>= 4.3) - restriction: || (&& (== net45) (== net46)) (&& (== net45) (== net47)) (&& (== net45) (== net471)) (&& (== net45) (>= netstandard1.3)) (&& (== net47) (< net46)) (&& (== net471) (< net46)) (== netcoreapp2.0) (== netstandard2.0)
      System.Collections (>= 4.3) - restriction: || (&& (== net45) (== net46)) (&& (== net45) (== net47)) (&& (== net45) (== net471)) (&& (== net45) (>= netstandard1.3)) (&& (== net47) (< net46)) (&& (== net471) (< net46)) (== netcoreapp2.0) (== netstandard2.0)
      System.Collections.Concurrent (>= 4.3) - restriction: || (&& (== net45) (== net46)) (&& (== net45) (== net47)) (&& (== net45) (== net471)) (&& (== net45) (>= netstandard1.3)) (&& (== net47) (< net46)) (&& (== net471) (< net46)) (== netcoreapp2.0) (== netstandard2.0)
      System.Linq (>= 4.3) - restriction: || (&& (== net45) (== net46)) (&& (== net45) (== net47)) (&& (== net45) (== net471)) (&& (== net45) (>= netstandard1.3)) (&& (== net47) (< net46)) (&& (== net471) (< net46)) (== netcoreapp2.0) (== netstandard2.0)
      System.Resources.ResourceManager (>= 4.3) - restriction: || (&& (== net45) (== net46)) (&& (== net45) (== net47)) (&& (== net45) (== net471)) (&& (== net45) (>= netstandard1.3)) (&& (== net47) (< net46)) (&& (== net471) (< net46)) (== netcoreapp2.0) (== netstandard2.0)
      System.Runtime (>= 4.3) - restriction: || (&& (== net45) (== net46)) (&& (== net45) (== net47)) (&& (== net45) (== net471)) (&& (== net45) (>= netstandard1.3)) (&& (== net47) (< net46)) (&& (== net471) (< net46)) (== netcoreapp2.0) (== netstandard2.0)
      System.Runtime.Extensions (>= 4.3) - restriction: || (&& (== net45) (== net46)) (&& (== net45) (== net47)) (&& (== net45) (== net471)) (&& (== net45) (>= netstandard1.3)) (&& (== net47) (< net46)) (&& (== net471) (< net46)) (== netcoreapp2.0) (== netstandard2.0)
      System.Runtime.Handles (>= 4.3) - restriction: || (&& (== net45) (== net46)) (&& (== net45) (== net47)) (&& (== net45) (== net471)) (&& (== net45) (>= netstandard1.3)) (&& (== net47) (< net46)) (&& (== net471) (< net46)) (== netcoreapp2.0) (== netstandard2.0)
      System.Runtime.InteropServices (>= 4.3) - restriction: || (&& (== net45) (== net46)) (&& (== net45) (== net47)) (&& (== net45) (== net471)) (&& (== net45) (>= netstandard1.3)) (&& (== net47) (< net46)) (&& (== net471) (< net46)) (== netcoreapp2.0) (== netstandard2.0)
      System.Security.Cryptography.Primitives (>= 4.3) - restriction: || (&& (== net45) (== net46)) (&& (== net45) (== net47)) (&& (== net45) (== net471)) (&& (== net45) (>= netstandard1.3)) (&& (== net47) (< net46)) (&& (== net471) (< net46)) (== netcoreapp2.0) (== netstandard2.0)
      System.Text.Encoding (>= 4.3) - restriction: || (&& (== net45) (== net46)) (&& (== net45) (== net47)) (&& (== net45) (== net471)) (&& (== net45) (>= netstandard1.3)) (&& (== net47) (< net46)) (&& (== net471) (< net46)) (== netcoreapp2.0) (== netstandard2.0)
    System.Security.Cryptography.OpenSsl (4.5.1) - restriction: || (&& (== net45) (== net471)) (&& (== net45) (>= netstandard1.6)) (&& (== net47) (< net46) (>= netstandard1.6)) (&& (== net471) (< net46)) (== netcoreapp2.0) (== netstandard2.0)
      Microsoft.NETCore.Platforms (>= 2.1.2) - restriction: || (&& (== net45) (>= netcoreapp2.0)) (&& (== net46) (>= netcoreapp2.0)) (&& (== net47) (>= netcoreapp2.0)) (&& (== net471) (>= netcoreapp2.0)) (== netcoreapp2.0) (&& (== netstandard2.0) (>= netcoreapp2.0))
    System.Security.Cryptography.Primitives (4.3) - restriction: || (&& (== net46) (< net45) (>= netstandard2.0)) (&& (== net47) (< net45) (>= netstandard2.0)) (&& (== net471) (< net45)) (== netcoreapp2.0) (== netstandard2.0)
      System.Diagnostics.Debug (>= 4.3) - restriction: || (&& (== net45) (== net46)) (&& (== net45) (== net47)) (&& (== net45) (== net471)) (&& (== net45) (>= netstandard1.3)) (&& (== net47) (< net46)) (&& (== net471) (< net46)) (== netcoreapp2.0) (== netstandard2.0)
      System.Globalization (>= 4.3) - restriction: || (&& (== net45) (== net46)) (&& (== net45) (== net47)) (&& (== net45) (== net471)) (&& (== net45) (>= netstandard1.3)) (&& (== net47) (< net46)) (&& (== net471) (< net46)) (== netcoreapp2.0) (== netstandard2.0)
      System.IO (>= 4.3) - restriction: || (&& (== net45) (== net46)) (&& (== net45) (== net47)) (&& (== net45) (== net471)) (&& (== net45) (>= netstandard1.3)) (&& (== net47) (< net46)) (&& (== net471) (< net46)) (== netcoreapp2.0) (== netstandard2.0)
      System.Resources.ResourceManager (>= 4.3) - restriction: || (&& (== net45) (== net46)) (&& (== net45) (== net47)) (&& (== net45) (== net471)) (&& (== net45) (>= netstandard1.3)) (&& (== net47) (< net46)) (&& (== net471) (< net46)) (== netcoreapp2.0) (== netstandard2.0)
      System.Runtime (>= 4.3) - restriction: || (&& (== net45) (== net46)) (&& (== net45) (== net47)) (&& (== net45) (== net471)) (&& (== net45) (>= netstandard1.3)) (&& (== net47) (< net46)) (&& (== net471) (< net46)) (== netcoreapp2.0) (== netstandard2.0)
      System.Threading (>= 4.3) - restriction: || (&& (== net45) (== net46)) (&& (== net45) (== net47)) (&& (== net45) (== net471)) (&& (== net45) (>= netstandard1.3)) (&& (== net47) (< net46)) (&& (== net471) (< net46)) (== netcoreapp2.0) (== netstandard2.0)
      System.Threading.Tasks (>= 4.3) - restriction: || (&& (== net45) (== net46)) (&& (== net45) (== net47)) (&& (== net45) (== net471)) (&& (== net45) (>= netstandard1.3)) (&& (== net47) (< net46)) (&& (== net471) (< net46)) (== netcoreapp2.0) (== netstandard2.0)
    System.Security.Cryptography.X509Certificates (4.3.2) - restriction: || (&& (== net45) (== net46)) (&& (== net45) (== net47)) (&& (== net45) (== net471)) (&& (== net45) (>= netstandard1.3)) (&& (== net47) (< net46)) (&& (== net471) (< net46)) (== netcoreapp2.0) (== netstandard2.0)
      Microsoft.NETCore.Platforms (>= 1.1)
      runtime.native.System (>= 4.3) - restriction: || (&& (== net45) (== net471)) (&& (== net45) (>= netstandard1.6)) (&& (== net47) (< net46) (>= netstandard1.6)) (&& (== net471) (< net46)) (== netcoreapp2.0) (== netstandard2.0)
      runtime.native.System.Net.Http (>= 4.3) - restriction: || (&& (== net45) (== net471)) (&& (== net45) (>= netstandard1.6)) (&& (== net47) (< net46) (>= netstandard1.6)) (&& (== net471) (< net46)) (== netcoreapp2.0) (== netstandard2.0)
      runtime.native.System.Security.Cryptography.OpenSsl (>= 4.3.2) - restriction: || (&& (== net45) (== net471)) (&& (== net45) (>= netstandard1.6)) (&& (== net47) (< net46) (>= netstandard1.6)) (&& (== net471) (< net46)) (== netcoreapp2.0) (== netstandard2.0)
      System.Collections (>= 4.3)
      System.Diagnostics.Debug (>= 4.3) - restriction: || (&& (== net45) (== net471)) (&& (== net45) (>= netstandard1.6)) (&& (== net47) (< net46) (>= netstandard1.6)) (&& (== net471) (< net46)) (== netcoreapp2.0) (== netstandard2.0)
      System.Globalization (>= 4.3)
      System.Globalization.Calendars (>= 4.3)
      System.IO (>= 4.3)
      System.IO.FileSystem (>= 4.3)
      System.IO.FileSystem.Primitives (>= 4.3) - restriction: || (&& (== net45) (== net471)) (&& (== net45) (>= netstandard1.6)) (&& (== net47) (< net46) (>= netstandard1.6)) (&& (== net471) (< net46)) (== netcoreapp2.0) (== netstandard2.0)
      System.Resources.ResourceManager (>= 4.3)
      System.Runtime (>= 4.3)
      System.Runtime.Extensions (>= 4.3)
      System.Runtime.Handles (>= 4.3)
      System.Runtime.InteropServices (>= 4.3)
      System.Runtime.Numerics (>= 4.3)
      System.Security.Cryptography.Algorithms (>= 4.3)
      System.Security.Cryptography.Cng (>= 4.3)
      System.Security.Cryptography.Csp (>= 4.3) - restriction: || (&& (== net45) (== net471)) (&& (== net45) (>= netstandard1.6)) (&& (== net47) (< net46) (>= netstandard1.6)) (&& (== net471) (< net46)) (== netcoreapp2.0) (== netstandard2.0)
      System.Security.Cryptography.Encoding (>= 4.3)
      System.Security.Cryptography.OpenSsl (>= 4.3) - restriction: || (&& (== net45) (== net471)) (&& (== net45) (>= netstandard1.6)) (&& (== net47) (< net46) (>= netstandard1.6)) (&& (== net471) (< net46)) (== netcoreapp2.0) (== netstandard2.0)
      System.Security.Cryptography.Primitives (>= 4.3)
      System.Text.Encoding (>= 4.3)
      System.Threading (>= 4.3)
    System.Security.Principal (4.3) - restriction: || (&& (== net45) (== net47)) (&& (== net45) (== net471)) (&& (== net45) (>= netstandard1.5)) (&& (== net47) (< net46)) (&& (== net471) (< net46)) (== netcoreapp2.0) (== netstandard2.0)
      System.Runtime (>= 4.3) - restriction: || (&& (== net45) (< portable-net45+win8+wp8+wpa81)) (&& (== net46) (< net45)) (&& (== net46) (< portable-net45+win8+wp8+wpa81)) (&& (== net47) (< net45)) (&& (== net47) (< portable-net45+win8+wp8+wpa81)) (&& (== net471) (< net45)) (&& (== net471) (< portable-net45+win8+wp8+wpa81)) (== netcoreapp2.0) (== netstandard2.0)
    System.Security.Principal.Windows (4.5.1) - restriction: || (&& (== net45) (== net471) (>= monoandroid)) (&& (== net46) (== net471) (>= monoandroid)) (&& (== net46) (>= monoandroid) (>= netstandard2.0)) (&& (== net46) (>= monotouch) (>= netstandard2.0)) (&& (== net46) (< net45) (>= netstandard2.0)) (&& (== net46) (>= netcoreapp2.0)) (&& (== net46) (>= netstandard2.0) (>= xamarintvos)) (&& (== net46) (>= netstandard2.0) (>= xamarinwatchos)) (&& (== net46) (>= xamarinios)) (&& (== net46) (>= xamarinmac)) (&& (== net47) (== net471) (>= monoandroid)) (&& (== net47) (>= monoandroid) (>= netstandard2.0)) (&& (== net47) (>= monotouch) (>= netstandard2.0)) (&& (== net47) (< net45) (>= netstandard2.0)) (&& (== net47) (>= netcoreapp2.0)) (&& (== net47) (>= netstandard2.0) (>= xamarintvos)) (&& (== net47) (>= netstandard2.0) (>= xamarinwatchos)) (&& (== net47) (>= xamarinios)) (&& (== net47) (>= xamarinmac)) (&& (== net471) (>= monoandroid) (< netstandard2.0)) (&& (== net471) (>= monotouch)) (&& (== net471) (< net45)) (&& (== net471) (>= netcoreapp2.0)) (&& (== net471) (>= xamarinios)) (&& (== net471) (>= xamarinmac)) (&& (== net471) (>= xamarintvos)) (&& (== net471) (>= xamarinwatchos)) (== netcoreapp2.0) (== netstandard2.0)
      Microsoft.NETCore.Platforms (>= 2.0) - restriction: || (&& (== net45) (>= netcoreapp2.0)) (&& (== net46) (>= netcoreapp2.0)) (&& (== net47) (>= netcoreapp2.0)) (&& (== net471) (>= netcoreapp2.0)) (== netcoreapp2.0) (&& (== netstandard2.0) (>= netcoreapp2.0))
    System.Text.Encoding (4.3) - restriction: || (&& (== net46) (< net45) (>= netstandard2.0)) (&& (== net47) (< net45) (>= netstandard2.0)) (&& (== net471) (< net45)) (== netcoreapp2.0) (== netstandard2.0)
      Microsoft.NETCore.Platforms (>= 1.1)
      Microsoft.NETCore.Targets (>= 1.1)
      System.Runtime (>= 4.3)
    System.Text.Encoding.CodePages (4.5.1) - restriction: || (&& (== net45) (== net46)) (&& (== net45) (== net47)) (&& (== net45) (== net471)) (&& (== net45) (>= netstandard1.3)) (&& (== net47) (< net46)) (&& (== net471) (< net46)) (== netcoreapp2.0) (== netstandard2.0)
      Microsoft.NETCore.Platforms (>= 2.1.2) - restriction: || (&& (== net45) (>= netcoreapp2.0)) (&& (== net46) (>= netcoreapp2.0)) (&& (== net47) (>= netcoreapp2.0)) (&& (== net471) (>= netcoreapp2.0)) (== netcoreapp2.0) (&& (== netstandard2.0) (>= netcoreapp2.0))
      System.Runtime.CompilerServices.Unsafe (>= 4.5.2) - restriction: || (&& (== net45) (>= net461)) (&& (== net45) (>= netcoreapp2.0)) (&& (== net45) (>= netstandard2.0)) (&& (== net46) (>= net461)) (&& (== net46) (>= netcoreapp2.0)) (== net47) (== net471) (== netcoreapp2.0) (== netstandard2.0)
    System.Text.Encoding.Extensions (4.3) - restriction: || (&& (== net46) (< net45) (>= netstandard2.0)) (&& (== net47) (< net45) (>= netstandard2.0)) (&& (== net471) (< net45)) (== netcoreapp2.0) (== netstandard2.0)
      Microsoft.NETCore.Platforms (>= 1.1)
      Microsoft.NETCore.Targets (>= 1.1)
      System.Runtime (>= 4.3)
      System.Text.Encoding (>= 4.3)
    System.Text.RegularExpressions (4.3) - restriction: || (&& (== net45) (== net46)) (&& (== net45) (== net47)) (&& (== net45) (== net471)) (&& (== net45) (>= netstandard1.3)) (&& (== net47) (< net45)) (&& (== net47) (< net46)) (&& (== net47) (< portable-net45+win8+wp8+wpa81)) (&& (== net471) (< net45)) (&& (== net471) (< net46)) (&& (== net471) (< portable-net45+win8+wp8+wpa81)) (== netcoreapp2.0) (== netstandard2.0)
      System.Collections (>= 4.3)
      System.Globalization (>= 4.3)
      System.Resources.ResourceManager (>= 4.3)
      System.Runtime (>= 4.3)
      System.Runtime.Extensions (>= 4.3)
      System.Threading (>= 4.3)
    System.Threading (4.3)
      System.Runtime (>= 4.3)
      System.Threading.Tasks (>= 4.3)
    System.Threading.Overlapped (4.3) - restriction: || (&& (== net45) (== net47)) (&& (== net45) (== net471)) (&& (== net45) (>= netstandard1.5)) (&& (== net47) (< net46)) (&& (== net471) (< net46)) (== netcoreapp2.0) (== netstandard2.0)
      Microsoft.NETCore.Platforms (>= 1.1) - restriction: || (== net45) (&& (== net46) (< netstandard1.3)) (&& (== net47) (< net46)) (&& (== net47) (< netstandard1.3)) (&& (== net471) (< net46)) (&& (== net471) (< netstandard1.3)) (== netcoreapp2.0) (== netstandard2.0)
      System.Resources.ResourceManager (>= 4.3) - restriction: || (== net45) (&& (== net46) (< netstandard1.3)) (&& (== net47) (< net46)) (&& (== net47) (< netstandard1.3)) (&& (== net471) (< net46)) (&& (== net471) (< netstandard1.3)) (== netcoreapp2.0) (== netstandard2.0)
      System.Runtime (>= 4.3) - restriction: || (== net45) (&& (== net46) (< netstandard1.3)) (&& (== net47) (< net46)) (&& (== net47) (< netstandard1.3)) (&& (== net471) (< net46)) (&& (== net471) (< netstandard1.3)) (== netcoreapp2.0) (== netstandard2.0)
      System.Runtime.Handles (>= 4.3) - restriction: || (== net45) (&& (== net46) (< netstandard1.3)) (&& (== net47) (< net46)) (&& (== net47) (< netstandard1.3)) (&& (== net471) (< net46)) (&& (== net471) (< netstandard1.3)) (== netcoreapp2.0) (== netstandard2.0)
    System.Threading.Tasks (4.3) - restriction: || (&& (== net46) (< net45) (>= netstandard2.0)) (&& (== net47) (< net45) (>= netstandard2.0)) (&& (== net471) (< net45)) (== netcoreapp2.0) (== netstandard2.0)
      Microsoft.NETCore.Platforms (>= 1.1)
      Microsoft.NETCore.Targets (>= 1.1)
      System.Runtime (>= 4.3)
    System.Threading.Tasks.Dataflow (4.9) - restriction: || (&& (== net45) (== net47)) (&& (== net45) (== net471)) (&& (== net45) (>= netstandard1.5)) (&& (== net47) (< net46)) (&& (== net471) (< net46)) (== netcoreapp2.0) (== netstandard2.0)
    System.Threading.Tasks.Extensions (4.5.2) - restriction: || (&& (== net45) (>= net46)) (&& (== net45) (>= netstandard1.3) (< portable-net45+win8+wp8+wpa81)) (&& (== net45) (>= netstandard2.0)) (&& (== net45) (>= uap10.0)) (== net46) (== net47) (== net471) (== netcoreapp2.0) (== netstandard2.0)
      System.Runtime.CompilerServices.Unsafe (>= 4.5.2)
    System.Threading.Tasks.Parallel (4.3) - restriction: || (&& (== net45) (>= netstandard1.3)) (== net46) (== net47) (== net471) (== netcoreapp2.0) (== netstandard2.0)
      System.Collections.Concurrent (>= 4.3) - restriction: || (&& (== net45) (< portable-net45+win8+wpa81)) (&& (== net46) (< net45)) (&& (== net46) (< portable-net45+win8+wpa81)) (&& (== net47) (< net45)) (&& (== net47) (< portable-net45+win8+wpa81)) (&& (== net471) (< net45)) (&& (== net471) (< portable-net45+win8+wpa81)) (== netcoreapp2.0) (== netstandard2.0)
      System.Diagnostics.Debug (>= 4.3) - restriction: || (&& (== net45) (< portable-net45+win8+wpa81)) (&& (== net46) (< net45)) (&& (== net46) (< portable-net45+win8+wpa81)) (&& (== net47) (< net45)) (&& (== net47) (< portable-net45+win8+wpa81)) (&& (== net471) (< net45)) (&& (== net471) (< portable-net45+win8+wpa81)) (== netcoreapp2.0) (== netstandard2.0)
      System.Diagnostics.Tracing (>= 4.3) - restriction: || (&& (== net45) (< portable-net45+win8+wpa81)) (&& (== net46) (< net45)) (&& (== net46) (< portable-net45+win8+wpa81)) (&& (== net47) (< net45)) (&& (== net47) (< portable-net45+win8+wpa81)) (&& (== net471) (< net45)) (&& (== net471) (< portable-net45+win8+wpa81)) (== netcoreapp2.0) (== netstandard2.0)
      System.Resources.ResourceManager (>= 4.3) - restriction: || (&& (== net45) (< portable-net45+win8+wpa81)) (&& (== net46) (< net45)) (&& (== net46) (< portable-net45+win8+wpa81)) (&& (== net47) (< net45)) (&& (== net47) (< portable-net45+win8+wpa81)) (&& (== net471) (< net45)) (&& (== net471) (< portable-net45+win8+wpa81)) (== netcoreapp2.0) (== netstandard2.0)
      System.Runtime (>= 4.3) - restriction: || (&& (== net45) (< portable-net45+win8+wpa81)) (&& (== net46) (< net45)) (&& (== net46) (< portable-net45+win8+wpa81)) (&& (== net47) (< net45)) (&& (== net47) (< portable-net45+win8+wpa81)) (&& (== net471) (< net45)) (&& (== net471) (< portable-net45+win8+wpa81)) (== netcoreapp2.0) (== netstandard2.0)
      System.Runtime.Extensions (>= 4.3) - restriction: || (&& (== net45) (< portable-net45+win8+wpa81)) (&& (== net46) (< net45)) (&& (== net46) (< portable-net45+win8+wpa81)) (&& (== net47) (< net45)) (&& (== net47) (< portable-net45+win8+wpa81)) (&& (== net471) (< net45)) (&& (== net471) (< portable-net45+win8+wpa81)) (== netcoreapp2.0) (== netstandard2.0)
      System.Threading (>= 4.3) - restriction: || (&& (== net45) (< portable-net45+win8+wpa81)) (&& (== net46) (< net45)) (&& (== net46) (< portable-net45+win8+wpa81)) (&& (== net47) (< net45)) (&& (== net47) (< portable-net45+win8+wpa81)) (&& (== net471) (< net45)) (&& (== net471) (< portable-net45+win8+wpa81)) (== netcoreapp2.0) (== netstandard2.0)
      System.Threading.Tasks (>= 4.3) - restriction: || (&& (== net45) (< portable-net45+win8+wpa81)) (&& (== net46) (< net45)) (&& (== net46) (< portable-net45+win8+wpa81)) (&& (== net47) (< net45)) (&& (== net47) (< portable-net45+win8+wpa81)) (&& (== net471) (< net45)) (&& (== net471) (< portable-net45+win8+wpa81)) (== netcoreapp2.0) (== netstandard2.0)
    System.Threading.Thread (4.3) - restriction: || (&& (== net45) (>= netstandard1.3)) (== net46) (== net47) (== net471) (== netcoreapp2.0) (== netstandard2.0)
      System.Runtime (>= 4.3) - restriction: || (&& (== net45) (== net46)) (&& (== net45) (== net47)) (&& (== net45) (== net471)) (&& (== net45) (>= netstandard1.3)) (&& (== net47) (< net46)) (&& (== net471) (< net46)) (== netcoreapp2.0) (== netstandard2.0)
    System.Threading.ThreadPool (4.3) - restriction: || (&& (== net46) (< net45) (>= netstandard2.0)) (&& (== net47) (< net45) (>= netstandard2.0)) (&& (== net471) (< net45)) (== netcoreapp2.0) (== netstandard2.0)
      System.Runtime (>= 4.3) - restriction: || (&& (== net45) (== net46)) (&& (== net45) (== net47)) (&& (== net45) (== net471)) (&& (== net45) (>= netstandard1.3)) (&& (== net47) (< net46)) (&& (== net471) (< net46)) (== netcoreapp2.0) (== netstandard2.0)
      System.Runtime.Handles (>= 4.3) - restriction: || (&& (== net45) (== net46)) (&& (== net45) (== net47)) (&& (== net45) (== net471)) (&& (== net45) (>= netstandard1.3)) (&& (== net47) (< net46)) (&& (== net471) (< net46)) (== netcoreapp2.0) (== netstandard2.0)
    System.Threading.Timer (4.3) - restriction: || (&& (== net45) (== net46)) (&& (== net45) (== net47)) (&& (== net45) (== net471)) (&& (== net45) (>= netstandard1.3)) (&& (== net47) (< net46)) (&& (== net471) (< net46)) (== netcoreapp2.0) (== netstandard2.0)
      Microsoft.NETCore.Platforms (>= 1.1) - restriction: || (== net45) (&& (== net46) (< net451)) (&& (== net46) (< portable-net451+win81+wpa81)) (&& (== net47) (< net451)) (&& (== net47) (< portable-net451+win81+wpa81)) (&& (== net471) (< net451)) (&& (== net471) (< portable-net451+win81+wpa81)) (== netcoreapp2.0) (== netstandard2.0)
      Microsoft.NETCore.Targets (>= 1.1) - restriction: || (== net45) (&& (== net46) (< net451)) (&& (== net46) (< portable-net451+win81+wpa81)) (&& (== net47) (< net451)) (&& (== net47) (< portable-net451+win81+wpa81)) (&& (== net471) (< net451)) (&& (== net471) (< portable-net451+win81+wpa81)) (== netcoreapp2.0) (== netstandard2.0)
      System.Runtime (>= 4.3) - restriction: || (== net45) (&& (== net46) (< net451)) (&& (== net46) (< portable-net451+win81+wpa81)) (&& (== net47) (< net451)) (&& (== net47) (< portable-net451+win81+wpa81)) (&& (== net471) (< net451)) (&& (== net471) (< portable-net451+win81+wpa81)) (== netcoreapp2.0) (== netstandard2.0)
    System.ValueTuple (4.5) - restriction: || (== net45) (== net46) (== net47) (== net471) (&& (== netcoreapp2.0) (>= net45)) (&& (== netcoreapp2.0) (>= net46)) (&& (== netcoreapp2.0) (>= uap10.0)) (&& (== netstandard2.0) (>= net45)) (&& (== netstandard2.0) (>= net46)) (&& (== netstandard2.0) (>= uap10.0))
    System.Xml.ReaderWriter (4.3.1) - restriction: || (&& (== net45) (== net46) (< portable-net45+win8+wp8+wpa81)) (&& (== net45) (>= netstandard1.3) (< portable-net45+win8+wp8+wpa81)) (&& (== net47) (< net45)) (&& (== net47) (< portable-net45+win8+wp8+wpa81)) (&& (== net471) (< net45)) (&& (== net471) (< portable-net45+win8+wp8+wpa81)) (== netcoreapp2.0) (== netstandard2.0)
      System.Collections (>= 4.3)
      System.Diagnostics.Debug (>= 4.3)
      System.Globalization (>= 4.3)
      System.IO (>= 4.3)
      System.IO.FileSystem (>= 4.3)
      System.IO.FileSystem.Primitives (>= 4.3)
      System.Resources.ResourceManager (>= 4.3)
      System.Runtime (>= 4.3)
      System.Runtime.Extensions (>= 4.3)
      System.Runtime.InteropServices (>= 4.3)
      System.Text.Encoding (>= 4.3)
      System.Text.Encoding.Extensions (>= 4.3)
      System.Text.RegularExpressions (>= 4.3)
      System.Threading.Tasks (>= 4.3)
      System.Threading.Tasks.Extensions (>= 4.3)
    System.Xml.XDocument (4.3) - restriction: || (&& (== net45) (== net46)) (&& (== net45) (== net47)) (&& (== net45) (== net471)) (&& (== net45) (>= netstandard1.3)) (&& (== net47) (< net45)) (&& (== net47) (< net46)) (&& (== net47) (< portable-net45+win8+wp8+wpa81)) (&& (== net471) (< net45)) (&& (== net471) (< net46)) (&& (== net471) (< portable-net45+win8+wp8+wpa81)) (== netcoreapp2.0) (== netstandard2.0)
      System.Collections (>= 4.3)
      System.Diagnostics.Debug (>= 4.3)
      System.Diagnostics.Tools (>= 4.3)
      System.Globalization (>= 4.3)
      System.IO (>= 4.3)
      System.Reflection (>= 4.3)
      System.Resources.ResourceManager (>= 4.3)
      System.Runtime (>= 4.3)
      System.Runtime.Extensions (>= 4.3)
      System.Text.Encoding (>= 4.3)
      System.Threading (>= 4.3)
      System.Xml.ReaderWriter (>= 4.3)
    System.Xml.XmlDocument (4.3) - restriction: || (&& (== net45) (== net46)) (&& (== net45) (== net47)) (&& (== net45) (== net471)) (&& (== net45) (>= net46)) (&& (== net45) (>= netstandard1.3)) (&& (== net47) (< net46)) (&& (== net471) (< net46)) (== netcoreapp2.0) (== netstandard2.0)
      System.Collections (>= 4.3) - restriction: || (&& (== net45) (== net46)) (&& (== net45) (== net47)) (&& (== net45) (== net471)) (&& (== net45) (>= netstandard1.3)) (&& (== net47) (< net46)) (&& (== net471) (< net46)) (== netcoreapp2.0) (== netstandard2.0)
      System.Diagnostics.Debug (>= 4.3) - restriction: || (&& (== net45) (== net46)) (&& (== net45) (== net47)) (&& (== net45) (== net471)) (&& (== net45) (>= netstandard1.3)) (&& (== net47) (< net46)) (&& (== net471) (< net46)) (== netcoreapp2.0) (== netstandard2.0)
      System.Globalization (>= 4.3) - restriction: || (&& (== net45) (== net46)) (&& (== net45) (== net47)) (&& (== net45) (== net471)) (&& (== net45) (>= netstandard1.3)) (&& (== net47) (< net46)) (&& (== net471) (< net46)) (== netcoreapp2.0) (== netstandard2.0)
      System.IO (>= 4.3) - restriction: || (&& (== net45) (== net46)) (&& (== net45) (== net47)) (&& (== net45) (== net471)) (&& (== net45) (>= netstandard1.3)) (&& (== net47) (< net46)) (&& (== net471) (< net46)) (== netcoreapp2.0) (== netstandard2.0)
      System.Resources.ResourceManager (>= 4.3) - restriction: || (&& (== net45) (== net46)) (&& (== net45) (== net47)) (&& (== net45) (== net471)) (&& (== net45) (>= netstandard1.3)) (&& (== net47) (< net46)) (&& (== net471) (< net46)) (== netcoreapp2.0) (== netstandard2.0)
      System.Runtime (>= 4.3) - restriction: || (&& (== net45) (== net46)) (&& (== net45) (== net47)) (&& (== net45) (== net471)) (&& (== net45) (>= netstandard1.3)) (&& (== net47) (< net46)) (&& (== net471) (< net46)) (== netcoreapp2.0) (== netstandard2.0)
      System.Runtime.Extensions (>= 4.3) - restriction: || (&& (== net45) (== net46)) (&& (== net45) (== net47)) (&& (== net45) (== net471)) (&& (== net45) (>= netstandard1.3)) (&& (== net47) (< net46)) (&& (== net471) (< net46)) (== netcoreapp2.0) (== netstandard2.0)
      System.Text.Encoding (>= 4.3) - restriction: || (&& (== net45) (== net46)) (&& (== net45) (== net47)) (&& (== net45) (== net471)) (&& (== net45) (>= netstandard1.3)) (&& (== net47) (< net46)) (&& (== net471) (< net46)) (== netcoreapp2.0) (== netstandard2.0)
      System.Threading (>= 4.3) - restriction: || (&& (== net45) (== net46)) (&& (== net45) (== net47)) (&& (== net45) (== net471)) (&& (== net45) (>= netstandard1.3)) (&& (== net47) (< net46)) (&& (== net471) (< net46)) (== netcoreapp2.0) (== netstandard2.0)
      System.Xml.ReaderWriter (>= 4.3) - restriction: || (&& (== net45) (== net46)) (&& (== net45) (== net47)) (&& (== net45) (== net471)) (&& (== net45) (>= netstandard1.3)) (&& (== net47) (< net46)) (&& (== net471) (< net46)) (== netcoreapp2.0) (== netstandard2.0)
    System.Xml.XmlSerializer (4.3) - restriction: || (&& (== net45) (== net46) (< portable-net45+win8+wp8+wpa81)) (&& (== net45) (>= netstandard1.3) (< portable-net45+win8+wp8+wpa81)) (&& (== net47) (< net45)) (&& (== net47) (< portable-net45+win8+wp8+wpa81)) (&& (== net471) (< net45)) (&& (== net471) (< portable-net45+win8+wp8+wpa81)) (== netcoreapp2.0) (== netstandard2.0)
      System.Collections (>= 4.3)
      System.Globalization (>= 4.3)
      System.IO (>= 4.3)
      System.Linq (>= 4.3)
      System.Reflection (>= 4.3)
      System.Reflection.Emit (>= 4.3)
      System.Reflection.Emit.ILGeneration (>= 4.3)
      System.Reflection.Extensions (>= 4.3)
      System.Reflection.Primitives (>= 4.3)
      System.Reflection.TypeExtensions (>= 4.3)
      System.Resources.ResourceManager (>= 4.3)
      System.Runtime (>= 4.3)
      System.Runtime.Extensions (>= 4.3)
      System.Text.RegularExpressions (>= 4.3)
      System.Threading (>= 4.3)
      System.Xml.ReaderWriter (>= 4.3)
      System.Xml.XmlDocument (>= 4.3)
    System.Xml.XPath (4.3) - restriction: || (&& (== net45) (== net46)) (&& (== net45) (== net47)) (&& (== net45) (== net471)) (&& (== net45) (>= net46)) (&& (== net45) (>= netstandard1.3)) (&& (== net47) (< net46)) (&& (== net471) (< net46)) (== netcoreapp2.0) (== netstandard2.0)
      System.Collections (>= 4.3) - restriction: || (&& (== net45) (== net46)) (&& (== net45) (== net47)) (&& (== net45) (== net471)) (&& (== net45) (>= netstandard1.3)) (&& (== net47) (< net46)) (&& (== net471) (< net46)) (== netcoreapp2.0) (== netstandard2.0)
      System.Diagnostics.Debug (>= 4.3) - restriction: || (&& (== net45) (== net46)) (&& (== net45) (== net47)) (&& (== net45) (== net471)) (&& (== net45) (>= netstandard1.3)) (&& (== net47) (< net46)) (&& (== net471) (< net46)) (== netcoreapp2.0) (== netstandard2.0)
      System.Globalization (>= 4.3) - restriction: || (&& (== net45) (== net46)) (&& (== net45) (== net47)) (&& (== net45) (== net471)) (&& (== net45) (>= netstandard1.3)) (&& (== net47) (< net46)) (&& (== net471) (< net46)) (== netcoreapp2.0) (== netstandard2.0)
      System.IO (>= 4.3) - restriction: || (&& (== net45) (== net46)) (&& (== net45) (== net47)) (&& (== net45) (== net471)) (&& (== net45) (>= netstandard1.3)) (&& (== net47) (< net46)) (&& (== net471) (< net46)) (== netcoreapp2.0) (== netstandard2.0)
      System.Resources.ResourceManager (>= 4.3) - restriction: || (&& (== net45) (== net46)) (&& (== net45) (== net47)) (&& (== net45) (== net471)) (&& (== net45) (>= netstandard1.3)) (&& (== net47) (< net46)) (&& (== net471) (< net46)) (== netcoreapp2.0) (== netstandard2.0)
      System.Runtime (>= 4.3) - restriction: || (&& (== net45) (== net46)) (&& (== net45) (== net47)) (&& (== net45) (== net471)) (&& (== net45) (>= netstandard1.3)) (&& (== net47) (< net46)) (&& (== net471) (< net46)) (== netcoreapp2.0) (== netstandard2.0)
      System.Runtime.Extensions (>= 4.3) - restriction: || (&& (== net45) (== net46)) (&& (== net45) (== net47)) (&& (== net45) (== net471)) (&& (== net45) (>= netstandard1.3)) (&& (== net47) (< net46)) (&& (== net471) (< net46)) (== netcoreapp2.0) (== netstandard2.0)
      System.Threading (>= 4.3) - restriction: || (&& (== net45) (== net46)) (&& (== net45) (== net47)) (&& (== net45) (== net471)) (&& (== net45) (>= netstandard1.3)) (&& (== net47) (< net46)) (&& (== net471) (< net46)) (== netcoreapp2.0) (== netstandard2.0)
      System.Xml.ReaderWriter (>= 4.3) - restriction: || (&& (== net45) (== net46)) (&& (== net45) (== net47)) (&& (== net45) (== net471)) (&& (== net45) (>= netstandard1.3)) (&& (== net47) (< net46)) (&& (== net471) (< net46)) (== netcoreapp2.0) (== netstandard2.0)
    System.Xml.XPath.XmlDocument (4.3) - restriction: || (&& (== net45) (== net46)) (&& (== net45) (== net47)) (&& (== net45) (== net471)) (&& (== net45) (>= netstandard1.3)) (&& (== net47) (< net46)) (&& (== net471) (< net46)) (== netcoreapp2.0) (== netstandard2.0)
      System.Collections (>= 4.3) - restriction: || (&& (== net45) (== net46)) (&& (== net45) (== net47)) (&& (== net45) (== net471)) (&& (== net45) (>= netstandard1.3)) (&& (== net47) (< net46)) (&& (== net471) (< net46)) (== netcoreapp2.0) (== netstandard2.0)
      System.Globalization (>= 4.3) - restriction: || (&& (== net45) (== net46)) (&& (== net45) (== net47)) (&& (== net45) (== net471)) (&& (== net45) (>= netstandard1.3)) (&& (== net47) (< net46)) (&& (== net471) (< net46)) (== netcoreapp2.0) (== netstandard2.0)
      System.IO (>= 4.3) - restriction: || (&& (== net45) (== net46)) (&& (== net45) (== net47)) (&& (== net45) (== net471)) (&& (== net45) (>= netstandard1.3)) (&& (== net47) (< net46)) (&& (== net471) (< net46)) (== netcoreapp2.0) (== netstandard2.0)
      System.Resources.ResourceManager (>= 4.3) - restriction: || (&& (== net45) (== net46)) (&& (== net45) (== net47)) (&& (== net45) (== net471)) (&& (== net45) (>= netstandard1.3)) (&& (== net47) (< net46)) (&& (== net471) (< net46)) (== netcoreapp2.0) (== netstandard2.0)
      System.Runtime (>= 4.3) - restriction: || (&& (== net45) (== net46)) (&& (== net45) (== net47)) (&& (== net45) (== net471)) (&& (== net45) (>= netstandard1.3)) (&& (== net47) (< net46)) (&& (== net471) (< net46)) (== netcoreapp2.0) (== netstandard2.0)
      System.Runtime.Extensions (>= 4.3) - restriction: || (&& (== net45) (== net46)) (&& (== net45) (== net47)) (&& (== net45) (== net471)) (&& (== net45) (>= netstandard1.3)) (&& (== net47) (< net46)) (&& (== net471) (< net46)) (== netcoreapp2.0) (== netstandard2.0)
      System.Threading (>= 4.3) - restriction: || (&& (== net45) (== net46)) (&& (== net45) (== net47)) (&& (== net45) (== net471)) (&& (== net45) (>= netstandard1.3)) (&& (== net47) (< net46)) (&& (== net471) (< net46)) (== netcoreapp2.0) (== netstandard2.0)
      System.Xml.ReaderWriter (>= 4.3) - restriction: || (&& (== net45) (== net46)) (&& (== net45) (== net47)) (&& (== net45) (== net471)) (&& (== net45) (>= netstandard1.3)) (&& (== net47) (< net46)) (&& (== net471) (< net46)) (== netcoreapp2.0) (== netstandard2.0)
      System.Xml.XmlDocument (>= 4.3) - restriction: || (&& (== net45) (>= net46)) (&& (== net45) (>= netstandard1.3)) (== net46) (== net47) (== net471) (== netcoreapp2.0) (== netstandard2.0)
      System.Xml.XPath (>= 4.3) - restriction: || (&& (== net45) (>= net46)) (&& (== net45) (>= netstandard1.3)) (== net46) (== net47) (== net471) (== netcoreapp2.0) (== netstandard2.0)

GROUP Build
CONTENT: NONE
RESTRICTION: == net45
NUGET
  remote: https://api.nuget.org/v3/index.json
    FAKE (4.63.2)
    ILMerge (2.14.1208)
    ILRepack (2.1.0-beta1)
    Mono.Cecil (0.10.3)
    SourceLink.Fake (1.1)
GITHUB
  remote: vrvis/Aardvark.Fake
    FULLPROJECT (e438d2a4d79895e8ffd970dd6d2d885fa10dbb2a)
      FAKE (>= 4.63 < 4.64)
      Mono.Cecil (>= 0.10.0-beta6 < 0.11)
      SourceLink.Fake (>= 1.1 < 1.2)