RESTRICTION: || (== net45) (== net46) (== net47)
NUGET
  remote: https://vrvis.myget.org/F/aardvark_public/api/v3/index.json
    Aardvark.Base (3.0.48)
      DevILSharp (>= 0.1.1 < 0.2)
    Aardvark.Base.Essentials (3.0.48)
      Aardvark.Base (>= 3.0.48)
      DevILSharp (>= 0.1.1 < 0.2)
      System.Collections.Immutable (>= 1.2)
      System.Reactive.Linq (>= 3.0 < 3.1)
    Aardvark.Base.FSharp (3.0.48)
      Aardvark.Base (>= 3.0.48)
      DevILSharp (>= 0.1.1 < 0.2)
      FSharp.Core (>= 4.0 < 4.1)
    Aardvark.Base.Incremental (3.0.48)
      Aardvark.Base (>= 3.0.48)
      Aardvark.Base.Essentials (>= 3.0.48)
      Aardvark.Base.FSharp (>= 3.0.48)
      DevILSharp (>= 0.1.1 < 0.2)
      FSharp.Core (>= 4.0 < 4.1)
      System.Reactive.Core (>= 3.0 < 3.1)
      System.Reactive.Interfaces (>= 3.0 < 3.1)
      System.Reactive.Linq (>= 3.0 < 3.1)
  remote: https://api.nuget.org/v3/index.json
    DevILSharp (0.1.2)
      FSharp.Core (>= 4.0 < 4.1)
    FSharp.Compiler.Service (12.0.8)
      System.Collections.Immutable (>= 1.3.1)
      System.Reflection.Metadata (>= 1.4.2)
    FSharp.Core (4.0.0.1)
    Microsoft.Build (15.1.1012)
      Microsoft.Build.Framework (15.1.1012) - restriction: || (&& (== net45) (>= net46)) (&& (== net45) (>= netstandard1.5)) (== net46) (== net47)
    Microsoft.Build.Framework (15.1.1012)
      System.Collections (>= 4.0.11) - restriction: || (&& (== net45) (>= netstandard1.3)) (== net46) (== net47)
      System.Diagnostics.Debug (>= 4.0.11) - restriction: || (&& (== net45) (>= netstandard1.3)) (== net46) (== net47)
      System.Globalization (>= 4.0.11) - restriction: || (&& (== net45) (>= netstandard1.3)) (== net46) (== net47)
      System.Runtime (>= 4.1) - restriction: || (&& (== net45) (>= netstandard1.3)) (== net46) (== net47)
      System.Runtime.InteropServices (>= 4.1) - restriction: || (&& (== net45) (>= netstandard1.3)) (== net46) (== net47)
      System.Threading (>= 4.0.11) - restriction: || (&& (== net45) (>= netstandard1.3)) (== net46) (== net47)
      System.Threading.Thread (>= 4.0) - restriction: || (&& (== net45) (>= netstandard1.3)) (== net46) (== net47)
    Microsoft.Build.Tasks.Core (15.1.1012)
      Microsoft.Build.Framework (15.1.1012) - restriction: || (&& (== net45) (>= netstandard1.3)) (== net46) (== net47)
      Microsoft.Build.Utilities.Core (15.1.1012) - restriction: || (&& (== net45) (>= netstandard1.3)) (== net46) (== net47)
    Microsoft.Build.Utilities.Core (15.1.1012)
      Microsoft.Build.Framework (15.1.1012) - restriction: || (&& (== net45) (>= netstandard1.3)) (== net46) (== net47)
    Microsoft.NETCore.Platforms (2.0.1)
    Microsoft.Win32.Primitives (4.3) - restriction: || (&& (== net45) (== net47)) (&& (== net45) (>= net46)) (&& (== net45) (>= uap10.0)) (== net46) (&& (== net47) (< net45)) (&& (== net47) (< netstandard1.4)) (&& (== net47) (>= uap10.0))
    NETStandard.Library (2.0.1)
      Microsoft.NETCore.Platforms (>= 1.1)
      Microsoft.Win32.Primitives (>= 4.3) - restriction: || (&& (== net45) (== net47)) (&& (== net45) (>= net46)) (&& (== net45) (>= uap10.0)) (== net46) (&& (== net47) (< net45)) (&& (== net47) (< netstandard1.4)) (&& (== net47) (>= uap10.0))
      System.AppContext (>= 4.3) - restriction: || (&& (== net45) (== net47)) (&& (== net45) (>= net46)) (&& (== net45) (>= uap10.0)) (== net46) (&& (== net47) (< net45)) (&& (== net47) (< netstandard1.4)) (&& (== net47) (>= uap10.0))
      System.Console (>= 4.3) - restriction: || (&& (== net45) (== net47)) (&& (== net45) (>= net46)) (&& (== net45) (>= uap10.0)) (== net46) (&& (== net47) (< net45)) (&& (== net47) (< netstandard1.4)) (&& (== net47) (>= uap10.0))
      System.Globalization.Calendars (>= 4.3) - restriction: || (&& (== net45) (== net47)) (&& (== net45) (>= net46)) (&& (== net45) (>= uap10.0)) (== net46) (&& (== net47) (< net45)) (&& (== net47) (< netstandard1.4)) (&& (== net47) (>= uap10.0))
      System.IO.Compression (>= 4.3) - restriction: || (&& (== net45) (== net47)) (&& (== net45) (>= net46)) (&& (== net45) (>= uap10.0)) (== net46) (&& (== net47) (< net45)) (&& (== net47) (< netstandard1.4)) (&& (== net47) (>= uap10.0))
      System.IO.Compression.ZipFile (>= 4.3) - restriction: || (&& (== net45) (== net47)) (&& (== net45) (>= net46)) (&& (== net45) (>= uap10.0)) (== net46) (&& (== net47) (< net45)) (&& (== net47) (< netstandard1.4)) (&& (== net47) (>= uap10.0))
      System.IO.FileSystem (>= 4.3) - restriction: || (&& (== net45) (== net47)) (&& (== net45) (>= net46)) (&& (== net45) (>= uap10.0)) (== net46) (&& (== net47) (< net45)) (&& (== net47) (< netstandard1.4)) (&& (== net47) (>= uap10.0))
      System.IO.FileSystem.Primitives (>= 4.3) - restriction: || (&& (== net45) (== net47)) (&& (== net45) (>= net46)) (&& (== net45) (>= uap10.0)) (== net46) (&& (== net47) (< net45)) (&& (== net47) (< netstandard1.4)) (&& (== net47) (>= uap10.0))
      System.Net.Http (>= 4.3.2) - restriction: || (&& (== net45) (== net47)) (&& (== net45) (>= net46)) (&& (== net45) (>= uap10.0)) (== net46) (&& (== net47) (< net45)) (&& (== net47) (< netstandard1.4)) (&& (== net47) (>= uap10.0))
      System.Net.Sockets (>= 4.3) - restriction: || (&& (== net45) (== net47)) (&& (== net45) (>= net46)) (&& (== net45) (>= uap10.0)) (== net46) (&& (== net47) (< net45)) (&& (== net47) (< netstandard1.4)) (&& (== net47) (>= uap10.0))
      System.Runtime.InteropServices.RuntimeInformation (>= 4.3) - restriction: || (== net45) (== net46) (&& (== net47) (< net45)) (&& (== net47) (< netstandard1.0)) (&& (== net47) (< netstandard1.3)) (&& (== net47) (< netstandard1.4)) (&& (== net47) (< portable-net451+win81+wpa81)) (&& (== net47) (>= uap10.0))
      System.Security.Cryptography.Algorithms (>= 4.3) - restriction: || (&& (== net45) (== net47)) (&& (== net45) (>= net46)) (&& (== net45) (>= uap10.0)) (== net46) (&& (== net47) (< net45)) (&& (== net47) (< netstandard1.4)) (&& (== net47) (>= uap10.0))
      System.Security.Cryptography.Encoding (>= 4.3) - restriction: || (&& (== net45) (== net47)) (&& (== net45) (>= net46)) (&& (== net45) (>= uap10.0)) (== net46) (&& (== net47) (< net45)) (&& (== net47) (< netstandard1.4)) (&& (== net47) (>= uap10.0))
      System.Security.Cryptography.Primitives (>= 4.3) - restriction: || (&& (== net45) (== net47)) (&& (== net45) (>= net46)) (&& (== net45) (>= uap10.0)) (== net46) (&& (== net47) (< net45)) (&& (== net47) (< netstandard1.4)) (&& (== net47) (>= uap10.0))
      System.Security.Cryptography.X509Certificates (>= 4.3) - restriction: || (&& (== net45) (== net47)) (&& (== net45) (>= net46)) (&& (== net45) (>= uap10.0)) (== net46) (&& (== net47) (< net45)) (&& (== net47) (< netstandard1.4)) (&& (== net47) (>= uap10.0))
      System.Xml.ReaderWriter (>= 4.3) - restriction: || (&& (== net45) (== net47)) (&& (== net45) (>= net46)) (&& (== net45) (< portable-net45+win8+wpa81)) (&& (== net45) (>= uap10.0)) (== net46) (&& (== net47) (< net45)) (&& (== net47) (< netstandard1.4)) (&& (== net47) (< portable-net45+win8+wpa81)) (&& (== net47) (>= uap10.0))
    System.AppContext (4.3) - restriction: || (&& (== net45) (== net47)) (&& (== net45) (>= net46)) (&& (== net45) (>= uap10.0)) (== net46) (&& (== net47) (< net45)) (&& (== net47) (< netstandard1.4)) (&& (== net47) (>= uap10.0))
    System.Collections (4.3) - restriction: || (&& (== net45) (>= netstandard1.3)) (== net46) (== net47)
    System.Collections.Immutable (1.4)
      NETStandard.Library (>= 1.6.1)
    System.Console (4.3) - restriction: || (&& (== net45) (== net47)) (&& (== net45) (>= net46)) (&& (== net45) (>= uap10.0)) (== net46) (&& (== net47) (< net45)) (&& (== net47) (< netstandard1.4)) (&& (== net47) (>= uap10.0))
    System.Diagnostics.Debug (4.3) - restriction: || (&& (== net45) (>= netstandard1.3)) (== net46) (== net47)
    System.Globalization (4.3) - restriction: || (&& (== net45) (>= netstandard1.3)) (== net46) (== net47)
    System.Globalization.Calendars (4.3) - restriction: || (&& (== net45) (== net47)) (&& (== net45) (>= net46)) (&& (== net45) (>= uap10.0)) (== net46) (&& (== net47) (< net45)) (&& (== net47) (< netstandard1.4)) (&& (== net47) (>= uap10.0))
    System.IO.Compression (4.3) - restriction: || (&& (== net45) (== net47)) (&& (== net45) (>= net46)) (&& (== net45) (>= uap10.0)) (== net46) (&& (== net47) (< net45)) (&& (== net47) (< netstandard1.4)) (&& (== net47) (>= uap10.0))
    System.IO.Compression.ZipFile (4.3) - restriction: || (&& (== net45) (== net47)) (&& (== net45) (>= net46)) (&& (== net45) (>= uap10.0)) (== net46) (&& (== net47) (< net45)) (&& (== net47) (< netstandard1.4)) (&& (== net47) (>= uap10.0))
    System.IO.FileSystem (4.3) - restriction: || (&& (== net45) (== net47)) (&& (== net45) (>= net46)) (&& (== net45) (>= uap10.0)) (== net46) (&& (== net47) (< net45)) (&& (== net47) (< netstandard1.4)) (&& (== net47) (>= uap10.0))
      System.IO.FileSystem.Primitives (>= 4.3) - restriction: || (&& (== net45) (>= net46)) (&& (== net45) (>= netstandard1.3)) (== net46) (== net47)
    System.IO.FileSystem.Primitives (4.3) - restriction: || (&& (== net45) (== net47)) (&& (== net45) (>= net46)) (&& (== net45) (>= uap10.0)) (== net46) (&& (== net47) (< net45)) (&& (== net47) (< netstandard1.4)) (&& (== net47) (>= uap10.0))
    System.Net.Http (4.3.3) - restriction: || (&& (== net45) (== net47)) (&& (== net45) (>= net46)) (&& (== net45) (>= uap10.0)) (== net46) (&& (== net47) (< net45)) (&& (== net47) (< netstandard1.4)) (&& (== net47) (>= uap10.0))
      System.Security.Cryptography.X509Certificates (>= 4.3) - restriction: || (&& (== net45) (>= dnxcore50)) (&& (== net45) (>= net46)) (== net46) (== net47)
    System.Net.Sockets (4.3) - restriction: || (&& (== net45) (== net47)) (&& (== net45) (>= net46)) (&& (== net45) (>= uap10.0)) (== net46) (&& (== net47) (< net45)) (&& (== net47) (< netstandard1.4)) (&& (== net47) (>= uap10.0))
    System.Reactive.Core (3.0)
      System.Reactive.Interfaces (>= 3.0)
    System.Reactive.Interfaces (3.0)
    System.Reactive.Linq (3.0)
      System.Reactive.Core (>= 3.0)
      System.Reactive.Interfaces (>= 3.0)
    System.Reflection.Metadata (1.5)
      NETStandard.Library (>= 1.6.1)
      System.Collections.Immutable (>= 1.4)
    System.Runtime (4.3) - restriction: || (&& (== net45) (>= net462)) (&& (== net45) (>= netcoreapp1.1)) (&& (== net45) (>= netstandard1.3)) (== net46) (== net47)
    System.Runtime.InteropServices (4.3) - restriction: || (&& (== net45) (>= netstandard1.3)) (== net46) (== net47)
      System.Runtime (>= 4.3) - restriction: || (&& (== net45) (>= dnxcore50)) (&& (== net45) (>= net462)) (&& (== net45) (>= netcoreapp1.1)) (&& (== net46) (>= dnxcore50)) (&& (== net46) (< net45)) (&& (== net46) (>= net462)) (&& (== net46) (>= netcoreapp1.1)) (== net47)
    System.Runtime.InteropServices.RuntimeInformation (4.3) - restriction: || (== net45) (== net46) (&& (== net47) (< net45)) (&& (== net47) (< netstandard1.0)) (&& (== net47) (< netstandard1.3)) (&& (== net47) (< netstandard1.4)) (&& (== net47) (< portable-net451+win81+wpa81)) (&& (== net47) (>= uap10.0))
    System.Security.Cryptography.Algorithms (4.3.1) - restriction: || (&& (== net45) (== net47)) (&& (== net45) (>= net46)) (&& (== net45) (>= uap10.0)) (== net46) (&& (== net47) (< net45)) (&& (== net47) (< netstandard1.4)) (&& (== net47) (>= uap10.0))
      System.Security.Cryptography.Primitives (>= 4.3) - restriction: || (&& (== net45) (>= dnxcore50)) (&& (== net45) (>= net46)) (&& (== net45) (>= net461)) (&& (== net45) (>= net463)) (&& (== net45) (>= netstandard1.3)) (&& (== net45) (>= netstandard1.4)) (&& (== net45) (>= netstandard1.6)) (== net46) (== net47)
    System.Security.Cryptography.Encoding (4.3) - restriction: || (&& (== net45) (== net47)) (&& (== net45) (>= net46)) (&& (== net45) (>= uap10.0)) (== net46) (&& (== net47) (< net45)) (&& (== net47) (< netstandard1.4)) (&& (== net47) (>= uap10.0))
    System.Security.Cryptography.Primitives (4.3) - restriction: || (&& (== net45) (== net47)) (&& (== net45) (>= net46)) (&& (== net45) (>= net461)) (&& (== net45) (>= net463)) (&& (== net45) (>= uap10.0)) (== net46) (&& (== net47) (>= dnxcore50)) (&& (== net47) (< net45)) (&& (== net47) (< netstandard1.4)) (&& (== net47) (>= uap10.0))
    System.Security.Cryptography.X509Certificates (4.3.2) - restriction: || (&& (== net45) (== net47)) (&& (== net45) (>= net46)) (&& (== net45) (>= uap10.0)) (== net46) (&& (== net47) (>= dnxcore50)) (&& (== net47) (< net45)) (&& (== net47) (< netstandard1.4)) (&& (== net47) (>= uap10.0))
      System.Security.Cryptography.Algorithms (>= 4.3) - restriction: || (&& (== net45) (>= dnxcore50)) (&& (== net45) (>= net46)) (&& (== net45) (>= net461)) (&& (== net45) (>= netstandard1.3)) (&& (== net45) (>= netstandard1.4)) (&& (== net45) (>= netstandard1.6)) (== net46) (== net47)
      System.Security.Cryptography.Encoding (>= 4.3) - restriction: || (&& (== net45) (>= dnxcore50)) (&& (== net45) (>= net46)) (&& (== net45) (>= net461)) (&& (== net45) (>= netstandard1.3)) (&& (== net45) (>= netstandard1.4)) (&& (== net45) (>= netstandard1.6)) (== net46) (== net47)
    System.Threading (4.3) - restriction: || (&& (== net45) (>= netstandard1.3)) (== net46) (== net47)
    System.Threading.Thread (4.3) - restriction: || (&& (== net45) (>= netstandard1.3)) (== net46) (== net47)
    System.Xml.ReaderWriter (4.3) - restriction: || (&& (== net45) (== net47)) (&& (== net45) (>= net46)) (&& (== net45) (< portable-net45+win8+wpa81)) (&& (== net45) (>= uap10.0)) (== net46) (&& (== net47) (< net45)) (&& (== net47) (< netstandard1.4)) (&& (== net47) (< portable-net45+win8+wpa81)) (&& (== net47) (>= uap10.0))

GROUP Build
CONTENT: NONE
RESTRICTION: == net45
NUGET
  remote: https://api.nuget.org/v3/index.json
    FAKE (4.63) - content: none
    ilmerge (2.14.1208)
    Mono.Cecil (0.10.0-beta6) - content: none
    SourceLink.Fake (1.1) - content: none
GITHUB
  remote: vrvis/Aardvark.Fake
    FULLPROJECT (c4f9d04cc0c00c2f2081296ce30195ae997148f5)
      FAKE (>= 4.63 < 4.64)
      Mono.Cecil (>= 0.10.0-beta6 < 0.11)
      SourceLink.Fake (>= 1.1 < 1.2)